{
  "bids_meta": {
    "EchoTime": 0.00311,
    "FlipAngle": 15,
    "ImageType": [
      "ORIGINAL",
      "PRIMARY",
      "M",
      "ND",
      "NORM"
    ],
    "InversionTime": 1.1,
    "MagneticFieldStrength": 3,
    "Manufacturer": "Siemens",
    "ManufacturersModelName": "TrioTim",
    "Modality": "MR",
    "RepetitionTime": 1.63,
    "ScanningSequence": "GR_IR",
    "SequenceVariant": "SP_MP",
    "SliceThickness": 1,
    "dataset": "ds002835",
    "modality": "T1w",
    "subject_id": "1433"
  },
  "cjv": 0.3861947924190371,
  "cnr": 3.5366703078026394,
  "efc": 0.5368285968544638,
  "fber": -1.0,
  "fwhm_avg": 3.4461562222222226,
  "fwhm_x": 3.1955093333333333,
  "fwhm_y": 3.913429333333333,
  "fwhm_z": 3.22953,
  "icvs_csf": 0.15762468641066887,
  "icvs_gm": 0.44935029538868754,
  "icvs_wm": 0.39302501820064356,
  "inu_med": 0.23399634659290314,
  "inu_range": 0.0426493614912033,
  "provenance": {
    "md5sum": "06cab862aca3d1ddc529378357442441",
    "settings": {
      "testing": false
    },
    "software": "mriqc",
    "version": "22.0.6",
    "warnings": {
      "large_rot_frame": true,
      "small_air_mask": false
    },
    "webapi_port": null,
    "webapi_url": "https://mriqc.nimh.nih.gov/api/v1"
  },
  "qi_1": 0.001998195573487491,
  "qi_2": 0.006577249344612537,
  "rpve_csf": 22.141824902900492,
  "rpve_gm": 8.676498368973043,
  "rpve_wm": 11.278384630771505,
  "size_x": 192,
  "size_y": 256,
  "size_z": 160,
  "snr_csf": 2.2294877628390815,
  "snr_gm": 15.506538945801251,
  "snr_total": 15.223742713089942,
  "snr_wm": 27.935201430629494,
  "snrd_csf": 33.38639337455779,
  "snrd_gm": 72.82987419216498,
  "snrd_total": 66.52099971053906,
  "snrd_wm": 93.34673156489441,
  "spacing_x": 0.9375,
  "spacing_y": 0.9375,
  "spacing_z": 1.0,
  "summary_bg_k": 21.902566978614143,
  "summary_bg_mad": 0.0,
  "summary_bg_mean": 3.2247484230775196,
  "summary_bg_median": 0.0,
  "summary_bg_n": 2387554.0,
  "summary_bg_p05": 0.0,
  "summary_bg_p95": 15.66730516962707,
  "summary_bg_stdv": 7.018524425794319,
  "summary_csf_k": 5.781115086061771,
  "summary_csf_mad": 126.42553994405621,
  "summary_csf_mean": 347.28079149312396,
  "summary_csf_median": 357.67088714428246,
  "summary_csf_n": 15331.0,
  "summary_csf_p05": 78.59511243831366,
  "summary_csf_p95": 581.6068742386997,
  "summary_csf_stdv": 160.42215075556268,
  "summary_gm_k": -0.032607868279923125,
  "summary_gm_mad": 51.28285369832034,
  "summary_gm_mean": 779.6886391476153,
  "summary_gm_median": 780.2317974474281,
  "summary_gm_n": 38322.0,
  "summary_gm_p05": 696.9973373617977,
  "summary_gm_p95": 860.9092924854717,
  "summary_gm_stdv": 50.31565200731448,
  "summary_wm_k": 0.7026543336694808,
  "summary_wm_mad": 33.60222164050013,
  "summary_wm_mean": 1002.6456887879447,
  "summary_wm_median": 1000.0303990989923,
  "summary_wm_n": 207463.0,
  "summary_wm_p05": 948.5868786294013,
  "summary_wm_p95": 1065.1333759203553,
  "summary_wm_stdv": 35.79813059296735,
  "tpm_overlap_csf": 0.1471278544223125,
  "tpm_overlap_gm": 0.47456777061228145,
  "tpm_overlap_wm": 0.5184529777388881,
  "wm2max": 0.6402181322426721
}