{
  "aor": 0.0009947222222222224,
  "aqi": 0.0030852952777777787,
  "bids_meta": {
    "BandwidthPerPixelPhaseEncode": 31.25,
    "EchoTime": 0.025,
    "EffectiveEchoSpacing": 0.0005,
    "FlipAngle": 75,
    "ImageType": [
      "ORIGINAL",
      "PRIMARY",
      "M",
      "ND",
      "MOSAIC"
    ],
    "MagneticFieldStrength": 3,
    "Manufacturer": "Siemens",
    "ManufacturersModelName": "TrioTim",
    "Modality": "MR",
    "PhaseEncodingDirection": "j-",
    "PixelBandwidth": 3005,
    "RepetitionTime": 3,
    "ScanningSequence": "EP",
    "SequenceVariant": "SK",
    "SliceThickness": 3,
    "SliceTiming": [
      0,
      1.5225,
      0.055,
      1.58,
      0.1125,
      1.635,
      0.1675,
      1.6925,
      0.225,
      1.75,
      0.28,
      1.805,
      0.3375,
      1.8625,
      0.395,
      1.9175,
      0.45,
      1.975,
      0.5075,
      2.03,
      0.5625,
      2.0875,
      0.62,
      2.145,
      0.6775,
      2.2,
      0.7325,
      2.2575,
      0.79,
      2.3125,
      0.845,
      2.37,
      0.9025,
      2.425,
      0.9575,
      2.4825,
      1.015,
      2.54,
      1.0725,
      2.595,
      1.1275,
      2.6525,
      1.185,
      2.7075,
      1.24,
      2.765,
      1.2975,
      2.82,
      1.3525,
      2.8775,
      1.41,
      2.935,
      1.4675
    ],
    "SpacingBetweenSlices": 3,
    "TaskName": "Prospection",
    "TotalReadoutTime": 0.0315,
    "dataset": "ds002835",
    "modality": "bold",
    "run_id": 1,
    "subject_id": "1068",
    "task_id": "prospection"
  },
  "dummy_trs": 1,
  "dvars_nstd": 24.038913417765364,
  "dvars_std": 1.1920313246368723,
  "dvars_vstd": 0.9731483995530723,
  "efc": 0.5691746544816549,
  "fber": 324.1778869628906,
  "fd_mean": 0.07533336756713516,
  "fd_num": 6,
  "fd_perc": 3.3333333333333335,
  "fwhm_avg": 2.5730831930169464,
  "fwhm_x": 2.4224833333333335,
  "fwhm_y": 2.530659798881229,
  "fwhm_z": 2.766106446836277,
  "gcor": 0.0305833,
  "gsr_x": 0.0024157369043678045,
  "gsr_y": 0.0985720083117485,
  "provenance": {
    "md5sum": "25bbf19d45a73434ca713cfaefcc892f",
    "settings": {
      "fd_thres": 0.2,
      "testing": false
    },
    "software": "mriqc",
    "version": "22.0.6",
    "webapi_port": null,
    "webapi_url": "https://mriqc.nimh.nih.gov/api/v1"
  },
  "size_t": 180,
  "size_x": 64,
  "size_y": 64,
  "size_z": 53,
  "snr": 2.678489615997572,
  "spacing_tr": 3.0,
  "spacing_x": 3.0,
  "spacing_y": 3.000000238418579,
  "spacing_z": 3.000000238418579,
  "summary_bg_k": 19.160584753372195,
  "summary_bg_mad": 13.705835853093078,
  "summary_bg_mean": 76.06585693359375,
  "summary_bg_median": 36.30555725097656,
  "summary_bg_n": 133729.0,
  "summary_bg_p05": 26.127779006958008,
  "summary_bg_p95": 276.1866821289062,
  "summary_bg_stdv": 97.94789123535156,
  "summary_fg_k": 3.727462191562668,
  "summary_fg_mad": 207.43246541058636,
  "summary_fg_mean": 717.7617797851562,
  "summary_fg_median": 665.7555541992188,
  "summary_fg_n": 40567.0,
  "summary_fg_p05": 421.6461151123047,
  "summary_fg_p95": 1192.3366455078124,
  "summary_fg_stdv": 248.5532684326172,
  "tsnr": 69.65852976869792
}