{
  "aor": 0.0008862983425414365,
  "aqi": 0.0022840459668508287,
  "bids_meta": {
    "BandwidthPerPixelPhaseEncode": 31.25,
    "EchoTime": 0.025,
    "EffectiveEchoSpacing": 0.0005,
    "FlipAngle": 75,
    "ImageType": [
      "ORIGINAL",
      "PRIMARY",
      "M",
      "ND",
      "MOSAIC"
    ],
    "MagneticFieldStrength": 3,
    "Manufacturer": "Siemens",
    "ManufacturersModelName": "TrioTim",
    "Modality": "MR",
    "PhaseEncodingDirection": "j-",
    "PixelBandwidth": 3005,
    "RepetitionTime": 3,
    "ScanningSequence": "EP",
    "SequenceVariant": "SK",
    "SliceThickness": 3,
    "SliceTiming": [
      0,
      1.5225,
      0.055,
      1.58,
      0.1125,
      1.635,
      0.1675,
      1.6925,
      0.225,
      1.75,
      0.28,
      1.805,
      0.3375,
      1.8625,
      0.395,
      1.9175,
      0.45,
      1.975,
      0.5075,
      2.03,
      0.5625,
      2.0875,
      0.62,
      2.145,
      0.6775,
      2.2,
      0.7325,
      2.2575,
      0.79,
      2.3125,
      0.845,
      2.37,
      0.9025,
      2.425,
      0.9575,
      2.4825,
      1.015,
      2.54,
      1.0725,
      2.595,
      1.1275,
      2.6525,
      1.185,
      2.7075,
      1.24,
      2.765,
      1.2975,
      2.82,
      1.3525,
      2.8775,
      1.41,
      2.935,
      1.4675
    ],
    "SpacingBetweenSlices": 3,
    "TaskName": "Prospection",
    "TotalReadoutTime": 0.0315,
    "dataset": "ds002835",
    "modality": "bold",
    "run_id": 2,
    "subject_id": "1068",
    "task_id": "prospection"
  },
  "dummy_trs": 0,
  "dvars_nstd": 23.216034518222216,
  "dvars_std": 1.2221209473888879,
  "dvars_vstd": 0.9921028407777774,
  "efc": 0.5701268105980516,
  "fber": 322.2923583984375,
  "fd_mean": 0.06415992478571136,
  "fd_num": 4,
  "fd_perc": 2.2099447513812156,
  "fwhm_avg": 2.570364304718629,
  "fwhm_x": 2.43662,
  "fwhm_y": 2.5263164658930726,
  "fwhm_z": 2.7481564482628147,
  "gcor": 0.0932324,
  "gsr_x": 0.0028252997435629368,
  "gsr_y": 0.09888437390327454,
  "provenance": {
    "md5sum": "d76d7b1a8311b11b262379d4fbc15ea1",
    "settings": {
      "fd_thres": 0.2,
      "testing": false
    },
    "software": "mriqc",
    "version": "22.0.6",
    "webapi_port": null,
    "webapi_url": "https://mriqc.nimh.nih.gov/api/v1"
  },
  "size_t": 181,
  "size_x": 64,
  "size_y": 64,
  "size_z": 53,
  "snr": 2.6708785008683127,
  "spacing_tr": 3.0,
  "spacing_x": 3.0,
  "spacing_y": 3.000000238418579,
  "spacing_z": 3.000000238418579,
  "summary_bg_k": 18.826117226944532,
  "summary_bg_mad": 13.94956732360737,
  "summary_bg_mean": 78.09941864013672,
  "summary_bg_median": 36.65193557739258,
  "summary_bg_n": 133904.0,
  "summary_bg_p05": 26.71270751953125,
  "summary_bg_p95": 286.08509521484353,
  "summary_bg_stdv": 101.56414794921875,
  "summary_fg_k": 3.7543171284453294,
  "summary_fg_mad": 208.51446460044667,
  "summary_fg_mean": 721.6694946289062,
  "summary_fg_median": 669.2597045898438,
  "summary_fg_n": 40587.0,
  "summary_fg_p05": 422.4420166015625,
  "summary_fg_p95": 1197.038195800781,
  "summary_fg_stdv": 250.5735321044922,
  "tsnr": 75.9010590640828
}