{
  "bids_meta": {
    "EchoTime": 0.00311,
    "FlipAngle": 15,
    "ImageType": [
      "ORIGINAL",
      "PRIMARY",
      "M",
      "ND",
      "NORM"
    ],
    "InversionTime": 1.1,
    "MagneticFieldStrength": 3,
    "Manufacturer": "Siemens",
    "ManufacturersModelName": "TrioTim",
    "Modality": "MR",
    "RepetitionTime": 1.63,
    "ScanningSequence": "GR_IR",
    "SequenceVariant": "SP_MP",
    "SliceThickness": 1,
    "dataset": "ds002835",
    "modality": "T1w",
    "subject_id": "3006"
  },
  "cjv": 0.3982075932979154,
  "cnr": 3.4313492052344636,
  "efc": 0.5651697843506763,
  "fber": 50065.12798185941,
  "fwhm_avg": 3.6731104444444447,
  "fwhm_x": 3.4246506666666665,
  "fwhm_y": 4.107850666666667,
  "fwhm_z": 3.48683,
  "icvs_csf": 0.1709700718032032,
  "icvs_gm": 0.43096316839196314,
  "icvs_wm": 0.3980667598048337,
  "inu_med": 0.34768572449684143,
  "inu_range": 0.12929448783397668,
  "provenance": {
    "md5sum": "8ce8e5ffb24d0e9332acddbe151bb597",
    "settings": {
      "testing": false
    },
    "software": "mriqc",
    "version": "22.0.6",
    "warnings": {
      "large_rot_frame": true,
      "small_air_mask": false
    },
    "webapi_port": null,
    "webapi_url": "https://mriqc.nimh.nih.gov/api/v1"
  },
  "qi_1": 0.0011411869826680764,
  "qi_2": 0.006705222561409294,
  "rpve_csf": 18.46283246650159,
  "rpve_gm": 7.871231162201903,
  "rpve_wm": 9.740716407355908,
  "size_x": 192,
  "size_y": 256,
  "size_z": 160,
  "snr_csf": 1.7757786522469872,
  "snr_gm": 15.63420873339491,
  "snr_total": 14.708988048751104,
  "snr_wm": 26.716976760611413,
  "snrd_csf": 30.55413318603854,
  "snrd_gm": 67.25715623281965,
  "snrd_total": 61.209021963787016,
  "snrd_wm": 85.81577647250286,
  "spacing_x": 0.9375,
  "spacing_y": 0.9375,
  "spacing_z": 1.0,
  "summary_bg_k": 99.28841583413765,
  "summary_bg_mad": 0.0,
  "summary_bg_mean": 4.329231343089266,
  "summary_bg_median": 0.0,
  "summary_bg_n": 2346650.0,
  "summary_bg_p05": 0.0,
  "summary_bg_p95": 16.470971200615168,
  "summary_bg_stdv": 7.634716280420552,
  "summary_csf_k": 27.575317054004255,
  "summary_csf_mad": 97.437812599193,
  "summary_csf_mean": 374.598418828061,
  "summary_csf_median": 356.0665199942887,
  "summary_csf_n": 29291.0,
  "summary_csf_p05": 125.79908103123307,
  "summary_csf_p95": 591.8134107626975,
  "summary_csf_stdv": 200.50947307222202,
  "summary_gm_k": 0.1257221416647063,
  "summary_gm_mad": 50.33884015670466,
  "summary_gm_mean": 783.9089441477593,
  "summary_gm_median": 783.7899186573923,
  "summary_gm_n": 41722.0,
  "summary_gm_p05": 701.9911617809906,
  "summary_gm_p95": 864.8401432782412,
  "summary_gm_stdv": 50.13240765564477,
  "summary_wm_k": 0.5390703375639236,
  "summary_wm_mad": 35.7836135600014,
  "summary_wm_mean": 1002.5693036439222,
  "summary_wm_median": 1000.0651860460639,
  "summary_wm_n": 234399.0,
  "summary_wm_p05": 946.0208310373127,
  "summary_wm_p95": 1067.6777074299753,
  "summary_wm_stdv": 37.43174468243804,
  "tpm_overlap_csf": 0.14067998312740634,
  "tpm_overlap_gm": 0.45217529692443986,
  "tpm_overlap_wm": 0.501346797748599,
  "wm2max": 0.5591174325309993
}