{
  "aor": 0.0028964640883977905,
  "aqi": 0.004727661215469613,
  "bids_meta": {
    "BandwidthPerPixelPhaseEncode": 31.25,
    "EchoTime": 0.025,
    "EffectiveEchoSpacing": 0.0005,
    "FlipAngle": 75,
    "ImageType": [
      "ORIGINAL",
      "PRIMARY",
      "M",
      "ND",
      "MOSAIC"
    ],
    "MagneticFieldStrength": 3,
    "Manufacturer": "Siemens",
    "ManufacturersModelName": "TrioTim",
    "Modality": "MR",
    "PhaseEncodingDirection": "j-",
    "PixelBandwidth": 3005,
    "RepetitionTime": 3,
    "ScanningSequence": "EP",
    "SequenceVariant": "SK",
    "SliceThickness": 3,
    "SliceTiming": [
      0,
      1.5225,
      0.055,
      1.58,
      0.1125,
      1.635,
      0.1675,
      1.6925,
      0.225,
      1.75,
      0.28,
      1.805,
      0.3375,
      1.8625,
      0.395,
      1.9175,
      0.45,
      1.975,
      0.5075,
      2.03,
      0.5625,
      2.0875,
      0.62,
      2.145,
      0.6775,
      2.2,
      0.7325,
      2.2575,
      0.79,
      2.3125,
      0.845,
      2.37,
      0.9025,
      2.425,
      0.9575,
      2.4825,
      1.015,
      2.54,
      1.0725,
      2.595,
      1.1275,
      2.6525,
      1.185,
      2.7075,
      1.24,
      2.765,
      1.2975,
      2.82,
      1.3525,
      2.8775,
      1.41,
      2.935,
      1.4675
    ],
    "SpacingBetweenSlices": 3,
    "TaskName": "Prospection",
    "TotalReadoutTime": 0.0315,
    "dataset": "ds002835",
    "modality": "bold",
    "run_id": 4,
    "subject_id": "2503",
    "task_id": "prospection"
  },
  "dummy_trs": 0,
  "dvars_nstd": 26.94379949583334,
  "dvars_std": 1.181713701166667,
  "dvars_vstd": 0.9602323566111112,
  "efc": 0.5930716878030643,
  "fber": 206.25949096679688,
  "fd_mean": 0.12479821619123695,
  "fd_num": 18,
  "fd_perc": 9.94475138121547,
  "fwhm_avg": 3.0823955555555558,
  "fwhm_x": 2.94002,
  "fwhm_y": 2.942966666666667,
  "fwhm_z": 3.3642,
  "gcor": 0.0274155,
  "gsr_x": -0.014359918422996998,
  "gsr_y": 0.07464224100112915,
  "provenance": {
    "md5sum": "c16bafea6c32e3c6f93296d97ac1b3ea",
    "settings": {
      "fd_thres": 0.2,
      "testing": false
    },
    "software": "mriqc",
    "version": "22.0.6",
    "webapi_port": null,
    "webapi_url": "https://mriqc.nimh.nih.gov/api/v1"
  },
  "size_t": 181,
  "size_x": 64,
  "size_y": 64,
  "size_z": 53,
  "snr": 2.0571669692905066,
  "spacing_tr": 3.0,
  "spacing_x": 3.0,
  "spacing_y": 3.0,
  "spacing_z": 3.0,
  "summary_bg_k": 26.572159857740765,
  "summary_bg_mad": 25.269764407190166,
  "summary_bg_mean": 96.42164611816406,
  "summary_bg_median": 47.30386734008789,
  "summary_bg_n": 120416.0,
  "summary_bg_p05": 28.718233108520508,
  "summary_bg_p95": 330.3052749633789,
  "summary_bg_stdv": 119.84911346435547,
  "summary_fg_k": 3.9127228685518443,
  "summary_fg_mad": 270.6118251473621,
  "summary_fg_mean": 804.3882446289062,
  "summary_fg_median": 721.0552978515625,
  "summary_fg_n": 47817.0,
  "summary_fg_p05": 407.0652099609375,
  "summary_fg_p95": 1506.5205078125,
  "summary_fg_stdv": 350.5052185058594,
  "tsnr": 56.698629640974104
}