{
  "aor": 0.001375524861878453,
  "aqi": 0.003946899005524862,
  "bids_meta": {
    "BandwidthPerPixelPhaseEncode": 31.25,
    "EchoTime": 0.025,
    "EffectiveEchoSpacing": 0.0005,
    "FlipAngle": 75,
    "ImageType": [
      "ORIGINAL",
      "PRIMARY",
      "M",
      "ND",
      "MOSAIC"
    ],
    "MagneticFieldStrength": 3,
    "Manufacturer": "Siemens",
    "ManufacturersModelName": "TrioTim",
    "Modality": "MR",
    "PhaseEncodingDirection": "j-",
    "PixelBandwidth": 3005,
    "RepetitionTime": 3,
    "ScanningSequence": "EP",
    "SequenceVariant": "SK",
    "SliceThickness": 3,
    "SliceTiming": [
      0,
      1.5225,
      0.055,
      1.58,
      0.1125,
      1.635,
      0.1675,
      1.6925,
      0.225,
      1.75,
      0.28,
      1.805,
      0.3375,
      1.8625,
      0.395,
      1.9175,
      0.45,
      1.975,
      0.5075,
      2.03,
      0.5625,
      2.0875,
      0.62,
      2.145,
      0.6775,
      2.2,
      0.7325,
      2.2575,
      0.79,
      2.3125,
      0.845,
      2.37,
      0.9025,
      2.425,
      0.9575,
      2.4825,
      1.015,
      2.54,
      1.0725,
      2.595,
      1.1275,
      2.6525,
      1.185,
      2.7075,
      1.24,
      2.765,
      1.2975,
      2.82,
      1.3525,
      2.8775,
      1.41,
      2.935,
      1.4675
    ],
    "SpacingBetweenSlices": 3,
    "TaskName": "Prospection",
    "TotalReadoutTime": 0.0315,
    "dataset": "ds002835",
    "modality": "bold",
    "run_id": 3,
    "subject_id": "2503",
    "task_id": "prospection"
  },
  "dummy_trs": 0,
  "dvars_nstd": 25.003276316666675,
  "dvars_std": 1.2114190067222217,
  "dvars_vstd": 0.9785571416111105,
  "efc": 0.5909006064062162,
  "fber": 209.1276092529297,
  "fd_mean": 0.09355731227918586,
  "fd_num": 12,
  "fd_perc": 6.629834254143646,
  "fwhm_avg": 3.122418888888889,
  "fwhm_x": 2.9890399999999997,
  "fwhm_y": 2.9286499999999998,
  "fwhm_z": 3.4495666666666662,
  "gcor": 0.0433076,
  "gsr_x": -0.01476285420358181,
  "gsr_y": 0.07284362614154816,
  "provenance": {
    "md5sum": "241c1bde89263838c58eee8096483ee4",
    "settings": {
      "fd_thres": 0.2,
      "testing": false
    },
    "software": "mriqc",
    "version": "22.0.6",
    "webapi_port": null,
    "webapi_url": "https://mriqc.nimh.nih.gov/api/v1"
  },
  "size_t": 181,
  "size_x": 64,
  "size_y": 64,
  "size_z": 53,
  "snr": 2.02353038791027,
  "spacing_tr": 3.0,
  "spacing_x": 3.0,
  "spacing_y": 3.0,
  "spacing_z": 3.0,
  "summary_bg_k": 26.881854094681763,
  "summary_bg_mad": 24.598093185377593,
  "summary_bg_mean": 95.91960144042969,
  "summary_bg_median": 47.03867721557617,
  "summary_bg_n": 120380.0,
  "summary_bg_p05": 29.066299438476562,
  "summary_bg_p95": 328.4980819702146,
  "summary_bg_stdv": 119.44400787353516,
  "summary_fg_k": 3.9189700354799744,
  "summary_fg_mad": 274.22412971038244,
  "summary_fg_mean": 811.064208984375,
  "summary_fg_median": 725.182373046875,
  "summary_fg_n": 47869.0,
  "summary_fg_p05": 405.7491943359375,
  "summary_fg_p95": 1532.008935546875,
  "summary_fg_stdv": 358.37109375,
  "tsnr": 64.42688081413507
}