{
  "bids_meta": {
    "EchoTime": 0.00311,
    "FlipAngle": 15,
    "ImageType": [
      "ORIGINAL",
      "PRIMARY",
      "M",
      "ND",
      "NORM"
    ],
    "InversionTime": 1.1,
    "MagneticFieldStrength": 3,
    "Manufacturer": "Siemens",
    "ManufacturersModelName": "TrioTim",
    "Modality": "MR",
    "RepetitionTime": 1.63,
    "ScanningSequence": "GR_IR",
    "SequenceVariant": "SP_MP",
    "SliceThickness": 1,
    "dataset": "ds002835",
    "modality": "T1w",
    "subject_id": "1066"
  },
  "cjv": 0.46945614303450106,
  "cnr": 2.9020649071683473,
  "efc": 0.6221020632089124,
  "fber": 29844.96185378086,
  "fwhm_avg": 3.870360444444444,
  "fwhm_x": 3.7351253333333334,
  "fwhm_y": 4.259936,
  "fwhm_z": 3.61602,
  "icvs_csf": 0.214272118259393,
  "icvs_gm": 0.3750662314128791,
  "icvs_wm": 0.4106616503277279,
  "inu_med": 0.4899391233921051,
  "inu_range": 0.14479482769966118,
  "provenance": {
    "md5sum": "f024e6b999bed06935695296421b4a61",
    "settings": {
      "testing": false
    },
    "software": "mriqc",
    "version": "22.0.6",
    "warnings": {
      "large_rot_frame": true,
      "small_air_mask": false
    },
    "webapi_port": null,
    "webapi_url": "https://mriqc.nimh.nih.gov/api/v1"
  },
  "qi_1": 0.008297589069613679,
  "qi_2": 0.006426877324901087,
  "rpve_csf": 14.201731489526368,
  "rpve_gm": 7.538841497203251,
  "rpve_wm": 8.227539385332637,
  "size_x": 192,
  "size_y": 256,
  "size_z": 160,
  "snr_csf": 3.0253806250624615,
  "snr_gm": 14.511380395372703,
  "snr_total": 11.957201706098871,
  "snr_wm": 18.33484409786145,
  "snrd_csf": 20.65826989933115,
  "snrd_gm": 41.99619993682092,
  "snrd_total": 38.93319824751942,
  "snrd_wm": 54.145124906406195,
  "spacing_x": 0.9375,
  "spacing_y": 0.9375,
  "spacing_z": 1.0,
  "summary_bg_k": 22.819717588778243,
  "summary_bg_mad": 0.0,
  "summary_bg_mean": 6.52735451053124,
  "summary_bg_median": 0.0,
  "summary_bg_n": 2072597.0,
  "summary_bg_p05": 0.0,
  "summary_bg_p95": 30.473262265324593,
  "summary_bg_stdv": 12.10039761416344,
  "summary_csf_k": 8.904374965729023,
  "summary_csf_mad": 98.45551052847443,
  "summary_csf_mean": 372.8274813099702,
  "summary_csf_median": 381.55913761258125,
  "summary_csf_n": 62837.0,
  "summary_csf_p05": 142.60608005523682,
  "summary_csf_p95": 553.7283619046211,
  "summary_csf_stdv": 126.11837939901787,
  "summary_gm_k": 0.08053132178720057,
  "summary_gm_mad": 52.95008080406612,
  "summary_gm_mean": 775.8670793032139,
  "summary_gm_median": 775.671627342701,
  "summary_gm_n": 25329.0,
  "summary_gm_p05": 688.3442333370447,
  "summary_gm_p95": 865.2460713773964,
  "summary_gm_stdv": 53.45158724605717,
  "summary_wm_k": 0.49251423018058427,
  "summary_wm_mad": 52.39173197309178,
  "summary_wm_mean": 1007.0396613746452,
  "summary_wm_median": 1000.0627964437008,
  "summary_wm_n": 242245.0,
  "summary_wm_p05": 930.1782852053642,
  "summary_wm_p95": 1107.2684235274792,
  "summary_wm_stdv": 54.54427247638901,
  "tpm_overlap_csf": 0.1696334343868755,
  "tpm_overlap_gm": 0.4158288877238234,
  "tpm_overlap_wm": 0.45955216518620834,
  "wm2max": 0.5421737036174527
}