{
  "bids_meta": {
    "EchoTime": 0.00311,
    "FlipAngle": 15,
    "ImageType": [
      "ORIGINAL",
      "PRIMARY",
      "M",
      "ND",
      "NORM"
    ],
    "InversionTime": 1.1,
    "MagneticFieldStrength": 3,
    "Manufacturer": "Siemens",
    "ManufacturersModelName": "TrioTim",
    "Modality": "MR",
    "RepetitionTime": 1.63,
    "ScanningSequence": "GR_IR",
    "SequenceVariant": "SP_MP",
    "SliceThickness": 1,
    "dataset": "ds002835",
    "modality": "T1w",
    "subject_id": "1067"
  },
  "cjv": 0.46540967968764996,
  "cnr": 2.9174734940523455,
  "efc": 0.5778450992461924,
  "fber": 29456.09410493827,
  "fwhm_avg": 3.7105557777777776,
  "fwhm_x": 3.447584,
  "fwhm_y": 4.184693333333334,
  "fwhm_z": 3.49939,
  "icvs_csf": 0.13093847176244033,
  "icvs_gm": 0.40565080039396584,
  "icvs_wm": 0.46341072784359383,
  "inu_med": 0.49765241146087646,
  "inu_range": 0.10620785206556321,
  "provenance": {
    "md5sum": "c443ce17809f0e940a9a902febcbfb72",
    "settings": {
      "testing": false
    },
    "software": "mriqc",
    "version": "22.0.6",
    "warnings": {
      "large_rot_frame": true,
      "small_air_mask": false
    },
    "webapi_port": null,
    "webapi_url": "https://mriqc.nimh.nih.gov/api/v1"
  },
  "qi_1": 0.003198771167970201,
  "qi_2": 0.006070721813142639,
  "rpve_csf": 24.999415693355875,
  "rpve_gm": 8.315457163980225,
  "rpve_wm": 8.413045605793698,
  "size_x": 192,
  "size_y": 256,
  "size_z": 160,
  "snr_csf": 1.442688703516638,
  "snr_gm": 15.411146739541985,
  "snr_total": 11.757827062699597,
  "snr_wm": 18.419645745040167,
  "snrd_csf": 38.28206757368415,
  "snrd_gm": 88.39821827699267,
  "snrd_total": 80.35190818568492,
  "snrd_wm": 114.37543870637795,
  "spacing_x": 0.9375,
  "spacing_y": 0.9375,
  "spacing_z": 1.0,
  "summary_bg_k": 20.198398139208773,
  "summary_bg_mad": 5.7283806572649185,
  "summary_bg_mean": 13.686891347479843,
  "summary_bg_median": 3.8637340385466814,
  "summary_bg_n": 2556078.0,
  "summary_bg_p05": 0.0,
  "summary_bg_p95": 60.68335225246847,
  "summary_bg_stdv": 24.457732724545746,
  "summary_csf_k": 7.316918992104423,
  "summary_csf_mad": 166.1791996553617,
  "summary_csf_mean": 367.6612596713961,
  "summary_csf_median": 334.7306841891259,
  "summary_csf_n": 17674.0,
  "summary_csf_p05": 99.6047907290049,
  "summary_csf_p95": 707.242626515962,
  "summary_csf_stdv": 232.0120852545047,
  "summary_gm_k": 0.026387198432825887,
  "summary_gm_mad": 50.78789778810368,
  "summary_gm_mean": 773.5272427831641,
  "summary_gm_median": 772.936206436716,
  "summary_gm_n": 31972.0,
  "summary_gm_p05": 692.3154814820737,
  "summary_gm_p95": 855.8297161199152,
  "summary_gm_stdv": 50.1535759603182,
  "summary_wm_k": -0.09654444219613856,
  "summary_wm_mad": 54.92506159612834,
  "summary_wm_mean": 1006.1515118759398,
  "summary_wm_median": 1000.0757868923247,
  "summary_wm_n": 217226.0,
  "summary_wm_p05": 927.6244603786618,
  "summary_wm_p95": 1104.9269223697484,
  "summary_wm_stdv": 54.293850099384805,
  "tpm_overlap_csf": 0.11929971134596559,
  "tpm_overlap_gm": 0.432552410126486,
  "tpm_overlap_wm": 0.46304220968680393,
  "wm2max": 0.6484264990012116
}