{
  "aor": 0.0025345856353591162,
  "aqi": 0.004010740110497238,
  "bids_meta": {
    "BandwidthPerPixelPhaseEncode": 31.25,
    "EchoTime": 0.025,
    "EffectiveEchoSpacing": 0.0005,
    "FlipAngle": 75,
    "ImageType": [
      "ORIGINAL",
      "PRIMARY",
      "M",
      "ND",
      "MOSAIC"
    ],
    "MagneticFieldStrength": 3,
    "Manufacturer": "Siemens",
    "ManufacturersModelName": "TrioTim",
    "Modality": "MR",
    "PhaseEncodingDirection": "j-",
    "PixelBandwidth": 3005,
    "RepetitionTime": 3,
    "ScanningSequence": "EP",
    "SequenceVariant": "SK",
    "SliceThickness": 3,
    "SliceTiming": [
      0,
      1.5225,
      0.055,
      1.58,
      0.1125,
      1.635,
      0.1675,
      1.6925,
      0.225,
      1.75,
      0.28,
      1.805,
      0.3375,
      1.8625,
      0.395,
      1.9175,
      0.45,
      1.975,
      0.5075,
      2.03,
      0.5625,
      2.0875,
      0.62,
      2.145,
      0.6775,
      2.2,
      0.7325,
      2.2575,
      0.79,
      2.3125,
      0.845,
      2.37,
      0.9025,
      2.425,
      0.9575,
      2.4825,
      1.015,
      2.54,
      1.0725,
      2.595,
      1.1275,
      2.6525,
      1.185,
      2.7075,
      1.24,
      2.765,
      1.2975,
      2.82,
      1.3525,
      2.8775,
      1.41,
      2.935,
      1.4675
    ],
    "SpacingBetweenSlices": 3,
    "TaskName": "Prospection",
    "TotalReadoutTime": 0.0315,
    "dataset": "ds002835",
    "modality": "bold",
    "run_id": 1,
    "subject_id": "1059",
    "task_id": "prospection"
  },
  "dummy_trs": 0,
  "dvars_nstd": 26.675038655666654,
  "dvars_std": 1.1988643697222223,
  "dvars_vstd": 0.9850666317777776,
  "efc": 0.552354039959113,
  "fber": 394.526611328125,
  "fd_mean": 0.14511435140448123,
  "fd_num": 35,
  "fd_perc": 19.337016574585636,
  "fwhm_avg": 2.715047777777778,
  "fwhm_x": 2.6765266666666663,
  "fwhm_y": 2.52866,
  "fwhm_z": 2.9399566666666668,
  "gcor": 0.0206493,
  "gsr_x": -0.00886217225342989,
  "gsr_y": 0.046336136758327484,
  "provenance": {
    "md5sum": "28c1c4849992bf2d71062137ec2ae7db",
    "settings": {
      "fd_thres": 0.2,
      "testing": false
    },
    "software": "mriqc",
    "version": "22.0.6",
    "webapi_port": null,
    "webapi_url": "https://mriqc.nimh.nih.gov/api/v1"
  },
  "size_t": 181,
  "size_x": 64,
  "size_y": 64,
  "size_z": 53,
  "snr": 2.344387292088526,
  "spacing_tr": 3.0,
  "spacing_x": 3.0,
  "spacing_y": 3.0,
  "spacing_z": 3.0,
  "summary_bg_k": 29.77032864720509,
  "summary_bg_mad": 9.731115403530085,
  "summary_bg_mean": 58.985862731933594,
  "summary_bg_median": 32.00552749633789,
  "summary_bg_n": 128394.0,
  "summary_bg_p05": 24.03314971923828,
  "summary_bg_p95": 192.93923950195312,
  "summary_bg_stdv": 75.48957824707031,
  "summary_fg_k": 6.331154734194337,
  "summary_fg_mad": 200.15948892091097,
  "summary_fg_mean": 708.3137817382812,
  "summary_fg_median": 641.254150390625,
  "summary_fg_n": 45405.0,
  "summary_fg_p05": 416.43867797851567,
  "summary_fg_p95": 1237.066357421875,
  "summary_fg_stdv": 273.5243835449219,
  "tsnr": 65.5672512575984
}