{
  "aor": 0.0023450828729281764,
  "aqi": 0.003632023038674034,
  "bids_meta": {
    "BandwidthPerPixelPhaseEncode": 31.25,
    "EchoTime": 0.025,
    "EffectiveEchoSpacing": 0.0005,
    "FlipAngle": 75,
    "ImageType": [
      "ORIGINAL",
      "PRIMARY",
      "M",
      "ND",
      "MOSAIC"
    ],
    "MagneticFieldStrength": 3,
    "Manufacturer": "Siemens",
    "ManufacturersModelName": "TrioTim",
    "Modality": "MR",
    "PhaseEncodingDirection": "j-",
    "PixelBandwidth": 3005,
    "RepetitionTime": 3,
    "ScanningSequence": "EP",
    "SequenceVariant": "SK",
    "SliceThickness": 3,
    "SliceTiming": [
      0,
      1.5225,
      0.055,
      1.58,
      0.1125,
      1.635,
      0.1675,
      1.6925,
      0.225,
      1.75,
      0.28,
      1.805,
      0.3375,
      1.8625,
      0.395,
      1.9175,
      0.45,
      1.975,
      0.5075,
      2.03,
      0.5625,
      2.0875,
      0.62,
      2.145,
      0.6775,
      2.2,
      0.7325,
      2.2575,
      0.79,
      2.3125,
      0.845,
      2.37,
      0.9025,
      2.425,
      0.9575,
      2.4825,
      1.015,
      2.54,
      1.0725,
      2.595,
      1.1275,
      2.6525,
      1.185,
      2.7075,
      1.24,
      2.765,
      1.2975,
      2.82,
      1.3525,
      2.8775,
      1.41,
      2.935,
      1.4675
    ],
    "SpacingBetweenSlices": 3,
    "TaskName": "Prospection",
    "TotalReadoutTime": 0.0315,
    "dataset": "ds002835",
    "modality": "bold",
    "run_id": 2,
    "subject_id": "1059",
    "task_id": "prospection"
  },
  "dummy_trs": 0,
  "dvars_nstd": 28.72604822577778,
  "dvars_std": 1.2134545843888889,
  "dvars_vstd": 0.985278376333333,
  "efc": 0.5529348257670454,
  "fber": 396.6201477050781,
  "fd_mean": 0.17716153662447695,
  "fd_num": 46,
  "fd_perc": 25.414364640883978,
  "fwhm_avg": 2.7030788888888893,
  "fwhm_x": 2.6664866666666667,
  "fwhm_y": 2.5248833333333334,
  "fwhm_z": 2.917866666666667,
  "gcor": 0.0347453,
  "gsr_x": -0.009099435992538929,
  "gsr_y": 0.047438424080610275,
  "provenance": {
    "md5sum": "b3c78d1c843c4d47c1c90cc69b4748f4",
    "settings": {
      "fd_thres": 0.2,
      "testing": false
    },
    "software": "mriqc",
    "version": "22.0.6",
    "webapi_port": null,
    "webapi_url": "https://mriqc.nimh.nih.gov/api/v1"
  },
  "size_t": 181,
  "size_x": 64,
  "size_y": 64,
  "size_z": 53,
  "snr": 2.3221426748415497,
  "spacing_tr": 3.0,
  "spacing_x": 3.0,
  "spacing_y": 3.0,
  "spacing_z": 3.0,
  "summary_bg_k": 30.730861454041253,
  "summary_bg_mad": 9.17411306591933,
  "summary_bg_mean": 59.471763610839844,
  "summary_bg_median": 32.0,
  "summary_bg_n": 128130.0,
  "summary_bg_p05": 25.160221099853516,
  "summary_bg_p95": 195.07155532836856,
  "summary_bg_stdv": 75.66166687011719,
  "summary_fg_k": 6.552089928457207,
  "summary_fg_mad": 200.19226923424432,
  "summary_fg_mean": 711.8790283203125,
  "summary_fg_median": 643.157470703125,
  "summary_fg_n": 45448.0,
  "summary_fg_p05": 418.16991424560547,
  "summary_fg_p95": 1244.2920776367191,
  "summary_fg_stdv": 276.9642028808594,
  "tsnr": 69.55584199726582
}