{
  "aor": 0.0009262430939226521,
  "aqi": 0.0020781197790055253,
  "bids_meta": {
    "BandwidthPerPixelPhaseEncode": 31.25,
    "EchoTime": 0.025,
    "EffectiveEchoSpacing": 0.0005,
    "FlipAngle": 75,
    "ImageType": [
      "ORIGINAL",
      "PRIMARY",
      "M",
      "ND",
      "MOSAIC"
    ],
    "MagneticFieldStrength": 3,
    "Manufacturer": "Siemens",
    "ManufacturersModelName": "TrioTim",
    "Modality": "MR",
    "PhaseEncodingDirection": "j-",
    "PixelBandwidth": 3005,
    "RepetitionTime": 3,
    "ScanningSequence": "EP",
    "SequenceVariant": "SK",
    "SliceThickness": 3,
    "SliceTiming": [
      0,
      1.5225,
      0.055,
      1.58,
      0.1125,
      1.635,
      0.1675,
      1.6925,
      0.225,
      1.75,
      0.28,
      1.805,
      0.3375,
      1.8625,
      0.395,
      1.9175,
      0.45,
      1.975,
      0.5075,
      2.03,
      0.5625,
      2.0875,
      0.62,
      2.145,
      0.6775,
      2.2,
      0.7325,
      2.2575,
      0.79,
      2.3125,
      0.845,
      2.37,
      0.9025,
      2.425,
      0.9575,
      2.4825,
      1.015,
      2.54,
      1.0725,
      2.595,
      1.1275,
      2.6525,
      1.185,
      2.7075,
      1.24,
      2.765,
      1.2975,
      2.82,
      1.3525,
      2.8775,
      1.41,
      2.935,
      1.4675
    ],
    "SpacingBetweenSlices": 3,
    "TaskName": "Prospection",
    "TotalReadoutTime": 0.0315,
    "dataset": "ds002835",
    "modality": "bold",
    "run_id": 1,
    "subject_id": "3557",
    "task_id": "prospection"
  },
  "dummy_trs": 0,
  "dvars_nstd": 21.49672015505557,
  "dvars_std": 1.2118457850000002,
  "dvars_vstd": 0.991914358166666,
  "efc": 0.5749607650747789,
  "fber": 302.8707275390625,
  "fd_mean": 0.04397345846107008,
  "fd_num": 0,
  "fd_perc": 0.0,
  "fwhm_avg": 2.882848888888889,
  "fwhm_x": 2.7836433333333335,
  "fwhm_y": 2.6500266666666668,
  "fwhm_z": 3.2148766666666666,
  "gcor": 0.0502524,
  "gsr_x": -0.007204478140920401,
  "gsr_y": 0.08943282067775726,
  "provenance": {
    "md5sum": "0f389092f3f723b37b61e2a6ffdd4b64",
    "settings": {
      "fd_thres": 0.2,
      "testing": false
    },
    "software": "mriqc",
    "version": "22.0.6",
    "webapi_port": null,
    "webapi_url": "https://mriqc.nimh.nih.gov/api/v1"
  },
  "size_t": 181,
  "size_x": 64,
  "size_y": 64,
  "size_z": 53,
  "snr": 1.9984724882365579,
  "spacing_tr": 3.0,
  "spacing_x": 3.0,
  "spacing_y": 3.0,
  "spacing_z": 3.0,
  "summary_bg_k": 18.896302526853002,
  "summary_bg_mad": 16.918869299785243,
  "summary_bg_mean": 93.28469848632812,
  "summary_bg_median": 40.616024017333984,
  "summary_bg_n": 123826.0,
  "summary_bg_p05": 28.419891357421875,
  "summary_bg_p95": 358.25000762939453,
  "summary_bg_stdv": 128.99053955078125,
  "summary_fg_k": 6.450870275015303,
  "summary_fg_mad": 255.01581625104728,
  "summary_fg_mean": 818.8818969726562,
  "summary_fg_median": 725.867431640625,
  "summary_fg_n": 47609.0,
  "summary_fg_p05": 437.78123168945314,
  "summary_fg_p95": 1536.6144531249997,
  "summary_fg_stdv": 363.2073059082031,
  "tsnr": 82.40072772279382
}