{
  "aor": 0.0004701104972375691,
  "aqi": 0.0025462443093922653,
  "bids_meta": {
    "BandwidthPerPixelPhaseEncode": 31.25,
    "EchoTime": 0.025,
    "EffectiveEchoSpacing": 0.0005,
    "FlipAngle": 75,
    "ImageType": [
      "ORIGINAL",
      "PRIMARY",
      "M",
      "ND",
      "MOSAIC"
    ],
    "MagneticFieldStrength": 3,
    "Manufacturer": "Siemens",
    "ManufacturersModelName": "TrioTim",
    "Modality": "MR",
    "PhaseEncodingDirection": "j-",
    "PixelBandwidth": 3005,
    "RepetitionTime": 3,
    "ScanningSequence": "EP",
    "SequenceVariant": "SK",
    "SliceThickness": 3,
    "SliceTiming": [
      0,
      1.5225,
      0.055,
      1.58,
      0.1125,
      1.635,
      0.1675,
      1.6925,
      0.225,
      1.75,
      0.28,
      1.805,
      0.3375,
      1.8625,
      0.395,
      1.9175,
      0.45,
      1.975,
      0.5075,
      2.03,
      0.5625,
      2.0875,
      0.62,
      2.145,
      0.6775,
      2.2,
      0.7325,
      2.2575,
      0.79,
      2.3125,
      0.845,
      2.37,
      0.9025,
      2.425,
      0.9575,
      2.4825,
      1.015,
      2.54,
      1.0725,
      2.595,
      1.1275,
      2.6525,
      1.185,
      2.7075,
      1.24,
      2.765,
      1.2975,
      2.82,
      1.3525,
      2.8775,
      1.41,
      2.935,
      1.4675
    ],
    "SpacingBetweenSlices": 3,
    "TaskName": "Prospection",
    "TotalReadoutTime": 0.0315,
    "dataset": "ds002835",
    "modality": "bold",
    "run_id": 2,
    "subject_id": "2515",
    "task_id": "prospection"
  },
  "dummy_trs": 0,
  "dvars_nstd": 15.879729265388896,
  "dvars_std": 1.0468150589444443,
  "dvars_vstd": 0.9563840101111112,
  "efc": 0.5856863694158956,
  "fber": 240.1912384033203,
  "fd_mean": 0.0452391551568134,
  "fd_num": 0,
  "fd_perc": 0.0,
  "fwhm_avg": 2.7788399999999993,
  "fwhm_x": 2.6886799999999997,
  "fwhm_y": 2.7089466666666664,
  "fwhm_z": 2.938893333333333,
  "gcor": 0.0114238,
  "gsr_x": -0.012227704748511314,
  "gsr_y": 0.08918862789869308,
  "provenance": {
    "md5sum": "98743b7144e5deed987468a5d2599416",
    "settings": {
      "fd_thres": 0.2,
      "testing": false
    },
    "software": "mriqc",
    "version": "22.0.6",
    "webapi_port": null,
    "webapi_url": "https://mriqc.nimh.nih.gov/api/v1"
  },
  "size_t": 181,
  "size_x": 64,
  "size_y": 64,
  "size_z": 53,
  "snr": 2.5264097796023375,
  "spacing_tr": 3.0,
  "spacing_x": 3.0,
  "spacing_y": 3.0,
  "spacing_z": 3.0,
  "summary_bg_k": 16.95754342904416,
  "summary_bg_mad": 24.14757879283189,
  "summary_bg_mean": 86.6263427734375,
  "summary_bg_median": 44.966854095458984,
  "summary_bg_n": 128713.0,
  "summary_bg_p05": 27.331493377685547,
  "summary_bg_p95": 296.42541503906233,
  "summary_bg_stdv": 103.49078369140625,
  "summary_fg_k": 3.88876969745285,
  "summary_fg_mad": 222.47227224781642,
  "summary_fg_mean": 763.7689208984375,
  "summary_fg_median": 704.0221557617188,
  "summary_fg_n": 45212.0,
  "summary_fg_p05": 436.30306549072264,
  "summary_fg_p95": 1310.6925598144528,
  "summary_fg_stdv": 278.6619873046875,
  "tsnr": 78.69088810123503
}