{
  "aor": 0.0008665193370165744,
  "aqi": 0.0019395851933701658,
  "bids_meta": {
    "BandwidthPerPixelPhaseEncode": 31.25,
    "EchoTime": 0.025,
    "EffectiveEchoSpacing": 0.0005,
    "FlipAngle": 75,
    "ImageType": [
      "ORIGINAL",
      "PRIMARY",
      "M",
      "ND",
      "MOSAIC"
    ],
    "MagneticFieldStrength": 3,
    "Manufacturer": "Siemens",
    "ManufacturersModelName": "TrioTim",
    "Modality": "MR",
    "PhaseEncodingDirection": "j-",
    "PixelBandwidth": 3005,
    "RepetitionTime": 3,
    "ScanningSequence": "EP",
    "SequenceVariant": "SK",
    "SliceThickness": 3,
    "SliceTiming": [
      0,
      1.5225,
      0.055,
      1.58,
      0.1125,
      1.635,
      0.1675,
      1.6925,
      0.225,
      1.75,
      0.28,
      1.805,
      0.3375,
      1.8625,
      0.395,
      1.9175,
      0.45,
      1.975,
      0.5075,
      2.03,
      0.5625,
      2.0875,
      0.62,
      2.145,
      0.6775,
      2.2,
      0.7325,
      2.2575,
      0.79,
      2.3125,
      0.845,
      2.37,
      0.9025,
      2.425,
      0.9575,
      2.4825,
      1.015,
      2.54,
      1.0725,
      2.595,
      1.1275,
      2.6525,
      1.185,
      2.7075,
      1.24,
      2.765,
      1.2975,
      2.82,
      1.3525,
      2.8775,
      1.41,
      2.935,
      1.4675
    ],
    "SpacingBetweenSlices": 3,
    "TaskName": "Prospection",
    "TotalReadoutTime": 0.0315,
    "dataset": "ds002835",
    "modality": "bold",
    "run_id": 4,
    "subject_id": "2515",
    "task_id": "prospection"
  },
  "dummy_trs": 0,
  "dvars_nstd": 17.029516532388882,
  "dvars_std": 1.118004165,
  "dvars_vstd": 0.9970059571111113,
  "efc": 0.5875783154310458,
  "fber": 238.36968994140625,
  "fd_mean": 0.06261767826495601,
  "fd_num": 2,
  "fd_perc": 1.1049723756906078,
  "fwhm_avg": 2.791902222222222,
  "fwhm_x": 2.6959966666666664,
  "fwhm_y": 2.70059,
  "fwhm_z": 2.97912,
  "gcor": 0.0408373,
  "gsr_x": -0.01138510461896658,
  "gsr_y": 0.0907796323299408,
  "provenance": {
    "md5sum": "afbab1b844bbb3e30042a6605dc6d896",
    "settings": {
      "fd_thres": 0.2,
      "testing": false
    },
    "software": "mriqc",
    "version": "22.0.6",
    "webapi_port": null,
    "webapi_url": "https://mriqc.nimh.nih.gov/api/v1"
  },
  "size_t": 181,
  "size_x": 64,
  "size_y": 64,
  "size_z": 53,
  "snr": 2.5350438915768247,
  "spacing_tr": 3.0,
  "spacing_x": 3.0,
  "spacing_y": 3.0,
  "spacing_z": 3.0,
  "summary_bg_k": 15.79718588228409,
  "summary_bg_mad": 23.934605730541104,
  "summary_bg_mean": 87.79609680175781,
  "summary_bg_median": 44.861881256103516,
  "summary_bg_n": 128819.0,
  "summary_bg_p05": 27.497238159179688,
  "summary_bg_p95": 302.45914001464837,
  "summary_bg_stdv": 105.41243743896484,
  "summary_fg_k": 3.9040682743914044,
  "summary_fg_mad": 220.63743436430025,
  "summary_fg_mean": 760.6126098632812,
  "summary_fg_median": 701.5193481445312,
  "summary_fg_n": 45175.0,
  "summary_fg_p05": 435.7994598388672,
  "summary_fg_p95": 1305.8386962890625,
  "summary_fg_stdv": 276.7256164550781,
  "tsnr": 88.33914542803541
}