{
  "aor": 0.0009735,
  "aqi": 0.002899259777777778,
  "bids_meta": {
    "BandwidthPerPixelPhaseEncode": 31.25,
    "EchoTime": 0.025,
    "EffectiveEchoSpacing": 0.0005,
    "FlipAngle": 75,
    "ImageType": [
      "ORIGINAL",
      "PRIMARY",
      "M",
      "ND",
      "MOSAIC"
    ],
    "MagneticFieldStrength": 3,
    "Manufacturer": "Siemens",
    "ManufacturersModelName": "TrioTim",
    "Modality": "MR",
    "PhaseEncodingDirection": "j-",
    "PixelBandwidth": 3005,
    "RepetitionTime": 3,
    "ScanningSequence": "EP",
    "SequenceVariant": "SK",
    "SliceThickness": 3,
    "SliceTiming": [
      0,
      1.5225,
      0.055,
      1.58,
      0.1125,
      1.635,
      0.1675,
      1.6925,
      0.225,
      1.75,
      0.28,
      1.805,
      0.3375,
      1.8625,
      0.395,
      1.9175,
      0.45,
      1.975,
      0.5075,
      2.03,
      0.5625,
      2.0875,
      0.62,
      2.145,
      0.6775,
      2.2,
      0.7325,
      2.2575,
      0.79,
      2.3125,
      0.845,
      2.37,
      0.9025,
      2.425,
      0.9575,
      2.4825,
      1.015,
      2.54,
      1.0725,
      2.595,
      1.1275,
      2.6525,
      1.185,
      2.7075,
      1.24,
      2.765,
      1.2975,
      2.82,
      1.3525,
      2.8775,
      1.41,
      2.935,
      1.4675
    ],
    "SpacingBetweenSlices": 3,
    "TaskName": "Prospection",
    "TotalReadoutTime": 0.0315,
    "dataset": "ds002835",
    "modality": "bold",
    "run_id": 3,
    "subject_id": "2515",
    "task_id": "prospection"
  },
  "dummy_trs": 1,
  "dvars_nstd": 16.65340891351956,
  "dvars_std": 1.0733917943016764,
  "dvars_vstd": 0.9676845671508378,
  "efc": 0.5871048172217005,
  "fber": 239.31178283691406,
  "fd_mean": 0.06199215154932909,
  "fd_num": 4,
  "fd_perc": 2.2222222222222223,
  "fwhm_avg": 2.794911111111111,
  "fwhm_x": 2.7075066666666667,
  "fwhm_y": 2.69398,
  "fwhm_z": 2.9832466666666666,
  "gcor": 0.0497817,
  "gsr_x": -0.011287914589047432,
  "gsr_y": 0.09061568975448608,
  "provenance": {
    "md5sum": "87860bdac889871e835805053e8b14ce",
    "settings": {
      "fd_thres": 0.2,
      "testing": false
    },
    "software": "mriqc",
    "version": "22.0.6",
    "webapi_port": null,
    "webapi_url": "https://mriqc.nimh.nih.gov/api/v1"
  },
  "size_t": 180,
  "size_x": 64,
  "size_y": 64,
  "size_z": 53,
  "snr": 2.556306390902186,
  "spacing_tr": 3.0,
  "spacing_x": 3.0,
  "spacing_y": 3.0,
  "spacing_z": 3.0,
  "summary_bg_k": 16.015179129802213,
  "summary_bg_mad": 23.88637410319348,
  "summary_bg_mean": 86.94992065429688,
  "summary_bg_median": 44.7055549621582,
  "summary_bg_n": 128822.0,
  "summary_bg_p05": 27.25,
  "summary_bg_p95": 298.4427917480468,
  "summary_bg_stdv": 103.89291381835938,
  "summary_fg_k": 3.7623808537745314,
  "summary_fg_mad": 219.779309557288,
  "summary_fg_mean": 759.5979614257812,
  "summary_fg_median": 701.5778198242188,
  "summary_fg_n": 45153.0,
  "summary_fg_p05": 436.52667846679685,
  "summary_fg_p95": 1296.8689208984379,
  "summary_fg_stdv": 274.44677734375,
  "tsnr": 76.83953021466732
}