{
  "aor": 0.004713646408839779,
  "aqi": 0.0052797963535911605,
  "bids_meta": {
    "BandwidthPerPixelPhaseEncode": 31.25,
    "EchoTime": 0.025,
    "EffectiveEchoSpacing": 0.0005,
    "FlipAngle": 75,
    "ImageType": [
      "ORIGINAL",
      "PRIMARY",
      "M",
      "ND",
      "MOSAIC"
    ],
    "MagneticFieldStrength": 3,
    "Manufacturer": "Siemens",
    "ManufacturersModelName": "TrioTim",
    "Modality": "MR",
    "PhaseEncodingDirection": "j-",
    "PixelBandwidth": 3005,
    "RepetitionTime": 3,
    "ScanningSequence": "EP",
    "SequenceVariant": "SK",
    "SliceThickness": 3,
    "SliceTiming": [
      0,
      1.5225,
      0.055,
      1.58,
      0.1125,
      1.635,
      0.1675,
      1.6925,
      0.225,
      1.75,
      0.28,
      1.805,
      0.3375,
      1.8625,
      0.395,
      1.9175,
      0.45,
      1.975,
      0.5075,
      2.03,
      0.5625,
      2.0875,
      0.62,
      2.145,
      0.6775,
      2.2,
      0.7325,
      2.2575,
      0.79,
      2.3125,
      0.845,
      2.37,
      0.9025,
      2.425,
      0.9575,
      2.4825,
      1.015,
      2.54,
      1.0725,
      2.595,
      1.1275,
      2.6525,
      1.185,
      2.7075,
      1.24,
      2.765,
      1.2975,
      2.82,
      1.3525,
      2.8775,
      1.41,
      2.935,
      1.4675
    ],
    "SpacingBetweenSlices": 3,
    "TaskName": "Prospection",
    "TotalReadoutTime": 0.0315,
    "dataset": "ds002835",
    "modality": "bold",
    "run_id": 2,
    "subject_id": "1054",
    "task_id": "prospection"
  },
  "dummy_trs": 0,
  "dvars_nstd": 25.819050481388885,
  "dvars_std": 1.1566616488888888,
  "dvars_vstd": 1.0165128133888888,
  "efc": 0.6221953243324376,
  "fber": 253.47715759277344,
  "fd_mean": 0.18198195253231908,
  "fd_num": 54,
  "fd_perc": 29.834254143646408,
  "fwhm_avg": 2.556827777777778,
  "fwhm_x": 2.351716666666667,
  "fwhm_y": 2.5430766666666664,
  "fwhm_z": 2.7756900000000004,
  "gcor": 0.0408775,
  "gsr_x": -0.0036721182987093925,
  "gsr_y": 0.113087497651577,
  "provenance": {
    "md5sum": "222634bb2dc36b4c5bbec1ef2a001ab9",
    "settings": {
      "fd_thres": 0.2,
      "testing": false
    },
    "software": "mriqc",
    "version": "22.0.6",
    "webapi_port": null,
    "webapi_url": "https://mriqc.nimh.nih.gov/api/v1"
  },
  "size_t": 181,
  "size_x": 64,
  "size_y": 64,
  "size_z": 53,
  "snr": 3.1375272933185716,
  "spacing_tr": 3.0,
  "spacing_x": 3.0,
  "spacing_y": 3.0,
  "spacing_z": 3.0,
  "summary_bg_k": 12.168320280129535,
  "summary_bg_mad": 16.30862440356162,
  "summary_bg_mean": 93.28304290771484,
  "summary_bg_median": 38.44198989868164,
  "summary_bg_n": 123795.0,
  "summary_bg_p05": 25.05525016784668,
  "summary_bg_p95": 374.4784729003899,
  "summary_bg_stdv": 126.12285614013672,
  "summary_fg_k": 2.315101740372066,
  "summary_fg_mad": 171.43303029249722,
  "summary_fg_mean": 664.1184692382812,
  "summary_fg_median": 629.5193481445312,
  "summary_fg_n": 47065.0,
  "summary_fg_p05": 400.26630859375,
  "summary_fg_p95": 1036.0166503906248,
  "summary_fg_stdv": 200.63973999023438,
  "tsnr": 59.20977117866278
}