{
  "aor": 0.0017498342541436465,
  "aqi": 0.0065223203314917115,
  "bids_meta": {
    "BandwidthPerPixelPhaseEncode": 31.25,
    "EchoTime": 0.025,
    "EffectiveEchoSpacing": 0.0005,
    "FlipAngle": 75,
    "ImageType": [
      "ORIGINAL",
      "PRIMARY",
      "M",
      "ND",
      "MOSAIC"
    ],
    "MagneticFieldStrength": 3,
    "Manufacturer": "Siemens",
    "ManufacturersModelName": "TrioTim",
    "Modality": "MR",
    "PhaseEncodingDirection": "j-",
    "PixelBandwidth": 3005,
    "RepetitionTime": 3,
    "ScanningSequence": "EP",
    "SequenceVariant": "SK",
    "SliceThickness": 3,
    "SliceTiming": [
      0,
      1.5225,
      0.055,
      1.58,
      0.1125,
      1.635,
      0.1675,
      1.6925,
      0.225,
      1.75,
      0.28,
      1.805,
      0.3375,
      1.8625,
      0.395,
      1.9175,
      0.45,
      1.975,
      0.5075,
      2.03,
      0.5625,
      2.0875,
      0.62,
      2.145,
      0.6775,
      2.2,
      0.7325,
      2.2575,
      0.79,
      2.3125,
      0.845,
      2.37,
      0.9025,
      2.425,
      0.9575,
      2.4825,
      1.015,
      2.54,
      1.0725,
      2.595,
      1.1275,
      2.6525,
      1.185,
      2.7075,
      1.24,
      2.765,
      1.2975,
      2.82,
      1.3525,
      2.8775,
      1.41,
      2.935,
      1.4675
    ],
    "SpacingBetweenSlices": 3,
    "TaskName": "Prospection",
    "TotalReadoutTime": 0.0315,
    "dataset": "ds002835",
    "modality": "bold",
    "run_id": 1,
    "subject_id": "3006",
    "task_id": "prospection"
  },
  "dummy_trs": 0,
  "dvars_nstd": 30.584671127111125,
  "dvars_std": 1.3217516207777773,
  "dvars_vstd": 0.941076825944445,
  "efc": 0.5353758201248151,
  "fber": 414.7121276855469,
  "fd_mean": 0.12911075734081645,
  "fd_num": 20,
  "fd_perc": 11.049723756906078,
  "fwhm_avg": 2.9627255555555556,
  "fwhm_x": 2.82795,
  "fwhm_y": 2.80106,
  "fwhm_z": 3.2591666666666668,
  "gcor": 0.019478,
  "gsr_x": -0.012061350978910923,
  "gsr_y": 0.03758823126554489,
  "provenance": {
    "md5sum": "72547274f62e51bdf2c87c8c7bf6f93f",
    "settings": {
      "fd_thres": 0.2,
      "testing": false
    },
    "software": "mriqc",
    "version": "22.0.6",
    "webapi_port": null,
    "webapi_url": "https://mriqc.nimh.nih.gov/api/v1"
  },
  "size_t": 181,
  "size_x": 64,
  "size_y": 64,
  "size_z": 53,
  "snr": 2.3567806198227634,
  "spacing_tr": 3.0,
  "spacing_x": 3.0,
  "spacing_y": 3.0,
  "spacing_z": 3.0,
  "summary_bg_k": 65.24507350267363,
  "summary_bg_mad": 8.535202362564911,
  "summary_bg_mean": 55.2027702331543,
  "summary_bg_median": 31.127073287963867,
  "summary_bg_n": 133367.0,
  "summary_bg_p05": 24.386741638183594,
  "summary_bg_p95": 171.0535949707031,
  "summary_bg_stdv": 68.81982421875,
  "summary_fg_k": 3.945159609632741,
  "summary_fg_mad": 208.1008308882403,
  "summary_fg_mean": 710.0889892578125,
  "summary_fg_median": 641.2431640625,
  "summary_fg_n": 40692.0,
  "summary_fg_p05": 415.77156524658204,
  "summary_fg_p95": 1249.6812499999992,
  "summary_fg_stdv": 272.0810241699219,
  "tsnr": 53.952899226685986
}