{
  "aor": 0.007539337016574584,
  "aqi": 0.009337700055248619,
  "bids_meta": {
    "BandwidthPerPixelPhaseEncode": 31.25,
    "EchoTime": 0.025,
    "EffectiveEchoSpacing": 0.0005,
    "FlipAngle": 75,
    "ImageType": [
      "ORIGINAL",
      "PRIMARY",
      "M",
      "ND",
      "MOSAIC"
    ],
    "MagneticFieldStrength": 3,
    "Manufacturer": "Siemens",
    "ManufacturersModelName": "TrioTim",
    "Modality": "MR",
    "PhaseEncodingDirection": "j-",
    "PixelBandwidth": 3005,
    "RepetitionTime": 3,
    "ScanningSequence": "EP",
    "SequenceVariant": "SK",
    "SliceThickness": 3,
    "SliceTiming": [
      0,
      1.5225,
      0.055,
      1.58,
      0.1125,
      1.635,
      0.1675,
      1.6925,
      0.225,
      1.75,
      0.28,
      1.805,
      0.3375,
      1.8625,
      0.395,
      1.9175,
      0.45,
      1.975,
      0.5075,
      2.03,
      0.5625,
      2.0875,
      0.62,
      2.145,
      0.6775,
      2.2,
      0.7325,
      2.2575,
      0.79,
      2.3125,
      0.845,
      2.37,
      0.9025,
      2.425,
      0.9575,
      2.4825,
      1.015,
      2.54,
      1.0725,
      2.595,
      1.1275,
      2.6525,
      1.185,
      2.7075,
      1.24,
      2.765,
      1.2975,
      2.82,
      1.3525,
      2.8775,
      1.41,
      2.935,
      1.4675
    ],
    "SpacingBetweenSlices": 3,
    "TaskName": "Prospection",
    "TotalReadoutTime": 0.0315,
    "dataset": "ds002835",
    "modality": "bold",
    "run_id": 2,
    "subject_id": "3006",
    "task_id": "prospection"
  },
  "dummy_trs": 0,
  "dvars_nstd": 35.11006836355554,
  "dvars_std": 1.3110229517777776,
  "dvars_vstd": 0.9676109321111115,
  "efc": 0.5358112389122451,
  "fber": 414.6920471191406,
  "fd_mean": 0.23963428840010398,
  "fd_num": 52,
  "fd_perc": 28.7292817679558,
  "fwhm_avg": 2.9173055555555556,
  "fwhm_x": 2.7585433333333333,
  "fwhm_y": 2.767663333333333,
  "fwhm_z": 3.22571,
  "gcor": 0.0164145,
  "gsr_x": -0.011331627145409584,
  "gsr_y": 0.03853340819478035,
  "provenance": {
    "md5sum": "415ccaae9de1b61f61fa4c37617adb89",
    "settings": {
      "fd_thres": 0.2,
      "testing": false
    },
    "software": "mriqc",
    "version": "22.0.6",
    "webapi_port": null,
    "webapi_url": "https://mriqc.nimh.nih.gov/api/v1"
  },
  "size_t": 181,
  "size_x": 64,
  "size_y": 64,
  "size_z": 53,
  "snr": 2.4409359894475817,
  "spacing_tr": 3.0,
  "spacing_x": 3.0,
  "spacing_y": 3.0,
  "spacing_z": 3.0,
  "summary_bg_k": 87.73476208925585,
  "summary_bg_mad": 9.550908515376078,
  "summary_bg_mean": 56.02657699584961,
  "summary_bg_median": 31.58011245727539,
  "summary_bg_n": 133892.0,
  "summary_bg_p05": 23.740331649780273,
  "summary_bg_p95": 174.68757476806638,
  "summary_bg_stdv": 70.63519287109375,
  "summary_fg_k": 3.626560842773311,
  "summary_fg_mad": 204.55815904049953,
  "summary_fg_mean": 711.540771484375,
  "summary_fg_median": 645.3204345703125,
  "summary_fg_n": 40514.0,
  "summary_fg_p05": 422.1638381958008,
  "summary_fg_p95": 1233.8873779296873,
  "summary_fg_stdv": 264.37091064453125,
  "tsnr": 41.04510164563544
}