{
  "aor": 0.0075992222222222225,
  "aqi": 0.00995317188888889,
  "bids_meta": {
    "BandwidthPerPixelPhaseEncode": 31.25,
    "EchoTime": 0.025,
    "EffectiveEchoSpacing": 0.0005,
    "FlipAngle": 75,
    "ImageType": [
      "ORIGINAL",
      "PRIMARY",
      "M",
      "ND",
      "MOSAIC"
    ],
    "MagneticFieldStrength": 3,
    "Manufacturer": "Siemens",
    "ManufacturersModelName": "TrioTim",
    "Modality": "MR",
    "PhaseEncodingDirection": "j-",
    "PixelBandwidth": 3005,
    "RepetitionTime": 3,
    "ScanningSequence": "EP",
    "SequenceVariant": "SK",
    "SliceThickness": 3,
    "SliceTiming": [
      0,
      1.5225,
      0.055,
      1.58,
      0.1125,
      1.635,
      0.1675,
      1.6925,
      0.225,
      1.75,
      0.28,
      1.805,
      0.3375,
      1.8625,
      0.395,
      1.9175,
      0.45,
      1.975,
      0.5075,
      2.03,
      0.5625,
      2.0875,
      0.62,
      2.145,
      0.6775,
      2.2,
      0.7325,
      2.2575,
      0.79,
      2.3125,
      0.845,
      2.37,
      0.9025,
      2.425,
      0.9575,
      2.4825,
      1.015,
      2.54,
      1.0725,
      2.595,
      1.1275,
      2.6525,
      1.185,
      2.7075,
      1.24,
      2.765,
      1.2975,
      2.82,
      1.3525,
      2.8775,
      1.41,
      2.935,
      1.4675
    ],
    "SpacingBetweenSlices": 3,
    "TaskName": "Prospection",
    "TotalReadoutTime": 0.0315,
    "dataset": "ds002835",
    "modality": "bold",
    "run_id": 4,
    "subject_id": "3006",
    "task_id": "prospection"
  },
  "dummy_trs": 1,
  "dvars_nstd": 33.26023399072627,
  "dvars_std": 1.0606331361452508,
  "dvars_vstd": 0.9213843398324018,
  "efc": 0.5371589860668349,
  "fber": 394.63763427734375,
  "fd_mean": 0.30455077566835276,
  "fd_num": 66,
  "fd_perc": 36.666666666666664,
  "fwhm_avg": 3.061411111111111,
  "fwhm_x": 2.91354,
  "fwhm_y": 2.85816,
  "fwhm_z": 3.4125333333333336,
  "gcor": 0.0308885,
  "gsr_x": -0.019681783393025398,
  "gsr_y": 0.03150134161114693,
  "provenance": {
    "md5sum": "87000bd5dc9f1e226d8335cdbce1c3df",
    "settings": {
      "fd_thres": 0.2,
      "testing": false
    },
    "software": "mriqc",
    "version": "22.0.6",
    "webapi_port": null,
    "webapi_url": "https://mriqc.nimh.nih.gov/api/v1"
  },
  "size_t": 180,
  "size_x": 64,
  "size_y": 64,
  "size_z": 53,
  "snr": 2.2646208821937264,
  "spacing_tr": 3.0,
  "spacing_x": 3.0,
  "spacing_y": 3.0,
  "spacing_z": 3.0,
  "summary_bg_k": 67.39997077860178,
  "summary_bg_mad": 10.205247910030254,
  "summary_bg_mean": 62.0816650390625,
  "summary_bg_median": 32.68888854980469,
  "summary_bg_n": 134189.0,
  "summary_bg_p05": 24.80555534362793,
  "summary_bg_p95": 195.7088989257812,
  "summary_bg_stdv": 86.48453521728516,
  "summary_fg_k": 4.42044875953041,
  "summary_fg_mad": 215.92457998551666,
  "summary_fg_mean": 730.539794921875,
  "summary_fg_median": 655.6361083984375,
  "summary_fg_n": 40404.0,
  "summary_fg_p05": 424.1358352661133,
  "summary_fg_p95": 1307.9594970703122,
  "summary_fg_stdv": 289.5089416503906,
  "tsnr": 38.539288577856496
}