{
  "aor": 0.007590277777777777,
  "aqi": 0.01224744111111111,
  "bids_meta": {
    "BandwidthPerPixelPhaseEncode": 31.25,
    "EchoTime": 0.025,
    "EffectiveEchoSpacing": 0.0005,
    "FlipAngle": 75,
    "ImageType": [
      "ORIGINAL",
      "PRIMARY",
      "M",
      "ND",
      "MOSAIC"
    ],
    "MagneticFieldStrength": 3,
    "Manufacturer": "Siemens",
    "ManufacturersModelName": "TrioTim",
    "Modality": "MR",
    "PhaseEncodingDirection": "j-",
    "PixelBandwidth": 3005,
    "RepetitionTime": 3,
    "ScanningSequence": "EP",
    "SequenceVariant": "SK",
    "SliceThickness": 3,
    "SliceTiming": [
      0,
      1.5225,
      0.055,
      1.58,
      0.1125,
      1.635,
      0.1675,
      1.6925,
      0.225,
      1.75,
      0.28,
      1.805,
      0.3375,
      1.8625,
      0.395,
      1.9175,
      0.45,
      1.975,
      0.5075,
      2.03,
      0.5625,
      2.0875,
      0.62,
      2.145,
      0.6775,
      2.2,
      0.7325,
      2.2575,
      0.79,
      2.3125,
      0.845,
      2.37,
      0.9025,
      2.425,
      0.9575,
      2.4825,
      1.015,
      2.54,
      1.0725,
      2.595,
      1.1275,
      2.6525,
      1.185,
      2.7075,
      1.24,
      2.765,
      1.2975,
      2.82,
      1.3525,
      2.8775,
      1.41,
      2.935,
      1.4675
    ],
    "SpacingBetweenSlices": 3,
    "TaskName": "Prospection",
    "TotalReadoutTime": 0.0315,
    "dataset": "ds002835",
    "modality": "bold",
    "run_id": 3,
    "subject_id": "3006",
    "task_id": "prospection"
  },
  "dummy_trs": 1,
  "dvars_nstd": 36.81211739033519,
  "dvars_std": 1.0292827817877106,
  "dvars_vstd": 0.9145044726256985,
  "efc": 0.5387186219644214,
  "fber": 411.47412109375,
  "fd_mean": 0.36865748480201616,
  "fd_num": 79,
  "fd_perc": 43.888888888888886,
  "fwhm_avg": 2.927855555555556,
  "fwhm_x": 2.741816666666667,
  "fwhm_y": 2.8037433333333333,
  "fwhm_z": 3.2380066666666667,
  "gcor": 0.0334434,
  "gsr_x": -0.01581660471856594,
  "gsr_y": 0.03354593738913536,
  "provenance": {
    "md5sum": "0fb599c3bf9935d22f40a5876d6ee031",
    "settings": {
      "fd_thres": 0.2,
      "testing": false
    },
    "software": "mriqc",
    "version": "22.0.6",
    "webapi_port": null,
    "webapi_url": "https://mriqc.nimh.nih.gov/api/v1"
  },
  "size_t": 180,
  "size_x": 64,
  "size_y": 64,
  "size_z": 53,
  "snr": 2.534187935308551,
  "spacing_tr": 3.0,
  "spacing_x": 3.0,
  "spacing_y": 3.0,
  "spacing_z": 3.0,
  "summary_bg_k": 83.96735099376983,
  "summary_bg_mad": 9.282738857506123,
  "summary_bg_mean": 58.002750396728516,
  "summary_bg_median": 31.611112594604492,
  "summary_bg_n": 134458.0,
  "summary_bg_p05": 24.33333396911621,
  "summary_bg_p95": 177.1405670166015,
  "summary_bg_stdv": 79.93341064453125,
  "summary_fg_k": 3.128361611917774,
  "summary_fg_mad": 198.0921347776017,
  "summary_fg_mean": 702.0938720703125,
  "summary_fg_median": 640.1777954101562,
  "summary_fg_n": 40427.0,
  "summary_fg_p05": 419.85333862304685,
  "summary_fg_p95": 1206.292785644531,
  "summary_fg_stdv": 252.61341857910156,
  "tsnr": 33.78192581003532
}