{
  "bids_meta": {
    "EchoTime": 0.00311,
    "FlipAngle": 15,
    "ImageType": [
      "ORIGINAL",
      "PRIMARY",
      "M",
      "ND",
      "NORM"
    ],
    "InversionTime": 1.1,
    "MagneticFieldStrength": 3,
    "Manufacturer": "Siemens",
    "ManufacturersModelName": "TrioTim",
    "Modality": "MR",
    "RepetitionTime": 1.63,
    "ScanningSequence": "GR_IR",
    "SequenceVariant": "SP_MP",
    "SliceThickness": 1,
    "dataset": "ds002835",
    "modality": "T1w",
    "subject_id": "2044"
  },
  "cjv": 0.39713156112100695,
  "cnr": 3.376355995179743,
  "efc": 0.5919449740574264,
  "fber": 99694.96693579394,
  "fwhm_avg": 3.76376,
  "fwhm_x": 3.4692586666666667,
  "fwhm_y": 4.255701333333334,
  "fwhm_z": 3.56632,
  "icvs_csf": 0.20084796058166102,
  "icvs_gm": 0.40580477532353304,
  "icvs_wm": 0.3933472640948059,
  "inu_med": 0.2790197283029556,
  "inu_range": 0.051246073842048656,
  "provenance": {
    "md5sum": "3fe22ef89dd213ecfbbbdfc888073c5a",
    "settings": {
      "testing": false
    },
    "software": "mriqc",
    "version": "22.0.6",
    "warnings": {
      "large_rot_frame": true,
      "small_air_mask": false
    },
    "webapi_port": null,
    "webapi_url": "https://mriqc.nimh.nih.gov/api/v1"
  },
  "qi_1": 0.0025125358646394765,
  "qi_2": 0.00893516331258912,
  "rpve_csf": 15.05284806760716,
  "rpve_gm": 7.447421620363185,
  "rpve_wm": 8.919817255497286,
  "size_x": 192,
  "size_y": 256,
  "size_z": 160,
  "snr_csf": 2.8967757941317682,
  "snr_gm": 17.147861780406934,
  "snr_total": 15.128254956616479,
  "snr_wm": 25.34012729531073,
  "snrd_csf": 34.824540064902585,
  "snrd_gm": 75.5348242174184,
  "snrd_total": 68.5221799749263,
  "snrd_wm": 95.2071756424579,
  "spacing_x": 0.9375,
  "spacing_y": 0.9375,
  "spacing_z": 1.0,
  "summary_bg_k": 17.79233906772465,
  "summary_bg_mad": 0.0,
  "summary_bg_mean": 3.6290215355287896,
  "summary_bg_median": 0.0,
  "summary_bg_n": 2373451.0,
  "summary_bg_p05": 0.0,
  "summary_bg_p95": 16.299918293952942,
  "summary_bg_stdv": 6.8814865871832,
  "summary_csf_k": 2.911220324254109,
  "summary_csf_mad": 101.42939254390201,
  "summary_csf_mean": 364.94356760444344,
  "summary_csf_median": 365.7934521138668,
  "summary_csf_n": 63477.0,
  "summary_csf_p05": 123.25998213887216,
  "summary_csf_p95": 556.8983513116837,
  "summary_csf_stdv": 126.27507159390962,
  "summary_gm_k": 0.05208096462108758,
  "summary_gm_mad": 46.157623495982634,
  "summary_gm_mean": 792.8839491000755,
  "summary_gm_median": 793.4101657569408,
  "summary_gm_n": 33469.0,
  "summary_gm_p05": 715.7294122874737,
  "summary_gm_p95": 867.4583660066128,
  "summary_gm_stdv": 46.26806087647605,
  "summary_wm_k": 1.0725595978945792,
  "summary_wm_mad": 35.90420975005381,
  "summary_wm_mean": 1004.067104691585,
  "summary_wm_median": 1000.0465585291386,
  "summary_wm_n": 251458.0,
  "summary_wm_p05": 947.2813944518566,
  "summary_wm_p95": 1075.5384658277035,
  "summary_wm_stdv": 39.46485976082749,
  "tpm_overlap_csf": 0.14879462912732083,
  "tpm_overlap_gm": 0.4343166216255183,
  "tpm_overlap_wm": 0.49275669477801615,
  "wm2max": 0.7724441663491045
}