{
  "bids_meta": {
    "EchoTime": 0.00311,
    "FlipAngle": 15,
    "ImageType": [
      "ORIGINAL",
      "PRIMARY",
      "M",
      "ND",
      "NORM"
    ],
    "InversionTime": 1.1,
    "MagneticFieldStrength": 3,
    "Manufacturer": "Siemens",
    "ManufacturersModelName": "TrioTim",
    "Modality": "MR",
    "RepetitionTime": 1.63,
    "ScanningSequence": "GR_IR",
    "SequenceVariant": "SP_MP",
    "SliceThickness": 1,
    "dataset": "ds002835",
    "modality": "T1w",
    "subject_id": "2026"
  },
  "cjv": 0.42097417523863356,
  "cnr": 3.2866856848761867,
  "efc": 0.5494568487509167,
  "fber": -1.0,
  "fwhm_avg": 3.547854888888889,
  "fwhm_x": 3.3949546666666666,
  "fwhm_y": 3.83728,
  "fwhm_z": 3.41133,
  "icvs_csf": 0.18611151781165938,
  "icvs_gm": 0.4110643749688959,
  "icvs_wm": 0.40282410721944467,
  "inu_med": 0.2401374727487564,
  "inu_range": 0.04623437821865084,
  "provenance": {
    "md5sum": "1244349f2d5a1e38758fa4f54f2be12c",
    "settings": {
      "testing": false
    },
    "software": "mriqc",
    "version": "22.0.6",
    "warnings": {
      "large_rot_frame": true,
      "small_air_mask": false
    },
    "webapi_port": null,
    "webapi_url": "https://mriqc.nimh.nih.gov/api/v1"
  },
  "qi_1": 0.007345836956485526,
  "qi_2": 0.007912714905177802,
  "rpve_csf": 18.414975413922736,
  "rpve_gm": 8.656886512220698,
  "rpve_wm": 10.300965643194441,
  "size_x": 192,
  "size_y": 256,
  "size_z": 160,
  "snr_csf": 1.5124700860267732,
  "snr_gm": 15.506091679186547,
  "snr_total": 14.464562827846251,
  "snr_wm": 26.37512671832543,
  "snrd_csf": 37.03541801795016,
  "snrd_gm": 84.99820300604597,
  "snrd_total": 76.52982234566835,
  "snrd_wm": 107.55584601300893,
  "spacing_x": 0.9375,
  "spacing_y": 0.9375,
  "spacing_z": 1.0,
  "summary_bg_k": 66.01368372124864,
  "summary_bg_mad": 0.0,
  "summary_bg_mean": 2.3194968773463693,
  "summary_bg_median": 0.0,
  "summary_bg_n": 2175408.0,
  "summary_bg_p05": 0.0,
  "summary_bg_p95": 11.204108655452728,
  "summary_bg_stdv": 6.091534252015859,
  "summary_csf_k": 20.923371845199252,
  "summary_csf_mad": 114.59775552640122,
  "summary_csf_mean": 368.44870777365145,
  "summary_csf_median": 344.3596133477986,
  "summary_csf_n": 27897.0,
  "summary_csf_p05": 84.09083692654968,
  "summary_csf_p95": 618.1600186154242,
  "summary_csf_stdv": 227.67619967559597,
  "summary_gm_k": -0.030668325557304144,
  "summary_gm_mad": 52.3056192178311,
  "summary_gm_mean": 790.0641166913717,
  "summary_gm_median": 790.3231525085866,
  "summary_gm_n": 26763.0,
  "summary_gm_p05": 706.9592488221824,
  "summary_gm_p95": 872.6833547946065,
  "summary_gm_stdv": 50.96760702193688,
  "summary_wm_k": 0.5534862499419186,
  "summary_wm_mad": 35.99101208939607,
  "summary_wm_mean": 1002.8254808270864,
  "summary_wm_median": 1000.0667341835797,
  "summary_wm_n": 223866.0,
  "summary_wm_p05": 945.7551509318873,
  "summary_wm_p95": 1069.4588476121426,
  "summary_wm_stdv": 37.91695529023697,
  "tpm_overlap_csf": 0.16013635259681872,
  "tpm_overlap_gm": 0.46541831742108775,
  "tpm_overlap_wm": 0.5252917924214753,
  "wm2max": 0.5990173167954941
}