{
  "aor": 0.00044508287292817676,
  "aqi": 0.002740832209944751,
  "bids_meta": {
    "BandwidthPerPixelPhaseEncode": 31.25,
    "EchoTime": 0.025,
    "EffectiveEchoSpacing": 0.0005,
    "FlipAngle": 75,
    "ImageType": [
      "ORIGINAL",
      "PRIMARY",
      "M",
      "ND",
      "MOSAIC"
    ],
    "MagneticFieldStrength": 3,
    "Manufacturer": "Siemens",
    "ManufacturersModelName": "TrioTim",
    "Modality": "MR",
    "PhaseEncodingDirection": "j-",
    "PixelBandwidth": 3005,
    "RepetitionTime": 3,
    "ScanningSequence": "EP",
    "SequenceVariant": "SK",
    "SliceThickness": 3,
    "SliceTiming": [
      0,
      1.5225,
      0.055,
      1.58,
      0.1125,
      1.635,
      0.1675,
      1.6925,
      0.225,
      1.75,
      0.28,
      1.805,
      0.3375,
      1.8625,
      0.395,
      1.9175,
      0.45,
      1.975,
      0.5075,
      2.03,
      0.5625,
      2.0875,
      0.62,
      2.145,
      0.6775,
      2.2,
      0.7325,
      2.2575,
      0.79,
      2.3125,
      0.845,
      2.37,
      0.9025,
      2.425,
      0.9575,
      2.4825,
      1.015,
      2.54,
      1.0725,
      2.595,
      1.1275,
      2.6525,
      1.185,
      2.7075,
      1.24,
      2.765,
      1.2975,
      2.82,
      1.3525,
      2.8775,
      1.41,
      2.935,
      1.4675
    ],
    "SpacingBetweenSlices": 3,
    "TaskName": "Prospection",
    "TotalReadoutTime": 0.0315,
    "dataset": "ds002835",
    "modality": "bold",
    "run_id": 2,
    "subject_id": "2026",
    "task_id": "prospection"
  },
  "dummy_trs": 0,
  "dvars_nstd": 18.118692079888884,
  "dvars_std": 1.092516679722222,
  "dvars_vstd": 0.9663315639444445,
  "efc": 0.5503678548370957,
  "fber": 375.7973937988281,
  "fd_mean": 0.05078178656281626,
  "fd_num": 1,
  "fd_perc": 0.5524861878453039,
  "fwhm_avg": 2.17977,
  "fwhm_x": 2.07878,
  "fwhm_y": 2.1162199999999998,
  "fwhm_z": 2.34431,
  "gcor": 0.027982,
  "gsr_x": 0.009821595624089241,
  "gsr_y": 0.04273343086242676,
  "provenance": {
    "md5sum": "c17cc0c6e100dfcc1549cf6513f3b159",
    "settings": {
      "fd_thres": 0.2,
      "testing": false
    },
    "software": "mriqc",
    "version": "22.0.6",
    "webapi_port": null,
    "webapi_url": "https://mriqc.nimh.nih.gov/api/v1"
  },
  "size_t": 181,
  "size_x": 64,
  "size_y": 64,
  "size_z": 53,
  "snr": 4.065094146554214,
  "spacing_tr": 3.0,
  "spacing_x": 3.0,
  "spacing_y": 3.0,
  "spacing_z": 3.0,
  "summary_bg_k": 27.35939511536506,
  "summary_bg_mad": 9.559100765870102,
  "summary_bg_mean": 54.22560119628906,
  "summary_bg_median": 31.436466217041016,
  "summary_bg_n": 139642.0,
  "summary_bg_p05": 24.469614028930664,
  "summary_bg_p95": 162.69558410644512,
  "summary_bg_stdv": 62.299686431884766,
  "summary_fg_k": 0.9002455878017543,
  "summary_fg_mad": 143.58302086985347,
  "summary_fg_mean": 637.0535278320312,
  "summary_fg_median": 614.1878662109375,
  "summary_fg_n": 36939.0,
  "summary_fg_p05": 432.5795867919922,
  "summary_fg_p95": 913.9453491210936,
  "summary_fg_stdv": 151.086181640625,
  "tsnr": 79.7950881686993
}