{
  "aor": 0.0020280662983425415,
  "aqi": 0.0030745527624309404,
  "bids_meta": {
    "BandwidthPerPixelPhaseEncode": 31.25,
    "EchoTime": 0.025,
    "EffectiveEchoSpacing": 0.0005,
    "FlipAngle": 75,
    "ImageType": [
      "ORIGINAL",
      "PRIMARY",
      "M",
      "ND",
      "MOSAIC"
    ],
    "MagneticFieldStrength": 3,
    "Manufacturer": "Siemens",
    "ManufacturersModelName": "TrioTim",
    "Modality": "MR",
    "PhaseEncodingDirection": "j-",
    "PixelBandwidth": 3005,
    "RepetitionTime": 3,
    "ScanningSequence": "EP",
    "SequenceVariant": "SK",
    "SliceThickness": 3,
    "SliceTiming": [
      0,
      1.5225,
      0.055,
      1.58,
      0.1125,
      1.635,
      0.1675,
      1.6925,
      0.225,
      1.75,
      0.28,
      1.805,
      0.3375,
      1.8625,
      0.395,
      1.9175,
      0.45,
      1.975,
      0.5075,
      2.03,
      0.5625,
      2.0875,
      0.62,
      2.145,
      0.6775,
      2.2,
      0.7325,
      2.2575,
      0.79,
      2.3125,
      0.845,
      2.37,
      0.9025,
      2.425,
      0.9575,
      2.4825,
      1.015,
      2.54,
      1.0725,
      2.595,
      1.1275,
      2.6525,
      1.185,
      2.7075,
      1.24,
      2.765,
      1.2975,
      2.82,
      1.3525,
      2.8775,
      1.41,
      2.935,
      1.4675
    ],
    "SpacingBetweenSlices": 3,
    "TaskName": "Prospection",
    "TotalReadoutTime": 0.0315,
    "dataset": "ds002835",
    "modality": "bold",
    "run_id": 4,
    "subject_id": "2026",
    "task_id": "prospection"
  },
  "dummy_trs": 0,
  "dvars_nstd": 18.36070974138889,
  "dvars_std": 1.1134425446111107,
  "dvars_vstd": 0.9891028952777775,
  "efc": 0.5518295417625221,
  "fber": 365.6087646484375,
  "fd_mean": 0.08179146857072445,
  "fd_num": 9,
  "fd_perc": 4.972375690607735,
  "fwhm_avg": 2.164773333333333,
  "fwhm_x": 2.0561366666666667,
  "fwhm_y": 2.10601,
  "fwhm_z": 2.3321733333333334,
  "gcor": 0.019193,
  "gsr_x": 0.011175887659192085,
  "gsr_y": 0.04212925583124161,
  "provenance": {
    "md5sum": "74f71087e974124a0387c688324063eb",
    "settings": {
      "fd_thres": 0.2,
      "testing": false
    },
    "software": "mriqc",
    "version": "22.0.6",
    "webapi_port": null,
    "webapi_url": "https://mriqc.nimh.nih.gov/api/v1"
  },
  "size_t": 181,
  "size_x": 64,
  "size_y": 64,
  "size_z": 53,
  "snr": 4.023584832162056,
  "spacing_tr": 3.0,
  "spacing_x": 3.0,
  "spacing_y": 3.0,
  "spacing_z": 3.0,
  "summary_bg_k": 27.083808383212386,
  "summary_bg_mad": 10.68128920806769,
  "summary_bg_mean": 55.50550079345703,
  "summary_bg_median": 32.099449157714844,
  "summary_bg_n": 139521.0,
  "summary_bg_p05": 23.784530639648438,
  "summary_bg_p95": 167.89503479003906,
  "summary_bg_stdv": 64.26175689697266,
  "summary_fg_k": 0.9999875340306459,
  "summary_fg_mad": 144.7051980006938,
  "summary_fg_mean": 641.555419921875,
  "summary_fg_median": 617.9171752929688,
  "summary_fg_n": 37015.0,
  "summary_fg_p05": 436.07294311523435,
  "summary_fg_p95": 924.2055603027338,
  "summary_fg_stdv": 153.57171630859375,
  "tsnr": 75.60139273107052
}