{
  "aor": 0.005122486187845303,
  "aqi": 0.0057466824309392265,
  "bids_meta": {
    "BandwidthPerPixelPhaseEncode": 31.25,
    "EchoTime": 0.025,
    "EffectiveEchoSpacing": 0.0005,
    "FlipAngle": 75,
    "ImageType": [
      "ORIGINAL",
      "PRIMARY",
      "M",
      "ND",
      "MOSAIC"
    ],
    "MagneticFieldStrength": 3,
    "Manufacturer": "Siemens",
    "ManufacturersModelName": "TrioTim",
    "Modality": "MR",
    "PhaseEncodingDirection": "j-",
    "PixelBandwidth": 3005,
    "RepetitionTime": 3,
    "ScanningSequence": "EP",
    "SequenceVariant": "SK",
    "SliceThickness": 3,
    "SliceTiming": [
      0,
      1.5225,
      0.055,
      1.58,
      0.1125,
      1.635,
      0.1675,
      1.6925,
      0.225,
      1.75,
      0.28,
      1.805,
      0.3375,
      1.8625,
      0.395,
      1.9175,
      0.45,
      1.975,
      0.5075,
      2.03,
      0.5625,
      2.0875,
      0.62,
      2.145,
      0.6775,
      2.2,
      0.7325,
      2.2575,
      0.79,
      2.3125,
      0.845,
      2.37,
      0.9025,
      2.425,
      0.9575,
      2.4825,
      1.015,
      2.54,
      1.0725,
      2.595,
      1.1275,
      2.6525,
      1.185,
      2.7075,
      1.24,
      2.765,
      1.2975,
      2.82,
      1.3525,
      2.8775,
      1.41,
      2.935,
      1.4675
    ],
    "SpacingBetweenSlices": 3,
    "TaskName": "Prospection",
    "TotalReadoutTime": 0.0315,
    "dataset": "ds002835",
    "modality": "bold",
    "run_id": 3,
    "subject_id": "1067",
    "task_id": "prospection"
  },
  "dummy_trs": 0,
  "dvars_nstd": 26.24325079961111,
  "dvars_std": 1.262205687888889,
  "dvars_vstd": 1.0094084326666668,
  "efc": 0.549370625989496,
  "fber": 469.02886962890625,
  "fd_mean": 0.20222244058270714,
  "fd_num": 62,
  "fd_perc": 34.25414364640884,
  "fwhm_avg": 2.534415555555556,
  "fwhm_x": 2.4605166666666665,
  "fwhm_y": 2.4536533333333335,
  "fwhm_z": 2.689076666666667,
  "gcor": 0.044365,
  "gsr_x": -0.010755980387330055,
  "gsr_y": 0.0464283786714077,
  "provenance": {
    "md5sum": "9d9eae30fe9624132095180841702a0a",
    "settings": {
      "fd_thres": 0.2,
      "testing": false
    },
    "software": "mriqc",
    "version": "22.0.6",
    "webapi_port": null,
    "webapi_url": "https://mriqc.nimh.nih.gov/api/v1"
  },
  "size_t": 181,
  "size_x": 64,
  "size_y": 64,
  "size_z": 53,
  "snr": 3.2257334782814815,
  "spacing_tr": 3.0,
  "spacing_x": 3.0,
  "spacing_y": 3.0,
  "spacing_z": 3.0,
  "summary_bg_k": 14.005456873197563,
  "summary_bg_mad": 12.049214058853531,
  "summary_bg_mean": 70.39923858642578,
  "summary_bg_median": 33.51933670043945,
  "summary_bg_n": 137167.0,
  "summary_bg_p05": 23.861879348754883,
  "summary_bg_p95": 264.4198913574219,
  "summary_bg_stdv": 89.61453247070312,
  "summary_fg_k": 1.1852896306696605,
  "summary_fg_mad": 210.71791699428283,
  "summary_fg_mean": 772.2454833984375,
  "summary_fg_median": 733.4751586914062,
  "summary_fg_n": 38057.0,
  "summary_fg_p05": 472.6188049316406,
  "summary_fg_p95": 1197.097314453125,
  "summary_fg_stdv": 227.37945556640625,
  "tsnr": 56.793273388175294
}