{
  "bids_meta": {
    "EchoTime": 0.00311,
    "FlipAngle": 15,
    "ImageType": [
      "ORIGINAL",
      "PRIMARY",
      "M",
      "ND",
      "NORM"
    ],
    "InversionTime": 1.1,
    "MagneticFieldStrength": 3,
    "Manufacturer": "Siemens",
    "ManufacturersModelName": "TrioTim",
    "Modality": "MR",
    "RepetitionTime": 1.63,
    "ScanningSequence": "GR_IR",
    "SequenceVariant": "SP_MP",
    "SliceThickness": 1,
    "dataset": "ds002835",
    "modality": "T1w",
    "subject_id": "1064"
  },
  "cjv": 0.4177085859773108,
  "cnr": 3.2262615438265954,
  "efc": 0.5906596595423109,
  "fber": 67225.26304601978,
  "fwhm_avg": 3.751554222222222,
  "fwhm_x": 3.5827839999999997,
  "fwhm_y": 4.2132586666666665,
  "fwhm_z": 3.45862,
  "icvs_csf": 0.16813191944855158,
  "icvs_gm": 0.41767798464763595,
  "icvs_wm": 0.41419009590381245,
  "inu_med": 0.35983437299728394,
  "inu_range": 0.10960822105407714,
  "provenance": {
    "md5sum": "bd0e52e35978caf50ec880fb654dd28f",
    "settings": {
      "testing": false
    },
    "software": "mriqc",
    "version": "22.0.6",
    "warnings": {
      "large_rot_frame": true,
      "small_air_mask": false
    },
    "webapi_port": null,
    "webapi_url": "https://mriqc.nimh.nih.gov/api/v1"
  },
  "qi_1": 0.00017577933891382223,
  "qi_2": 0.010456032523183171,
  "rpve_csf": 16.700944842333058,
  "rpve_gm": 7.161970291377698,
  "rpve_wm": 8.43036810349892,
  "size_x": 192,
  "size_y": 256,
  "size_z": 160,
  "snr_csf": 2.358638413338368,
  "snr_gm": 16.161278881865368,
  "snr_total": 14.012374187091874,
  "snr_wm": 23.517205266071887,
  "snrd_csf": 32.84038496746126,
  "snrd_gm": 74.16578957564606,
  "snrd_total": 66.97031767033714,
  "snrd_wm": 93.90477846790408,
  "spacing_x": 0.9375,
  "spacing_y": 0.9375,
  "spacing_z": 1.0,
  "summary_bg_k": 40.46859674856303,
  "summary_bg_mad": 0.0,
  "summary_bg_mean": 3.738239162922463,
  "summary_bg_median": 0.0,
  "summary_bg_n": 2095159.0,
  "summary_bg_p05": 0.0,
  "summary_bg_p95": 15.708598112687469,
  "summary_bg_stdv": 6.977037632630289,
  "summary_csf_k": 9.33902856492104,
  "summary_csf_mad": 106.87852195764886,
  "summary_csf_mean": 357.6954203962323,
  "summary_csf_median": 349.7418274851516,
  "summary_csf_n": 28350.0,
  "summary_csf_p05": 122.08846877720207,
  "summary_csf_p95": 583.3053518196567,
  "summary_csf_stdv": 148.27862429729063,
  "summary_gm_k": 0.07022901701735718,
  "summary_gm_mad": 48.977342100980835,
  "summary_gm_mean": 790.2055381533596,
  "summary_gm_median": 789.8469767868519,
  "summary_gm_n": 34683.0,
  "summary_gm_p05": 711.3350923582911,
  "summary_gm_p95": 870.9717765450478,
  "summary_gm_stdv": 48.87209705490672,
  "summary_wm_k": 0.9708280224603745,
  "summary_wm_mad": 38.83137669399799,
  "summary_wm_mean": 1004.9543206600772,
  "summary_wm_median": 1000.0622362829745,
  "summary_wm_n": 267530.0,
  "summary_wm_p05": 944.195618044585,
  "summary_wm_p95": 1082.2757507618517,
  "summary_wm_stdv": 42.524626370396795,
  "tpm_overlap_csf": 0.1581017939471009,
  "tpm_overlap_gm": 0.4461119494173154,
  "tpm_overlap_wm": 0.4964457246487708,
  "wm2max": 0.603087658744302
}