{
  "bids_meta": {
    "EchoTime": 0.00311,
    "FlipAngle": 15,
    "ImageType": [
      "ORIGINAL",
      "PRIMARY",
      "M",
      "ND",
      "NORM"
    ],
    "InversionTime": 1.1,
    "MagneticFieldStrength": 3,
    "Manufacturer": "Siemens",
    "ManufacturersModelName": "TrioTim",
    "Modality": "MR",
    "RepetitionTime": 1.63,
    "ScanningSequence": "GR_IR",
    "SequenceVariant": "SP_MP",
    "SliceThickness": 1,
    "dataset": "ds002835",
    "modality": "T1w",
    "subject_id": "2031"
  },
  "cjv": 0.42708212653799205,
  "cnr": 3.192348310598373,
  "efc": 0.5992099489587864,
  "fber": 75130.26722870307,
  "fwhm_avg": 3.928132444444445,
  "fwhm_x": 3.726432,
  "fwhm_y": 4.407605333333334,
  "fwhm_z": 3.65036,
  "icvs_csf": 0.16849837946152932,
  "icvs_gm": 0.4042131933122795,
  "icvs_wm": 0.42728842722619115,
  "inu_med": 0.28178155422210693,
  "inu_range": 0.07775555029511444,
  "provenance": {
    "md5sum": "db166b6f1ad1f45227ef556239dc3f3d",
    "settings": {
      "testing": false
    },
    "software": "mriqc",
    "version": "22.0.6",
    "warnings": {
      "large_rot_frame": true,
      "small_air_mask": false
    },
    "webapi_port": null,
    "webapi_url": "https://mriqc.nimh.nih.gov/api/v1"
  },
  "qi_1": 0.00011808242664928538,
  "qi_2": 0.009369432299429081,
  "rpve_csf": 15.724333081850563,
  "rpve_gm": 6.841457419384826,
  "rpve_wm": 7.71860736567516,
  "size_x": 192,
  "size_y": 256,
  "size_z": 160,
  "snr_csf": 2.4021108583844826,
  "snr_gm": 15.765946861775324,
  "snr_total": 14.156748438412073,
  "snr_wm": 24.302187595076415,
  "snrd_csf": 38.696960605875745,
  "snrd_gm": 83.66309560328173,
  "snrd_total": 76.00768769381345,
  "snrd_wm": 105.66300687228286,
  "spacing_x": 0.9375,
  "spacing_y": 0.9375,
  "spacing_z": 1.0,
  "summary_bg_k": 25.031290299827123,
  "summary_bg_mad": 0.0,
  "summary_bg_mean": 3.6602991145505492,
  "summary_bg_median": 0.0,
  "summary_bg_n": 2127690.0,
  "summary_bg_p05": 0.0,
  "summary_bg_p95": 15.93491367995739,
  "summary_bg_stdv": 6.200591637303639,
  "summary_csf_k": 4.196807916331712,
  "summary_csf_mad": 126.13245091187021,
  "summary_csf_mean": 362.53374773770145,
  "summary_csf_median": 366.250524809584,
  "summary_csf_n": 32298.0,
  "summary_csf_p05": 98.91569612408057,
  "summary_csf_p95": 585.7567661935462,
  "summary_csf_stdv": 152.4679236278744,
  "summary_gm_k": -0.010957299614479332,
  "summary_gm_mad": 50.53616747169738,
  "summary_gm_mean": 791.5501355860622,
  "summary_gm_median": 791.836159536615,
  "summary_gm_n": 35413.0,
  "summary_gm_p05": 708.9633866306394,
  "summary_gm_p95": 873.7943581715226,
  "summary_gm_stdv": 50.22375036393055,
  "summary_wm_k": 0.8123374011048683,
  "summary_wm_mad": 38.39084985710015,
  "summary_wm_mean": 1005.9398761795129,
  "summary_wm_median": 1000.0561055447906,
  "summary_wm_n": 309980.0,
  "summary_wm_p05": 949.2214865516871,
  "summary_wm_p95": 1081.7225381545722,
  "summary_wm_stdv": 41.150801282116255,
  "tpm_overlap_csf": 0.16294155301421803,
  "tpm_overlap_gm": 0.45595037512808934,
  "tpm_overlap_wm": 0.5098552871370036,
  "wm2max": 0.6779573982502852
}