{
  "aor": 0.006644751381215469,
  "aqi": 0.003837888895027624,
  "bids_meta": {
    "BandwidthPerPixelPhaseEncode": 31.25,
    "EchoTime": 0.025,
    "EffectiveEchoSpacing": 0.0005,
    "FlipAngle": 75,
    "ImageType": [
      "ORIGINAL",
      "PRIMARY",
      "M",
      "ND",
      "MOSAIC"
    ],
    "MagneticFieldStrength": 3,
    "Manufacturer": "Siemens",
    "ManufacturersModelName": "TrioTim",
    "Modality": "MR",
    "PhaseEncodingDirection": "j-",
    "PixelBandwidth": 3005,
    "RepetitionTime": 3,
    "ScanningSequence": "EP",
    "SequenceVariant": "SK",
    "SliceThickness": 3,
    "SliceTiming": [
      0,
      1.5225,
      0.055,
      1.58,
      0.1125,
      1.635,
      0.1675,
      1.6925,
      0.225,
      1.75,
      0.28,
      1.805,
      0.3375,
      1.8625,
      0.395,
      1.9175,
      0.45,
      1.975,
      0.5075,
      2.03,
      0.5625,
      2.0875,
      0.62,
      2.145,
      0.6775,
      2.2,
      0.7325,
      2.2575,
      0.79,
      2.3125,
      0.845,
      2.37,
      0.9025,
      2.425,
      0.9575,
      2.4825,
      1.015,
      2.54,
      1.0725,
      2.595,
      1.1275,
      2.6525,
      1.185,
      2.7075,
      1.24,
      2.765,
      1.2975,
      2.82,
      1.3525,
      2.8775,
      1.41,
      2.935,
      1.4675
    ],
    "SpacingBetweenSlices": 3,
    "TaskName": "Prospection",
    "TotalReadoutTime": 0.0315,
    "dataset": "ds002835",
    "modality": "bold",
    "run_id": 3,
    "subject_id": "1064",
    "task_id": "prospection"
  },
  "dummy_trs": 0,
  "dvars_nstd": 23.715610111999997,
  "dvars_std": 1.0980371991666666,
  "dvars_vstd": 1.038745691611111,
  "efc": 0.5736387311244612,
  "fber": 199.69647216796875,
  "fd_mean": 0.09251353301104835,
  "fd_num": 7,
  "fd_perc": 3.867403314917127,
  "fwhm_avg": 3.060432222222222,
  "fwhm_x": 2.9829600000000003,
  "fwhm_y": 2.8348366666666664,
  "fwhm_z": 3.3635,
  "gcor": 0.0566397,
  "gsr_x": -0.018845945596694946,
  "gsr_y": 0.060563765466213226,
  "provenance": {
    "md5sum": "840534e69d76326d3a1c71a2f29a7b1f",
    "settings": {
      "fd_thres": 0.2,
      "testing": false
    },
    "software": "mriqc",
    "version": "22.0.6",
    "webapi_port": null,
    "webapi_url": "https://mriqc.nimh.nih.gov/api/v1"
  },
  "size_t": 181,
  "size_x": 64,
  "size_y": 64,
  "size_z": 53,
  "snr": 2.1823221684757974,
  "spacing_tr": 3.0,
  "spacing_x": 3.0,
  "spacing_y": 3.0,
  "spacing_z": 3.0,
  "summary_bg_k": 33.56978848111746,
  "summary_bg_mad": 9.116772968139793,
  "summary_bg_mean": 73.36225128173828,
  "summary_bg_median": 45.39226531982422,
  "summary_bg_n": 129151.0,
  "summary_bg_p05": 37.60773468017578,
  "summary_bg_p95": 216.04696655273438,
  "summary_bg_stdv": 79.64954376220703,
  "summary_fg_k": 5.944497580487566,
  "summary_fg_mad": 215.64080065463082,
  "summary_fg_mean": 722.5382080078125,
  "summary_fg_median": 647.70166015625,
  "summary_fg_n": 45095.0,
  "summary_fg_p05": 407.8442016601563,
  "summary_fg_p95": 1296.4304565429682,
  "summary_fg_stdv": 296.7914123535156,
  "tsnr": 55.12424411159009
}