{
  "aor": 0.002158563535911602,
  "aqi": 0.0025637893370165743,
  "bids_meta": {
    "BandwidthPerPixelPhaseEncode": 31.25,
    "EchoTime": 0.025,
    "EffectiveEchoSpacing": 0.0005,
    "FlipAngle": 75,
    "ImageType": [
      "ORIGINAL",
      "PRIMARY",
      "M",
      "ND",
      "MOSAIC"
    ],
    "MagneticFieldStrength": 3,
    "Manufacturer": "Siemens",
    "ManufacturersModelName": "TrioTim",
    "Modality": "MR",
    "PhaseEncodingDirection": "j-",
    "PixelBandwidth": 3005,
    "RepetitionTime": 3,
    "ScanningSequence": "EP",
    "SequenceVariant": "SK",
    "SliceThickness": 3,
    "SliceTiming": [
      0,
      1.5225,
      0.055,
      1.58,
      0.1125,
      1.635,
      0.1675,
      1.6925,
      0.225,
      1.75,
      0.28,
      1.805,
      0.3375,
      1.8625,
      0.395,
      1.9175,
      0.45,
      1.975,
      0.5075,
      2.03,
      0.5625,
      2.0875,
      0.62,
      2.145,
      0.6775,
      2.2,
      0.7325,
      2.2575,
      0.79,
      2.3125,
      0.845,
      2.37,
      0.9025,
      2.425,
      0.9575,
      2.4825,
      1.015,
      2.54,
      1.0725,
      2.595,
      1.1275,
      2.6525,
      1.185,
      2.7075,
      1.24,
      2.765,
      1.2975,
      2.82,
      1.3525,
      2.8775,
      1.41,
      2.935,
      1.4675
    ],
    "SpacingBetweenSlices": 3,
    "TaskName": "Prospection",
    "TotalReadoutTime": 0.0315,
    "dataset": "ds002835",
    "modality": "bold",
    "run_id": 2,
    "subject_id": "1064",
    "task_id": "prospection"
  },
  "dummy_trs": 0,
  "dvars_nstd": 21.157258818166667,
  "dvars_std": 1.1463495727222215,
  "dvars_vstd": 1.0078939594444445,
  "efc": 0.5499334168186512,
  "fber": 397.68255615234375,
  "fd_mean": 0.11072055986300554,
  "fd_num": 11,
  "fd_perc": 6.077348066298343,
  "fwhm_avg": 3.0541855555555557,
  "fwhm_x": 2.98476,
  "fwhm_y": 2.8515433333333333,
  "fwhm_z": 3.3262533333333333,
  "gcor": 0.0739425,
  "gsr_x": -0.019069047644734383,
  "gsr_y": 0.06362900882959366,
  "provenance": {
    "md5sum": "89c4cf2d4f3eea238f8a531abb1abb4b",
    "settings": {
      "fd_thres": 0.2,
      "testing": false
    },
    "software": "mriqc",
    "version": "22.0.6",
    "webapi_port": null,
    "webapi_url": "https://mriqc.nimh.nih.gov/api/v1"
  },
  "size_t": 181,
  "size_x": 64,
  "size_y": 64,
  "size_z": 53,
  "snr": 2.1491908442415695,
  "spacing_tr": 3.0,
  "spacing_x": 3.0,
  "spacing_y": 3.0,
  "spacing_z": 3.0,
  "summary_bg_k": 33.181241576980696,
  "summary_bg_mad": 7.953628929150716,
  "summary_bg_mean": 60.8786735534668,
  "summary_bg_median": 31.552488327026367,
  "summary_bg_n": 129100.0,
  "summary_bg_p05": 25.56353759765625,
  "summary_bg_p95": 205.75166473388666,
  "summary_bg_stdv": 81.21481323242188,
  "summary_fg_k": 5.886121447214647,
  "summary_fg_mad": 215.93571036105843,
  "summary_fg_mean": 714.2205810546875,
  "summary_fg_median": 639.6243286132812,
  "summary_fg_n": 45149.0,
  "summary_fg_p05": 397.12708740234376,
  "summary_fg_p95": 1287.3967285156248,
  "summary_fg_stdv": 297.6083984375,
  "tsnr": 70.03510162699968
}