{
  "aor": 0.0005904972375690608,
  "aqi": 0.005570410994475138,
  "bids_meta": {
    "BandwidthPerPixelPhaseEncode": 31.25,
    "EchoTime": 0.025,
    "EffectiveEchoSpacing": 0.0005,
    "FlipAngle": 75,
    "ImageType": [
      "ORIGINAL",
      "PRIMARY",
      "M",
      "ND",
      "MOSAIC"
    ],
    "MagneticFieldStrength": 3,
    "Manufacturer": "Siemens",
    "ManufacturersModelName": "TrioTim",
    "Modality": "MR",
    "PhaseEncodingDirection": "j-",
    "PixelBandwidth": 3005,
    "RepetitionTime": 3,
    "ScanningSequence": "EP",
    "SequenceVariant": "SK",
    "SliceThickness": 3,
    "SliceTiming": [
      0,
      1.5225,
      0.055,
      1.58,
      0.1125,
      1.635,
      0.1675,
      1.6925,
      0.225,
      1.75,
      0.28,
      1.805,
      0.3375,
      1.8625,
      0.395,
      1.9175,
      0.45,
      1.975,
      0.5075,
      2.03,
      0.5625,
      2.0875,
      0.62,
      2.145,
      0.6775,
      2.2,
      0.7325,
      2.2575,
      0.79,
      2.3125,
      0.845,
      2.37,
      0.9025,
      2.425,
      0.9575,
      2.4825,
      1.015,
      2.54,
      1.0725,
      2.595,
      1.1275,
      2.6525,
      1.185,
      2.7075,
      1.24,
      2.765,
      1.2975,
      2.82,
      1.3525,
      2.8775,
      1.41,
      2.935,
      1.4675
    ],
    "SpacingBetweenSlices": 3,
    "TaskName": "Prospection",
    "TotalReadoutTime": 0.0315,
    "dataset": "ds002835",
    "modality": "bold",
    "run_id": 4,
    "subject_id": "0914",
    "task_id": "prospection"
  },
  "dummy_trs": 0,
  "dvars_nstd": 25.302601856444436,
  "dvars_std": 1.1863808213333333,
  "dvars_vstd": 0.9872932579444444,
  "efc": 0.5616221789456539,
  "fber": 267.9371032714844,
  "fd_mean": 0.12402960100482353,
  "fd_num": 24,
  "fd_perc": 13.259668508287293,
  "fwhm_avg": 2.5282,
  "fwhm_x": 2.4348933333333336,
  "fwhm_y": 2.38997,
  "fwhm_z": 2.759736666666667,
  "gcor": 0.0799527,
  "gsr_x": -0.022639388218522072,
  "gsr_y": 0.057665012776851654,
  "provenance": {
    "md5sum": "bde93200fd123f899366e81f59a1e421",
    "settings": {
      "fd_thres": 0.2,
      "testing": false
    },
    "software": "mriqc",
    "version": "22.0.6",
    "webapi_port": null,
    "webapi_url": "https://mriqc.nimh.nih.gov/api/v1"
  },
  "size_t": 181,
  "size_x": 64,
  "size_y": 64,
  "size_z": 53,
  "snr": 3.0391718067773317,
  "spacing_tr": 3.0,
  "spacing_x": 3.0,
  "spacing_y": 3.0,
  "spacing_z": 3.0,
  "summary_bg_k": 28.586704577124262,
  "summary_bg_mad": 17.25880103593854,
  "summary_bg_mean": 74.48796081542969,
  "summary_bg_median": 37.90055465698242,
  "summary_bg_n": 142621.0,
  "summary_bg_p05": 25.701658248901367,
  "summary_bg_p95": 249.9779052734375,
  "summary_bg_stdv": 93.85884094238281,
  "summary_fg_k": 3.2830143842029393,
  "summary_fg_mad": 158.4869104382728,
  "summary_fg_mean": 667.0360717773438,
  "summary_fg_median": 621.9751586914062,
  "summary_fg_n": 34766.0,
  "summary_fg_p05": 423.70166015625,
  "summary_fg_p95": 1071.1547546386719,
  "summary_fg_stdv": 204.64990234375,
  "tsnr": 69.92180892359465
}