{
  "aor": 0.001670386740331492,
  "aqi": 0.0064608561878453045,
  "bids_meta": {
    "BandwidthPerPixelPhaseEncode": 31.25,
    "EchoTime": 0.025,
    "EffectiveEchoSpacing": 0.0005,
    "FlipAngle": 75,
    "ImageType": [
      "ORIGINAL",
      "PRIMARY",
      "M",
      "ND",
      "MOSAIC"
    ],
    "MagneticFieldStrength": 3,
    "Manufacturer": "Siemens",
    "ManufacturersModelName": "TrioTim",
    "Modality": "MR",
    "PhaseEncodingDirection": "j-",
    "PixelBandwidth": 3005,
    "RepetitionTime": 3,
    "ScanningSequence": "EP",
    "SequenceVariant": "SK",
    "SliceThickness": 3,
    "SliceTiming": [
      0,
      1.5225,
      0.055,
      1.58,
      0.1125,
      1.635,
      0.1675,
      1.6925,
      0.225,
      1.75,
      0.28,
      1.805,
      0.3375,
      1.8625,
      0.395,
      1.9175,
      0.45,
      1.975,
      0.5075,
      2.03,
      0.5625,
      2.0875,
      0.62,
      2.145,
      0.6775,
      2.2,
      0.7325,
      2.2575,
      0.79,
      2.3125,
      0.845,
      2.37,
      0.9025,
      2.425,
      0.9575,
      2.4825,
      1.015,
      2.54,
      1.0725,
      2.595,
      1.1275,
      2.6525,
      1.185,
      2.7075,
      1.24,
      2.765,
      1.2975,
      2.82,
      1.3525,
      2.8775,
      1.41,
      2.935,
      1.4675
    ],
    "SpacingBetweenSlices": 3,
    "TaskName": "Prospection",
    "TotalReadoutTime": 0.0315,
    "dataset": "ds002835",
    "modality": "bold",
    "run_id": 3,
    "subject_id": "0914",
    "task_id": "prospection"
  },
  "dummy_trs": 0,
  "dvars_nstd": 26.299710305777772,
  "dvars_std": 1.2082708476666666,
  "dvars_vstd": 0.9998851832777778,
  "efc": 0.5609767476689385,
  "fber": 268.00543212890625,
  "fd_mean": 0.1354497483321714,
  "fd_num": 28,
  "fd_perc": 15.469613259668508,
  "fwhm_avg": 2.5765855555555555,
  "fwhm_x": 2.4538333333333333,
  "fwhm_y": 2.4814433333333334,
  "fwhm_z": 2.79448,
  "gcor": 0.0697764,
  "gsr_x": -0.023019500076770782,
  "gsr_y": 0.056933872401714325,
  "provenance": {
    "md5sum": "aa665f237b740df6ec2d49883828bc17",
    "settings": {
      "fd_thres": 0.2,
      "testing": false
    },
    "software": "mriqc",
    "version": "22.0.6",
    "webapi_port": null,
    "webapi_url": "https://mriqc.nimh.nih.gov/api/v1"
  },
  "size_t": 181,
  "size_x": 64,
  "size_y": 64,
  "size_z": 53,
  "snr": 3.0676520395358353,
  "spacing_tr": 3.0,
  "spacing_x": 3.0,
  "spacing_y": 3.0,
  "spacing_z": 3.0,
  "summary_bg_k": 29.683840042744805,
  "summary_bg_mad": 17.275182709087275,
  "summary_bg_mean": 73.87062072753906,
  "summary_bg_median": 37.88397979736328,
  "summary_bg_n": 142657.0,
  "summary_bg_p05": 25.674034118652344,
  "summary_bg_p95": 247.80774536132802,
  "summary_bg_stdv": 93.25601196289062,
  "summary_fg_k": 2.987734492889139,
  "summary_fg_mad": 158.54011906281386,
  "summary_fg_mean": 665.9314575195312,
  "summary_fg_median": 621.4171142578125,
  "summary_fg_n": 34716.0,
  "summary_fg_p05": 423.0469741821289,
  "summary_fg_p95": 1067.6864929199219,
  "summary_fg_stdv": 202.56800842285156,
  "tsnr": 64.59597647446208
}