{
  "bids_meta": {
    "EchoTime": 0.00311,
    "FlipAngle": 15,
    "ImageType": [
      "ORIGINAL",
      "PRIMARY",
      "M",
      "ND",
      "NORM"
    ],
    "InversionTime": 1.1,
    "MagneticFieldStrength": 3,
    "Manufacturer": "Siemens",
    "ManufacturersModelName": "TrioTim",
    "Modality": "MR",
    "RepetitionTime": 1.63,
    "ScanningSequence": "GR_IR",
    "SequenceVariant": "SP_MP",
    "SliceThickness": 1,
    "dataset": "ds002835",
    "modality": "T1w",
    "subject_id": "2124"
  },
  "cjv": 0.4617714882607625,
  "cnr": 2.8756290722378552,
  "efc": 0.6320129979545966,
  "fber": 34466.95389660494,
  "fwhm_avg": 3.691916222222222,
  "fwhm_x": 3.4947413333333333,
  "fwhm_y": 4.099957333333333,
  "fwhm_z": 3.48105,
  "icvs_csf": 0.1869279549235706,
  "icvs_gm": 0.3865939890855739,
  "icvs_wm": 0.4264780559908555,
  "inu_med": 0.43671879172325134,
  "inu_range": 0.1407129466533661,
  "provenance": {
    "md5sum": "a3114e42b6dd0325f38be0ecbc31bd84",
    "settings": {
      "testing": false
    },
    "software": "mriqc",
    "version": "22.0.6",
    "warnings": {
      "large_rot_frame": true,
      "small_air_mask": false
    },
    "webapi_port": null,
    "webapi_url": "https://mriqc.nimh.nih.gov/api/v1"
  },
  "qi_1": 0.0015129699205831402,
  "qi_2": 0.0022371058409131643,
  "rpve_csf": 15.420780458235441,
  "rpve_gm": 7.191041814009886,
  "rpve_wm": 7.684864863790532,
  "size_x": 192,
  "size_y": 256,
  "size_z": 160,
  "snr_csf": 2.028374884885845,
  "snr_gm": 14.395569953310558,
  "snr_total": 11.619098156435243,
  "snr_wm": 18.433349631109326,
  "snrd_csf": 15.057273720065316,
  "snrd_gm": 31.269087216599065,
  "snrd_total": 28.88641630904927,
  "snrd_wm": 40.33288799048343,
  "spacing_x": 0.9375,
  "spacing_y": 0.9375,
  "spacing_z": 1.0,
  "summary_bg_k": 58.18766956658618,
  "summary_bg_mad": 0.0,
  "summary_bg_mean": 8.008154254790346,
  "summary_bg_median": 0.0,
  "summary_bg_n": 2256585.0,
  "summary_bg_p05": 0.0,
  "summary_bg_p95": 34.75919907912612,
  "summary_bg_stdv": 16.244202718428475,
  "summary_csf_k": 22.81271545767653,
  "summary_csf_mad": 101.42720153455346,
  "summary_csf_mean": 379.1462965937204,
  "summary_csf_median": 373.34730095230043,
  "summary_csf_n": 54227.0,
  "summary_csf_p05": 129.29405006859452,
  "summary_csf_p95": 584.3763213856145,
  "summary_csf_stdv": 184.06058035421842,
  "summary_gm_k": 0.036003655989057304,
  "summary_gm_mad": 53.70718891925853,
  "summary_gm_mean": 776.7177250087266,
  "summary_gm_median": 775.3215842787176,
  "summary_gm_n": 30289.0,
  "summary_gm_p05": 690.272225568071,
  "summary_gm_p95": 867.1133900396526,
  "summary_gm_stdv": 53.857456700616815,
  "summary_wm_k": 0.5845470747769057,
  "summary_wm_mad": 50.07053368277694,
  "summary_wm_mean": 1008.3831549806148,
  "summary_wm_median": 1000.0598482042551,
  "summary_wm_n": 267535.0,
  "summary_wm_p05": 934.2207800690085,
  "summary_wm_p95": 1111.33714646101,
  "summary_wm_stdv": 54.25264529722512,
  "tpm_overlap_csf": 0.16418891378702782,
  "tpm_overlap_gm": 0.441117279319549,
  "tpm_overlap_wm": 0.4877900257610027,
  "wm2max": 0.5727713573477532
}