{
  "bids_meta": {
    "EchoTime": 0.00311,
    "FlipAngle": 15,
    "ImageType": [
      "ORIGINAL",
      "PRIMARY",
      "M",
      "ND",
      "NORM"
    ],
    "InversionTime": 1.1,
    "MagneticFieldStrength": 3,
    "Manufacturer": "Siemens",
    "ManufacturersModelName": "TrioTim",
    "Modality": "MR",
    "RepetitionTime": 1.63,
    "ScanningSequence": "GR_IR",
    "SequenceVariant": "SP_MP",
    "SliceThickness": 1,
    "dataset": "ds002835",
    "modality": "T1w",
    "subject_id": "0914"
  },
  "cjv": 0.3747820098531279,
  "cnr": 3.604689386617046,
  "efc": 0.5735883841748715,
  "fber": -1.0,
  "fwhm_avg": 3.7866215555555556,
  "fwhm_x": 3.540074666666667,
  "fwhm_y": 4.34528,
  "fwhm_z": 3.47451,
  "icvs_csf": 0.18353251829713926,
  "icvs_gm": 0.4255315692650405,
  "icvs_wm": 0.3909359124378203,
  "inu_med": 0.2921132296323776,
  "inu_range": 0.056942544877529144,
  "provenance": {
    "md5sum": "cb58e2e2ef67d448dec8ac157108187e",
    "settings": {
      "testing": false
    },
    "software": "mriqc",
    "version": "22.0.6",
    "warnings": {
      "large_rot_frame": true,
      "small_air_mask": false
    },
    "webapi_port": null,
    "webapi_url": "https://mriqc.nimh.nih.gov/api/v1"
  },
  "qi_1": 0.0019582058831937336,
  "qi_2": 0.0035399155084437435,
  "rpve_csf": 20.003288621753367,
  "rpve_gm": 8.925657733427709,
  "rpve_wm": 11.071686577232787,
  "size_x": 192,
  "size_y": 256,
  "size_z": 160,
  "snr_csf": 2.354437670994976,
  "snr_gm": 14.585278345030144,
  "snr_total": 14.378138394399414,
  "snr_wm": 26.194699167173127,
  "snrd_csf": 21.030759454726752,
  "snrd_gm": 49.44483073270363,
  "snrd_total": 45.07577881198532,
  "snrd_wm": 64.7517462485256,
  "spacing_x": 0.9375,
  "spacing_y": 0.9375,
  "spacing_z": 1.0,
  "summary_bg_k": 1368.1248793261975,
  "summary_bg_mad": 0.0,
  "summary_bg_mean": 4.368132829043847,
  "summary_bg_median": 0.0,
  "summary_bg_n": 2225079.0,
  "summary_bg_p05": 0.0,
  "summary_bg_p95": 19.229562789201736,
  "summary_bg_stdv": 10.117981245209638,
  "summary_csf_k": -0.14079818761940865,
  "summary_csf_mad": 115.57395472043346,
  "summary_csf_mean": 301.1907165655904,
  "summary_csf_median": 324.8008044362068,
  "summary_csf_n": 29067.0,
  "summary_csf_p05": 47.33672145009041,
  "summary_csf_p95": 505.7092687189579,
  "summary_csf_stdv": 137.95022959565816,
  "summary_gm_k": 0.0582501388070229,
  "summary_gm_mad": 52.60126470374658,
  "summary_gm_mean": 764.1869131692354,
  "summary_gm_median": 763.6300929486752,
  "summary_gm_n": 40487.0,
  "summary_gm_p05": 679.3588083207608,
  "summary_gm_p95": 849.6674858719109,
  "summary_gm_stdv": 52.35557692263977,
  "summary_wm_k": 0.9109333677909661,
  "summary_wm_mad": 35.99768247630403,
  "summary_wm_mean": 1002.6426334918134,
  "summary_wm_median": 1000.0313738286495,
  "summary_wm_n": 208323.0,
  "summary_wm_p05": 945.1032099723816,
  "summary_wm_p95": 1068.1033987104893,
  "summary_wm_stdv": 38.1767687901011,
  "tpm_overlap_csf": 0.15637127595577358,
  "tpm_overlap_gm": 0.47360775842876957,
  "tpm_overlap_wm": 0.530427473420597,
  "wm2max": 0.5791670580663347
}