{
  "aor": 0.0013446111111111109,
  "aqi": 0.0020375523888888887,
  "bids_meta": {
    "BandwidthPerPixelPhaseEncode": 31.25,
    "EchoTime": 0.025,
    "EffectiveEchoSpacing": 0.0005,
    "FlipAngle": 75,
    "ImageType": [
      "ORIGINAL",
      "PRIMARY",
      "M",
      "ND",
      "MOSAIC"
    ],
    "MagneticFieldStrength": 3,
    "Manufacturer": "Siemens",
    "ManufacturersModelName": "TrioTim",
    "Modality": "MR",
    "PhaseEncodingDirection": "j-",
    "PixelBandwidth": 3005,
    "RepetitionTime": 3,
    "ScanningSequence": "EP",
    "SequenceVariant": "SK",
    "SliceThickness": 3,
    "SliceTiming": [
      0,
      1.5225,
      0.055,
      1.58,
      0.1125,
      1.635,
      0.1675,
      1.6925,
      0.225,
      1.75,
      0.28,
      1.805,
      0.3375,
      1.8625,
      0.395,
      1.9175,
      0.45,
      1.975,
      0.5075,
      2.03,
      0.5625,
      2.0875,
      0.62,
      2.145,
      0.6775,
      2.2,
      0.7325,
      2.2575,
      0.79,
      2.3125,
      0.845,
      2.37,
      0.9025,
      2.425,
      0.9575,
      2.4825,
      1.015,
      2.54,
      1.0725,
      2.595,
      1.1275,
      2.6525,
      1.185,
      2.7075,
      1.24,
      2.765,
      1.2975,
      2.82,
      1.3525,
      2.8775,
      1.41,
      2.935,
      1.4675
    ],
    "SpacingBetweenSlices": 3,
    "TaskName": "Prospection",
    "TotalReadoutTime": 0.0315,
    "dataset": "ds002835",
    "modality": "bold",
    "run_id": 3,
    "subject_id": "3557",
    "task_id": "prospection"
  },
  "dummy_trs": 1,
  "dvars_nstd": 22.470713636871494,
  "dvars_std": 1.2246917411173184,
  "dvars_vstd": 0.9991172784916205,
  "efc": 0.5774424943872501,
  "fber": 292.1905212402344,
  "fd_mean": 0.051392238852096754,
  "fd_num": 0,
  "fd_perc": 0.0,
  "fwhm_avg": 2.8592366666666664,
  "fwhm_x": 2.75962,
  "fwhm_y": 2.633716666666667,
  "fwhm_z": 3.1843733333333333,
  "gcor": 0.0853949,
  "gsr_x": -0.009603156708180904,
  "gsr_y": 0.09355070441961288,
  "provenance": {
    "md5sum": "4869d51ddd4a195b12cd326367758f7a",
    "settings": {
      "fd_thres": 0.2,
      "testing": false
    },
    "software": "mriqc",
    "version": "22.0.6",
    "webapi_port": null,
    "webapi_url": "https://mriqc.nimh.nih.gov/api/v1"
  },
  "size_t": 180,
  "size_x": 64,
  "size_y": 64,
  "size_z": 53,
  "snr": 1.9838626516689861,
  "spacing_tr": 3.0,
  "spacing_x": 3.0,
  "spacing_y": 3.0,
  "spacing_z": 3.0,
  "summary_bg_k": 18.12089338042618,
  "summary_bg_mad": 17.758279466214315,
  "summary_bg_mean": 97.09381866455078,
  "summary_bg_median": 41.60555648803711,
  "summary_bg_n": 123739.0,
  "summary_bg_p05": 28.844444274902344,
  "summary_bg_p95": 375.21500854492155,
  "summary_bg_stdv": 135.23654174804688,
  "summary_fg_k": 6.545381503243172,
  "summary_fg_mad": 257.96866868593287,
  "summary_fg_mean": 824.7979736328125,
  "summary_fg_median": 730.888916015625,
  "summary_fg_n": 47760.0,
  "summary_fg_p05": 439.0711242675781,
  "summary_fg_p95": 1547.3606506347646,
  "summary_fg_stdv": 368.4132385253906,
  "tsnr": 85.3236516546458
}