{
  "aor": 0.0015255,
  "aqi": 0.0022246892777777775,
  "bids_meta": {
    "BandwidthPerPixelPhaseEncode": 31.25,
    "EchoTime": 0.025,
    "EffectiveEchoSpacing": 0.0005,
    "FlipAngle": 75,
    "ImageType": [
      "ORIGINAL",
      "PRIMARY",
      "M",
      "ND",
      "MOSAIC"
    ],
    "MagneticFieldStrength": 3,
    "Manufacturer": "Siemens",
    "ManufacturersModelName": "TrioTim",
    "Modality": "MR",
    "PhaseEncodingDirection": "j-",
    "PixelBandwidth": 3005,
    "RepetitionTime": 3,
    "ScanningSequence": "EP",
    "SequenceVariant": "SK",
    "SliceThickness": 3,
    "SliceTiming": [
      0,
      1.5225,
      0.055,
      1.58,
      0.1125,
      1.635,
      0.1675,
      1.6925,
      0.225,
      1.75,
      0.28,
      1.805,
      0.3375,
      1.8625,
      0.395,
      1.9175,
      0.45,
      1.975,
      0.5075,
      2.03,
      0.5625,
      2.0875,
      0.62,
      2.145,
      0.6775,
      2.2,
      0.7325,
      2.2575,
      0.79,
      2.3125,
      0.845,
      2.37,
      0.9025,
      2.425,
      0.9575,
      2.4825,
      1.015,
      2.54,
      1.0725,
      2.595,
      1.1275,
      2.6525,
      1.185,
      2.7075,
      1.24,
      2.765,
      1.2975,
      2.82,
      1.3525,
      2.8775,
      1.41,
      2.935,
      1.4675
    ],
    "SpacingBetweenSlices": 3,
    "TaskName": "Prospection",
    "TotalReadoutTime": 0.0315,
    "dataset": "ds002835",
    "modality": "bold",
    "run_id": 2,
    "subject_id": "3557",
    "task_id": "prospection"
  },
  "dummy_trs": 1,
  "dvars_nstd": 23.49075232675977,
  "dvars_std": 1.2431721034636867,
  "dvars_vstd": 0.9990287351396648,
  "efc": 0.5765720405915582,
  "fber": 296.12957763671875,
  "fd_mean": 0.05528795099502906,
  "fd_num": 3,
  "fd_perc": 1.6666666666666667,
  "fwhm_avg": 2.8756877777777774,
  "fwhm_x": 2.7771033333333333,
  "fwhm_y": 2.6469866666666664,
  "fwhm_z": 3.202973333333333,
  "gcor": 0.0710281,
  "gsr_x": -0.007755708415061235,
  "gsr_y": 0.09089037775993347,
  "provenance": {
    "md5sum": "3a363fc1cdc8090c098854d1314b183f",
    "settings": {
      "fd_thres": 0.2,
      "testing": false
    },
    "software": "mriqc",
    "version": "22.0.6",
    "webapi_port": null,
    "webapi_url": "https://mriqc.nimh.nih.gov/api/v1"
  },
  "size_t": 180,
  "size_x": 64,
  "size_y": 64,
  "size_z": 53,
  "snr": 1.9965335274616638,
  "spacing_tr": 3.0,
  "spacing_x": 3.0,
  "spacing_y": 3.0,
  "spacing_z": 3.0,
  "summary_bg_k": 18.092109249093284,
  "summary_bg_mad": 17.461760719216784,
  "summary_bg_mean": 95.77154541015625,
  "summary_bg_median": 41.27222442626953,
  "summary_bg_n": 123830.0,
  "summary_bg_p05": 28.72222328186035,
  "summary_bg_p95": 368.5278015136719,
  "summary_bg_stdv": 132.986572265625,
  "summary_fg_k": 6.435623195505126,
  "summary_fg_mad": 257.02561820862843,
  "summary_fg_mean": 822.3834228515625,
  "summary_fg_median": 729.3500366210938,
  "summary_fg_n": 47667.0,
  "summary_fg_p05": 438.9311279296875,
  "summary_fg_p95": 1539.717248535156,
  "summary_fg_stdv": 365.3043518066406,
  "tsnr": 84.5416442155838
}