{
  "aor": 0.0013956906077348067,
  "aqi": 0.0019242017127071823,
  "bids_meta": {
    "BandwidthPerPixelPhaseEncode": 31.25,
    "EchoTime": 0.025,
    "EffectiveEchoSpacing": 0.0005,
    "FlipAngle": 75,
    "ImageType": [
      "ORIGINAL",
      "PRIMARY",
      "M",
      "ND",
      "MOSAIC"
    ],
    "MagneticFieldStrength": 3,
    "Manufacturer": "Siemens",
    "ManufacturersModelName": "TrioTim",
    "Modality": "MR",
    "PhaseEncodingDirection": "j-",
    "PixelBandwidth": 3005,
    "RepetitionTime": 3,
    "ScanningSequence": "EP",
    "SequenceVariant": "SK",
    "SliceThickness": 3,
    "SliceTiming": [
      0,
      1.5225,
      0.055,
      1.58,
      0.1125,
      1.635,
      0.1675,
      1.6925,
      0.225,
      1.75,
      0.28,
      1.805,
      0.3375,
      1.8625,
      0.395,
      1.9175,
      0.45,
      1.975,
      0.5075,
      2.03,
      0.5625,
      2.0875,
      0.62,
      2.145,
      0.6775,
      2.2,
      0.7325,
      2.2575,
      0.79,
      2.3125,
      0.845,
      2.37,
      0.9025,
      2.425,
      0.9575,
      2.4825,
      1.015,
      2.54,
      1.0725,
      2.595,
      1.1275,
      2.6525,
      1.185,
      2.7075,
      1.24,
      2.765,
      1.2975,
      2.82,
      1.3525,
      2.8775,
      1.41,
      2.935,
      1.4675
    ],
    "SpacingBetweenSlices": 3,
    "TaskName": "Prospection",
    "TotalReadoutTime": 0.0315,
    "dataset": "ds002835",
    "modality": "bold",
    "run_id": 4,
    "subject_id": "3557",
    "task_id": "prospection"
  },
  "dummy_trs": 0,
  "dvars_nstd": 20.7669769125,
  "dvars_std": 1.196398194166667,
  "dvars_vstd": 1.0027360047222214,
  "efc": 0.5781855334990874,
  "fber": 286.2936096191406,
  "fd_mean": 0.051227883549810393,
  "fd_num": 1,
  "fd_perc": 0.5524861878453039,
  "fwhm_avg": 2.8429744444444442,
  "fwhm_x": 2.7507300000000003,
  "fwhm_y": 2.6218266666666667,
  "fwhm_z": 3.1563666666666665,
  "gcor": 0.0782156,
  "gsr_x": -0.010024853982031345,
  "gsr_y": 0.09487459808588028,
  "provenance": {
    "md5sum": "5a00126bfce628ddec2f589794288813",
    "settings": {
      "fd_thres": 0.2,
      "testing": false
    },
    "software": "mriqc",
    "version": "22.0.6",
    "webapi_port": null,
    "webapi_url": "https://mriqc.nimh.nih.gov/api/v1"
  },
  "size_t": 181,
  "size_x": 64,
  "size_y": 64,
  "size_z": 53,
  "snr": 1.969289469713727,
  "spacing_tr": 3.0,
  "spacing_x": 3.0,
  "spacing_y": 3.0,
  "spacing_z": 3.0,
  "summary_bg_k": 17.591802308497524,
  "summary_bg_mad": 17.996007433863987,
  "summary_bg_mean": 98.28445434570312,
  "summary_bg_median": 41.98895263671875,
  "summary_bg_n": 123643.0,
  "summary_bg_p05": 29.05525016784668,
  "summary_bg_p95": 378.92708740234366,
  "summary_bg_stdv": 136.7879638671875,
  "summary_fg_k": 6.55934956609706,
  "summary_fg_mad": 259.4390093931709,
  "summary_fg_mean": 827.0303344726562,
  "summary_fg_median": 731.7127075195312,
  "summary_fg_n": 47739.0,
  "summary_fg_p05": 439.12928466796876,
  "summary_fg_p95": 1557.0503295898432,
  "summary_fg_stdv": 371.5578918457031,
  "tsnr": 86.34058295655996
}