{
  "bids_meta": {
    "EchoTime": 0.00311,
    "FlipAngle": 15,
    "ImageType": [
      "ORIGINAL",
      "PRIMARY",
      "M",
      "ND",
      "NORM"
    ],
    "InversionTime": 1.1,
    "MagneticFieldStrength": 3,
    "Manufacturer": "Siemens",
    "ManufacturersModelName": "TrioTim",
    "Modality": "MR",
    "RepetitionTime": 1.63,
    "ScanningSequence": "GR_IR",
    "SequenceVariant": "SP_MP",
    "SliceThickness": 1,
    "dataset": "ds002835",
    "modality": "T1w",
    "subject_id": "1060"
  },
  "cjv": 0.36562273918111565,
  "cnr": 3.694612067508023,
  "efc": 0.5709631479492264,
  "fber": 49773.61,
  "fwhm_avg": 3.553473777777778,
  "fwhm_x": 3.339968,
  "fwhm_y": 4.0158933333333335,
  "fwhm_z": 3.30456,
  "icvs_csf": 0.17268154947732944,
  "icvs_gm": 0.46772594401370426,
  "icvs_wm": 0.3595925065089663,
  "inu_med": 0.3349217474460602,
  "inu_range": 0.06182117462158199,
  "provenance": {
    "md5sum": "3bfc8561d4211c0839aeb37587cb2a42",
    "settings": {
      "testing": false
    },
    "software": "mriqc",
    "version": "22.0.6",
    "warnings": {
      "large_rot_frame": true,
      "small_air_mask": false
    },
    "webapi_port": null,
    "webapi_url": "https://mriqc.nimh.nih.gov/api/v1"
  },
  "qi_1": 0.00018291855403866465,
  "qi_2": 0.009951379121391806,
  "rpve_csf": 18.540967458725614,
  "rpve_gm": 7.455781294512305,
  "rpve_wm": 10.517386616531372,
  "size_x": 192,
  "size_y": 256,
  "size_z": 160,
  "snr_csf": 2.3195388067739393,
  "snr_gm": 17.04341580809212,
  "snr_total": 15.060711188855118,
  "snr_wm": 25.819178951699296,
  "snrd_csf": 29.06031185863373,
  "snrd_gm": 65.79137892603312,
  "snrd_total": 59.837180215992454,
  "snrd_wm": 84.65984986331054,
  "spacing_x": 0.9375,
  "spacing_y": 0.9375,
  "spacing_z": 1.0,
  "summary_bg_k": 56.718161396199676,
  "summary_bg_mad": 0.0,
  "summary_bg_mean": 4.366279485440627,
  "summary_bg_median": 0.0,
  "summary_bg_n": 2326001.0,
  "summary_bg_p05": 0.0,
  "summary_bg_p95": 18.715041829273105,
  "summary_bg_stdv": 7.738922585615274,
  "summary_csf_k": 11.64081844820095,
  "summary_csf_mad": 107.80524216137414,
  "summary_csf_mean": 338.48056368566165,
  "summary_csf_median": 343.2804279960692,
  "summary_csf_n": 28222.0,
  "summary_csf_p05": 94.75585920037702,
  "summary_csf_p95": 553.6795238568446,
  "summary_csf_stdv": 147.99249969517533,
  "summary_gm_k": 0.03822725218676526,
  "summary_gm_mad": 46.08057752261647,
  "summary_gm_mean": 776.1718126084103,
  "summary_gm_median": 777.1731021348387,
  "summary_gm_n": 49392.0,
  "summary_gm_p05": 700.3945674444549,
  "summary_gm_p95": 848.7951741693539,
  "summary_gm_stdv": 45.59914769710864,
  "summary_wm_k": 0.9677737317299115,
  "summary_wm_mad": 35.41211696776947,
  "summary_wm_mean": 1002.2496671618227,
  "summary_wm_median": 1000.0604823697358,
  "summary_wm_n": 187620.0,
  "summary_wm_p05": 942.4943440128118,
  "summary_wm_p95": 1068.3598030358553,
  "summary_wm_stdv": 38.73313783969458,
  "tpm_overlap_csf": 0.1478211239592914,
  "tpm_overlap_gm": 0.4805328040650839,
  "tpm_overlap_wm": 0.5024998117774059,
  "wm2max": 0.6163722420989863
}