{
  "aor": 0.008812430939226519,
  "aqi": 0.0050073398342541445,
  "bids_meta": {
    "BandwidthPerPixelPhaseEncode": 31.25,
    "EchoTime": 0.025,
    "EffectiveEchoSpacing": 0.0005,
    "FlipAngle": 75,
    "ImageType": [
      "ORIGINAL",
      "PRIMARY",
      "M",
      "ND",
      "MOSAIC"
    ],
    "MagneticFieldStrength": 3,
    "Manufacturer": "Siemens",
    "ManufacturersModelName": "TrioTim",
    "Modality": "MR",
    "PhaseEncodingDirection": "j-",
    "PixelBandwidth": 3005,
    "RepetitionTime": 3,
    "ScanningSequence": "EP",
    "SequenceVariant": "SK",
    "SliceThickness": 3,
    "SliceTiming": [
      0,
      1.5225,
      0.055,
      1.58,
      0.1125,
      1.635,
      0.1675,
      1.6925,
      0.225,
      1.75,
      0.28,
      1.805,
      0.3375,
      1.8625,
      0.395,
      1.9175,
      0.45,
      1.975,
      0.5075,
      2.03,
      0.5625,
      2.0875,
      0.62,
      2.145,
      0.6775,
      2.2,
      0.7325,
      2.2575,
      0.79,
      2.3125,
      0.845,
      2.37,
      0.9025,
      2.425,
      0.9575,
      2.4825,
      1.015,
      2.54,
      1.0725,
      2.595,
      1.1275,
      2.6525,
      1.185,
      2.7075,
      1.24,
      2.765,
      1.2975,
      2.82,
      1.3525,
      2.8775,
      1.41,
      2.935,
      1.4675
    ],
    "SpacingBetweenSlices": 3,
    "TaskName": "Prospection",
    "TotalReadoutTime": 0.0315,
    "dataset": "ds002835",
    "modality": "bold",
    "run_id": 4,
    "subject_id": "2123",
    "task_id": "prospection"
  },
  "dummy_trs": 0,
  "dvars_nstd": 30.180397637499993,
  "dvars_std": 1.3148256218888894,
  "dvars_vstd": 1.0720679672222215,
  "efc": 0.6254722440814965,
  "fber": 211.2985076904297,
  "fd_mean": 0.1836251112314555,
  "fd_num": 53,
  "fd_perc": 29.281767955801104,
  "fwhm_avg": 2.7411855555555555,
  "fwhm_x": 2.519486666666667,
  "fwhm_y": 2.6252366666666664,
  "fwhm_z": 3.0788333333333333,
  "gcor": 0.0326276,
  "gsr_x": 0.027454204857349396,
  "gsr_y": 0.07481768727302551,
  "provenance": {
    "md5sum": "f6d45cc031c7fe79e56a27f2630c5acc",
    "settings": {
      "fd_thres": 0.2,
      "testing": false
    },
    "software": "mriqc",
    "version": "22.0.6",
    "webapi_port": null,
    "webapi_url": "https://mriqc.nimh.nih.gov/api/v1"
  },
  "size_t": 181,
  "size_x": 64,
  "size_y": 64,
  "size_z": 53,
  "snr": 2.439234723283629,
  "spacing_tr": 3.0,
  "spacing_x": 3.0,
  "spacing_y": 3.0,
  "spacing_z": 3.0,
  "summary_bg_k": 22.63997331296166,
  "summary_bg_mad": 21.927770176400845,
  "summary_bg_mean": 88.1417007446289,
  "summary_bg_median": 43.45856475830078,
  "summary_bg_n": 112670.0,
  "summary_bg_p05": 27.635360717773438,
  "summary_bg_p95": 312.8806747436518,
  "summary_bg_stdv": 111.3268814086914,
  "summary_fg_k": 2.983463935334128,
  "summary_fg_mad": 222.58692416498235,
  "summary_fg_mean": 711.62744140625,
  "summary_fg_median": 649.0718383789062,
  "summary_fg_n": 57121.0,
  "summary_fg_p05": 398.9281921386719,
  "summary_fg_p95": 1223.34814453125,
  "summary_fg_stdv": 266.09417724609375,
  "tsnr": 60.23730574850924
}