{
  "aor": 0.005680497237569061,
  "aqi": 0.006471110276243094,
  "bids_meta": {
    "BandwidthPerPixelPhaseEncode": 31.25,
    "EchoTime": 0.025,
    "EffectiveEchoSpacing": 0.0005,
    "FlipAngle": 75,
    "ImageType": [
      "ORIGINAL",
      "PRIMARY",
      "M",
      "ND",
      "MOSAIC"
    ],
    "MagneticFieldStrength": 3,
    "Manufacturer": "Siemens",
    "ManufacturersModelName": "TrioTim",
    "Modality": "MR",
    "PhaseEncodingDirection": "j-",
    "PixelBandwidth": 3005,
    "RepetitionTime": 3,
    "ScanningSequence": "EP",
    "SequenceVariant": "SK",
    "SliceThickness": 3,
    "SliceTiming": [
      0,
      1.5225,
      0.055,
      1.58,
      0.1125,
      1.635,
      0.1675,
      1.6925,
      0.225,
      1.75,
      0.28,
      1.805,
      0.3375,
      1.8625,
      0.395,
      1.9175,
      0.45,
      1.975,
      0.5075,
      2.03,
      0.5625,
      2.0875,
      0.62,
      2.145,
      0.6775,
      2.2,
      0.7325,
      2.2575,
      0.79,
      2.3125,
      0.845,
      2.37,
      0.9025,
      2.425,
      0.9575,
      2.4825,
      1.015,
      2.54,
      1.0725,
      2.595,
      1.1275,
      2.6525,
      1.185,
      2.7075,
      1.24,
      2.765,
      1.2975,
      2.82,
      1.3525,
      2.8775,
      1.41,
      2.935,
      1.4675
    ],
    "SpacingBetweenSlices": 3,
    "TaskName": "Prospection",
    "TotalReadoutTime": 0.0315,
    "dataset": "ds002835",
    "modality": "bold",
    "run_id": 3,
    "subject_id": "2123",
    "task_id": "prospection"
  },
  "dummy_trs": 0,
  "dvars_nstd": 32.18210763911109,
  "dvars_std": 1.1787772922777773,
  "dvars_vstd": 0.9928411449444451,
  "efc": 0.6250899573878024,
  "fber": 209.2338104248047,
  "fd_mean": 0.2035103802595527,
  "fd_num": 53,
  "fd_perc": 29.281767955801104,
  "fwhm_avg": 2.7473388888888888,
  "fwhm_x": 2.5323533333333335,
  "fwhm_y": 2.6300233333333334,
  "fwhm_z": 3.07964,
  "gcor": 0.0254227,
  "gsr_x": 0.02488075941801071,
  "gsr_y": 0.07338785380125046,
  "provenance": {
    "md5sum": "f26384e0aeb19d65d6f15a8cf012e93a",
    "settings": {
      "fd_thres": 0.2,
      "testing": false
    },
    "software": "mriqc",
    "version": "22.0.6",
    "webapi_port": null,
    "webapi_url": "https://mriqc.nimh.nih.gov/api/v1"
  },
  "size_t": 181,
  "size_x": 64,
  "size_y": 64,
  "size_z": 53,
  "snr": 2.4141780556033328,
  "spacing_tr": 3.0,
  "spacing_x": 3.0,
  "spacing_y": 3.0,
  "spacing_z": 3.0,
  "summary_bg_k": 22.423938198708,
  "summary_bg_mad": 22.836991211986273,
  "summary_bg_mean": 88.54605865478516,
  "summary_bg_median": 44.00552749633789,
  "summary_bg_n": 112524.0,
  "summary_bg_p05": 27.198896408081055,
  "summary_bg_p95": 313.16549072265593,
  "summary_bg_stdv": 111.2838363647461,
  "summary_fg_k": 3.2123654426074735,
  "summary_fg_mad": 225.38010548081562,
  "summary_fg_mean": 716.3994140625,
  "summary_fg_median": 652.9613037109375,
  "summary_fg_n": 57192.0,
  "summary_fg_p05": 401.25166473388674,
  "summary_fg_p95": 1238.4403564453123,
  "summary_fg_stdv": 270.467041015625,
  "tsnr": 52.70903647784144
}