{
  "aor": 0.0012661325966850827,
  "aqi": 0.00435807546961326,
  "bids_meta": {
    "BandwidthPerPixelPhaseEncode": 31.25,
    "EchoTime": 0.025,
    "EffectiveEchoSpacing": 0.0005,
    "FlipAngle": 75,
    "ImageType": [
      "ORIGINAL",
      "PRIMARY",
      "M",
      "ND",
      "MOSAIC"
    ],
    "MagneticFieldStrength": 3,
    "Manufacturer": "Siemens",
    "ManufacturersModelName": "TrioTim",
    "Modality": "MR",
    "PhaseEncodingDirection": "j-",
    "PixelBandwidth": 3005,
    "RepetitionTime": 3,
    "ScanningSequence": "EP",
    "SequenceVariant": "SK",
    "SliceThickness": 3,
    "SliceTiming": [
      0,
      1.5225,
      0.055,
      1.58,
      0.1125,
      1.635,
      0.1675,
      1.6925,
      0.225,
      1.75,
      0.28,
      1.805,
      0.3375,
      1.8625,
      0.395,
      1.9175,
      0.45,
      1.975,
      0.5075,
      2.03,
      0.5625,
      2.0875,
      0.62,
      2.145,
      0.6775,
      2.2,
      0.7325,
      2.2575,
      0.79,
      2.3125,
      0.845,
      2.37,
      0.9025,
      2.425,
      0.9575,
      2.4825,
      1.015,
      2.54,
      1.0725,
      2.595,
      1.1275,
      2.6525,
      1.185,
      2.7075,
      1.24,
      2.765,
      1.2975,
      2.82,
      1.3525,
      2.8775,
      1.41,
      2.935,
      1.4675
    ],
    "SpacingBetweenSlices": 3,
    "TaskName": "Prospection",
    "TotalReadoutTime": 0.0315,
    "dataset": "ds002835",
    "modality": "bold",
    "run_id": 2,
    "subject_id": "2123",
    "task_id": "prospection"
  },
  "dummy_trs": 0,
  "dvars_nstd": 27.29618710422223,
  "dvars_std": 1.2082390385555555,
  "dvars_vstd": 0.9739110349999996,
  "efc": 0.6235713432190875,
  "fber": 213.8108673095703,
  "fd_mean": 0.11332541718972848,
  "fd_num": 20,
  "fd_perc": 11.049723756906078,
  "fwhm_avg": 2.7626777777777782,
  "fwhm_x": 2.55666,
  "fwhm_y": 2.644746666666667,
  "fwhm_z": 3.086626666666667,
  "gcor": 0.0199672,
  "gsr_x": 0.023026583716273308,
  "gsr_y": 0.07203098386526108,
  "provenance": {
    "md5sum": "7721af933b98ed21b698edd8095e02bb",
    "settings": {
      "fd_thres": 0.2,
      "testing": false
    },
    "software": "mriqc",
    "version": "22.0.6",
    "webapi_port": null,
    "webapi_url": "https://mriqc.nimh.nih.gov/api/v1"
  },
  "size_t": 181,
  "size_x": 64,
  "size_y": 64,
  "size_z": 53,
  "snr": 2.4162958287592327,
  "spacing_tr": 3.0,
  "spacing_x": 3.0,
  "spacing_y": 3.0,
  "spacing_z": 3.0,
  "summary_bg_k": 22.490524865390267,
  "summary_bg_mad": 22.34551556697045,
  "summary_bg_mean": 88.03133392333984,
  "summary_bg_median": 43.67955780029297,
  "summary_bg_n": 112472.0,
  "summary_bg_p05": 27.314918518066406,
  "summary_bg_p95": 308.73205413818346,
  "summary_bg_stdv": 111.15371704101562,
  "summary_fg_k": 3.156963826858502,
  "summary_fg_mad": 226.2524825979728,
  "summary_fg_mean": 719.4010009765625,
  "summary_fg_median": 655.7762451171875,
  "summary_fg_n": 57134.0,
  "summary_fg_p05": 403.4621780395508,
  "summary_fg_p95": 1245.1666015624999,
  "summary_fg_stdv": 271.39495849609375,
  "tsnr": 69.47179617872462
}