{
  "aor": 0.0021882872928176795,
  "aqi": 0.003952523535911603,
  "bids_meta": {
    "BandwidthPerPixelPhaseEncode": 31.25,
    "EchoTime": 0.025,
    "EffectiveEchoSpacing": 0.0005,
    "FlipAngle": 75,
    "ImageType": [
      "ORIGINAL",
      "PRIMARY",
      "M",
      "ND",
      "MOSAIC"
    ],
    "MagneticFieldStrength": 3,
    "Manufacturer": "Siemens",
    "ManufacturersModelName": "TrioTim",
    "Modality": "MR",
    "PhaseEncodingDirection": "j-",
    "PixelBandwidth": 3005,
    "RepetitionTime": 3,
    "ScanningSequence": "EP",
    "SequenceVariant": "SK",
    "SliceThickness": 3,
    "SliceTiming": [
      0,
      1.5225,
      0.055,
      1.58,
      0.1125,
      1.635,
      0.1675,
      1.6925,
      0.225,
      1.75,
      0.28,
      1.805,
      0.3375,
      1.8625,
      0.395,
      1.9175,
      0.45,
      1.975,
      0.5075,
      2.03,
      0.5625,
      2.0875,
      0.62,
      2.145,
      0.6775,
      2.2,
      0.7325,
      2.2575,
      0.79,
      2.3125,
      0.845,
      2.37,
      0.9025,
      2.425,
      0.9575,
      2.4825,
      1.015,
      2.54,
      1.0725,
      2.595,
      1.1275,
      2.6525,
      1.185,
      2.7075,
      1.24,
      2.765,
      1.2975,
      2.82,
      1.3525,
      2.8775,
      1.41,
      2.935,
      1.4675
    ],
    "SpacingBetweenSlices": 3,
    "TaskName": "Prospection",
    "TotalReadoutTime": 0.0315,
    "dataset": "ds002835",
    "modality": "bold",
    "run_id": 1,
    "subject_id": "2123",
    "task_id": "prospection"
  },
  "dummy_trs": 0,
  "dvars_nstd": 26.255301284611114,
  "dvars_std": 1.2751031760555551,
  "dvars_vstd": 1.0138981704999999,
  "efc": 0.6209364860184896,
  "fber": 216.3701171875,
  "fd_mean": 0.10155719904367094,
  "fd_num": 20,
  "fd_perc": 11.049723756906078,
  "fwhm_avg": 2.779416666666666,
  "fwhm_x": 2.5730066666666667,
  "fwhm_y": 2.677433333333333,
  "fwhm_z": 3.0878099999999997,
  "gcor": 0.0240062,
  "gsr_x": 0.022441327571868896,
  "gsr_y": 0.0707775428891182,
  "provenance": {
    "md5sum": "d2bd77eadafbf3bb53d22c6fd0039b34",
    "settings": {
      "fd_thres": 0.2,
      "testing": false
    },
    "software": "mriqc",
    "version": "22.0.6",
    "webapi_port": null,
    "webapi_url": "https://mriqc.nimh.nih.gov/api/v1"
  },
  "size_t": 181,
  "size_x": 64,
  "size_y": 64,
  "size_z": 53,
  "snr": 2.4031401780422845,
  "spacing_tr": 3.0,
  "spacing_x": 3.0,
  "spacing_y": 3.0,
  "spacing_z": 3.0,
  "summary_bg_k": 23.886975583722393,
  "summary_bg_mad": 22.15712208400105,
  "summary_bg_mean": 86.71764373779297,
  "summary_bg_median": 43.54696273803711,
  "summary_bg_n": 112758.0,
  "summary_bg_p05": 26.889503479003906,
  "summary_bg_p95": 303.2825973510742,
  "summary_bg_stdv": 109.60820770263672,
  "summary_fg_k": 3.1723403070293674,
  "summary_fg_mad": 228.45591236909445,
  "summary_fg_mean": 721.4232788085938,
  "summary_fg_median": 657.577392578125,
  "summary_fg_n": 57010.0,
  "summary_fg_p05": 403.6613372802735,
  "summary_fg_p95": 1248.218829345703,
  "summary_fg_stdv": 273.6301574707031,
  "tsnr": 70.61327856499702
}