{
  "aor": 0.002358342541436464,
  "aqi": 0.005853200552486189,
  "bids_meta": {
    "BandwidthPerPixelPhaseEncode": 31.25,
    "EchoTime": 0.025,
    "EffectiveEchoSpacing": 0.0005,
    "FlipAngle": 75,
    "ImageType": [
      "ORIGINAL",
      "PRIMARY",
      "M",
      "ND",
      "MOSAIC"
    ],
    "MagneticFieldStrength": 3,
    "Manufacturer": "Siemens",
    "ManufacturersModelName": "TrioTim",
    "Modality": "MR",
    "PhaseEncodingDirection": "j-",
    "PixelBandwidth": 3005,
    "RepetitionTime": 3,
    "ScanningSequence": "EP",
    "SequenceVariant": "SK",
    "SliceThickness": 3,
    "SliceTiming": [
      0,
      1.5225,
      0.055,
      1.58,
      0.1125,
      1.635,
      0.1675,
      1.6925,
      0.225,
      1.75,
      0.28,
      1.805,
      0.3375,
      1.8625,
      0.395,
      1.9175,
      0.45,
      1.975,
      0.5075,
      2.03,
      0.5625,
      2.0875,
      0.62,
      2.145,
      0.6775,
      2.2,
      0.7325,
      2.2575,
      0.79,
      2.3125,
      0.845,
      2.37,
      0.9025,
      2.425,
      0.9575,
      2.4825,
      1.015,
      2.54,
      1.0725,
      2.595,
      1.1275,
      2.6525,
      1.185,
      2.7075,
      1.24,
      2.765,
      1.2975,
      2.82,
      1.3525,
      2.8775,
      1.41,
      2.935,
      1.4675
    ],
    "SpacingBetweenSlices": 3,
    "TaskName": "Prospection",
    "TotalReadoutTime": 0.0315,
    "dataset": "ds002835",
    "modality": "bold",
    "run_id": 4,
    "subject_id": "1065",
    "task_id": "prospection"
  },
  "dummy_trs": 0,
  "dvars_nstd": 22.77182464061111,
  "dvars_std": 1.1964086678333328,
  "dvars_vstd": 0.9823914030000004,
  "efc": 0.5488315868266419,
  "fber": 431.199462890625,
  "fd_mean": 0.15512620812609146,
  "fd_num": 31,
  "fd_perc": 17.12707182320442,
  "fwhm_avg": 2.22925,
  "fwhm_x": 2.0739466666666666,
  "fwhm_y": 2.21673,
  "fwhm_z": 2.3970733333333336,
  "gcor": 0.0522802,
  "gsr_x": -0.013667156919836998,
  "gsr_y": 0.039503663778305054,
  "provenance": {
    "md5sum": "4d099a1c59b07dbd24539289548a3bff",
    "settings": {
      "fd_thres": 0.2,
      "testing": false
    },
    "software": "mriqc",
    "version": "22.0.6",
    "webapi_port": null,
    "webapi_url": "https://mriqc.nimh.nih.gov/api/v1"
  },
  "size_t": 181,
  "size_x": 64,
  "size_y": 64,
  "size_z": 53,
  "snr": 4.102490653934111,
  "spacing_tr": 3.0,
  "spacing_x": 3.0,
  "spacing_y": 3.0,
  "spacing_z": 3.0,
  "summary_bg_k": 19.842943371217338,
  "summary_bg_mad": 9.903127213350754,
  "summary_bg_mean": 59.19713592529297,
  "summary_bg_median": 31.110498428344727,
  "summary_bg_n": 141037.0,
  "summary_bg_p05": 23.723758697509766,
  "summary_bg_p95": 201.03426208496083,
  "summary_bg_stdv": 68.62637329101562,
  "summary_fg_k": 1.1755394132948158,
  "summary_fg_mad": 145.3932904854055,
  "summary_fg_mean": 674.1028442382812,
  "summary_fg_median": 650.7099609375,
  "summary_fg_n": 35526.0,
  "summary_fg_p05": 460.569091796875,
  "summary_fg_p95": 964.7955932617188,
  "summary_fg_stdv": 158.6111602783203,
  "tsnr": 65.04526619240642
}