{
  "aor": 0.003330220994475138,
  "aqi": 0.00582606270718232,
  "bids_meta": {
    "BandwidthPerPixelPhaseEncode": 31.25,
    "EchoTime": 0.025,
    "EffectiveEchoSpacing": 0.0005,
    "FlipAngle": 75,
    "ImageType": [
      "ORIGINAL",
      "PRIMARY",
      "M",
      "ND",
      "MOSAIC"
    ],
    "MagneticFieldStrength": 3,
    "Manufacturer": "Siemens",
    "ManufacturersModelName": "TrioTim",
    "Modality": "MR",
    "PhaseEncodingDirection": "j-",
    "PixelBandwidth": 3005,
    "RepetitionTime": 3,
    "ScanningSequence": "EP",
    "SequenceVariant": "SK",
    "SliceThickness": 3,
    "SliceTiming": [
      0,
      1.5225,
      0.055,
      1.58,
      0.1125,
      1.635,
      0.1675,
      1.6925,
      0.225,
      1.75,
      0.28,
      1.805,
      0.3375,
      1.8625,
      0.395,
      1.9175,
      0.45,
      1.975,
      0.5075,
      2.03,
      0.5625,
      2.0875,
      0.62,
      2.145,
      0.6775,
      2.2,
      0.7325,
      2.2575,
      0.79,
      2.3125,
      0.845,
      2.37,
      0.9025,
      2.425,
      0.9575,
      2.4825,
      1.015,
      2.54,
      1.0725,
      2.595,
      1.1275,
      2.6525,
      1.185,
      2.7075,
      1.24,
      2.765,
      1.2975,
      2.82,
      1.3525,
      2.8775,
      1.41,
      2.935,
      1.4675
    ],
    "SpacingBetweenSlices": 3,
    "TaskName": "Prospection",
    "TotalReadoutTime": 0.0315,
    "dataset": "ds002835",
    "modality": "bold",
    "run_id": 3,
    "subject_id": "1065",
    "task_id": "prospection"
  },
  "dummy_trs": 0,
  "dvars_nstd": 24.031871636944445,
  "dvars_std": 1.2260545517222217,
  "dvars_vstd": 0.9972417615555556,
  "efc": 0.5480267166265888,
  "fber": 432.4094543457031,
  "fd_mean": 0.16675277112827142,
  "fd_num": 40,
  "fd_perc": 22.099447513812155,
  "fwhm_avg": 2.238588888888889,
  "fwhm_x": 2.0791233333333334,
  "fwhm_y": 2.21225,
  "fwhm_z": 2.424393333333333,
  "gcor": 0.0971054,
  "gsr_x": -0.015441091731190681,
  "gsr_y": 0.038932740688323975,
  "provenance": {
    "md5sum": "4875fbdb7a0d22625a029669eed55497",
    "settings": {
      "fd_thres": 0.2,
      "testing": false
    },
    "software": "mriqc",
    "version": "22.0.6",
    "webapi_port": null,
    "webapi_url": "https://mriqc.nimh.nih.gov/api/v1"
  },
  "size_t": 181,
  "size_x": 64,
  "size_y": 64,
  "size_z": 53,
  "snr": 4.1159796416411645,
  "spacing_tr": 3.0,
  "spacing_x": 3.0,
  "spacing_y": 3.0,
  "spacing_z": 3.0,
  "summary_bg_k": 19.931017300647525,
  "summary_bg_mad": 9.890840251529376,
  "summary_bg_mean": 59.40382385253906,
  "summary_bg_median": 31.091161727905273,
  "summary_bg_n": 141492.0,
  "summary_bg_p05": 23.839780807495117,
  "summary_bg_p95": 201.6022186279297,
  "summary_bg_stdv": 69.95942687988281,
  "summary_fg_k": 1.1054040195195958,
  "summary_fg_mad": 145.94211753955813,
  "summary_fg_mean": 674.6140747070312,
  "summary_fg_median": 651.1713256835938,
  "summary_fg_n": 35525.0,
  "summary_fg_p05": 460.59560546875,
  "summary_fg_p95": 963.887316894531,
  "summary_fg_stdv": 158.2034454345703,
  "tsnr": 65.59317553695291
}