{
  "aor": 0.0019061878453038676,
  "aqi": 0.0055218258563535915,
  "bids_meta": {
    "BandwidthPerPixelPhaseEncode": 31.25,
    "EchoTime": 0.025,
    "EffectiveEchoSpacing": 0.0005,
    "FlipAngle": 75,
    "ImageType": [
      "ORIGINAL",
      "PRIMARY",
      "M",
      "ND",
      "MOSAIC"
    ],
    "MagneticFieldStrength": 3,
    "Manufacturer": "Siemens",
    "ManufacturersModelName": "TrioTim",
    "Modality": "MR",
    "PhaseEncodingDirection": "j-",
    "PixelBandwidth": 3005,
    "RepetitionTime": 3,
    "ScanningSequence": "EP",
    "SequenceVariant": "SK",
    "SliceThickness": 3,
    "SliceTiming": [
      0,
      1.5225,
      0.055,
      1.58,
      0.1125,
      1.635,
      0.1675,
      1.6925,
      0.225,
      1.75,
      0.28,
      1.805,
      0.3375,
      1.8625,
      0.395,
      1.9175,
      0.45,
      1.975,
      0.5075,
      2.03,
      0.5625,
      2.0875,
      0.62,
      2.145,
      0.6775,
      2.2,
      0.7325,
      2.2575,
      0.79,
      2.3125,
      0.845,
      2.37,
      0.9025,
      2.425,
      0.9575,
      2.4825,
      1.015,
      2.54,
      1.0725,
      2.595,
      1.1275,
      2.6525,
      1.185,
      2.7075,
      1.24,
      2.765,
      1.2975,
      2.82,
      1.3525,
      2.8775,
      1.41,
      2.935,
      1.4675
    ],
    "SpacingBetweenSlices": 3,
    "TaskName": "Prospection",
    "TotalReadoutTime": 0.0315,
    "dataset": "ds002835",
    "modality": "bold",
    "run_id": 1,
    "subject_id": "1065",
    "task_id": "prospection"
  },
  "dummy_trs": 0,
  "dvars_nstd": 22.35891727338889,
  "dvars_std": 1.2077371757222222,
  "dvars_vstd": 0.9811840002777785,
  "efc": 0.5473950161156702,
  "fber": 435.7693786621094,
  "fd_mean": 0.11263213226012117,
  "fd_num": 24,
  "fd_perc": 13.259668508287293,
  "fwhm_avg": 2.2288666666666668,
  "fwhm_x": 2.0761600000000002,
  "fwhm_y": 2.2105533333333334,
  "fwhm_z": 2.3998866666666667,
  "gcor": 0.0541022,
  "gsr_x": -0.01582278311252594,
  "gsr_y": 0.037905700504779816,
  "provenance": {
    "md5sum": "e149e98e0920ee63e4ec1f56bb3a8dd5",
    "settings": {
      "fd_thres": 0.2,
      "testing": false
    },
    "software": "mriqc",
    "version": "22.0.6",
    "webapi_port": null,
    "webapi_url": "https://mriqc.nimh.nih.gov/api/v1"
  },
  "size_t": 181,
  "size_x": 64,
  "size_y": 64,
  "size_z": 53,
  "snr": 4.122222338345323,
  "spacing_tr": 3.0,
  "spacing_x": 3.0,
  "spacing_y": 3.0,
  "spacing_z": 3.0,
  "summary_bg_k": 21.831017716951724,
  "summary_bg_mad": 9.870366694892603,
  "summary_bg_mean": 58.98526382446289,
  "summary_bg_median": 31.005525588989258,
  "summary_bg_n": 141444.0,
  "summary_bg_p05": 23.668508529663086,
  "summary_bg_p95": 199.42458648681645,
  "summary_bg_stdv": 69.46337127685547,
  "summary_fg_k": 1.1414520298208712,
  "summary_fg_mad": 144.6806749781587,
  "summary_fg_mean": 673.7582397460938,
  "summary_fg_median": 650.4033203125,
  "summary_fg_n": 35546.0,
  "summary_fg_p05": 461.36051177978516,
  "summary_fg_p95": 961.7596893310547,
  "summary_fg_stdv": 157.77755737304688,
  "tsnr": 67.82162374258041
}