{
  "aor": 0.006653259668508287,
  "aqi": 0.004611466243093922,
  "bids_meta": {
    "BandwidthPerPixelPhaseEncode": 31.25,
    "EchoTime": 0.025,
    "EffectiveEchoSpacing": 0.0005,
    "FlipAngle": 75,
    "ImageType": [
      "ORIGINAL",
      "PRIMARY",
      "M",
      "ND",
      "MOSAIC"
    ],
    "MagneticFieldStrength": 3,
    "Manufacturer": "Siemens",
    "ManufacturersModelName": "TrioTim",
    "Modality": "MR",
    "PhaseEncodingDirection": "j-",
    "PixelBandwidth": 3005,
    "RepetitionTime": 3,
    "ScanningSequence": "EP",
    "SequenceVariant": "SK",
    "SliceThickness": 3,
    "SliceTiming": [
      0,
      1.5225,
      0.055,
      1.58,
      0.1125,
      1.635,
      0.1675,
      1.6925,
      0.225,
      1.75,
      0.28,
      1.805,
      0.3375,
      1.8625,
      0.395,
      1.9175,
      0.45,
      1.975,
      0.5075,
      2.03,
      0.5625,
      2.0875,
      0.62,
      2.145,
      0.6775,
      2.2,
      0.7325,
      2.2575,
      0.79,
      2.3125,
      0.845,
      2.37,
      0.9025,
      2.425,
      0.9575,
      2.4825,
      1.015,
      2.54,
      1.0725,
      2.595,
      1.1275,
      2.6525,
      1.185,
      2.7075,
      1.24,
      2.765,
      1.2975,
      2.82,
      1.3525,
      2.8775,
      1.41,
      2.935,
      1.4675
    ],
    "SpacingBetweenSlices": 3,
    "TaskName": "Prospection",
    "TotalReadoutTime": 0.0315,
    "dataset": "ds002835",
    "modality": "bold",
    "run_id": 2,
    "subject_id": "1065",
    "task_id": "prospection"
  },
  "dummy_trs": 0,
  "dvars_nstd": 19.794626368499994,
  "dvars_std": 1.2245793978333324,
  "dvars_vstd": 1.0540625673333333,
  "efc": 0.5459272313656818,
  "fber": 441.0870666503906,
  "fd_mean": 0.11664234433552363,
  "fd_num": 24,
  "fd_perc": 13.259668508287293,
  "fwhm_avg": 2.2320200000000003,
  "fwhm_x": 2.09937,
  "fwhm_y": 2.2203133333333334,
  "fwhm_z": 2.376376666666667,
  "gcor": 0.0280967,
  "gsr_x": -0.014917559921741486,
  "gsr_y": 0.039247315376996994,
  "provenance": {
    "md5sum": "3b1c77d51eedc88e044ac45791ce3c7f",
    "settings": {
      "fd_thres": 0.2,
      "testing": false
    },
    "software": "mriqc",
    "version": "22.0.6",
    "webapi_port": null,
    "webapi_url": "https://mriqc.nimh.nih.gov/api/v1"
  },
  "size_t": 181,
  "size_x": 64,
  "size_y": 64,
  "size_z": 53,
  "snr": 4.101318122710341,
  "spacing_tr": 3.0,
  "spacing_x": 3.0,
  "spacing_y": 3.0,
  "spacing_z": 3.0,
  "summary_bg_k": 20.38348437983838,
  "summary_bg_mad": 9.747494248839503,
  "summary_bg_mean": 57.81015396118164,
  "summary_bg_median": 30.74585723876953,
  "summary_bg_n": 141268.0,
  "summary_bg_p05": 23.12154769897461,
  "summary_bg_p95": 192.5801239013672,
  "summary_bg_stdv": 66.78728485107422,
  "summary_fg_k": 1.104503044338915,
  "summary_fg_mad": 145.3687674628704,
  "summary_fg_mean": 672.90576171875,
  "summary_fg_median": 648.8950805664062,
  "summary_fg_n": 35589.0,
  "summary_fg_p05": 457.80885009765626,
  "summary_fg_p95": 962.16357421875,
  "summary_fg_stdv": 158.21400451660156,
  "tsnr": 72.45831771753728
}