{
  "aor": 0.0022475690607734805,
  "aqi": 0.005831344198895028,
  "bids_meta": {
    "BandwidthPerPixelPhaseEncode": 31.25,
    "EchoTime": 0.025,
    "EffectiveEchoSpacing": 0.0005,
    "FlipAngle": 75,
    "ImageType": [
      "ORIGINAL",
      "PRIMARY",
      "M",
      "ND",
      "MOSAIC"
    ],
    "MagneticFieldStrength": 3,
    "Manufacturer": "Siemens",
    "ManufacturersModelName": "TrioTim",
    "Modality": "MR",
    "PhaseEncodingDirection": "j-",
    "PixelBandwidth": 3005,
    "RepetitionTime": 3,
    "ScanningSequence": "EP",
    "SequenceVariant": "SK",
    "SliceThickness": 3,
    "SliceTiming": [
      0,
      1.5225,
      0.055,
      1.58,
      0.1125,
      1.635,
      0.1675,
      1.6925,
      0.225,
      1.75,
      0.28,
      1.805,
      0.3375,
      1.8625,
      0.395,
      1.9175,
      0.45,
      1.975,
      0.5075,
      2.03,
      0.5625,
      2.0875,
      0.62,
      2.145,
      0.6775,
      2.2,
      0.7325,
      2.2575,
      0.79,
      2.3125,
      0.845,
      2.37,
      0.9025,
      2.425,
      0.9575,
      2.4825,
      1.015,
      2.54,
      1.0725,
      2.595,
      1.1275,
      2.6525,
      1.185,
      2.7075,
      1.24,
      2.765,
      1.2975,
      2.82,
      1.3525,
      2.8775,
      1.41,
      2.935,
      1.4675
    ],
    "SpacingBetweenSlices": 3,
    "TaskName": "Prospection",
    "TotalReadoutTime": 0.0315,
    "dataset": "ds002835",
    "modality": "bold",
    "run_id": 2,
    "subject_id": "1052",
    "task_id": "prospection"
  },
  "dummy_trs": 0,
  "dvars_nstd": 23.537095170444445,
  "dvars_std": 1.1423397498333332,
  "dvars_vstd": 0.9660597317777775,
  "efc": 0.5880512592927035,
  "fber": 379.4130554199219,
  "fd_mean": 0.14884855713042924,
  "fd_num": 42,
  "fd_perc": 23.204419889502763,
  "fwhm_avg": 2.361041111111111,
  "fwhm_x": 2.2026600000000003,
  "fwhm_y": 2.31351,
  "fwhm_z": 2.566953333333333,
  "gcor": 0.0236025,
  "gsr_x": -0.0018822136335074902,
  "gsr_y": 0.051112983375787735,
  "provenance": {
    "md5sum": "919e6554299648d03ce22f40a5df3c26",
    "settings": {
      "fd_thres": 0.2,
      "testing": false
    },
    "software": "mriqc",
    "version": "22.0.6",
    "webapi_port": null,
    "webapi_url": "https://mriqc.nimh.nih.gov/api/v1"
  },
  "size_t": 181,
  "size_x": 64,
  "size_y": 64,
  "size_z": 53,
  "snr": 3.3135866637675466,
  "spacing_tr": 3.0,
  "spacing_x": 3.0,
  "spacing_y": 3.0,
  "spacing_z": 3.0,
  "summary_bg_k": 35.37431355209035,
  "summary_bg_mad": 11.070371619345815,
  "summary_bg_mean": 71.87789154052734,
  "summary_bg_median": 33.599449157714844,
  "summary_bg_n": 125904.0,
  "summary_bg_p05": 24.8287296295166,
  "summary_bg_p95": 258.68426055908196,
  "summary_bg_stdv": 99.90235137939453,
  "summary_fg_k": 0.6584580616867513,
  "summary_fg_mad": 197.60389135292232,
  "summary_fg_mean": 706.3361206054688,
  "summary_fg_median": 673.464111328125,
  "summary_fg_n": 45489.0,
  "summary_fg_p05": 432.45195922851565,
  "summary_fg_p95": 1080.4067138671874,
  "summary_fg_stdv": 203.2410125732422,
  "tsnr": 58.23258555307984
}