{
  "aor": 0.004569281767955801,
  "aqi": 0.006790094861878453,
  "bids_meta": {
    "BandwidthPerPixelPhaseEncode": 31.25,
    "EchoTime": 0.025,
    "EffectiveEchoSpacing": 0.0005,
    "FlipAngle": 75,
    "ImageType": [
      "ORIGINAL",
      "PRIMARY",
      "M",
      "ND",
      "MOSAIC"
    ],
    "MagneticFieldStrength": 3,
    "Manufacturer": "Siemens",
    "ManufacturersModelName": "TrioTim",
    "Modality": "MR",
    "PhaseEncodingDirection": "j-",
    "PixelBandwidth": 3005,
    "RepetitionTime": 3,
    "ScanningSequence": "EP",
    "SequenceVariant": "SK",
    "SliceThickness": 3,
    "SliceTiming": [
      0,
      1.5225,
      0.055,
      1.58,
      0.1125,
      1.635,
      0.1675,
      1.6925,
      0.225,
      1.75,
      0.28,
      1.805,
      0.3375,
      1.8625,
      0.395,
      1.9175,
      0.45,
      1.975,
      0.5075,
      2.03,
      0.5625,
      2.0875,
      0.62,
      2.145,
      0.6775,
      2.2,
      0.7325,
      2.2575,
      0.79,
      2.3125,
      0.845,
      2.37,
      0.9025,
      2.425,
      0.9575,
      2.4825,
      1.015,
      2.54,
      1.0725,
      2.595,
      1.1275,
      2.6525,
      1.185,
      2.7075,
      1.24,
      2.765,
      1.2975,
      2.82,
      1.3525,
      2.8775,
      1.41,
      2.935,
      1.4675
    ],
    "SpacingBetweenSlices": 3,
    "TaskName": "Prospection",
    "TotalReadoutTime": 0.0315,
    "dataset": "ds002835",
    "modality": "bold",
    "run_id": 1,
    "subject_id": "1052",
    "task_id": "prospection"
  },
  "dummy_trs": 0,
  "dvars_nstd": 28.087776226388876,
  "dvars_std": 1.1389741658333337,
  "dvars_vstd": 0.979273507,
  "efc": 0.5866131961071885,
  "fber": 381.3660583496094,
  "fd_mean": 0.24168816741752286,
  "fd_num": 65,
  "fd_perc": 35.91160220994475,
  "fwhm_avg": 2.4240077777777778,
  "fwhm_x": 2.2635033333333334,
  "fwhm_y": 2.3804933333333334,
  "fwhm_z": 2.6280266666666665,
  "gcor": 0.0249131,
  "gsr_x": -0.005421245004981756,
  "gsr_y": 0.05172109976410866,
  "provenance": {
    "md5sum": "c2b260c10a275a7e1fe716d5bfae1056",
    "settings": {
      "fd_thres": 0.2,
      "testing": false
    },
    "software": "mriqc",
    "version": "22.0.6",
    "webapi_port": null,
    "webapi_url": "https://mriqc.nimh.nih.gov/api/v1"
  },
  "size_t": 181,
  "size_x": 64,
  "size_y": 64,
  "size_z": 53,
  "snr": 3.231263385566079,
  "spacing_tr": 3.0,
  "spacing_x": 3.0,
  "spacing_y": 3.0,
  "spacing_z": 3.0,
  "summary_bg_k": 44.71644464536272,
  "summary_bg_mad": 10.9515995402987,
  "summary_bg_mean": 70.69041442871094,
  "summary_bg_median": 33.71823501586914,
  "summary_bg_n": 125010.0,
  "summary_bg_p05": 25.099449157714844,
  "summary_bg_p95": 247.74089355468737,
  "summary_bg_stdv": 98.44538116455078,
  "summary_fg_k": 0.8738896221186265,
  "summary_fg_mad": 201.71172385469612,
  "summary_fg_mean": 712.894775390625,
  "summary_fg_median": 677.8453369140625,
  "summary_fg_n": 45646.0,
  "summary_fg_p05": 431.4931106567383,
  "summary_fg_p95": 1100.7168579101562,
  "summary_fg_stdv": 209.77488708496094,
  "tsnr": 51.546212553512305
}