{
  "aor": 0.00274707182320442,
  "aqi": 0.007341731657458564,
  "bids_meta": {
    "BandwidthPerPixelPhaseEncode": 31.25,
    "EchoTime": 0.025,
    "EffectiveEchoSpacing": 0.0005,
    "FlipAngle": 75,
    "ImageType": [
      "ORIGINAL",
      "PRIMARY",
      "M",
      "ND",
      "MOSAIC"
    ],
    "MagneticFieldStrength": 3,
    "Manufacturer": "Siemens",
    "ManufacturersModelName": "TrioTim",
    "Modality": "MR",
    "PhaseEncodingDirection": "j-",
    "PixelBandwidth": 3005,
    "RepetitionTime": 3,
    "ScanningSequence": "EP",
    "SequenceVariant": "SK",
    "SliceThickness": 3,
    "SliceTiming": [
      0,
      1.5225,
      0.055,
      1.58,
      0.1125,
      1.635,
      0.1675,
      1.6925,
      0.225,
      1.75,
      0.28,
      1.805,
      0.3375,
      1.8625,
      0.395,
      1.9175,
      0.45,
      1.975,
      0.5075,
      2.03,
      0.5625,
      2.0875,
      0.62,
      2.145,
      0.6775,
      2.2,
      0.7325,
      2.2575,
      0.79,
      2.3125,
      0.845,
      2.37,
      0.9025,
      2.425,
      0.9575,
      2.4825,
      1.015,
      2.54,
      1.0725,
      2.595,
      1.1275,
      2.6525,
      1.185,
      2.7075,
      1.24,
      2.765,
      1.2975,
      2.82,
      1.3525,
      2.8775,
      1.41,
      2.935,
      1.4675
    ],
    "SpacingBetweenSlices": 3,
    "TaskName": "Prospection",
    "TotalReadoutTime": 0.0315,
    "dataset": "ds002835",
    "modality": "bold",
    "run_id": 3,
    "subject_id": "1052",
    "task_id": "prospection"
  },
  "dummy_trs": 0,
  "dvars_nstd": 24.790393606777787,
  "dvars_std": 1.0808093106666663,
  "dvars_vstd": 0.9426803070000004,
  "efc": 0.5892625089897902,
  "fber": 372.6886901855469,
  "fd_mean": 0.2010410785518121,
  "fd_num": 68,
  "fd_perc": 37.569060773480665,
  "fwhm_avg": 2.371941111111111,
  "fwhm_x": 2.2027466666666666,
  "fwhm_y": 2.348526666666667,
  "fwhm_z": 2.56455,
  "gcor": 0.0225343,
  "gsr_x": -0.0025654220953583717,
  "gsr_y": 0.053329698741436005,
  "provenance": {
    "md5sum": "795de0378c2829c82a710e769b93f613",
    "settings": {
      "fd_thres": 0.2,
      "testing": false
    },
    "software": "mriqc",
    "version": "22.0.6",
    "webapi_port": null,
    "webapi_url": "https://mriqc.nimh.nih.gov/api/v1"
  },
  "size_t": 181,
  "size_x": 64,
  "size_y": 64,
  "size_z": 53,
  "snr": 3.355240729145248,
  "spacing_tr": 3.0,
  "spacing_x": 3.0,
  "spacing_y": 3.0,
  "spacing_z": 3.0,
  "summary_bg_k": 37.125057537353676,
  "summary_bg_mad": 11.287436565124644,
  "summary_bg_mean": 69.08267974853516,
  "summary_bg_median": 33.37016677856445,
  "summary_bg_n": 124726.0,
  "summary_bg_p05": 23.988950729370117,
  "summary_bg_p95": 243.00277709960938,
  "summary_bg_stdv": 93.50093078613281,
  "summary_fg_k": 0.5194904949419636,
  "summary_fg_mad": 193.6393058794624,
  "summary_fg_mean": 696.545166015625,
  "summary_fg_median": 664.149169921875,
  "summary_fg_n": 45599.0,
  "summary_fg_p05": 427.37183532714846,
  "summary_fg_p95": 1062.5088500976562,
  "summary_fg_stdv": 197.941650390625,
  "tsnr": 44.42578097432852
}