{
  "aor": 0.001383867403314917,
  "aqi": 0.003768120718232044,
  "bids_meta": {
    "BandwidthPerPixelPhaseEncode": 31.25,
    "EchoTime": 0.025,
    "EffectiveEchoSpacing": 0.0005,
    "FlipAngle": 75,
    "ImageType": [
      "ORIGINAL",
      "PRIMARY",
      "M",
      "ND",
      "MOSAIC"
    ],
    "MagneticFieldStrength": 3,
    "Manufacturer": "Siemens",
    "ManufacturersModelName": "TrioTim",
    "Modality": "MR",
    "PhaseEncodingDirection": "j-",
    "PixelBandwidth": 3005,
    "RepetitionTime": 3,
    "ScanningSequence": "EP",
    "SequenceVariant": "SK",
    "SliceThickness": 3,
    "SliceTiming": [
      0,
      1.5225,
      0.055,
      1.58,
      0.1125,
      1.635,
      0.1675,
      1.6925,
      0.225,
      1.75,
      0.28,
      1.805,
      0.3375,
      1.8625,
      0.395,
      1.9175,
      0.45,
      1.975,
      0.5075,
      2.03,
      0.5625,
      2.0875,
      0.62,
      2.145,
      0.6775,
      2.2,
      0.7325,
      2.2575,
      0.79,
      2.3125,
      0.845,
      2.37,
      0.9025,
      2.425,
      0.9575,
      2.4825,
      1.015,
      2.54,
      1.0725,
      2.595,
      1.1275,
      2.6525,
      1.185,
      2.7075,
      1.24,
      2.765,
      1.2975,
      2.82,
      1.3525,
      2.8775,
      1.41,
      2.935,
      1.4675
    ],
    "SpacingBetweenSlices": 3,
    "TaskName": "Prospection",
    "TotalReadoutTime": 0.0315,
    "dataset": "ds002835",
    "modality": "bold",
    "run_id": 1,
    "subject_id": "0217",
    "task_id": "prospection"
  },
  "dummy_trs": 0,
  "dvars_nstd": 18.59600773933333,
  "dvars_std": 1.1340100331111103,
  "dvars_vstd": 0.9955156544444453,
  "efc": 0.543166068176604,
  "fber": 435.00762939453125,
  "fd_mean": 0.10904381964811266,
  "fd_num": 20,
  "fd_perc": 11.049723756906078,
  "fwhm_avg": 2.56616,
  "fwhm_x": 2.3763533333333333,
  "fwhm_y": 2.60107,
  "fwhm_z": 2.7210566666666662,
  "gcor": 0.0518889,
  "gsr_x": 0.000169483944773674,
  "gsr_y": 0.06249594688415527,
  "provenance": {
    "md5sum": "7f1a43dd4d1a81d6fc5313b62e05b737",
    "settings": {
      "fd_thres": 0.2,
      "testing": false
    },
    "software": "mriqc",
    "version": "22.0.6",
    "webapi_port": null,
    "webapi_url": "https://mriqc.nimh.nih.gov/api/v1"
  },
  "size_t": 181,
  "size_x": 64,
  "size_y": 64,
  "size_z": 53,
  "snr": 3.284510793238825,
  "spacing_tr": 3.0,
  "spacing_x": 3.0,
  "spacing_y": 3.0,
  "spacing_z": 3.0,
  "summary_bg_k": 77.39033998483438,
  "summary_bg_mad": 7.25737812801676,
  "summary_bg_mean": 54.379356384277344,
  "summary_bg_median": 29.773481369018555,
  "summary_bg_n": 138101.0,
  "summary_bg_p05": 24.22099494934082,
  "summary_bg_p95": 163.6077423095703,
  "summary_bg_stdv": 77.08979797363281,
  "summary_fg_k": 1.8158427058581035,
  "summary_fg_mad": 174.54564433729317,
  "summary_fg_mean": 652.7575073242188,
  "summary_fg_median": 626.2872924804688,
  "summary_fg_n": 38071.0,
  "summary_fg_p05": 378.1851043701172,
  "summary_fg_p95": 992.3840026855469,
  "summary_fg_stdv": 190.676513671875,
  "tsnr": 83.37951193470508
}