{
  "aor": 0.009028563535911601,
  "aqi": 0.006862297071823204,
  "bids_meta": {
    "BandwidthPerPixelPhaseEncode": 31.25,
    "EchoTime": 0.025,
    "EffectiveEchoSpacing": 0.0005,
    "FlipAngle": 75,
    "ImageType": [
      "ORIGINAL",
      "PRIMARY",
      "M",
      "ND",
      "MOSAIC"
    ],
    "MagneticFieldStrength": 3,
    "Manufacturer": "Siemens",
    "ManufacturersModelName": "TrioTim",
    "Modality": "MR",
    "PhaseEncodingDirection": "j-",
    "PixelBandwidth": 3005,
    "RepetitionTime": 3,
    "ScanningSequence": "EP",
    "SequenceVariant": "SK",
    "SliceThickness": 3,
    "SliceTiming": [
      0,
      1.5225,
      0.055,
      1.58,
      0.1125,
      1.635,
      0.1675,
      1.6925,
      0.225,
      1.75,
      0.28,
      1.805,
      0.3375,
      1.8625,
      0.395,
      1.9175,
      0.45,
      1.975,
      0.5075,
      2.03,
      0.5625,
      2.0875,
      0.62,
      2.145,
      0.6775,
      2.2,
      0.7325,
      2.2575,
      0.79,
      2.3125,
      0.845,
      2.37,
      0.9025,
      2.425,
      0.9575,
      2.4825,
      1.015,
      2.54,
      1.0725,
      2.595,
      1.1275,
      2.6525,
      1.185,
      2.7075,
      1.24,
      2.765,
      1.2975,
      2.82,
      1.3525,
      2.8775,
      1.41,
      2.935,
      1.4675
    ],
    "SpacingBetweenSlices": 3,
    "TaskName": "Prospection",
    "TotalReadoutTime": 0.0315,
    "dataset": "ds002835",
    "modality": "bold",
    "run_id": 3,
    "subject_id": "0217",
    "task_id": "prospection"
  },
  "dummy_trs": 0,
  "dvars_nstd": 30.45822064638891,
  "dvars_std": 1.2831610996111114,
  "dvars_vstd": 1.0487440215000006,
  "efc": 0.5453465734841388,
  "fber": 429.6579284667969,
  "fd_mean": 0.31073203343998584,
  "fd_num": 83,
  "fd_perc": 45.85635359116022,
  "fwhm_avg": 2.5743988888888887,
  "fwhm_x": 2.41189,
  "fwhm_y": 2.609506666666667,
  "fwhm_z": 2.7018,
  "gcor": 0.0389507,
  "gsr_x": 0.00024662664509378374,
  "gsr_y": 0.06378664821386337,
  "provenance": {
    "md5sum": "46d86b511363267afd9dbdafd13d179b",
    "settings": {
      "fd_thres": 0.2,
      "testing": false
    },
    "software": "mriqc",
    "version": "22.0.6",
    "webapi_port": null,
    "webapi_url": "https://mriqc.nimh.nih.gov/api/v1"
  },
  "size_t": 181,
  "size_x": 64,
  "size_y": 64,
  "size_z": 53,
  "snr": 3.292564432431328,
  "spacing_tr": 3.0,
  "spacing_x": 3.0,
  "spacing_y": 3.0,
  "spacing_z": 3.0,
  "summary_bg_k": 57.60047045891705,
  "summary_bg_mad": 7.576833479693969,
  "summary_bg_mean": 56.484161376953125,
  "summary_bg_median": 30.132596969604492,
  "summary_bg_n": 138400.0,
  "summary_bg_p05": 24.535913467407227,
  "summary_bg_p95": 172.8464118957517,
  "summary_bg_stdv": 80.61285400390625,
  "summary_fg_k": 1.7808678304654855,
  "summary_fg_mad": 174.78327333056686,
  "summary_fg_mean": 654.83203125,
  "summary_fg_median": 628.6685180664062,
  "summary_fg_n": 38043.0,
  "summary_fg_p05": 378.3342742919922,
  "summary_fg_p95": 996.8552795410156,
  "summary_fg_stdv": 190.93331909179688,
  "tsnr": 58.27388932462782
}