{
  "aor": 0.0013426519337016575,
  "aqi": 0.00298401364640884,
  "bids_meta": {
    "BandwidthPerPixelPhaseEncode": 31.25,
    "EchoTime": 0.025,
    "EffectiveEchoSpacing": 0.0005,
    "FlipAngle": 75,
    "ImageType": [
      "ORIGINAL",
      "PRIMARY",
      "M",
      "ND",
      "MOSAIC"
    ],
    "MagneticFieldStrength": 3,
    "Manufacturer": "Siemens",
    "ManufacturersModelName": "TrioTim",
    "Modality": "MR",
    "PhaseEncodingDirection": "j-",
    "PixelBandwidth": 3005,
    "RepetitionTime": 3,
    "ScanningSequence": "EP",
    "SequenceVariant": "SK",
    "SliceThickness": 3,
    "SliceTiming": [
      0,
      1.5225,
      0.055,
      1.58,
      0.1125,
      1.635,
      0.1675,
      1.6925,
      0.225,
      1.75,
      0.28,
      1.805,
      0.3375,
      1.8625,
      0.395,
      1.9175,
      0.45,
      1.975,
      0.5075,
      2.03,
      0.5625,
      2.0875,
      0.62,
      2.145,
      0.6775,
      2.2,
      0.7325,
      2.2575,
      0.79,
      2.3125,
      0.845,
      2.37,
      0.9025,
      2.425,
      0.9575,
      2.4825,
      1.015,
      2.54,
      1.0725,
      2.595,
      1.1275,
      2.6525,
      1.185,
      2.7075,
      1.24,
      2.765,
      1.2975,
      2.82,
      1.3525,
      2.8775,
      1.41,
      2.935,
      1.4675
    ],
    "SpacingBetweenSlices": 3,
    "TaskName": "Prospection",
    "TotalReadoutTime": 0.0315,
    "dataset": "ds002835",
    "modality": "bold",
    "run_id": 4,
    "subject_id": "0217",
    "task_id": "prospection"
  },
  "dummy_trs": 0,
  "dvars_nstd": 18.491025760388883,
  "dvars_std": 1.142223480277778,
  "dvars_vstd": 1.0038116206111112,
  "efc": 0.5454156537344215,
  "fber": 430.6560974121094,
  "fd_mean": 0.09310552505511897,
  "fd_num": 13,
  "fd_perc": 7.18232044198895,
  "fwhm_avg": 2.5481444444444445,
  "fwhm_x": 2.38559,
  "fwhm_y": 2.5752099999999998,
  "fwhm_z": 2.6836333333333333,
  "gcor": 0.051387,
  "gsr_x": 0.0021053319796919823,
  "gsr_y": 0.06349301338195801,
  "provenance": {
    "md5sum": "3c7579f49611d0ca030aa7f522aa2499",
    "settings": {
      "fd_thres": 0.2,
      "testing": false
    },
    "software": "mriqc",
    "version": "22.0.6",
    "webapi_port": null,
    "webapi_url": "https://mriqc.nimh.nih.gov/api/v1"
  },
  "size_t": 181,
  "size_x": 64,
  "size_y": 64,
  "size_z": 53,
  "snr": 3.2803559847038057,
  "spacing_tr": 3.0,
  "spacing_x": 3.0,
  "spacing_y": 3.0,
  "spacing_z": 3.0,
  "summary_bg_k": 64.9599480360079,
  "summary_bg_mad": 7.347481572093763,
  "summary_bg_mean": 56.13993835449219,
  "summary_bg_median": 30.07182502746582,
  "summary_bg_n": 137990.0,
  "summary_bg_p05": 24.64640998840332,
  "summary_bg_p95": 173.4972381591797,
  "summary_bg_stdv": 79.63629150390625,
  "summary_fg_k": 1.7973019279217057,
  "summary_fg_mad": 175.24604357870146,
  "summary_fg_mean": 656.4078979492188,
  "summary_fg_median": 630.165771484375,
  "summary_fg_n": 38120.0,
  "summary_fg_p05": 378.8008407592773,
  "summary_fg_p95": 999.1633148193357,
  "summary_fg_stdv": 192.100341796875,
  "tsnr": 88.42702587135136
}