{
  "aor": 0.0066158563535911605,
  "aqi": 0.004851153646408839,
  "bids_meta": {
    "BandwidthPerPixelPhaseEncode": 31.25,
    "EchoTime": 0.025,
    "EffectiveEchoSpacing": 0.0005,
    "FlipAngle": 75,
    "ImageType": [
      "ORIGINAL",
      "PRIMARY",
      "M",
      "ND",
      "MOSAIC"
    ],
    "MagneticFieldStrength": 3,
    "Manufacturer": "Siemens",
    "ManufacturersModelName": "TrioTim",
    "Modality": "MR",
    "PhaseEncodingDirection": "j-",
    "PixelBandwidth": 3005,
    "RepetitionTime": 3,
    "ScanningSequence": "EP",
    "SequenceVariant": "SK",
    "SliceThickness": 3,
    "SliceTiming": [
      0,
      1.5225,
      0.055,
      1.58,
      0.1125,
      1.635,
      0.1675,
      1.6925,
      0.225,
      1.75,
      0.28,
      1.805,
      0.3375,
      1.8625,
      0.395,
      1.9175,
      0.45,
      1.975,
      0.5075,
      2.03,
      0.5625,
      2.0875,
      0.62,
      2.145,
      0.6775,
      2.2,
      0.7325,
      2.2575,
      0.79,
      2.3125,
      0.845,
      2.37,
      0.9025,
      2.425,
      0.9575,
      2.4825,
      1.015,
      2.54,
      1.0725,
      2.595,
      1.1275,
      2.6525,
      1.185,
      2.7075,
      1.24,
      2.765,
      1.2975,
      2.82,
      1.3525,
      2.8775,
      1.41,
      2.935,
      1.4675
    ],
    "SpacingBetweenSlices": 3,
    "TaskName": "Prospection",
    "TotalReadoutTime": 0.0315,
    "dataset": "ds002835",
    "modality": "bold",
    "run_id": 2,
    "subject_id": "0217",
    "task_id": "prospection"
  },
  "dummy_trs": 0,
  "dvars_nstd": 24.94672485422224,
  "dvars_std": 1.2418101402777777,
  "dvars_vstd": 1.0217435546111102,
  "efc": 0.5440786950386722,
  "fber": 434.6719665527344,
  "fd_mean": 0.21042767538905796,
  "fd_num": 52,
  "fd_perc": 28.7292817679558,
  "fwhm_avg": 2.5658866666666666,
  "fwhm_x": 2.39516,
  "fwhm_y": 2.5908933333333333,
  "fwhm_z": 2.7116066666666665,
  "gcor": 0.0576585,
  "gsr_x": -0.0009496508864685893,
  "gsr_y": 0.06310466676950455,
  "provenance": {
    "md5sum": "3a6f1a023651bc0a06c472cd0abff8e3",
    "settings": {
      "fd_thres": 0.2,
      "testing": false
    },
    "software": "mriqc",
    "version": "22.0.6",
    "webapi_port": null,
    "webapi_url": "https://mriqc.nimh.nih.gov/api/v1"
  },
  "size_t": 181,
  "size_x": 64,
  "size_y": 64,
  "size_z": 53,
  "snr": 3.287214807164935,
  "spacing_tr": 3.0,
  "spacing_x": 3.0,
  "spacing_y": 3.0,
  "spacing_z": 3.0,
  "summary_bg_k": 63.40564972034983,
  "summary_bg_mad": 7.290141474314225,
  "summary_bg_mean": 55.72915267944336,
  "summary_bg_median": 29.944751739501953,
  "summary_bg_n": 138365.0,
  "summary_bg_p05": 24.64640998840332,
  "summary_bg_p95": 170.13149414062494,
  "summary_bg_stdv": 79.57908630371094,
  "summary_fg_k": 1.7976259228813776,
  "summary_fg_mad": 175.38114642978965,
  "summary_fg_mean": 655.554931640625,
  "summary_fg_median": 629.375732421875,
  "summary_fg_n": 38043.0,
  "summary_fg_p05": 380.6276428222656,
  "summary_fg_p95": 996.9050231933594,
  "summary_fg_stdv": 191.4591827392578,
  "tsnr": 71.08024524431676
}