{
  "bids_meta": {
    "EchoTime": 0.00311,
    "FlipAngle": 15,
    "ImageType": [
      "ORIGINAL",
      "PRIMARY",
      "M",
      "ND",
      "NORM"
    ],
    "InversionTime": 1.1,
    "MagneticFieldStrength": 3,
    "Manufacturer": "Siemens",
    "ManufacturersModelName": "TrioTim",
    "Modality": "MR",
    "RepetitionTime": 1.63,
    "ScanningSequence": "GR_IR",
    "SequenceVariant": "SP_MP",
    "SliceThickness": 1,
    "dataset": "ds002835",
    "modality": "T1w",
    "subject_id": "1068"
  },
  "cjv": 0.37791821256025143,
  "cnr": 3.510957743189869,
  "efc": 0.5986171243259533,
  "fber": 50917.31263696129,
  "fwhm_avg": 3.9264024444444448,
  "fwhm_x": 3.610464,
  "fwhm_y": 4.558293333333333,
  "fwhm_z": 3.61045,
  "icvs_csf": 0.22056956091930977,
  "icvs_gm": 0.42138677499143257,
  "icvs_wm": 0.35804366408925764,
  "inu_med": 0.31192176043987274,
  "inu_range": 0.06681284457445147,
  "provenance": {
    "md5sum": "7c45cbafa94d693d41f87e8d52bb18e5",
    "settings": {
      "testing": false
    },
    "software": "mriqc",
    "version": "22.0.6",
    "warnings": {
      "large_rot_frame": true,
      "small_air_mask": false
    },
    "webapi_port": null,
    "webapi_url": "https://mriqc.nimh.nih.gov/api/v1"
  },
  "qi_1": 0.0001652651744961043,
  "qi_2": 0.011216447162206567,
  "rpve_csf": 15.057259838315604,
  "rpve_gm": 8.055698053103272,
  "rpve_wm": 10.817024351500635,
  "size_x": 192,
  "size_y": 256,
  "size_z": 160,
  "snr_csf": 3.4692491487569197,
  "snr_gm": 16.26644689576994,
  "snr_total": 15.326782164549122,
  "snr_wm": 26.24465044912051,
  "snrd_csf": 29.111202469995312,
  "snrd_gm": 63.017832936843625,
  "snrd_total": 57.54968139161693,
  "snrd_wm": 80.52000876801185,
  "spacing_x": 0.9375,
  "spacing_y": 0.9375,
  "spacing_z": 1.0,
  "summary_bg_k": 70.07971391675174,
  "summary_bg_mad": 0.0,
  "summary_bg_mean": 4.801799774901311,
  "summary_bg_median": 0.0,
  "summary_bg_n": 2081576.0,
  "summary_bg_p05": 0.0,
  "summary_bg_p95": 20.012419728562236,
  "summary_bg_stdv": 8.136547769337692,
  "summary_csf_k": 1.8729779682017478,
  "summary_csf_mad": 73.90413064718066,
  "summary_csf_mean": 360.42286525095864,
  "summary_csf_median": 361.5501894261688,
  "summary_csf_n": 56181.0,
  "summary_csf_p05": 156.23235994018614,
  "summary_csf_p95": 530.9924399629235,
  "summary_csf_stdv": 104.21476123006559,
  "summary_gm_k": 0.11788394853541373,
  "summary_gm_mad": 47.414144973530966,
  "summary_gm_mean": 783.1562093424942,
  "summary_gm_median": 782.6577915847301,
  "summary_gm_n": 38330.0,
  "summary_gm_p05": 704.9071417069994,
  "summary_gm_p95": 862.9332805946469,
  "summary_gm_stdv": 48.11423091136123,
  "summary_wm_k": 1.2020309523168438,
  "summary_wm_mad": 34.73410443780291,
  "summary_wm_mean": 1003.4859775374555,
  "summary_wm_median": 1000.0282349269837,
  "summary_wm_n": 215121.0,
  "summary_wm_p05": 947.8943290896714,
  "summary_wm_p95": 1071.4689039438963,
  "summary_wm_stdv": 38.10399046937403,
  "tpm_overlap_csf": 0.16288979835412248,
  "tpm_overlap_gm": 0.4609146607794118,
  "tpm_overlap_wm": 0.50417158300555,
  "wm2max": 0.6340665246905673
}