{
  "aor": 0.002367182320441989,
  "aqi": 0.0026265815469613263,
  "bids_meta": {
    "BandwidthPerPixelPhaseEncode": 31.25,
    "EchoTime": 0.025,
    "EffectiveEchoSpacing": 0.0005,
    "FlipAngle": 75,
    "ImageType": [
      "ORIGINAL",
      "PRIMARY",
      "M",
      "ND",
      "MOSAIC"
    ],
    "MagneticFieldStrength": 3,
    "Manufacturer": "Siemens",
    "ManufacturersModelName": "TrioTim",
    "Modality": "MR",
    "PhaseEncodingDirection": "j-",
    "PixelBandwidth": 3005,
    "RepetitionTime": 3,
    "ScanningSequence": "EP",
    "SequenceVariant": "SK",
    "SliceThickness": 3,
    "SliceTiming": [
      0,
      1.5225,
      0.055,
      1.58,
      0.1125,
      1.635,
      0.1675,
      1.6925,
      0.225,
      1.75,
      0.28,
      1.805,
      0.3375,
      1.8625,
      0.395,
      1.9175,
      0.45,
      1.975,
      0.5075,
      2.03,
      0.5625,
      2.0875,
      0.62,
      2.145,
      0.6775,
      2.2,
      0.7325,
      2.2575,
      0.79,
      2.3125,
      0.845,
      2.37,
      0.9025,
      2.425,
      0.9575,
      2.4825,
      1.015,
      2.54,
      1.0725,
      2.595,
      1.1275,
      2.6525,
      1.185,
      2.7075,
      1.24,
      2.765,
      1.2975,
      2.82,
      1.3525,
      2.8775,
      1.41,
      2.935,
      1.4675
    ],
    "SpacingBetweenSlices": 3,
    "TaskName": "Prospection",
    "TotalReadoutTime": 0.0315,
    "dataset": "ds002835",
    "modality": "bold",
    "run_id": 3,
    "subject_id": "2026",
    "task_id": "prospection"
  },
  "dummy_trs": 0,
  "dvars_nstd": 18.729451423166665,
  "dvars_std": 1.141416361277777,
  "dvars_vstd": 1.0117008376111114,
  "efc": 0.5510570369389902,
  "fber": 375.62646484375,
  "fd_mean": 0.07703662331537557,
  "fd_num": 9,
  "fd_perc": 4.972375690607735,
  "fwhm_avg": 2.1770333333333336,
  "fwhm_x": 2.080973333333333,
  "fwhm_y": 2.114,
  "fwhm_z": 2.3361266666666665,
  "gcor": 0.0328542,
  "gsr_x": 0.010140879079699516,
  "gsr_y": 0.04272438585758209,
  "provenance": {
    "md5sum": "82b56166cd355597e9e9f79de2ffe227",
    "settings": {
      "fd_thres": 0.2,
      "testing": false
    },
    "software": "mriqc",
    "version": "22.0.6",
    "webapi_port": null,
    "webapi_url": "https://mriqc.nimh.nih.gov/api/v1"
  },
  "size_t": 181,
  "size_x": 64,
  "size_y": 64,
  "size_z": 53,
  "snr": 4.05914448359623,
  "spacing_tr": 3.0,
  "spacing_x": 3.0,
  "spacing_y": 3.0,
  "spacing_z": 3.0,
  "summary_bg_k": 27.26649999278322,
  "summary_bg_mad": 9.722920325196746,
  "summary_bg_mean": 55.072689056396484,
  "summary_bg_median": 31.61326026916504,
  "summary_bg_n": 139699.0,
  "summary_bg_p05": 24.62983512878418,
  "summary_bg_p95": 166.15139465332044,
  "summary_bg_stdv": 63.965126037597656,
  "summary_fg_k": 0.9781046201856594,
  "summary_fg_mad": 144.3857652717311,
  "summary_fg_mean": 639.8917846679688,
  "summary_fg_median": 616.4143676757812,
  "summary_fg_n": 36893.0,
  "summary_fg_p05": 435.50498657226564,
  "summary_fg_p95": 919.2442382812501,
  "summary_fg_stdv": 151.85614013671875,
  "tsnr": 84.43961480073631
}