{
  "aor": 0.0046162983425414375,
  "aqi": 0.005068934254143647,
  "bids_meta": {
    "BandwidthPerPixelPhaseEncode": 31.25,
    "EchoTime": 0.025,
    "EffectiveEchoSpacing": 0.0005,
    "FlipAngle": 75,
    "ImageType": [
      "ORIGINAL",
      "PRIMARY",
      "M",
      "ND",
      "MOSAIC"
    ],
    "MagneticFieldStrength": 3,
    "Manufacturer": "Siemens",
    "ManufacturersModelName": "TrioTim",
    "Modality": "MR",
    "PhaseEncodingDirection": "j-",
    "PixelBandwidth": 3005,
    "RepetitionTime": 3,
    "ScanningSequence": "EP",
    "SequenceVariant": "SK",
    "SliceThickness": 3,
    "SliceTiming": [
      0,
      1.5225,
      0.055,
      1.58,
      0.1125,
      1.635,
      0.1675,
      1.6925,
      0.225,
      1.75,
      0.28,
      1.805,
      0.3375,
      1.8625,
      0.395,
      1.9175,
      0.45,
      1.975,
      0.5075,
      2.03,
      0.5625,
      2.0875,
      0.62,
      2.145,
      0.6775,
      2.2,
      0.7325,
      2.2575,
      0.79,
      2.3125,
      0.845,
      2.37,
      0.9025,
      2.425,
      0.9575,
      2.4825,
      1.015,
      2.54,
      1.0725,
      2.595,
      1.1275,
      2.6525,
      1.185,
      2.7075,
      1.24,
      2.765,
      1.2975,
      2.82,
      1.3525,
      2.8775,
      1.41,
      2.935,
      1.4675
    ],
    "SpacingBetweenSlices": 3,
    "TaskName": "Prospection",
    "TotalReadoutTime": 0.0315,
    "dataset": "ds002835",
    "modality": "bold",
    "run_id": 1,
    "subject_id": "2026",
    "task_id": "prospection"
  },
  "dummy_trs": 0,
  "dvars_nstd": 18.31750245088888,
  "dvars_std": 1.072765622833333,
  "dvars_vstd": 0.9781805087222227,
  "efc": 0.5503177929767057,
  "fber": 367.7653503417969,
  "fd_mean": 0.07718615892563724,
  "fd_num": 7,
  "fd_perc": 3.867403314917127,
  "fwhm_avg": 2.1680022222222224,
  "fwhm_x": 2.0678533333333333,
  "fwhm_y": 2.1086733333333334,
  "fwhm_z": 2.32748,
  "gcor": 0.0143077,
  "gsr_x": 0.010479236021637917,
  "gsr_y": 0.04320048168301582,
  "provenance": {
    "md5sum": "efe479c9c27eb0d4138415f56b213815",
    "settings": {
      "fd_thres": 0.2,
      "testing": false
    },
    "software": "mriqc",
    "version": "22.0.6",
    "webapi_port": null,
    "webapi_url": "https://mriqc.nimh.nih.gov/api/v1"
  },
  "size_t": 181,
  "size_x": 64,
  "size_y": 64,
  "size_z": 53,
  "snr": 4.059719820350354,
  "spacing_tr": 3.0,
  "spacing_x": 3.0,
  "spacing_y": 3.0,
  "spacing_z": 3.0,
  "summary_bg_k": 27.031997605327035,
  "summary_bg_mad": 10.68128920806769,
  "summary_bg_mean": 53.56305694580078,
  "summary_bg_median": 31.6795597076416,
  "summary_bg_n": 139473.0,
  "summary_bg_p05": 22.795581817626953,
  "summary_bg_p95": 159.02431945800762,
  "summary_bg_stdv": 60.59447479248047,
  "summary_fg_k": 0.8656454930010624,
  "summary_fg_mad": 142.49360142963198,
  "summary_fg_mean": 632.5733642578125,
  "summary_fg_median": 609.762451171875,
  "summary_fg_n": 37095.0,
  "summary_fg_p05": 429.5110626220703,
  "summary_fg_p95": 908.2652587890625,
  "summary_fg_stdv": 150.19613647460938,
  "tsnr": 63.445014398079365
}