{
  "aor": 0.0035897790055248622,
  "aqi": 0.006893113535911602,
  "bids_meta": {
    "BandwidthPerPixelPhaseEncode": 31.25,
    "EchoTime": 0.025,
    "EffectiveEchoSpacing": 0.0005,
    "FlipAngle": 75,
    "ImageType": [
      "ORIGINAL",
      "PRIMARY",
      "M",
      "ND",
      "MOSAIC"
    ],
    "MagneticFieldStrength": 3,
    "Manufacturer": "Siemens",
    "ManufacturersModelName": "TrioTim",
    "Modality": "MR",
    "PhaseEncodingDirection": "j-",
    "PixelBandwidth": 3005,
    "RepetitionTime": 3,
    "ScanningSequence": "EP",
    "SequenceVariant": "SK",
    "SliceThickness": 3,
    "SliceTiming": [
      0,
      1.5225,
      0.055,
      1.58,
      0.1125,
      1.635,
      0.1675,
      1.6925,
      0.225,
      1.75,
      0.28,
      1.805,
      0.3375,
      1.8625,
      0.395,
      1.9175,
      0.45,
      1.975,
      0.5075,
      2.03,
      0.5625,
      2.0875,
      0.62,
      2.145,
      0.6775,
      2.2,
      0.7325,
      2.2575,
      0.79,
      2.3125,
      0.845,
      2.37,
      0.9025,
      2.425,
      0.9575,
      2.4825,
      1.015,
      2.54,
      1.0725,
      2.595,
      1.1275,
      2.6525,
      1.185,
      2.7075,
      1.24,
      2.765,
      1.2975,
      2.82,
      1.3525,
      2.8775,
      1.41,
      2.935,
      1.4675
    ],
    "SpacingBetweenSlices": 3,
    "TaskName": "Prospection",
    "TotalReadoutTime": 0.0315,
    "dataset": "ds002835",
    "modality": "bold",
    "run_id": 4,
    "subject_id": "1060",
    "task_id": "prospection"
  },
  "dummy_trs": 0,
  "dvars_nstd": 26.070472770111113,
  "dvars_std": 1.1945166582777782,
  "dvars_vstd": 0.9978961238333333,
  "efc": 0.5601502152669448,
  "fber": 311.357666015625,
  "fd_mean": 0.1680791678168321,
  "fd_num": 39,
  "fd_perc": 21.54696132596685,
  "fwhm_avg": 2.7401988888888886,
  "fwhm_x": 2.56039,
  "fwhm_y": 2.562393333333333,
  "fwhm_z": 3.0978133333333333,
  "gcor": 0.0515812,
  "gsr_x": 0.006234950385987759,
  "gsr_y": 0.03868537023663521,
  "provenance": {
    "md5sum": "d939990c98c29ff8c928263fed9d363b",
    "settings": {
      "fd_thres": 0.2,
      "testing": false
    },
    "software": "mriqc",
    "version": "22.0.6",
    "webapi_port": null,
    "webapi_url": "https://mriqc.nimh.nih.gov/api/v1"
  },
  "size_t": 181,
  "size_x": 64,
  "size_y": 64,
  "size_z": 53,
  "snr": 2.7802762161581724,
  "spacing_tr": 3.0,
  "spacing_x": 3.0,
  "spacing_y": 3.0,
  "spacing_z": 3.0,
  "summary_bg_k": 27.405587315422306,
  "summary_bg_mad": 16.873816163827083,
  "summary_bg_mean": 73.77839660644531,
  "summary_bg_median": 37.812156677246094,
  "summary_bg_n": 135978.0,
  "summary_bg_p05": 25.480663299560547,
  "summary_bg_p95": 237.38371124267567,
  "summary_bg_stdv": 92.89946746826172,
  "summary_fg_k": 2.919561548827952,
  "summary_fg_mad": 189.7648493006333,
  "summary_fg_mean": 727.8718872070312,
  "summary_fg_median": 672.8121948242188,
  "summary_fg_n": 38741.0,
  "summary_fg_p05": 447.70166015625,
  "summary_fg_p95": 1219.70166015625,
  "summary_fg_stdv": 241.99160766601562,
  "tsnr": 57.20845288876444
}