{
  "aor": 0.008646187845303866,
  "aqi": 0.005126756961325966,
  "bids_meta": {
    "BandwidthPerPixelPhaseEncode": 31.25,
    "EchoTime": 0.025,
    "EffectiveEchoSpacing": 0.0005,
    "FlipAngle": 75,
    "ImageType": [
      "ORIGINAL",
      "PRIMARY",
      "M",
      "ND",
      "MOSAIC"
    ],
    "MagneticFieldStrength": 3,
    "Manufacturer": "Siemens",
    "ManufacturersModelName": "TrioTim",
    "Modality": "MR",
    "PhaseEncodingDirection": "j-",
    "PixelBandwidth": 3005,
    "RepetitionTime": 3,
    "ScanningSequence": "EP",
    "SequenceVariant": "SK",
    "SliceThickness": 3,
    "SliceTiming": [
      0,
      1.5225,
      0.055,
      1.58,
      0.1125,
      1.635,
      0.1675,
      1.6925,
      0.225,
      1.75,
      0.28,
      1.805,
      0.3375,
      1.8625,
      0.395,
      1.9175,
      0.45,
      1.975,
      0.5075,
      2.03,
      0.5625,
      2.0875,
      0.62,
      2.145,
      0.6775,
      2.2,
      0.7325,
      2.2575,
      0.79,
      2.3125,
      0.845,
      2.37,
      0.9025,
      2.425,
      0.9575,
      2.4825,
      1.015,
      2.54,
      1.0725,
      2.595,
      1.1275,
      2.6525,
      1.185,
      2.7075,
      1.24,
      2.765,
      1.2975,
      2.82,
      1.3525,
      2.8775,
      1.41,
      2.935,
      1.4675
    ],
    "SpacingBetweenSlices": 3,
    "TaskName": "Prospection",
    "TotalReadoutTime": 0.0315,
    "dataset": "ds002835",
    "modality": "bold",
    "run_id": 1,
    "subject_id": "1060",
    "task_id": "prospection"
  },
  "dummy_trs": 0,
  "dvars_nstd": 22.160373004166665,
  "dvars_std": 1.1778306995000003,
  "dvars_vstd": 1.0270924771111114,
  "efc": 0.5563726769139852,
  "fber": 326.2873229980469,
  "fd_mean": 0.1010429633775549,
  "fd_num": 14,
  "fd_perc": 7.734806629834254,
  "fwhm_avg": 2.8272111111111116,
  "fwhm_x": 2.6961733333333338,
  "fwhm_y": 2.651333333333333,
  "fwhm_z": 3.134126666666667,
  "gcor": 0.0215379,
  "gsr_x": 0.0061225867830216885,
  "gsr_y": 0.04242109879851341,
  "provenance": {
    "md5sum": "998680c6dab07e31b5c34dd64b1c5d5f",
    "settings": {
      "fd_thres": 0.2,
      "testing": false
    },
    "software": "mriqc",
    "version": "22.0.6",
    "webapi_port": null,
    "webapi_url": "https://mriqc.nimh.nih.gov/api/v1"
  },
  "size_t": 181,
  "size_x": 64,
  "size_y": 64,
  "size_z": 53,
  "snr": 2.575179140831072,
  "spacing_tr": 3.0,
  "spacing_x": 3.0,
  "spacing_y": 3.0,
  "spacing_z": 3.0,
  "summary_bg_k": 27.312032072159752,
  "summary_bg_mad": 15.325681597047922,
  "summary_bg_mean": 72.45838165283203,
  "summary_bg_median": 36.856353759765625,
  "summary_bg_n": 135003.0,
  "summary_bg_p05": 25.95580291748047,
  "summary_bg_p95": 238.3259735107422,
  "summary_bg_stdv": 93.16545104980469,
  "summary_fg_k": 4.005488298605492,
  "summary_fg_mad": 200.83934673753893,
  "summary_fg_mean": 732.56982421875,
  "summary_fg_median": 673.6629638671875,
  "summary_fg_n": 39256.0,
  "summary_fg_p05": 437.76383209228516,
  "summary_fg_p95": 1264.8177490234375,
  "summary_fg_stdv": 261.59515380859375,
  "tsnr": 59.07996961264871
}