{
  "aor": 0.00408180790960452,
  "aqi": 0.007544137853107345,
  "bids_meta": {
    "BandwidthPerPixelPhaseEncode": 31.25,
    "EchoTime": 0.025,
    "EffectiveEchoSpacing": 0.0005,
    "FlipAngle": 75,
    "ImageType": [
      "ORIGINAL",
      "PRIMARY",
      "M",
      "ND",
      "MOSAIC"
    ],
    "MagneticFieldStrength": 3,
    "Manufacturer": "Siemens",
    "ManufacturersModelName": "TrioTim",
    "Modality": "MR",
    "PhaseEncodingDirection": "j-",
    "PixelBandwidth": 3005,
    "RepetitionTime": 3,
    "ScanningSequence": "EP",
    "SequenceVariant": "SK",
    "SliceThickness": 3,
    "SliceTiming": [
      0,
      1.5225,
      0.055,
      1.58,
      0.1125,
      1.635,
      0.1675,
      1.6925,
      0.225,
      1.75,
      0.28,
      1.805,
      0.3375,
      1.8625,
      0.395,
      1.9175,
      0.45,
      1.975,
      0.5075,
      2.03,
      0.5625,
      2.0875,
      0.62,
      2.145,
      0.6775,
      2.2,
      0.7325,
      2.2575,
      0.79,
      2.3125,
      0.845,
      2.37,
      0.9025,
      2.425,
      0.9575,
      2.4825,
      1.015,
      2.54,
      1.0725,
      2.595,
      1.1275,
      2.6525,
      1.185,
      2.7075,
      1.24,
      2.765,
      1.2975,
      2.82,
      1.3525,
      2.8775,
      1.41,
      2.935,
      1.4675
    ],
    "SpacingBetweenSlices": 3,
    "TaskName": "Prospection",
    "TotalReadoutTime": 0.0315,
    "dataset": "ds002835",
    "modality": "bold",
    "run_id": 4,
    "subject_id": "1067",
    "task_id": "prospection"
  },
  "dummy_trs": 4,
  "dvars_nstd": 27.02430880607957,
  "dvars_std": 1.131924859204545,
  "dvars_vstd": 0.9594311206250002,
  "efc": 0.5498286451057224,
  "fber": 462.0263366699219,
  "fd_mean": 0.24332186651749063,
  "fd_num": 73,
  "fd_perc": 41.24293785310734,
  "fwhm_avg": 2.5875555555555554,
  "fwhm_x": 2.49003,
  "fwhm_y": 2.5174,
  "fwhm_z": 2.755236666666667,
  "gcor": 0.0457966,
  "gsr_x": -0.010929546318948269,
  "gsr_y": 0.046077292412519455,
  "provenance": {
    "md5sum": "df476e9a59fa1beb12899622df59a047",
    "settings": {
      "fd_thres": 0.2,
      "testing": false
    },
    "software": "mriqc",
    "version": "22.0.6",
    "webapi_port": null,
    "webapi_url": "https://mriqc.nimh.nih.gov/api/v1"
  },
  "size_t": 177,
  "size_x": 64,
  "size_y": 64,
  "size_z": 53,
  "snr": 3.1989353342858227,
  "spacing_tr": 3.0,
  "spacing_x": 3.0,
  "spacing_y": 3.0,
  "spacing_z": 3.0,
  "summary_bg_k": 14.381154984621098,
  "summary_bg_mad": 12.103731972997227,
  "summary_bg_mean": 71.07101440429688,
  "summary_bg_median": 33.819210052490234,
  "summary_bg_n": 137358.0,
  "summary_bg_p05": 24.378530502319336,
  "summary_bg_p95": 266.88473968505843,
  "summary_bg_stdv": 90.55286407470703,
  "summary_fg_k": 1.1375897828050237,
  "summary_fg_mad": 211.77756494220156,
  "summary_fg_mean": 772.2944946289062,
  "summary_fg_median": 732.322021484375,
  "summary_fg_n": 37963.0,
  "summary_fg_p05": 471.2158203125,
  "summary_fg_p95": 1201.3661132812501,
  "summary_fg_stdv": 228.9237823486328,
  "tsnr": 50.41336795943789
}