{
  "aor": 0.0057775138121546965,
  "aqi": 0.004125377071823205,
  "bids_meta": {
    "BandwidthPerPixelPhaseEncode": 31.25,
    "EchoTime": 0.025,
    "EffectiveEchoSpacing": 0.0005,
    "FlipAngle": 75,
    "ImageType": [
      "ORIGINAL",
      "PRIMARY",
      "M",
      "ND",
      "MOSAIC"
    ],
    "MagneticFieldStrength": 3,
    "Manufacturer": "Siemens",
    "ManufacturersModelName": "TrioTim",
    "Modality": "MR",
    "PhaseEncodingDirection": "j-",
    "PixelBandwidth": 3005,
    "RepetitionTime": 3,
    "ScanningSequence": "EP",
    "SequenceVariant": "SK",
    "SliceThickness": 3,
    "SliceTiming": [
      0,
      1.5225,
      0.055,
      1.58,
      0.1125,
      1.635,
      0.1675,
      1.6925,
      0.225,
      1.75,
      0.28,
      1.805,
      0.3375,
      1.8625,
      0.395,
      1.9175,
      0.45,
      1.975,
      0.5075,
      2.03,
      0.5625,
      2.0875,
      0.62,
      2.145,
      0.6775,
      2.2,
      0.7325,
      2.2575,
      0.79,
      2.3125,
      0.845,
      2.37,
      0.9025,
      2.425,
      0.9575,
      2.4825,
      1.015,
      2.54,
      1.0725,
      2.595,
      1.1275,
      2.6525,
      1.185,
      2.7075,
      1.24,
      2.765,
      1.2975,
      2.82,
      1.3525,
      2.8775,
      1.41,
      2.935,
      1.4675
    ],
    "SpacingBetweenSlices": 3,
    "TaskName": "Prospection",
    "TotalReadoutTime": 0.0315,
    "dataset": "ds002835",
    "modality": "bold",
    "run_id": 2,
    "subject_id": "1067",
    "task_id": "prospection"
  },
  "dummy_trs": 0,
  "dvars_nstd": 25.82149960194444,
  "dvars_std": 1.3822997562222221,
  "dvars_vstd": 1.0531435311111113,
  "efc": 0.54716645429992,
  "fber": 483.4380187988281,
  "fd_mean": 0.1497023701585222,
  "fd_num": 39,
  "fd_perc": 21.54696132596685,
  "fwhm_avg": 2.6067222222222224,
  "fwhm_x": 2.5200833333333335,
  "fwhm_y": 2.51772,
  "fwhm_z": 2.782363333333333,
  "gcor": 0.097526,
  "gsr_x": -0.010923126712441444,
  "gsr_y": 0.05020515248179436,
  "provenance": {
    "md5sum": "4cde4a597e82eb120160da7995f5a692",
    "settings": {
      "fd_thres": 0.2,
      "testing": false
    },
    "software": "mriqc",
    "version": "22.0.6",
    "webapi_port": null,
    "webapi_url": "https://mriqc.nimh.nih.gov/api/v1"
  },
  "size_t": 181,
  "size_x": 64,
  "size_y": 64,
  "size_z": 53,
  "snr": 3.1667174082600957,
  "spacing_tr": 3.0,
  "spacing_x": 3.0,
  "spacing_y": 3.0,
  "spacing_z": 3.0,
  "summary_bg_k": 15.831394551387568,
  "summary_bg_mad": 9.853982193904555,
  "summary_bg_mean": 66.80587768554688,
  "summary_bg_median": 32.314918518066406,
  "summary_bg_n": 136605.0,
  "summary_bg_p05": 25.110498428344727,
  "summary_bg_p95": 248.60221862792937,
  "summary_bg_stdv": 85.05886840820312,
  "summary_fg_k": 1.175476164440692,
  "summary_fg_mad": 211.03739496867456,
  "summary_fg_mean": 763.1644897460938,
  "summary_fg_median": 722.39501953125,
  "summary_fg_n": 38216.0,
  "summary_fg_p05": 463.40748596191406,
  "summary_fg_p95": 1196.3978271484375,
  "summary_fg_stdv": 228.11810302734375,
  "tsnr": 65.07860277057625
}