{
  "aor": 0.005408453038674033,
  "aqi": 0.0055031019337016575,
  "bids_meta": {
    "BandwidthPerPixelPhaseEncode": 31.25,
    "EchoTime": 0.025,
    "EffectiveEchoSpacing": 0.0005,
    "FlipAngle": 75,
    "ImageType": [
      "ORIGINAL",
      "PRIMARY",
      "M",
      "ND",
      "MOSAIC"
    ],
    "MagneticFieldStrength": 3,
    "Manufacturer": "Siemens",
    "ManufacturersModelName": "TrioTim",
    "Modality": "MR",
    "PhaseEncodingDirection": "j-",
    "PixelBandwidth": 3005,
    "RepetitionTime": 3,
    "ScanningSequence": "EP",
    "SequenceVariant": "SK",
    "SliceThickness": 3,
    "SliceTiming": [
      0,
      1.5225,
      0.055,
      1.58,
      0.1125,
      1.635,
      0.1675,
      1.6925,
      0.225,
      1.75,
      0.28,
      1.805,
      0.3375,
      1.8625,
      0.395,
      1.9175,
      0.45,
      1.975,
      0.5075,
      2.03,
      0.5625,
      2.0875,
      0.62,
      2.145,
      0.6775,
      2.2,
      0.7325,
      2.2575,
      0.79,
      2.3125,
      0.845,
      2.37,
      0.9025,
      2.425,
      0.9575,
      2.4825,
      1.015,
      2.54,
      1.0725,
      2.595,
      1.1275,
      2.6525,
      1.185,
      2.7075,
      1.24,
      2.765,
      1.2975,
      2.82,
      1.3525,
      2.8775,
      1.41,
      2.935,
      1.4675
    ],
    "SpacingBetweenSlices": 3,
    "TaskName": "Prospection",
    "TotalReadoutTime": 0.0315,
    "dataset": "ds002835",
    "modality": "bold",
    "run_id": 1,
    "subject_id": "1067",
    "task_id": "prospection"
  },
  "dummy_trs": 0,
  "dvars_nstd": 26.585859823333333,
  "dvars_std": 1.2378396276666666,
  "dvars_vstd": 1.005320728722222,
  "efc": 0.5445161180062031,
  "fber": 479.5230407714844,
  "fd_mean": 0.18807204429596014,
  "fd_num": 50,
  "fd_perc": 27.624309392265193,
  "fwhm_avg": 2.658788888888889,
  "fwhm_x": 2.5656133333333333,
  "fwhm_y": 2.5892433333333336,
  "fwhm_z": 2.82151,
  "gcor": 0.0743866,
  "gsr_x": -0.00971090979874134,
  "gsr_y": 0.04870102182030678,
  "provenance": {
    "md5sum": "cd50a77a836689ae3aaa3a7ac4e1a4a4",
    "settings": {
      "fd_thres": 0.2,
      "testing": false
    },
    "software": "mriqc",
    "version": "22.0.6",
    "webapi_port": null,
    "webapi_url": "https://mriqc.nimh.nih.gov/api/v1"
  },
  "size_t": 181,
  "size_x": 64,
  "size_y": 64,
  "size_z": 53,
  "snr": 3.0842655384548445,
  "spacing_tr": 3.0,
  "spacing_x": 3.0,
  "spacing_y": 3.0,
  "spacing_z": 3.0,
  "summary_bg_k": 15.052123866166898,
  "summary_bg_mad": 11.008936810238923,
  "summary_bg_mean": 67.10527038574219,
  "summary_bg_median": 32.83425521850586,
  "summary_bg_n": 137109.0,
  "summary_bg_p05": 24.187847137451172,
  "summary_bg_p95": 251.2044219970703,
  "summary_bg_stdv": 84.92321014404297,
  "summary_fg_k": 1.277849567841705,
  "summary_fg_mad": 215.9602333835935,
  "summary_fg_mean": 770.8746948242188,
  "summary_fg_median": 726.9862060546875,
  "summary_fg_n": 38320.0,
  "summary_fg_p05": 462.9386871337891,
  "summary_fg_p95": 1213.679296874998,
  "summary_fg_stdv": 235.70497131347656,
  "tsnr": 55.88918970013037
}