{
  "bids_meta": {
    "EchoTime": 0.00311,
    "FlipAngle": 15,
    "ImageType": [
      "ORIGINAL",
      "PRIMARY",
      "M",
      "ND",
      "NORM"
    ],
    "InversionTime": 1.1,
    "MagneticFieldStrength": 3,
    "Manufacturer": "Siemens",
    "ManufacturersModelName": "TrioTim",
    "Modality": "MR",
    "RepetitionTime": 1.63,
    "ScanningSequence": "GR_IR",
    "SequenceVariant": "SP_MP",
    "SliceThickness": 1,
    "dataset": "ds002835",
    "modality": "T1w",
    "subject_id": "1052"
  },
  "cjv": 0.38172934043501383,
  "cnr": 3.517510191579742,
  "efc": 0.5860481036135496,
  "fber": 56718.98542997085,
  "fwhm_avg": 3.9006773333333338,
  "fwhm_x": 3.5846293333333334,
  "fwhm_y": 4.380362666666667,
  "fwhm_z": 3.73704,
  "icvs_csf": 0.197259401617917,
  "icvs_gm": 0.4230335615941843,
  "icvs_wm": 0.3797070367878987,
  "inu_med": 0.2846495509147644,
  "inu_range": 0.06407903432846065,
  "provenance": {
    "md5sum": "1424b5a6cabbad3a9f1c2514f335b597",
    "settings": {
      "testing": false
    },
    "software": "mriqc",
    "version": "22.0.6",
    "warnings": {
      "large_rot_frame": true,
      "small_air_mask": false
    },
    "webapi_port": null,
    "webapi_url": "https://mriqc.nimh.nih.gov/api/v1"
  },
  "qi_1": 0.0007037501125421982,
  "qi_2": 0.009372574202294589,
  "rpve_csf": 14.84696166667303,
  "rpve_gm": 7.163047048963997,
  "rpve_wm": 9.242002510043747,
  "size_x": 192,
  "size_y": 256,
  "size_z": 160,
  "snr_csf": 3.037747872889904,
  "snr_gm": 16.084992563532975,
  "snr_total": 14.959355429157048,
  "snr_wm": 25.75532585104826,
  "snrd_csf": 61.96421692247765,
  "snrd_gm": 141.4199920781026,
  "snrd_total": 128.20580088662788,
  "snrd_wm": 181.2331936593034,
  "spacing_x": 0.9375,
  "spacing_y": 0.9375,
  "spacing_z": 1.0,
  "summary_bg_k": 18.280056086078016,
  "summary_bg_mad": 3.615055401706283,
  "summary_bg_mean": 3.852314141314112,
  "summary_bg_median": 2.4383178148418665,
  "summary_bg_n": 2207226.0,
  "summary_bg_p05": 0.0,
  "summary_bg_p95": 15.01617505773902,
  "summary_bg_stdv": 6.28401084122727,
  "summary_csf_k": 4.982904803021609,
  "summary_csf_mad": 76.30988234096827,
  "summary_csf_mean": 338.91509174596723,
  "summary_csf_median": 341.91975457035005,
  "summary_csf_n": 49257.0,
  "summary_csf_p05": 128.30862893387675,
  "summary_csf_p95": 519.8445297721773,
  "summary_csf_stdv": 112.55584666222569,
  "summary_gm_k": 0.036204045912731964,
  "summary_gm_mad": 48.892729492383985,
  "summary_gm_mean": 780.2375116414589,
  "summary_gm_median": 780.3582677915692,
  "summary_gm_n": 35692.0,
  "summary_gm_p05": 700.2076227888465,
  "summary_gm_p95": 858.8407171407713,
  "summary_gm_stdv": 48.51400041346263,
  "summary_wm_k": 1.096884934638755,
  "summary_wm_mad": 34.96939730165384,
  "summary_wm_mean": 1003.5047136441223,
  "summary_wm_median": 1000.0482887327671,
  "summary_wm_n": 246524.0,
  "summary_wm_p05": 946.3328715246171,
  "summary_wm_p95": 1072.8115550093353,
  "summary_wm_stdv": 38.82871706676444,
  "tpm_overlap_csf": 0.1714857499254291,
  "tpm_overlap_gm": 0.4629551081883291,
  "tpm_overlap_wm": 0.5104661549149744,
  "wm2max": 0.7995855296367534
}