{
  "aor": 0.0029548618784530386,
  "aqi": 0.011559276961325965,
  "bids_meta": {
    "BandwidthPerPixelPhaseEncode": 31.25,
    "EchoTime": 0.025,
    "EffectiveEchoSpacing": 0.0005,
    "FlipAngle": 75,
    "ImageType": [
      "ORIGINAL",
      "PRIMARY",
      "M",
      "ND",
      "MOSAIC"
    ],
    "MagneticFieldStrength": 3,
    "Manufacturer": "Siemens",
    "ManufacturersModelName": "TrioTim",
    "Modality": "MR",
    "PhaseEncodingDirection": "j-",
    "PixelBandwidth": 3005,
    "RepetitionTime": 3,
    "ScanningSequence": "EP",
    "SequenceVariant": "SK",
    "SliceThickness": 3,
    "SliceTiming": [
      0,
      1.5225,
      0.055,
      1.58,
      0.1125,
      1.635,
      0.1675,
      1.6925,
      0.225,
      1.75,
      0.28,
      1.805,
      0.3375,
      1.8625,
      0.395,
      1.9175,
      0.45,
      1.975,
      0.5075,
      2.03,
      0.5625,
      2.0875,
      0.62,
      2.145,
      0.6775,
      2.2,
      0.7325,
      2.2575,
      0.79,
      2.3125,
      0.845,
      2.37,
      0.9025,
      2.425,
      0.9575,
      2.4825,
      1.015,
      2.54,
      1.0725,
      2.595,
      1.1275,
      2.6525,
      1.185,
      2.7075,
      1.24,
      2.765,
      1.2975,
      2.82,
      1.3525,
      2.8775,
      1.41,
      2.935,
      1.4675
    ],
    "SpacingBetweenSlices": 3,
    "TaskName": "Prospection",
    "TotalReadoutTime": 0.0315,
    "dataset": "ds002835",
    "modality": "bold",
    "run_id": 4,
    "subject_id": "2124",
    "task_id": "prospection"
  },
  "dummy_trs": 0,
  "dvars_nstd": 29.132417721055553,
  "dvars_std": 1.1651579437222213,
  "dvars_vstd": 0.9426777969444451,
  "efc": 0.6081240611290178,
  "fber": 203.25550842285156,
  "fd_mean": 0.21932803601889167,
  "fd_num": 67,
  "fd_perc": 37.01657458563536,
  "fwhm_avg": 2.8097165867534457,
  "fwhm_x": 2.708296666666667,
  "fwhm_y": 2.7042300000000004,
  "fwhm_z": 3.0166230935936698,
  "gcor": 0.0138963,
  "gsr_x": -0.00010592078615445644,
  "gsr_y": 0.11242526769638062,
  "provenance": {
    "md5sum": "96a683071512bfc41b659e79d71d2841",
    "settings": {
      "fd_thres": 0.2,
      "testing": false
    },
    "software": "mriqc",
    "version": "22.0.6",
    "webapi_port": null,
    "webapi_url": "https://mriqc.nimh.nih.gov/api/v1"
  },
  "size_t": 181,
  "size_x": 64,
  "size_y": 64,
  "size_z": 53,
  "snr": 2.4637308247621754,
  "spacing_tr": 3.0,
  "spacing_x": 3.0,
  "spacing_y": 3.0,
  "spacing_z": 3.000000238418579,
  "summary_bg_k": 17.166080356631852,
  "summary_bg_mad": 28.34145678926642,
  "summary_bg_mean": 111.9610824584961,
  "summary_bg_median": 50.64088439941406,
  "summary_bg_n": 125500.0,
  "summary_bg_p05": 29.56353759765625,
  "summary_bg_p95": 389.69006195068243,
  "summary_bg_stdv": 142.62249755859375,
  "summary_fg_k": 3.3672420560050433,
  "summary_fg_mad": 232.19515298326274,
  "summary_fg_mean": 808.8272094726562,
  "summary_fg_median": 739.3177490234375,
  "summary_fg_n": 46338.0,
  "summary_fg_p05": 464.7986312866211,
  "summary_fg_p95": 1415.5652465820312,
  "summary_fg_stdv": 300.07733154296875,
  "tsnr": 45.46732970396988
}