{
  "aor": 0.009131436464088398,
  "aqi": 0.011440520828729282,
  "bids_meta": {
    "BandwidthPerPixelPhaseEncode": 31.25,
    "EchoTime": 0.025,
    "EffectiveEchoSpacing": 0.0005,
    "FlipAngle": 75,
    "ImageType": [
      "ORIGINAL",
      "PRIMARY",
      "M",
      "ND",
      "MOSAIC"
    ],
    "MagneticFieldStrength": 3,
    "Manufacturer": "Siemens",
    "ManufacturersModelName": "TrioTim",
    "Modality": "MR",
    "PhaseEncodingDirection": "j-",
    "PixelBandwidth": 3005,
    "RepetitionTime": 3,
    "ScanningSequence": "EP",
    "SequenceVariant": "SK",
    "SliceThickness": 3,
    "SliceTiming": [
      0,
      1.5225,
      0.055,
      1.58,
      0.1125,
      1.635,
      0.1675,
      1.6925,
      0.225,
      1.75,
      0.28,
      1.805,
      0.3375,
      1.8625,
      0.395,
      1.9175,
      0.45,
      1.975,
      0.5075,
      2.03,
      0.5625,
      2.0875,
      0.62,
      2.145,
      0.6775,
      2.2,
      0.7325,
      2.2575,
      0.79,
      2.3125,
      0.845,
      2.37,
      0.9025,
      2.425,
      0.9575,
      2.4825,
      1.015,
      2.54,
      1.0725,
      2.595,
      1.1275,
      2.6525,
      1.185,
      2.7075,
      1.24,
      2.765,
      1.2975,
      2.82,
      1.3525,
      2.8775,
      1.41,
      2.935,
      1.4675
    ],
    "SpacingBetweenSlices": 3,
    "TaskName": "Prospection",
    "TotalReadoutTime": 0.0315,
    "dataset": "ds002835",
    "modality": "bold",
    "run_id": 3,
    "subject_id": "2124",
    "task_id": "prospection"
  },
  "dummy_trs": 0,
  "dvars_nstd": 31.76480907311112,
  "dvars_std": 1.2897843396666664,
  "dvars_vstd": 1.0456638082222225,
  "efc": 0.6070882837960753,
  "fber": 214.64022827148438,
  "fd_mean": 0.26052246170239596,
  "fd_num": 89,
  "fd_perc": 49.171270718232044,
  "fwhm_avg": 2.7395677004905163,
  "fwhm_x": 2.63631,
  "fwhm_y": 2.664896666666667,
  "fwhm_z": 2.9174964348048817,
  "gcor": 0.0166549,
  "gsr_x": 0.0008387472480535507,
  "gsr_y": 0.11177405714988708,
  "provenance": {
    "md5sum": "956b55d78a8342d03b32c5cf70db0906",
    "settings": {
      "fd_thres": 0.2,
      "testing": false
    },
    "software": "mriqc",
    "version": "22.0.6",
    "webapi_port": null,
    "webapi_url": "https://mriqc.nimh.nih.gov/api/v1"
  },
  "size_t": 181,
  "size_x": 64,
  "size_y": 64,
  "size_z": 53,
  "snr": 2.5631842018903117,
  "spacing_tr": 3.0,
  "spacing_x": 3.0,
  "spacing_y": 3.0,
  "spacing_z": 3.000000238418579,
  "summary_bg_k": 15.452665444314938,
  "summary_bg_mad": 29.308015094792072,
  "summary_bg_mean": 111.94416046142578,
  "summary_bg_median": 50.585636138916016,
  "summary_bg_n": 126022.0,
  "summary_bg_p05": 28.088397979736328,
  "summary_bg_p95": 389.0489151000976,
  "summary_bg_stdv": 141.67564392089844,
  "summary_fg_k": 2.9836579222838466,
  "summary_fg_mad": 227.8988732695726,
  "summary_fg_mean": 801.9989013671875,
  "summary_fg_median": 736.6519775390625,
  "summary_fg_n": 46328.0,
  "summary_fg_p05": 468.6729476928711,
  "summary_fg_p95": 1375.3798339843752,
  "summary_fg_stdv": 287.39410400390625,
  "tsnr": 44.263995276996866
}