{
  "aor": 0.004160939226519337,
  "aqi": 0.012660450662983427,
  "bids_meta": {
    "BandwidthPerPixelPhaseEncode": 31.25,
    "EchoTime": 0.025,
    "EffectiveEchoSpacing": 0.0005,
    "FlipAngle": 75,
    "ImageType": [
      "ORIGINAL",
      "PRIMARY",
      "M",
      "ND",
      "MOSAIC"
    ],
    "MagneticFieldStrength": 3,
    "Manufacturer": "Siemens",
    "ManufacturersModelName": "TrioTim",
    "Modality": "MR",
    "PhaseEncodingDirection": "j-",
    "PixelBandwidth": 3005,
    "RepetitionTime": 3,
    "ScanningSequence": "EP",
    "SequenceVariant": "SK",
    "SliceThickness": 3,
    "SliceTiming": [
      0,
      1.5225,
      0.055,
      1.58,
      0.1125,
      1.635,
      0.1675,
      1.6925,
      0.225,
      1.75,
      0.28,
      1.805,
      0.3375,
      1.8625,
      0.395,
      1.9175,
      0.45,
      1.975,
      0.5075,
      2.03,
      0.5625,
      2.0875,
      0.62,
      2.145,
      0.6775,
      2.2,
      0.7325,
      2.2575,
      0.79,
      2.3125,
      0.845,
      2.37,
      0.9025,
      2.425,
      0.9575,
      2.4825,
      1.015,
      2.54,
      1.0725,
      2.595,
      1.1275,
      2.6525,
      1.185,
      2.7075,
      1.24,
      2.765,
      1.2975,
      2.82,
      1.3525,
      2.8775,
      1.41,
      2.935,
      1.4675
    ],
    "SpacingBetweenSlices": 3,
    "TaskName": "Prospection",
    "TotalReadoutTime": 0.0315,
    "dataset": "ds002835",
    "modality": "bold",
    "run_id": 1,
    "subject_id": "2124",
    "task_id": "prospection"
  },
  "dummy_trs": 0,
  "dvars_nstd": 28.245637082722233,
  "dvars_std": 1.1507532121111115,
  "dvars_vstd": 0.9412723383888886,
  "efc": 0.6040216750312104,
  "fber": 218.6226348876953,
  "fd_mean": 0.20450905241590853,
  "fd_num": 62,
  "fd_perc": 34.25414364640884,
  "fwhm_avg": 2.7841576980952922,
  "fwhm_x": 2.6638966666666666,
  "fwhm_y": 2.6806633333333334,
  "fwhm_z": 3.007913094285878,
  "gcor": 0.0146712,
  "gsr_x": -0.0023698031436651945,
  "gsr_y": 0.10619339346885681,
  "provenance": {
    "md5sum": "9dd1fde7b70a09e99326fc5b84dec27e",
    "settings": {
      "fd_thres": 0.2,
      "testing": false
    },
    "software": "mriqc",
    "version": "22.0.6",
    "webapi_port": null,
    "webapi_url": "https://mriqc.nimh.nih.gov/api/v1"
  },
  "size_t": 181,
  "size_x": 64,
  "size_y": 64,
  "size_z": 53,
  "snr": 2.512640106412153,
  "spacing_tr": 3.0,
  "spacing_x": 3.0,
  "spacing_y": 3.0,
  "spacing_z": 3.000000238418579,
  "summary_bg_k": 16.6244137321812,
  "summary_bg_mad": 25.867725169431722,
  "summary_bg_mean": 104.47514343261719,
  "summary_bg_median": 48.18232345581055,
  "summary_bg_n": 125625.0,
  "summary_bg_p05": 28.922653198242188,
  "summary_bg_p95": 360.9823242187499,
  "summary_bg_stdv": 131.12701416015625,
  "summary_fg_k": 3.101906399839116,
  "summary_fg_mad": 227.15761740574882,
  "summary_fg_mean": 792.6744384765625,
  "summary_fg_median": 726.0911865234375,
  "summary_fg_n": 46420.0,
  "summary_fg_p05": 458.6958602905273,
  "summary_fg_p95": 1372.63706665039,
  "summary_fg_stdv": 288.9722900390625,
  "tsnr": 41.599659971892834
}