{
  "aor": 0.00231646408839779,
  "aqi": 0.010053667955801105,
  "bids_meta": {
    "BandwidthPerPixelPhaseEncode": 31.25,
    "EchoTime": 0.025,
    "EffectiveEchoSpacing": 0.0005,
    "FlipAngle": 75,
    "ImageType": [
      "ORIGINAL",
      "PRIMARY",
      "M",
      "ND",
      "MOSAIC"
    ],
    "MagneticFieldStrength": 3,
    "Manufacturer": "Siemens",
    "ManufacturersModelName": "TrioTim",
    "Modality": "MR",
    "PhaseEncodingDirection": "j-",
    "PixelBandwidth": 3005,
    "RepetitionTime": 3,
    "ScanningSequence": "EP",
    "SequenceVariant": "SK",
    "SliceThickness": 3,
    "SliceTiming": [
      0,
      1.5225,
      0.055,
      1.58,
      0.1125,
      1.635,
      0.1675,
      1.6925,
      0.225,
      1.75,
      0.28,
      1.805,
      0.3375,
      1.8625,
      0.395,
      1.9175,
      0.45,
      1.975,
      0.5075,
      2.03,
      0.5625,
      2.0875,
      0.62,
      2.145,
      0.6775,
      2.2,
      0.7325,
      2.2575,
      0.79,
      2.3125,
      0.845,
      2.37,
      0.9025,
      2.425,
      0.9575,
      2.4825,
      1.015,
      2.54,
      1.0725,
      2.595,
      1.1275,
      2.6525,
      1.185,
      2.7075,
      1.24,
      2.765,
      1.2975,
      2.82,
      1.3525,
      2.8775,
      1.41,
      2.935,
      1.4675
    ],
    "SpacingBetweenSlices": 3,
    "TaskName": "Prospection",
    "TotalReadoutTime": 0.0315,
    "dataset": "ds002835",
    "modality": "bold",
    "run_id": 2,
    "subject_id": "2124",
    "task_id": "prospection"
  },
  "dummy_trs": 0,
  "dvars_nstd": 35.409891605500015,
  "dvars_std": 1.2837190076111107,
  "dvars_vstd": 0.9707438623888897,
  "efc": 0.6077349943366849,
  "fber": 215.85707092285156,
  "fd_mean": 0.30887208253083415,
  "fd_num": 113,
  "fd_perc": 62.430939226519335,
  "fwhm_avg": 2.7520088102364606,
  "fwhm_x": 2.6376866666666667,
  "fwhm_y": 2.6493100000000003,
  "fwhm_z": 2.9690297640427143,
  "gcor": 0.0251847,
  "gsr_x": -0.0026677134446799755,
  "gsr_y": 0.10474955290555954,
  "provenance": {
    "md5sum": "1703bba313ab64014b42c513bc852e73",
    "settings": {
      "fd_thres": 0.2,
      "testing": false
    },
    "software": "mriqc",
    "version": "22.0.6",
    "webapi_port": null,
    "webapi_url": "https://mriqc.nimh.nih.gov/api/v1"
  },
  "size_t": 181,
  "size_x": 64,
  "size_y": 64,
  "size_z": 53,
  "snr": 2.576768912022514,
  "spacing_tr": 3.0,
  "spacing_x": 3.0,
  "spacing_y": 3.0,
  "spacing_z": 3.000000238418579,
  "summary_bg_k": 15.300977832897676,
  "summary_bg_mad": 27.563294794549485,
  "summary_bg_mean": 109.48602294921875,
  "summary_bg_median": 49.281768798828125,
  "summary_bg_n": 125935.0,
  "summary_bg_p05": 28.823205947875977,
  "summary_bg_p95": 381.58179626464835,
  "summary_bg_stdv": 138.35340881347656,
  "summary_fg_k": 2.9080727603190386,
  "summary_fg_mad": 226.86275294475027,
  "summary_fg_mean": 796.874267578125,
  "summary_fg_median": 732.6022338867188,
  "summary_fg_n": 46296.0,
  "summary_fg_p05": 465.37984466552734,
  "summary_fg_p95": 1366.2983703613281,
  "summary_fg_stdv": 284.3073425292969,
  "tsnr": 47.264200382400304
}