{
  "bids_meta": {
    "EchoTime": 0.00311,
    "FlipAngle": 15,
    "ImageType": [
      "ORIGINAL",
      "PRIMARY",
      "M",
      "ND",
      "NORM"
    ],
    "InversionTime": 1.1,
    "MagneticFieldStrength": 3,
    "Manufacturer": "Siemens",
    "ManufacturersModelName": "TrioTim",
    "Modality": "MR",
    "RepetitionTime": 1.63,
    "ScanningSequence": "GR_IR",
    "SequenceVariant": "SP_MP",
    "SliceThickness": 1,
    "dataset": "ds002835",
    "modality": "T1w",
    "subject_id": "1093"
  },
  "cjv": 0.40402519496035594,
  "cnr": 3.3560418421575346,
  "efc": 0.559485532392624,
  "fber": 38740.778039556084,
  "fwhm_avg": 3.6686917777777777,
  "fwhm_x": 3.5320106666666664,
  "fwhm_y": 4.1298346666666665,
  "fwhm_z": 3.34423,
  "icvs_csf": 0.19937299049065804,
  "icvs_gm": 0.42179702618590975,
  "icvs_wm": 0.3788299833234322,
  "inu_med": 0.3190597891807556,
  "inu_range": 0.06525266766548155,
  "provenance": {
    "md5sum": "e4bd621d82d5df13912f62bcdd4a401f",
    "settings": {
      "testing": false
    },
    "software": "mriqc",
    "version": "22.0.6",
    "warnings": {
      "large_rot_frame": true,
      "small_air_mask": false
    },
    "webapi_port": null,
    "webapi_url": "https://mriqc.nimh.nih.gov/api/v1"
  },
  "qi_1": 0.00012898162449076852,
  "qi_2": 0.006338390382343147,
  "rpve_csf": 17.99179291180842,
  "rpve_gm": 8.626516316036367,
  "rpve_wm": 10.904765646044716,
  "size_x": 192,
  "size_y": 256,
  "size_z": 160,
  "snr_csf": 2.015184938709775,
  "snr_gm": 16.60508660991708,
  "snr_total": 14.305565784602303,
  "snr_wm": 24.296425805180057,
  "snrd_csf": 54.277935642854246,
  "snrd_gm": 113.68950954389209,
  "snrd_total": 104.19769399648258,
  "snrd_wm": 144.62563680270142,
  "spacing_x": 0.9375,
  "spacing_y": 0.9375,
  "spacing_z": 1.0,
  "summary_bg_k": 131.36880629873596,
  "summary_bg_mad": 4.530013087675089,
  "summary_bg_mean": 6.098793928049488,
  "summary_bg_median": 3.055447395890951,
  "summary_bg_n": 2527092.0,
  "summary_bg_p05": 0.0,
  "summary_bg_p95": 26.001258231699467,
  "summary_bg_stdv": 11.286165393504069,
  "summary_csf_k": 15.98259356573525,
  "summary_csf_mad": 134.30156448166144,
  "summary_csf_mean": 362.2340027084274,
  "summary_csf_median": 375.3107884619385,
  "summary_csf_n": 38288.0,
  "summary_csf_p05": 73.101578946691,
  "summary_csf_p95": 599.1372878942639,
  "summary_csf_stdv": 186.23893026709914,
  "summary_gm_k": 0.046663358492205376,
  "summary_gm_mad": 47.653961206621275,
  "summary_gm_mean": 785.2940607861057,
  "summary_gm_median": 786.1186863761395,
  "summary_gm_n": 33818.0,
  "summary_gm_p05": 706.377500416711,
  "summary_gm_p95": 861.0715069803408,
  "summary_gm_stdv": 47.34134075733919,
  "summary_wm_k": 0.7933582815587124,
  "summary_wm_mad": 38.77158260333679,
  "summary_wm_mean": 1003.4860218054887,
  "summary_wm_median": 1000.0299594551325,
  "summary_wm_n": 194724.0,
  "summary_wm_p05": 942.6055216323584,
  "summary_wm_p95": 1076.1165906861424,
  "summary_wm_stdv": 41.15944458895678,
  "tpm_overlap_csf": 0.14175250595507471,
  "tpm_overlap_gm": 0.4528115061927949,
  "tpm_overlap_wm": 0.4874215793420551,
  "wm2max": 0.5843923957567483
}