{
  "bids_meta": {
    "EchoTime": 0.00311,
    "FlipAngle": 15,
    "ImageType": [
      "ORIGINAL",
      "PRIMARY",
      "M",
      "ND",
      "NORM"
    ],
    "InversionTime": 1.1,
    "MagneticFieldStrength": 3,
    "Manufacturer": "Siemens",
    "ManufacturersModelName": "TrioTim",
    "Modality": "MR",
    "RepetitionTime": 1.63,
    "ScanningSequence": "GR_IR",
    "SequenceVariant": "SP_MP",
    "SliceThickness": 1,
    "dataset": "ds002835",
    "modality": "T1w",
    "subject_id": "1065"
  },
  "cjv": 0.4641032523214857,
  "cnr": 3.0774670459199567,
  "efc": 0.5478143594315488,
  "fber": -1.0,
  "fwhm_avg": 3.525714222222222,
  "fwhm_x": 3.2581013333333333,
  "fwhm_y": 4.070741333333333,
  "fwhm_z": 3.2483,
  "icvs_csf": 0.16448114504678707,
  "icvs_gm": 0.42621282771177843,
  "icvs_wm": 0.4093060272414345,
  "inu_med": 0.2829623818397522,
  "inu_range": 0.058426609635353066,
  "provenance": {
    "md5sum": "7a37fd7a53d1d725f599a8fb16a89c0f",
    "settings": {
      "testing": false
    },
    "software": "mriqc",
    "version": "22.0.6",
    "warnings": {
      "large_rot_frame": true,
      "small_air_mask": false
    },
    "webapi_port": null,
    "webapi_url": "https://mriqc.nimh.nih.gov/api/v1"
  },
  "qi_1": 0.002797302872790298,
  "qi_2": 0.011740160291128095,
  "rpve_csf": 22.064729291262026,
  "rpve_gm": 8.612711026730892,
  "rpve_wm": 9.902991989325917,
  "size_x": 192,
  "size_y": 256,
  "size_z": 160,
  "snr_csf": 2.5879887776246515,
  "snr_gm": 17.723881000698665,
  "snr_total": 13.294374345752468,
  "snr_wm": 19.571253258934092,
  "snrd_csf": 37.74737004233441,
  "snrd_gm": 82.63451133184891,
  "snrd_total": 74.97649500660246,
  "snrd_wm": 104.54760364562408,
  "spacing_x": 0.9375,
  "spacing_y": 0.9375,
  "spacing_z": 1.0,
  "summary_bg_k": 30.85975805420763,
  "summary_bg_mad": 0.0,
  "summary_bg_mean": 2.9092743111802872,
  "summary_bg_median": 0.0,
  "summary_bg_n": 2177199.0,
  "summary_bg_p05": 0.0,
  "summary_bg_p95": 13.818413350731134,
  "summary_bg_stdv": 6.266592996279593,
  "summary_csf_k": 4.570579440242876,
  "summary_csf_mad": 110.71610179826811,
  "summary_csf_mean": 364.020928888859,
  "summary_csf_median": 361.065886028111,
  "summary_csf_n": 25267.0,
  "summary_csf_p05": 126.61560039035979,
  "summary_csf_p95": 589.0856629125774,
  "summary_csf_stdv": 139.51325603497514,
  "summary_gm_k": 0.11883223324652414,
  "summary_gm_mad": 44.617642733233694,
  "summary_gm_mean": 790.3369240411945,
  "summary_gm_median": 790.426008939743,
  "summary_gm_n": 30500.0,
  "summary_gm_p05": 717.5346763445065,
  "summary_gm_p95": 862.1365533271804,
  "summary_gm_stdv": 44.59593533712774,
  "summary_wm_k": -0.03766587854744863,
  "summary_wm_mad": 52.661120214304454,
  "summary_wm_mean": 1004.7868056557016,
  "summary_wm_median": 1000.0318724215031,
  "summary_wm_n": 173755.0,
  "summary_wm_p05": 929.7271042652428,
  "summary_wm_p95": 1094.6225818246603,
  "summary_wm_stdv": 51.096829696080384,
  "tpm_overlap_csf": 0.14276647444562363,
  "tpm_overlap_gm": 0.46085144640882636,
  "tpm_overlap_wm": 0.4841218270427763,
  "wm2max": 0.5832774923684014
}