{
  "aor": 0.0006932596685082871,
  "aqi": 0.0022467934806629838,
  "bids_meta": {
    "BandwidthPerPixelPhaseEncode": 31.25,
    "EchoTime": 0.025,
    "EffectiveEchoSpacing": 0.0005,
    "FlipAngle": 75,
    "ImageType": [
      "ORIGINAL",
      "PRIMARY",
      "M",
      "ND",
      "MOSAIC"
    ],
    "MagneticFieldStrength": 3,
    "Manufacturer": "Siemens",
    "ManufacturersModelName": "TrioTim",
    "Modality": "MR",
    "PhaseEncodingDirection": "j-",
    "PixelBandwidth": 3005,
    "RepetitionTime": 3,
    "ScanningSequence": "EP",
    "SequenceVariant": "SK",
    "SliceThickness": 3,
    "SliceTiming": [
      0,
      1.5225,
      0.055,
      1.58,
      0.1125,
      1.635,
      0.1675,
      1.6925,
      0.225,
      1.75,
      0.28,
      1.805,
      0.3375,
      1.8625,
      0.395,
      1.9175,
      0.45,
      1.975,
      0.5075,
      2.03,
      0.5625,
      2.0875,
      0.62,
      2.145,
      0.6775,
      2.2,
      0.7325,
      2.2575,
      0.79,
      2.3125,
      0.845,
      2.37,
      0.9025,
      2.425,
      0.9575,
      2.4825,
      1.015,
      2.54,
      1.0725,
      2.595,
      1.1275,
      2.6525,
      1.185,
      2.7075,
      1.24,
      2.765,
      1.2975,
      2.82,
      1.3525,
      2.8775,
      1.41,
      2.935,
      1.4675
    ],
    "SpacingBetweenSlices": 3,
    "TaskName": "Prospection",
    "TotalReadoutTime": 0.0315,
    "dataset": "ds002835",
    "modality": "bold",
    "run_id": 4,
    "subject_id": "1064",
    "task_id": "prospection"
  },
  "dummy_trs": 0,
  "dvars_nstd": 20.188217375222223,
  "dvars_std": 1.1509082052222224,
  "dvars_vstd": 0.9944464781666669,
  "efc": 0.5483742499844925,
  "fber": 432.97882080078125,
  "fd_mean": 0.07676250411842166,
  "fd_num": 0,
  "fd_perc": 0.0,
  "fwhm_avg": 3.0513166666666667,
  "fwhm_x": 2.984833333333333,
  "fwhm_y": 2.8312833333333334,
  "fwhm_z": 3.3378333333333337,
  "gcor": 0.0920396,
  "gsr_x": -0.02047872170805931,
  "gsr_y": 0.06441885977983475,
  "provenance": {
    "md5sum": "49f9cfb8ef61172b878909d9bf239922",
    "settings": {
      "fd_thres": 0.2,
      "testing": false
    },
    "software": "mriqc",
    "version": "22.0.6",
    "webapi_port": null,
    "webapi_url": "https://mriqc.nimh.nih.gov/api/v1"
  },
  "size_t": 181,
  "size_x": 64,
  "size_y": 64,
  "size_z": 53,
  "snr": 2.1630898463533987,
  "spacing_tr": 3.0,
  "spacing_x": 3.0,
  "spacing_y": 3.0,
  "spacing_z": 3.0,
  "summary_bg_k": 30.377022037882924,
  "summary_bg_mad": 8.567968536701693,
  "summary_bg_mean": 61.61017990112305,
  "summary_bg_median": 30.740333557128906,
  "summary_bg_n": 129289.0,
  "summary_bg_p05": 24.397790908813477,
  "summary_bg_p95": 215.73923645019516,
  "summary_bg_stdv": 83.54071807861328,
  "summary_fg_k": 5.9877356472385195,
  "summary_fg_mad": 218.63876278226087,
  "summary_fg_mean": 725.9437255859375,
  "summary_fg_median": 650.2320556640625,
  "summary_fg_n": 44939.0,
  "summary_fg_p05": 407.47626342773435,
  "summary_fg_p95": 1307.0503051757807,
  "summary_fg_stdv": 300.6000061035156,
  "tsnr": 79.3866760317469
}