{
  "aor": 0.0010940883977900552,
  "aqi": 0.002812998839779005,
  "bids_meta": {
    "BandwidthPerPixelPhaseEncode": 31.25,
    "EchoTime": 0.025,
    "EffectiveEchoSpacing": 0.0005,
    "FlipAngle": 75,
    "ImageType": [
      "ORIGINAL",
      "PRIMARY",
      "M",
      "ND",
      "MOSAIC"
    ],
    "MagneticFieldStrength": 3,
    "Manufacturer": "Siemens",
    "ManufacturersModelName": "TrioTim",
    "Modality": "MR",
    "PhaseEncodingDirection": "j-",
    "PixelBandwidth": 3005,
    "RepetitionTime": 3,
    "ScanningSequence": "EP",
    "SequenceVariant": "SK",
    "SliceThickness": 3,
    "SliceTiming": [
      0,
      1.5225,
      0.055,
      1.58,
      0.1125,
      1.635,
      0.1675,
      1.6925,
      0.225,
      1.75,
      0.28,
      1.805,
      0.3375,
      1.8625,
      0.395,
      1.9175,
      0.45,
      1.975,
      0.5075,
      2.03,
      0.5625,
      2.0875,
      0.62,
      2.145,
      0.6775,
      2.2,
      0.7325,
      2.2575,
      0.79,
      2.3125,
      0.845,
      2.37,
      0.9025,
      2.425,
      0.9575,
      2.4825,
      1.015,
      2.54,
      1.0725,
      2.595,
      1.1275,
      2.6525,
      1.185,
      2.7075,
      1.24,
      2.765,
      1.2975,
      2.82,
      1.3525,
      2.8775,
      1.41,
      2.935,
      1.4675
    ],
    "SpacingBetweenSlices": 3,
    "TaskName": "Prospection",
    "TotalReadoutTime": 0.0315,
    "dataset": "ds002835",
    "modality": "bold",
    "run_id": 1,
    "subject_id": "1064",
    "task_id": "prospection"
  },
  "dummy_trs": 0,
  "dvars_nstd": 22.371953370999993,
  "dvars_std": 1.1679539256666664,
  "dvars_vstd": 0.9893079574999999,
  "efc": 0.5476726590228249,
  "fber": 429.5847473144531,
  "fd_mean": 0.10126659010400513,
  "fd_num": 6,
  "fd_perc": 3.314917127071823,
  "fwhm_avg": 3.028375555555556,
  "fwhm_x": 2.95178,
  "fwhm_y": 2.8073200000000003,
  "fwhm_z": 3.326026666666667,
  "gcor": 0.0274306,
  "gsr_x": -0.018251245841383934,
  "gsr_y": 0.06369292736053467,
  "provenance": {
    "md5sum": "e0e32bf28206fcbbc30f55f0bf9c97fd",
    "settings": {
      "fd_thres": 0.2,
      "testing": false
    },
    "software": "mriqc",
    "version": "22.0.6",
    "webapi_port": null,
    "webapi_url": "https://mriqc.nimh.nih.gov/api/v1"
  },
  "size_t": 181,
  "size_x": 64,
  "size_y": 64,
  "size_z": 53,
  "snr": 2.1585969763951858,
  "spacing_tr": 3.0,
  "spacing_x": 3.0,
  "spacing_y": 3.0,
  "spacing_z": 3.0,
  "summary_bg_k": 30.722298595722194,
  "summary_bg_mad": 7.732466444205219,
  "summary_bg_mean": 59.09968948364258,
  "summary_bg_median": 30.215471267700195,
  "summary_bg_n": 129118.0,
  "summary_bg_p05": 24.53038787841797,
  "summary_bg_p95": 202.72377014160156,
  "summary_bg_stdv": 79.55976867675781,
  "summary_fg_k": 5.948886643837385,
  "summary_fg_mad": 215.72683483793432,
  "summary_fg_mean": 710.6046142578125,
  "summary_fg_median": 637.6077880859375,
  "summary_fg_n": 45106.0,
  "summary_fg_p05": 394.5980911254883,
  "summary_fg_p95": 1280.4613647460938,
  "summary_fg_stdv": 295.37738037109375,
  "tsnr": 73.79091380466707
}