{
  "aor": 0.0014896610169491523,
  "aqi": 0.0023814359717514123,
  "bids_meta": {
    "BandwidthPerPixelPhaseEncode": 31.25,
    "EchoTime": 0.025,
    "EffectiveEchoSpacing": 0.0005,
    "FlipAngle": 75,
    "ImageType": [
      "ORIGINAL",
      "PRIMARY",
      "M",
      "ND",
      "MOSAIC"
    ],
    "MagneticFieldStrength": 3,
    "Manufacturer": "Siemens",
    "ManufacturersModelName": "TrioTim",
    "Modality": "MR",
    "PhaseEncodingDirection": "j-",
    "PixelBandwidth": 3005,
    "RepetitionTime": 3,
    "ScanningSequence": "EP",
    "SequenceVariant": "SK",
    "SliceThickness": 3,
    "SliceTiming": [
      0,
      1.5225,
      0.055,
      1.58,
      0.1125,
      1.635,
      0.1675,
      1.6925,
      0.225,
      1.75,
      0.28,
      1.805,
      0.3375,
      1.8625,
      0.395,
      1.9175,
      0.45,
      1.975,
      0.5075,
      2.03,
      0.5625,
      2.0875,
      0.62,
      2.145,
      0.6775,
      2.2,
      0.7325,
      2.2575,
      0.79,
      2.3125,
      0.845,
      2.37,
      0.9025,
      2.425,
      0.9575,
      2.4825,
      1.015,
      2.54,
      1.0725,
      2.595,
      1.1275,
      2.6525,
      1.185,
      2.7075,
      1.24,
      2.765,
      1.2975,
      2.82,
      1.3525,
      2.8775,
      1.41,
      2.935,
      1.4675
    ],
    "SpacingBetweenSlices": 3,
    "TaskName": "Prospection",
    "TotalReadoutTime": 0.0315,
    "dataset": "ds002835",
    "modality": "bold",
    "run_id": 1,
    "subject_id": "2515",
    "task_id": "prospection"
  },
  "dummy_trs": 4,
  "dvars_nstd": 17.66839408880682,
  "dvars_std": 1.1360787339204546,
  "dvars_vstd": 0.9962275841477273,
  "efc": 0.5845436029792743,
  "fber": 239.6555633544922,
  "fd_mean": 0.061462851938901004,
  "fd_num": 1,
  "fd_perc": 0.5649717514124294,
  "fwhm_avg": 2.7980455555555555,
  "fwhm_x": 2.69924,
  "fwhm_y": 2.743813333333333,
  "fwhm_z": 2.951083333333333,
  "gcor": 0.0127773,
  "gsr_x": -0.012540892697870731,
  "gsr_y": 0.08803825825452805,
  "provenance": {
    "md5sum": "0ac84f05acfed7c6b20fbc230f47bd8f",
    "settings": {
      "fd_thres": 0.2,
      "testing": false
    },
    "software": "mriqc",
    "version": "22.0.6",
    "webapi_port": null,
    "webapi_url": "https://mriqc.nimh.nih.gov/api/v1"
  },
  "size_t": 177,
  "size_x": 64,
  "size_y": 64,
  "size_z": 53,
  "snr": 2.501175874479215,
  "spacing_tr": 3.0,
  "spacing_x": 3.0,
  "spacing_y": 3.0,
  "spacing_z": 3.0,
  "summary_bg_k": 16.613676706917584,
  "summary_bg_mad": 24.509004935614485,
  "summary_bg_mean": 86.26200103759766,
  "summary_bg_median": 45.180789947509766,
  "summary_bg_n": 128673.0,
  "summary_bg_p05": 26.850847625732424,
  "summary_bg_p95": 293.3830383300779,
  "summary_bg_stdv": 102.1678237915039,
  "summary_fg_k": 3.8167298295765546,
  "summary_fg_mad": 224.7440904849192,
  "summary_fg_mean": 766.5702514648438,
  "summary_fg_median": 705.9208984375,
  "summary_fg_n": 45129.0,
  "summary_fg_p05": 435.56272583007814,
  "summary_fg_p95": 1319.7254394531249,
  "summary_fg_stdv": 282.23248291015625,
  "tsnr": 80.75191088207066
}