{
  "aor": 0.009960386740331492,
  "aqi": 0.0034898433149171274,
  "bids_meta": {
    "BandwidthPerPixelPhaseEncode": 31.25,
    "EchoTime": 0.025,
    "EffectiveEchoSpacing": 0.0005,
    "FlipAngle": 75,
    "ImageType": [
      "ORIGINAL",
      "PRIMARY",
      "M",
      "ND",
      "MOSAIC"
    ],
    "MagneticFieldStrength": 3,
    "Manufacturer": "Siemens",
    "ManufacturersModelName": "TrioTim",
    "Modality": "MR",
    "PhaseEncodingDirection": "j-",
    "PixelBandwidth": 3005,
    "RepetitionTime": 3,
    "ScanningSequence": "EP",
    "SequenceVariant": "SK",
    "SliceThickness": 3,
    "SliceTiming": [
      0,
      1.5225,
      0.055,
      1.58,
      0.1125,
      1.635,
      0.1675,
      1.6925,
      0.225,
      1.75,
      0.28,
      1.805,
      0.3375,
      1.8625,
      0.395,
      1.9175,
      0.45,
      1.975,
      0.5075,
      2.03,
      0.5625,
      2.0875,
      0.62,
      2.145,
      0.6775,
      2.2,
      0.7325,
      2.2575,
      0.79,
      2.3125,
      0.845,
      2.37,
      0.9025,
      2.425,
      0.9575,
      2.4825,
      1.015,
      2.54,
      1.0725,
      2.595,
      1.1275,
      2.6525,
      1.185,
      2.7075,
      1.24,
      2.765,
      1.2975,
      2.82,
      1.3525,
      2.8775,
      1.41,
      2.935,
      1.4675
    ],
    "SpacingBetweenSlices": 3,
    "TaskName": "Prospection",
    "TotalReadoutTime": 0.0315,
    "dataset": "ds002835",
    "modality": "bold",
    "run_id": 2,
    "subject_id": "2503",
    "task_id": "prospection"
  },
  "dummy_trs": 0,
  "dvars_nstd": 24.35202621883334,
  "dvars_std": 1.307033974944444,
  "dvars_vstd": 1.079539487611111,
  "efc": 0.5893394353919568,
  "fber": 211.38771057128906,
  "fd_mean": 0.08159900595837924,
  "fd_num": 8,
  "fd_perc": 4.419889502762431,
  "fwhm_avg": 3.132111111111111,
  "fwhm_x": 3.00339,
  "fwhm_y": 2.9285766666666664,
  "fwhm_z": 3.464366666666667,
  "gcor": 0.0464923,
  "gsr_x": -0.012941395863890648,
  "gsr_y": 0.07330147176980972,
  "provenance": {
    "md5sum": "bf2c0347dc4eb100fb32db58b8beda02",
    "settings": {
      "fd_thres": 0.2,
      "testing": false
    },
    "software": "mriqc",
    "version": "22.0.6",
    "webapi_port": null,
    "webapi_url": "https://mriqc.nimh.nih.gov/api/v1"
  },
  "size_t": 181,
  "size_x": 64,
  "size_y": 64,
  "size_z": 53,
  "snr": 2.014947402396075,
  "spacing_tr": 3.0,
  "spacing_x": 3.0,
  "spacing_y": 3.0,
  "spacing_z": 3.0,
  "summary_bg_k": 26.397921649961937,
  "summary_bg_mad": 24.61447485852633,
  "summary_bg_mean": 95.89322662353516,
  "summary_bg_median": 47.09392547607422,
  "summary_bg_n": 120899.0,
  "summary_bg_p05": 29.30939292907715,
  "summary_bg_p95": 329.3502929687498,
  "summary_bg_stdv": 119.36849212646484,
  "summary_fg_k": 4.061016905576163,
  "summary_fg_mad": 275.8049597553155,
  "summary_fg_mean": 815.3446655273438,
  "summary_fg_median": 727.73486328125,
  "summary_fg_n": 47510.0,
  "summary_fg_p05": 408.99973754882814,
  "summary_fg_p95": 1543.8387695312497,
  "summary_fg_stdv": 361.16436767578125,
  "tsnr": 66.97018137108535
}