{
  "aor": 0.0020452486187845305,
  "aqi": 0.003530784419889503,
  "bids_meta": {
    "BandwidthPerPixelPhaseEncode": 31.25,
    "EchoTime": 0.025,
    "EffectiveEchoSpacing": 0.0005,
    "FlipAngle": 75,
    "ImageType": [
      "ORIGINAL",
      "PRIMARY",
      "M",
      "ND",
      "MOSAIC"
    ],
    "MagneticFieldStrength": 3,
    "Manufacturer": "Siemens",
    "ManufacturersModelName": "TrioTim",
    "Modality": "MR",
    "PhaseEncodingDirection": "j-",
    "PixelBandwidth": 3005,
    "RepetitionTime": 3,
    "ScanningSequence": "EP",
    "SequenceVariant": "SK",
    "SliceThickness": 3,
    "SliceTiming": [
      0,
      1.5225,
      0.055,
      1.58,
      0.1125,
      1.635,
      0.1675,
      1.6925,
      0.225,
      1.75,
      0.28,
      1.805,
      0.3375,
      1.8625,
      0.395,
      1.9175,
      0.45,
      1.975,
      0.5075,
      2.03,
      0.5625,
      2.0875,
      0.62,
      2.145,
      0.6775,
      2.2,
      0.7325,
      2.2575,
      0.79,
      2.3125,
      0.845,
      2.37,
      0.9025,
      2.425,
      0.9575,
      2.4825,
      1.015,
      2.54,
      1.0725,
      2.595,
      1.1275,
      2.6525,
      1.185,
      2.7075,
      1.24,
      2.765,
      1.2975,
      2.82,
      1.3525,
      2.8775,
      1.41,
      2.935,
      1.4675
    ],
    "SpacingBetweenSlices": 3,
    "TaskName": "Prospection",
    "TotalReadoutTime": 0.0315,
    "dataset": "ds002835",
    "modality": "bold",
    "run_id": 1,
    "subject_id": "2503",
    "task_id": "prospection"
  },
  "dummy_trs": 0,
  "dvars_nstd": 22.57510824177777,
  "dvars_std": 1.1931735795,
  "dvars_vstd": 0.9698682313333331,
  "efc": 0.5879989800415636,
  "fber": 211.5794677734375,
  "fd_mean": 0.07030640261589398,
  "fd_num": 13,
  "fd_perc": 7.18232044198895,
  "fwhm_avg": 3.1358244444444447,
  "fwhm_x": 2.99465,
  "fwhm_y": 2.9415566666666666,
  "fwhm_z": 3.4712666666666667,
  "gcor": 0.0329677,
  "gsr_x": -0.014439276419579983,
  "gsr_y": 0.07171331346035004,
  "provenance": {
    "md5sum": "10751bbe059d4719397b8f5f2f9b3b5f",
    "settings": {
      "fd_thres": 0.2,
      "testing": false
    },
    "software": "mriqc",
    "version": "22.0.6",
    "webapi_port": null,
    "webapi_url": "https://mriqc.nimh.nih.gov/api/v1"
  },
  "size_t": 181,
  "size_x": 64,
  "size_y": 64,
  "size_z": 53,
  "snr": 2.00391830677442,
  "spacing_tr": 3.0,
  "spacing_x": 3.0,
  "spacing_y": 3.0,
  "spacing_z": 3.0,
  "summary_bg_k": 25.887849190814162,
  "summary_bg_mad": 24.36054619944405,
  "summary_bg_mean": 93.98308563232422,
  "summary_bg_median": 46.63536071777344,
  "summary_bg_n": 120700.0,
  "summary_bg_p05": 28.988950729370117,
  "summary_bg_p95": 321.50885314941394,
  "summary_bg_stdv": 115.89108276367188,
  "summary_fg_k": 4.0118490418250925,
  "summary_fg_mad": 274.55989603922546,
  "summary_fg_mean": 810.9058837890625,
  "summary_fg_median": 723.42822265625,
  "summary_fg_n": 47604.0,
  "summary_fg_p05": 404.9773574829102,
  "summary_fg_p95": 1538.8735595703124,
  "summary_fg_stdv": 361.0030517578125,
  "tsnr": 69.33582367748022
}