{
  "aor": 0.002002265193370166,
  "aqi": 0.00290811270718232,
  "bids_meta": {
    "BandwidthPerPixelPhaseEncode": 31.25,
    "EchoTime": 0.025,
    "EffectiveEchoSpacing": 0.0005,
    "FlipAngle": 75,
    "ImageType": [
      "ORIGINAL",
      "PRIMARY",
      "M",
      "ND",
      "MOSAIC"
    ],
    "MagneticFieldStrength": 3,
    "Manufacturer": "Siemens",
    "ManufacturersModelName": "TrioTim",
    "Modality": "MR",
    "PhaseEncodingDirection": "j-",
    "PixelBandwidth": 3005,
    "RepetitionTime": 3,
    "ScanningSequence": "EP",
    "SequenceVariant": "SK",
    "SliceThickness": 3,
    "SliceTiming": [
      0,
      1.5225,
      0.055,
      1.58,
      0.1125,
      1.635,
      0.1675,
      1.6925,
      0.225,
      1.75,
      0.28,
      1.805,
      0.3375,
      1.8625,
      0.395,
      1.9175,
      0.45,
      1.975,
      0.5075,
      2.03,
      0.5625,
      2.0875,
      0.62,
      2.145,
      0.6775,
      2.2,
      0.7325,
      2.2575,
      0.79,
      2.3125,
      0.845,
      2.37,
      0.9025,
      2.425,
      0.9575,
      2.4825,
      1.015,
      2.54,
      1.0725,
      2.595,
      1.1275,
      2.6525,
      1.185,
      2.7075,
      1.24,
      2.765,
      1.2975,
      2.82,
      1.3525,
      2.8775,
      1.41,
      2.935,
      1.4675
    ],
    "SpacingBetweenSlices": 3,
    "TaskName": "Prospection",
    "TotalReadoutTime": 0.0315,
    "dataset": "ds002835",
    "modality": "bold",
    "run_id": 3,
    "subject_id": "1059",
    "task_id": "prospection"
  },
  "dummy_trs": 0,
  "dvars_nstd": 27.928598192166668,
  "dvars_std": 1.2636193503333328,
  "dvars_vstd": 1.0113170741111106,
  "efc": 0.5532546843827063,
  "fber": 395.3305358886719,
  "fd_mean": 0.1498737135294592,
  "fd_num": 41,
  "fd_perc": 22.65193370165746,
  "fwhm_avg": 2.710211111111111,
  "fwhm_x": 2.6780833333333334,
  "fwhm_y": 2.5418166666666666,
  "fwhm_z": 2.9107333333333334,
  "gcor": 0.0397997,
  "gsr_x": -0.010742073878645897,
  "gsr_y": 0.04826837405562401,
  "provenance": {
    "md5sum": "b385b7746f1524cb49cfd706d9b66242",
    "settings": {
      "fd_thres": 0.2,
      "testing": false
    },
    "software": "mriqc",
    "version": "22.0.6",
    "webapi_port": null,
    "webapi_url": "https://mriqc.nimh.nih.gov/api/v1"
  },
  "size_t": 181,
  "size_x": 64,
  "size_y": 64,
  "size_z": 53,
  "snr": 2.3256364924829787,
  "spacing_tr": 3.0,
  "spacing_x": 3.0,
  "spacing_y": 3.0,
  "spacing_z": 3.0,
  "summary_bg_k": 29.416272534057214,
  "summary_bg_mad": 9.190497566907379,
  "summary_bg_mean": 60.57499694824219,
  "summary_bg_median": 32.09392547607422,
  "summary_bg_n": 128345.0,
  "summary_bg_p05": 25.23756980895996,
  "summary_bg_p95": 201.14144897460923,
  "summary_bg_stdv": 77.91178131103516,
  "summary_fg_k": 6.451111154921778,
  "summary_fg_mad": 200.8884832734672,
  "summary_fg_mean": 712.932373046875,
  "summary_fg_median": 644.7348022460938,
  "summary_fg_n": 45477.0,
  "summary_fg_p05": 418.40111083984374,
  "summary_fg_p95": 1246.9912109375,
  "summary_fg_stdv": 277.2263488769531,
  "tsnr": 77.64827746152878
}