{
  "aor": 0.00518303867403315,
  "aqi": 0.004597736685082873,
  "bids_meta": {
    "BandwidthPerPixelPhaseEncode": 31.25,
    "EchoTime": 0.025,
    "EffectiveEchoSpacing": 0.0005,
    "FlipAngle": 75,
    "ImageType": [
      "ORIGINAL",
      "PRIMARY",
      "M",
      "ND",
      "MOSAIC"
    ],
    "MagneticFieldStrength": 3,
    "Manufacturer": "Siemens",
    "ManufacturersModelName": "TrioTim",
    "Modality": "MR",
    "PhaseEncodingDirection": "j-",
    "PixelBandwidth": 3005,
    "RepetitionTime": 3,
    "ScanningSequence": "EP",
    "SequenceVariant": "SK",
    "SliceThickness": 3,
    "SliceTiming": [
      0,
      1.5225,
      0.055,
      1.58,
      0.1125,
      1.635,
      0.1675,
      1.6925,
      0.225,
      1.75,
      0.28,
      1.805,
      0.3375,
      1.8625,
      0.395,
      1.9175,
      0.45,
      1.975,
      0.5075,
      2.03,
      0.5625,
      2.0875,
      0.62,
      2.145,
      0.6775,
      2.2,
      0.7325,
      2.2575,
      0.79,
      2.3125,
      0.845,
      2.37,
      0.9025,
      2.425,
      0.9575,
      2.4825,
      1.015,
      2.54,
      1.0725,
      2.595,
      1.1275,
      2.6525,
      1.185,
      2.7075,
      1.24,
      2.765,
      1.2975,
      2.82,
      1.3525,
      2.8775,
      1.41,
      2.935,
      1.4675
    ],
    "SpacingBetweenSlices": 3,
    "TaskName": "Prospection",
    "TotalReadoutTime": 0.0315,
    "dataset": "ds002835",
    "modality": "bold",
    "run_id": 4,
    "subject_id": "1059",
    "task_id": "prospection"
  },
  "dummy_trs": 0,
  "dvars_nstd": 30.27396660877779,
  "dvars_std": 1.2072900578888883,
  "dvars_vstd": 0.9920349160555557,
  "efc": 0.5539744408916705,
  "fber": 388.8329772949219,
  "fd_mean": 0.16831263977275956,
  "fd_num": 42,
  "fd_perc": 23.204419889502763,
  "fwhm_avg": 2.7534966666666665,
  "fwhm_x": 2.7115299999999998,
  "fwhm_y": 2.5995033333333333,
  "fwhm_z": 2.9494566666666664,
  "gcor": 0.0365107,
  "gsr_x": -0.010932317934930325,
  "gsr_y": 0.049358587712049484,
  "provenance": {
    "md5sum": "a13c77a8ae1309f4eb68abdf8b3fc1da",
    "settings": {
      "fd_thres": 0.2,
      "testing": false
    },
    "software": "mriqc",
    "version": "22.0.6",
    "webapi_port": null,
    "webapi_url": "https://mriqc.nimh.nih.gov/api/v1"
  },
  "size_t": 181,
  "size_x": 64,
  "size_y": 64,
  "size_z": 53,
  "snr": 2.3161538139601636,
  "spacing_tr": 3.0,
  "spacing_x": 3.0,
  "spacing_y": 3.0,
  "spacing_z": 3.0,
  "summary_bg_k": 28.13010619085225,
  "summary_bg_mad": 9.559097938030787,
  "summary_bg_mean": 61.22956848144531,
  "summary_bg_median": 32.37016677856445,
  "summary_bg_n": 128263.0,
  "summary_bg_p05": 25.15469741821289,
  "summary_bg_p95": 203.08675231933583,
  "summary_bg_stdv": 78.47491455078125,
  "summary_fg_k": 6.401033794562913,
  "summary_fg_mad": 201.32263578773936,
  "summary_fg_mean": 713.6668701171875,
  "summary_fg_median": 644.23486328125,
  "summary_fg_n": 45468.0,
  "summary_fg_p05": 419.0262680053711,
  "summary_fg_p95": 1252.9425842285157,
  "summary_fg_stdv": 278.1455078125,
  "tsnr": 62.52048481605016
}