{
  "aor": 0.0009856353591160222,
  "aqi": 0.002516502707182321,
  "bids_meta": {
    "BandwidthPerPixelPhaseEncode": 31.25,
    "EchoTime": 0.025,
    "EffectiveEchoSpacing": 0.0005,
    "FlipAngle": 75,
    "ImageType": [
      "ORIGINAL",
      "PRIMARY",
      "M",
      "ND",
      "MOSAIC"
    ],
    "MagneticFieldStrength": 3,
    "Manufacturer": "Siemens",
    "ManufacturersModelName": "TrioTim",
    "Modality": "MR",
    "PhaseEncodingDirection": "j-",
    "PixelBandwidth": 3005,
    "RepetitionTime": 3,
    "ScanningSequence": "EP",
    "SequenceVariant": "SK",
    "SliceThickness": 3,
    "SliceTiming": [
      0,
      1.5225,
      0.055,
      1.58,
      0.1125,
      1.635,
      0.1675,
      1.6925,
      0.225,
      1.75,
      0.28,
      1.805,
      0.3375,
      1.8625,
      0.395,
      1.9175,
      0.45,
      1.975,
      0.5075,
      2.03,
      0.5625,
      2.0875,
      0.62,
      2.145,
      0.6775,
      2.2,
      0.7325,
      2.2575,
      0.79,
      2.3125,
      0.845,
      2.37,
      0.9025,
      2.425,
      0.9575,
      2.4825,
      1.015,
      2.54,
      1.0725,
      2.595,
      1.1275,
      2.6525,
      1.185,
      2.7075,
      1.24,
      2.765,
      1.2975,
      2.82,
      1.3525,
      2.8775,
      1.41,
      2.935,
      1.4675
    ],
    "SpacingBetweenSlices": 3,
    "TaskName": "Prospection",
    "TotalReadoutTime": 0.0315,
    "dataset": "ds002835",
    "modality": "bold",
    "run_id": 4,
    "subject_id": "1068",
    "task_id": "prospection"
  },
  "dummy_trs": 0,
  "dvars_nstd": 23.365393935222208,
  "dvars_std": 1.2310158467777779,
  "dvars_vstd": 0.991641058722223,
  "efc": 0.5714466271576196,
  "fber": 314.9150390625,
  "fd_mean": 0.053518903633641576,
  "fd_num": 1,
  "fd_perc": 0.5524861878453039,
  "fwhm_avg": 2.583645415302217,
  "fwhm_x": 2.45655,
  "fwhm_y": 2.533563131983826,
  "fwhm_z": 2.760823113922825,
  "gcor": 0.109535,
  "gsr_x": 0.002503360155969858,
  "gsr_y": 0.10048044472932816,
  "provenance": {
    "md5sum": "58922c76c8aa2e72f5ff05445d20dace",
    "settings": {
      "fd_thres": 0.2,
      "testing": false
    },
    "software": "mriqc",
    "version": "22.0.6",
    "webapi_port": null,
    "webapi_url": "https://mriqc.nimh.nih.gov/api/v1"
  },
  "size_t": 181,
  "size_x": 64,
  "size_y": 64,
  "size_z": 53,
  "snr": 2.6631871776254963,
  "spacing_tr": 3.0,
  "spacing_x": 3.0,
  "spacing_y": 3.000000238418579,
  "spacing_z": 3.000000238418579,
  "summary_bg_k": 19.324304677484434,
  "summary_bg_mad": 14.465614064426635,
  "summary_bg_mean": 79.70055389404297,
  "summary_bg_median": 37.22652053833008,
  "summary_bg_n": 133615.0,
  "summary_bg_p05": 26.872928619384766,
  "summary_bg_p95": 290.1325988769531,
  "summary_bg_stdv": 103.93419647216797,
  "summary_fg_k": 3.6225447137222693,
  "summary_fg_mad": 211.24222102590034,
  "summary_fg_mean": 727.2019653320312,
  "summary_fg_median": 674.9392700195312,
  "summary_fg_n": 40503.0,
  "summary_fg_p05": 424.2806671142578,
  "summary_fg_p95": 1211.8812988281252,
  "summary_fg_stdv": 253.42977905273438,
  "tsnr": 75.5247397350613
}