{
  "aor": 0.001565801104972376,
  "aqi": 0.0025932686740331493,
  "bids_meta": {
    "BandwidthPerPixelPhaseEncode": 31.25,
    "EchoTime": 0.025,
    "EffectiveEchoSpacing": 0.0005,
    "FlipAngle": 75,
    "ImageType": [
      "ORIGINAL",
      "PRIMARY",
      "M",
      "ND",
      "MOSAIC"
    ],
    "MagneticFieldStrength": 3,
    "Manufacturer": "Siemens",
    "ManufacturersModelName": "TrioTim",
    "Modality": "MR",
    "PhaseEncodingDirection": "j-",
    "PixelBandwidth": 3005,
    "RepetitionTime": 3,
    "ScanningSequence": "EP",
    "SequenceVariant": "SK",
    "SliceThickness": 3,
    "SliceTiming": [
      0,
      1.5225,
      0.055,
      1.58,
      0.1125,
      1.635,
      0.1675,
      1.6925,
      0.225,
      1.75,
      0.28,
      1.805,
      0.3375,
      1.8625,
      0.395,
      1.9175,
      0.45,
      1.975,
      0.5075,
      2.03,
      0.5625,
      2.0875,
      0.62,
      2.145,
      0.6775,
      2.2,
      0.7325,
      2.2575,
      0.79,
      2.3125,
      0.845,
      2.37,
      0.9025,
      2.425,
      0.9575,
      2.4825,
      1.015,
      2.54,
      1.0725,
      2.595,
      1.1275,
      2.6525,
      1.185,
      2.7075,
      1.24,
      2.765,
      1.2975,
      2.82,
      1.3525,
      2.8775,
      1.41,
      2.935,
      1.4675
    ],
    "SpacingBetweenSlices": 3,
    "TaskName": "Prospection",
    "TotalReadoutTime": 0.0315,
    "dataset": "ds002835",
    "modality": "bold",
    "run_id": 3,
    "subject_id": "1068",
    "task_id": "prospection"
  },
  "dummy_trs": 0,
  "dvars_nstd": 23.257243082055552,
  "dvars_std": 1.2384942356666677,
  "dvars_vstd": 0.999002796722222,
  "efc": 0.5707804291636895,
  "fber": 317.86474609375,
  "fd_mean": 0.053811177158299764,
  "fd_num": 1,
  "fd_perc": 0.5524861878453039,
  "fwhm_avg": 2.5805065265484326,
  "fwhm_x": 2.4522333333333335,
  "fwhm_y": 2.5282397990735532,
  "fwhm_z": 2.7610464472384098,
  "gcor": 0.108602,
  "gsr_x": 0.00167266430798918,
  "gsr_y": 0.09981751441955566,
  "provenance": {
    "md5sum": "a0e19a650f9954275a205708cefb1224",
    "settings": {
      "fd_thres": 0.2,
      "testing": false
    },
    "software": "mriqc",
    "version": "22.0.6",
    "webapi_port": null,
    "webapi_url": "https://mriqc.nimh.nih.gov/api/v1"
  },
  "size_t": 181,
  "size_x": 64,
  "size_y": 64,
  "size_z": 53,
  "snr": 2.6610160289160523,
  "spacing_tr": 3.0,
  "spacing_x": 3.0,
  "spacing_y": 3.000000238418579,
  "spacing_z": 3.000000238418579,
  "summary_bg_k": 18.480656024667617,
  "summary_bg_mad": 14.30997827207607,
  "summary_bg_mean": 78.44861602783203,
  "summary_bg_median": 36.95580291748047,
  "summary_bg_n": 133378.0,
  "summary_bg_p05": 26.61326026916504,
  "summary_bg_p95": 285.75858459472647,
  "summary_bg_stdv": 101.72188568115234,
  "summary_fg_k": 3.658299177712964,
  "summary_fg_mad": 210.8489930021872,
  "summary_fg_mean": 725.5103149414062,
  "summary_fg_median": 673.0028076171875,
  "summary_fg_n": 40644.0,
  "summary_fg_p05": 422.9077545166016,
  "summary_fg_p95": 1207.056683349609,
  "summary_fg_stdv": 252.9088592529297,
  "tsnr": 74.09569377219304
}