{
  "aor": 0.0027145,
  "aqi": 0.0021547003888888893,
  "bids_meta": {
    "BandwidthPerPixelPhaseEncode": 31.25,
    "EchoTime": 0.025,
    "EffectiveEchoSpacing": 0.0005,
    "FlipAngle": 75,
    "ImageType": [
      "ORIGINAL",
      "PRIMARY",
      "M",
      "ND",
      "MOSAIC"
    ],
    "MagneticFieldStrength": 3,
    "Manufacturer": "Siemens",
    "ManufacturersModelName": "TrioTim",
    "Modality": "MR",
    "PhaseEncodingDirection": "j-",
    "PixelBandwidth": 3005,
    "RepetitionTime": 3,
    "ScanningSequence": "EP",
    "SequenceVariant": "SK",
    "SliceThickness": 3,
    "SliceTiming": [
      0,
      1.5225,
      0.055,
      1.58,
      0.1125,
      1.635,
      0.1675,
      1.6925,
      0.225,
      1.75,
      0.28,
      1.805,
      0.3375,
      1.8625,
      0.395,
      1.9175,
      0.45,
      1.975,
      0.5075,
      2.03,
      0.5625,
      2.0875,
      0.62,
      2.145,
      0.6775,
      2.2,
      0.7325,
      2.2575,
      0.79,
      2.3125,
      0.845,
      2.37,
      0.9025,
      2.425,
      0.9575,
      2.4825,
      1.015,
      2.54,
      1.0725,
      2.595,
      1.1275,
      2.6525,
      1.185,
      2.7075,
      1.24,
      2.765,
      1.2975,
      2.82,
      1.3525,
      2.8775,
      1.41,
      2.935,
      1.4675
    ],
    "SpacingBetweenSlices": 3,
    "TaskName": "Prospection",
    "TotalReadoutTime": 0.0315,
    "dataset": "ds002835",
    "modality": "bold",
    "run_id": 2,
    "subject_id": "3593",
    "task_id": "prospection"
  },
  "dummy_trs": 1,
  "dvars_nstd": 23.04852079681565,
  "dvars_std": 1.2407646900000002,
  "dvars_vstd": 0.98464547150838,
  "efc": 0.5392898132931478,
  "fber": 418.9244384765625,
  "fd_mean": 0.11055446227503708,
  "fd_num": 22,
  "fd_perc": 12.222222222222221,
  "fwhm_avg": 2.939685398883037,
  "fwhm_x": 2.904866666666667,
  "fwhm_y": 2.848526440286124,
  "fwhm_z": 3.0656630896963204,
  "gcor": 0.0373847,
  "gsr_x": -0.008369836024940014,
  "gsr_y": 0.06909550726413727,
  "provenance": {
    "md5sum": "3d8f4778595dfe51a5c0fab512cb2482",
    "settings": {
      "fd_thres": 0.2,
      "testing": false
    },
    "software": "mriqc",
    "version": "22.0.6",
    "webapi_port": null,
    "webapi_url": "https://mriqc.nimh.nih.gov/api/v1"
  },
  "size_t": 180,
  "size_x": 64,
  "size_y": 64,
  "size_z": 53,
  "snr": 2.3793912361163905,
  "spacing_tr": 3.0,
  "spacing_x": 3.0,
  "spacing_y": 3.000000238418579,
  "spacing_z": 3.000000238418579,
  "summary_bg_k": 14.931037405510608,
  "summary_bg_mad": 13.219868839061846,
  "summary_bg_mean": 70.0088119506836,
  "summary_bg_median": 35.54999923706055,
  "summary_bg_n": 134980.0,
  "summary_bg_p05": 25.961111068725586,
  "summary_bg_p95": 248.42389297485312,
  "summary_bg_stdv": 85.57571411132812,
  "summary_fg_k": 2.590807895146269,
  "summary_fg_mad": 239.60915947522946,
  "summary_fg_mean": 807.7617797851562,
  "summary_fg_median": 734.5916748046875,
  "summary_fg_n": 40084.0,
  "summary_fg_p05": 448.4036346435547,
  "summary_fg_p95": 1435.0555419921875,
  "summary_fg_stdv": 308.7270812988281,
  "tsnr": 80.97701150807552
}