{
  "aor": 0.0018312154696132597,
  "aqi": 0.002738204640883978,
  "bids_meta": {
    "BandwidthPerPixelPhaseEncode": 31.25,
    "EchoTime": 0.025,
    "EffectiveEchoSpacing": 0.0005,
    "FlipAngle": 75,
    "ImageType": [
      "ORIGINAL",
      "PRIMARY",
      "M",
      "ND",
      "MOSAIC"
    ],
    "MagneticFieldStrength": 3,
    "Manufacturer": "Siemens",
    "ManufacturersModelName": "TrioTim",
    "Modality": "MR",
    "PhaseEncodingDirection": "j-",
    "PixelBandwidth": 3005,
    "RepetitionTime": 3,
    "ScanningSequence": "EP",
    "SequenceVariant": "SK",
    "SliceThickness": 3,
    "SliceTiming": [
      0,
      1.5225,
      0.055,
      1.58,
      0.1125,
      1.635,
      0.1675,
      1.6925,
      0.225,
      1.75,
      0.28,
      1.805,
      0.3375,
      1.8625,
      0.395,
      1.9175,
      0.45,
      1.975,
      0.5075,
      2.03,
      0.5625,
      2.0875,
      0.62,
      2.145,
      0.6775,
      2.2,
      0.7325,
      2.2575,
      0.79,
      2.3125,
      0.845,
      2.37,
      0.9025,
      2.425,
      0.9575,
      2.4825,
      1.015,
      2.54,
      1.0725,
      2.595,
      1.1275,
      2.6525,
      1.185,
      2.7075,
      1.24,
      2.765,
      1.2975,
      2.82,
      1.3525,
      2.8775,
      1.41,
      2.935,
      1.4675
    ],
    "SpacingBetweenSlices": 3,
    "TaskName": "Prospection",
    "TotalReadoutTime": 0.0315,
    "dataset": "ds002835",
    "modality": "bold",
    "run_id": 3,
    "subject_id": "3593",
    "task_id": "prospection"
  },
  "dummy_trs": 0,
  "dvars_nstd": 25.058263354999994,
  "dvars_std": 1.2503496889999999,
  "dvars_vstd": 0.9820930026111108,
  "efc": 0.5419873117824281,
  "fber": 419.81591796875,
  "fd_mean": 0.12308441200949474,
  "fd_num": 27,
  "fd_perc": 14.917127071823204,
  "fwhm_avg": 2.900397623215529,
  "fwhm_x": 2.8666633333333333,
  "fwhm_y": 2.797329777688203,
  "fwhm_z": 3.0371997586250497,
  "gcor": 0.0639633,
  "gsr_x": -0.00709059601649642,
  "gsr_y": 0.06790398806333542,
  "provenance": {
    "md5sum": "59ecfbf122441262c28acdbc0daa1418",
    "settings": {
      "fd_thres": 0.2,
      "testing": false
    },
    "software": "mriqc",
    "version": "22.0.6",
    "webapi_port": null,
    "webapi_url": "https://mriqc.nimh.nih.gov/api/v1"
  },
  "size_t": 181,
  "size_x": 64,
  "size_y": 64,
  "size_z": 53,
  "snr": 2.4630288289611584,
  "spacing_tr": 3.0,
  "spacing_x": 3.0,
  "spacing_y": 3.000000238418579,
  "spacing_z": 3.000000238418579,
  "summary_bg_k": 14.409053716842983,
  "summary_bg_mad": 12.819183803076443,
  "summary_bg_mean": 69.10393524169922,
  "summary_bg_median": 35.05524826049805,
  "summary_bg_n": 134863.0,
  "summary_bg_p05": 25.45856475830078,
  "summary_bg_p95": 245.50608978271472,
  "summary_bg_stdv": 84.47518920898438,
  "summary_fg_k": 2.551612169718382,
  "summary_fg_mad": 230.92552099920863,
  "summary_fg_mean": 794.1195678710938,
  "summary_fg_median": 726.1270751953125,
  "summary_fg_n": 40035.0,
  "summary_fg_p05": 447.5729583740234,
  "summary_fg_p95": 1393.0989257812496,
  "summary_fg_stdv": 294.80694580078125,
  "tsnr": 72.00648345192894
}