{
  "aor": 0.001141546961325967,
  "aqi": 0.0025163811049723757,
  "bids_meta": {
    "BandwidthPerPixelPhaseEncode": 31.25,
    "EchoTime": 0.025,
    "EffectiveEchoSpacing": 0.0005,
    "FlipAngle": 75,
    "ImageType": [
      "ORIGINAL",
      "PRIMARY",
      "M",
      "ND",
      "MOSAIC"
    ],
    "MagneticFieldStrength": 3,
    "Manufacturer": "Siemens",
    "ManufacturersModelName": "TrioTim",
    "Modality": "MR",
    "PhaseEncodingDirection": "j-",
    "PixelBandwidth": 3005,
    "RepetitionTime": 3,
    "ScanningSequence": "EP",
    "SequenceVariant": "SK",
    "SliceThickness": 3,
    "SliceTiming": [
      0,
      1.5225,
      0.055,
      1.58,
      0.1125,
      1.635,
      0.1675,
      1.6925,
      0.225,
      1.75,
      0.28,
      1.805,
      0.3375,
      1.8625,
      0.395,
      1.9175,
      0.45,
      1.975,
      0.5075,
      2.03,
      0.5625,
      2.0875,
      0.62,
      2.145,
      0.6775,
      2.2,
      0.7325,
      2.2575,
      0.79,
      2.3125,
      0.845,
      2.37,
      0.9025,
      2.425,
      0.9575,
      2.4825,
      1.015,
      2.54,
      1.0725,
      2.595,
      1.1275,
      2.6525,
      1.185,
      2.7075,
      1.24,
      2.765,
      1.2975,
      2.82,
      1.3525,
      2.8775,
      1.41,
      2.935,
      1.4675
    ],
    "SpacingBetweenSlices": 3,
    "TaskName": "Prospection",
    "TotalReadoutTime": 0.0315,
    "dataset": "ds002835",
    "modality": "bold",
    "run_id": 4,
    "subject_id": "1061",
    "task_id": "prospection"
  },
  "dummy_trs": 0,
  "dvars_nstd": 24.808098030222208,
  "dvars_std": 1.3178265244444443,
  "dvars_vstd": 1.0000804829444445,
  "efc": 0.5370902469535906,
  "fber": 446.2680358886719,
  "fd_mean": 0.08312073710464979,
  "fd_num": 9,
  "fd_perc": 4.972375690607735,
  "fwhm_avg": 2.8075266666666665,
  "fwhm_x": 2.671186666666667,
  "fwhm_y": 2.7322933333333332,
  "fwhm_z": 3.0191,
  "gcor": 0.0957761,
  "gsr_x": -0.0003772107884287834,
  "gsr_y": 0.040353160351514816,
  "provenance": {
    "md5sum": "7c963fd1b60e8dddf980915e96b8fa8f",
    "settings": {
      "fd_thres": 0.2,
      "testing": false
    },
    "software": "mriqc",
    "version": "22.0.6",
    "webapi_port": null,
    "webapi_url": "https://mriqc.nimh.nih.gov/api/v1"
  },
  "size_t": 181,
  "size_x": 64,
  "size_y": 64,
  "size_z": 53,
  "snr": 2.9739835517749564,
  "spacing_tr": 3.0,
  "spacing_x": 3.0,
  "spacing_y": 3.0,
  "spacing_z": 3.0,
  "summary_bg_k": 17.29623081524595,
  "summary_bg_mad": 12.319524391084542,
  "summary_bg_mean": 70.4512939453125,
  "summary_bg_median": 36.00552749633789,
  "summary_bg_n": 140093.0,
  "summary_bg_p05": 27.292818069458008,
  "summary_bg_p95": 247.72266540527337,
  "summary_bg_stdv": 84.63788604736328,
  "summary_fg_k": 1.386864987934266,
  "summary_fg_mad": 223.67638885063286,
  "summary_fg_mean": 830.3975219726562,
  "summary_fg_median": 777.12158203125,
  "summary_fg_n": 35313.0,
  "summary_fg_p05": 495.16575927734374,
  "summary_fg_p95": 1332.7094238281252,
  "summary_fg_stdv": 261.30291748046875,
  "tsnr": 80.98221673350781
}