{
  "aor": 0.0008840883977900552,
  "aqi": 0.002668194033149172,
  "bids_meta": {
    "BandwidthPerPixelPhaseEncode": 31.25,
    "EchoTime": 0.025,
    "EffectiveEchoSpacing": 0.0005,
    "FlipAngle": 75,
    "ImageType": [
      "ORIGINAL",
      "PRIMARY",
      "M",
      "ND",
      "MOSAIC"
    ],
    "MagneticFieldStrength": 3,
    "Manufacturer": "Siemens",
    "ManufacturersModelName": "TrioTim",
    "Modality": "MR",
    "PhaseEncodingDirection": "j-",
    "PixelBandwidth": 3005,
    "RepetitionTime": 3,
    "ScanningSequence": "EP",
    "SequenceVariant": "SK",
    "SliceThickness": 3,
    "SliceTiming": [
      0,
      1.5225,
      0.055,
      1.58,
      0.1125,
      1.635,
      0.1675,
      1.6925,
      0.225,
      1.75,
      0.28,
      1.805,
      0.3375,
      1.8625,
      0.395,
      1.9175,
      0.45,
      1.975,
      0.5075,
      2.03,
      0.5625,
      2.0875,
      0.62,
      2.145,
      0.6775,
      2.2,
      0.7325,
      2.2575,
      0.79,
      2.3125,
      0.845,
      2.37,
      0.9025,
      2.425,
      0.9575,
      2.4825,
      1.015,
      2.54,
      1.0725,
      2.595,
      1.1275,
      2.6525,
      1.185,
      2.7075,
      1.24,
      2.765,
      1.2975,
      2.82,
      1.3525,
      2.8775,
      1.41,
      2.935,
      1.4675
    ],
    "SpacingBetweenSlices": 3,
    "TaskName": "Prospection",
    "TotalReadoutTime": 0.0315,
    "dataset": "ds002835",
    "modality": "bold",
    "run_id": 1,
    "subject_id": "1061",
    "task_id": "prospection"
  },
  "dummy_trs": 0,
  "dvars_nstd": 23.53262911922223,
  "dvars_std": 1.3097880876111114,
  "dvars_vstd": 0.9854701947777781,
  "efc": 0.5348741354676694,
  "fber": 456.3394775390625,
  "fd_mean": 0.05852839606314048,
  "fd_num": 3,
  "fd_perc": 1.6574585635359116,
  "fwhm_avg": 2.7820011111111107,
  "fwhm_x": 2.67121,
  "fwhm_y": 2.7062266666666663,
  "fwhm_z": 2.9685666666666664,
  "gcor": 0.0298662,
  "gsr_x": -0.00048542857985012233,
  "gsr_y": 0.03965294733643532,
  "provenance": {
    "md5sum": "f7f9439c08953d1d2479c545d11dea49",
    "settings": {
      "fd_thres": 0.2,
      "testing": false
    },
    "software": "mriqc",
    "version": "22.0.6",
    "webapi_port": null,
    "webapi_url": "https://mriqc.nimh.nih.gov/api/v1"
  },
  "size_t": 181,
  "size_x": 64,
  "size_y": 64,
  "size_z": 53,
  "snr": 2.9989667278106538,
  "spacing_tr": 3.0,
  "spacing_x": 3.0,
  "spacing_y": 3.0,
  "spacing_z": 3.0,
  "summary_bg_k": 17.501296100736486,
  "summary_bg_mad": 11.95911061477653,
  "summary_bg_mean": 68.42316436767578,
  "summary_bg_median": 35.447513580322266,
  "summary_bg_n": 140209.0,
  "summary_bg_p05": 26.812156677246094,
  "summary_bg_p95": 238.08288574218767,
  "summary_bg_stdv": 81.5567855834961,
  "summary_fg_k": 1.3590828546896887,
  "summary_fg_mad": 221.8742634123065,
  "summary_fg_mean": 826.177490234375,
  "summary_fg_median": 774.2486572265625,
  "summary_fg_n": 35323.0,
  "summary_fg_p05": 495.99505920410155,
  "summary_fg_p95": 1324.424890136719,
  "summary_fg_stdv": 258.16815185546875,
  "tsnr": 78.7606058169622
}