{
  "aor": 0.0012445856353591159,
  "aqi": 0.0022579429281767956,
  "bids_meta": {
    "BandwidthPerPixelPhaseEncode": 31.25,
    "EchoTime": 0.025,
    "EffectiveEchoSpacing": 0.0005,
    "FlipAngle": 75,
    "ImageType": [
      "ORIGINAL",
      "PRIMARY",
      "M",
      "ND",
      "MOSAIC"
    ],
    "MagneticFieldStrength": 3,
    "Manufacturer": "Siemens",
    "ManufacturersModelName": "TrioTim",
    "Modality": "MR",
    "PhaseEncodingDirection": "j-",
    "PixelBandwidth": 3005,
    "RepetitionTime": 3,
    "ScanningSequence": "EP",
    "SequenceVariant": "SK",
    "SliceThickness": 3,
    "SliceTiming": [
      0,
      1.5225,
      0.055,
      1.58,
      0.1125,
      1.635,
      0.1675,
      1.6925,
      0.225,
      1.75,
      0.28,
      1.805,
      0.3375,
      1.8625,
      0.395,
      1.9175,
      0.45,
      1.975,
      0.5075,
      2.03,
      0.5625,
      2.0875,
      0.62,
      2.145,
      0.6775,
      2.2,
      0.7325,
      2.2575,
      0.79,
      2.3125,
      0.845,
      2.37,
      0.9025,
      2.425,
      0.9575,
      2.4825,
      1.015,
      2.54,
      1.0725,
      2.595,
      1.1275,
      2.6525,
      1.185,
      2.7075,
      1.24,
      2.765,
      1.2975,
      2.82,
      1.3525,
      2.8775,
      1.41,
      2.935,
      1.4675
    ],
    "SpacingBetweenSlices": 3,
    "TaskName": "Prospection",
    "TotalReadoutTime": 0.0315,
    "dataset": "ds002835",
    "modality": "bold",
    "run_id": 3,
    "subject_id": "1061",
    "task_id": "prospection"
  },
  "dummy_trs": 0,
  "dvars_nstd": 23.799414168888884,
  "dvars_std": 1.3220470664999997,
  "dvars_vstd": 1.0054026658333335,
  "efc": 0.5366885154487058,
  "fber": 451.8319396972656,
  "fd_mean": 0.07640262565170233,
  "fd_num": 6,
  "fd_perc": 3.314917127071823,
  "fwhm_avg": 2.8013433333333335,
  "fwhm_x": 2.6830533333333335,
  "fwhm_y": 2.7248099999999997,
  "fwhm_z": 2.996166666666667,
  "gcor": 0.0942265,
  "gsr_x": 0.00300387991592288,
  "gsr_y": 0.03936024755239487,
  "provenance": {
    "md5sum": "8c421a198ed4ed81873fa8a3b562d689",
    "settings": {
      "fd_thres": 0.2,
      "testing": false
    },
    "software": "mriqc",
    "version": "22.0.6",
    "webapi_port": null,
    "webapi_url": "https://mriqc.nimh.nih.gov/api/v1"
  },
  "size_t": 181,
  "size_x": 64,
  "size_y": 64,
  "size_z": 53,
  "snr": 2.984562900903778,
  "spacing_tr": 3.0,
  "spacing_x": 3.0,
  "spacing_y": 3.0,
  "spacing_z": 3.0,
  "summary_bg_k": 17.397046638178374,
  "summary_bg_mad": 12.278568794293053,
  "summary_bg_mean": 71.46944427490234,
  "summary_bg_median": 35.86740493774414,
  "summary_bg_n": 140628.0,
  "summary_bg_p05": 27.215471267700195,
  "summary_bg_p95": 253.59117126464844,
  "summary_bg_stdv": 88.45066833496094,
  "summary_fg_k": 1.431670198619445,
  "summary_fg_mad": 223.00879254527246,
  "summary_fg_mean": 829.1568603515625,
  "summary_fg_median": 776.3702392578125,
  "summary_fg_n": 35300.0,
  "summary_fg_p05": 495.341731262207,
  "summary_fg_p95": 1330.5876281738279,
  "summary_fg_stdv": 260.12493896484375,
  "tsnr": 85.17443385149818
}