{
  "aor": 0.0005743646408839779,
  "aqi": 0.002404828011049724,
  "bids_meta": {
    "BandwidthPerPixelPhaseEncode": 31.25,
    "EchoTime": 0.025,
    "EffectiveEchoSpacing": 0.0005,
    "FlipAngle": 75,
    "ImageType": [
      "ORIGINAL",
      "PRIMARY",
      "M",
      "ND",
      "MOSAIC"
    ],
    "MagneticFieldStrength": 3,
    "Manufacturer": "Siemens",
    "ManufacturersModelName": "TrioTim",
    "Modality": "MR",
    "PhaseEncodingDirection": "j-",
    "PixelBandwidth": 3005,
    "RepetitionTime": 3,
    "ScanningSequence": "EP",
    "SequenceVariant": "SK",
    "SliceThickness": 3,
    "SliceTiming": [
      0,
      1.5225,
      0.055,
      1.58,
      0.1125,
      1.635,
      0.1675,
      1.6925,
      0.225,
      1.75,
      0.28,
      1.805,
      0.3375,
      1.8625,
      0.395,
      1.9175,
      0.45,
      1.975,
      0.5075,
      2.03,
      0.5625,
      2.0875,
      0.62,
      2.145,
      0.6775,
      2.2,
      0.7325,
      2.2575,
      0.79,
      2.3125,
      0.845,
      2.37,
      0.9025,
      2.425,
      0.9575,
      2.4825,
      1.015,
      2.54,
      1.0725,
      2.595,
      1.1275,
      2.6525,
      1.185,
      2.7075,
      1.24,
      2.765,
      1.2975,
      2.82,
      1.3525,
      2.8775,
      1.41,
      2.935,
      1.4675
    ],
    "SpacingBetweenSlices": 3,
    "TaskName": "Prospection",
    "TotalReadoutTime": 0.0315,
    "dataset": "ds002835",
    "modality": "bold",
    "run_id": 2,
    "subject_id": "1061",
    "task_id": "prospection"
  },
  "dummy_trs": 0,
  "dvars_nstd": 24.36231973455555,
  "dvars_std": 1.31931406838889,
  "dvars_vstd": 0.991328173333333,
  "efc": 0.5358825791954075,
  "fber": 457.27166748046875,
  "fd_mean": 0.06783358345026956,
  "fd_num": 1,
  "fd_perc": 0.5524861878453039,
  "fwhm_avg": 2.791873333333333,
  "fwhm_x": 2.685146666666667,
  "fwhm_y": 2.7046733333333335,
  "fwhm_z": 2.9858,
  "gcor": 0.0986766,
  "gsr_x": 0.0032642469741404057,
  "gsr_y": 0.038729168474674225,
  "provenance": {
    "md5sum": "a73930bfa1cdab13ea790e3bd8d6cfe3",
    "settings": {
      "fd_thres": 0.2,
      "testing": false
    },
    "software": "mriqc",
    "version": "22.0.6",
    "webapi_port": null,
    "webapi_url": "https://mriqc.nimh.nih.gov/api/v1"
  },
  "size_t": 181,
  "size_x": 64,
  "size_y": 64,
  "size_z": 53,
  "snr": 2.9914670615096233,
  "spacing_tr": 3.0,
  "spacing_x": 3.0,
  "spacing_y": 3.0,
  "spacing_z": 3.0,
  "summary_bg_k": 17.54698298520771,
  "summary_bg_mad": 12.081977405150997,
  "summary_bg_mean": 70.72399139404297,
  "summary_bg_median": 35.62430953979492,
  "summary_bg_n": 140716.0,
  "summary_bg_p05": 26.994476318359375,
  "summary_bg_p95": 250.76243591308594,
  "summary_bg_stdv": 87.53363800048828,
  "summary_fg_k": 1.4197263056765,
  "summary_fg_mad": 222.77939822008253,
  "summary_fg_mean": 828.6156616210938,
  "summary_fg_median": 775.9779052734375,
  "summary_fg_n": 35286.0,
  "summary_fg_p05": 496.48206329345703,
  "summary_fg_p95": 1331.3577575683594,
  "summary_fg_stdv": 259.3934326171875,
  "tsnr": 82.76951434719376
}