{
  "aor": 0.0039643646408839784,
  "aqi": 0.009314300331491712,
  "bids_meta": {
    "BandwidthPerPixelPhaseEncode": 31.25,
    "EchoTime": 0.025,
    "EffectiveEchoSpacing": 0.0005,
    "FlipAngle": 75,
    "ImageType": [
      "ORIGINAL",
      "PRIMARY",
      "M",
      "ND",
      "MOSAIC"
    ],
    "MagneticFieldStrength": 3,
    "Manufacturer": "Siemens",
    "ManufacturersModelName": "TrioTim",
    "Modality": "MR",
    "PhaseEncodingDirection": "j-",
    "PixelBandwidth": 3005,
    "RepetitionTime": 3,
    "ScanningSequence": "EP",
    "SequenceVariant": "SK",
    "SliceThickness": 3,
    "SliceTiming": [
      0,
      1.5225,
      0.055,
      1.58,
      0.1125,
      1.635,
      0.1675,
      1.6925,
      0.225,
      1.75,
      0.28,
      1.805,
      0.3375,
      1.8625,
      0.395,
      1.9175,
      0.45,
      1.975,
      0.5075,
      2.03,
      0.5625,
      2.0875,
      0.62,
      2.145,
      0.6775,
      2.2,
      0.7325,
      2.2575,
      0.79,
      2.3125,
      0.845,
      2.37,
      0.9025,
      2.425,
      0.9575,
      2.4825,
      1.015,
      2.54,
      1.0725,
      2.595,
      1.1275,
      2.6525,
      1.185,
      2.7075,
      1.24,
      2.765,
      1.2975,
      2.82,
      1.3525,
      2.8775,
      1.41,
      2.935,
      1.4675
    ],
    "SpacingBetweenSlices": 3,
    "TaskName": "Prospection",
    "TotalReadoutTime": 0.0315,
    "dataset": "ds002835",
    "modality": "bold",
    "run_id": 2,
    "subject_id": "1069",
    "task_id": "prospection"
  },
  "dummy_trs": 0,
  "dvars_nstd": 30.62109337933334,
  "dvars_std": 1.0483636448888893,
  "dvars_vstd": 0.8973831468888886,
  "efc": 0.5763440757656253,
  "fber": 373.6916809082031,
  "fd_mean": 0.32967971523291134,
  "fd_num": 77,
  "fd_perc": 42.5414364640884,
  "fwhm_avg": 2.660352222222222,
  "fwhm_x": 2.5732866666666667,
  "fwhm_y": 2.5716633333333334,
  "fwhm_z": 2.8361066666666663,
  "gcor": 0.0317702,
  "gsr_x": -0.002047872869297862,
  "gsr_y": 0.06601457297801971,
  "provenance": {
    "md5sum": "0c43420b710777ab108c8e236b68f868",
    "settings": {
      "fd_thres": 0.2,
      "testing": false
    },
    "software": "mriqc",
    "version": "22.0.6",
    "webapi_port": null,
    "webapi_url": "https://mriqc.nimh.nih.gov/api/v1"
  },
  "size_t": 181,
  "size_x": 64,
  "size_y": 64,
  "size_z": 53,
  "snr": 2.777724005562627,
  "spacing_tr": 3.0,
  "spacing_x": 3.0,
  "spacing_y": 3.0,
  "spacing_z": 3.0,
  "summary_bg_k": 31.76497361426324,
  "summary_bg_mad": 14.998039650555317,
  "summary_bg_mean": 82.38475036621094,
  "summary_bg_median": 37.878456115722656,
  "summary_bg_n": 129706.0,
  "summary_bg_p05": 26.370166778564453,
  "summary_bg_p95": 301.1367416381836,
  "summary_bg_stdv": 109.41130828857422,
  "summary_fg_k": 2.562537121495037,
  "summary_fg_mad": 228.6975455828374,
  "summary_fg_mean": 794.6441040039062,
  "summary_fg_median": 740.806640625,
  "summary_fg_n": 44637.0,
  "summary_fg_p05": 465.3359313964844,
  "summary_fg_p95": 1307.4132812499993,
  "summary_fg_stdv": 266.69256591796875,
  "tsnr": 43.97624392528087
}