{
  "aor": 0.008745745856353591,
  "aqi": 0.008403089889502762,
  "bids_meta": {
    "BandwidthPerPixelPhaseEncode": 31.25,
    "EchoTime": 0.025,
    "EffectiveEchoSpacing": 0.0005,
    "FlipAngle": 75,
    "ImageType": [
      "ORIGINAL",
      "PRIMARY",
      "M",
      "ND",
      "MOSAIC"
    ],
    "MagneticFieldStrength": 3,
    "Manufacturer": "Siemens",
    "ManufacturersModelName": "TrioTim",
    "Modality": "MR",
    "PhaseEncodingDirection": "j-",
    "PixelBandwidth": 3005,
    "RepetitionTime": 3,
    "ScanningSequence": "EP",
    "SequenceVariant": "SK",
    "SliceThickness": 3,
    "SliceTiming": [
      0,
      1.5225,
      0.055,
      1.58,
      0.1125,
      1.635,
      0.1675,
      1.6925,
      0.225,
      1.75,
      0.28,
      1.805,
      0.3375,
      1.8625,
      0.395,
      1.9175,
      0.45,
      1.975,
      0.5075,
      2.03,
      0.5625,
      2.0875,
      0.62,
      2.145,
      0.6775,
      2.2,
      0.7325,
      2.2575,
      0.79,
      2.3125,
      0.845,
      2.37,
      0.9025,
      2.425,
      0.9575,
      2.4825,
      1.015,
      2.54,
      1.0725,
      2.595,
      1.1275,
      2.6525,
      1.185,
      2.7075,
      1.24,
      2.765,
      1.2975,
      2.82,
      1.3525,
      2.8775,
      1.41,
      2.935,
      1.4675
    ],
    "SpacingBetweenSlices": 3,
    "TaskName": "Prospection",
    "TotalReadoutTime": 0.0315,
    "dataset": "ds002835",
    "modality": "bold",
    "run_id": 3,
    "subject_id": "1069",
    "task_id": "prospection"
  },
  "dummy_trs": 0,
  "dvars_nstd": 26.07384707155555,
  "dvars_std": 1.088052460111111,
  "dvars_vstd": 0.9485126393888891,
  "efc": 0.5785660292233298,
  "fber": 361.08636474609375,
  "fd_mean": 0.18075855246467484,
  "fd_num": 40,
  "fd_perc": 22.099447513812155,
  "fwhm_avg": 2.6658466666666665,
  "fwhm_x": 2.5933800000000002,
  "fwhm_y": 2.59095,
  "fwhm_z": 2.8132099999999998,
  "gcor": 0.0334038,
  "gsr_x": -0.0022117961198091507,
  "gsr_y": 0.0643373653292656,
  "provenance": {
    "md5sum": "5012d1cc54191658fae829806a70d5d7",
    "settings": {
      "fd_thres": 0.2,
      "testing": false
    },
    "software": "mriqc",
    "version": "22.0.6",
    "webapi_port": null,
    "webapi_url": "https://mriqc.nimh.nih.gov/api/v1"
  },
  "size_t": 181,
  "size_x": 64,
  "size_y": 64,
  "size_z": 53,
  "snr": 2.7498498870714916,
  "spacing_tr": 3.0,
  "spacing_x": 3.0,
  "spacing_y": 3.0,
  "spacing_z": 3.0,
  "summary_bg_k": 30.222032859687992,
  "summary_bg_mad": 15.702479874343982,
  "summary_bg_mean": 84.20565032958984,
  "summary_bg_median": 38.49171447753906,
  "summary_bg_n": 129345.0,
  "summary_bg_p05": 26.5966854095459,
  "summary_bg_p95": 307.9712768554684,
  "summary_bg_stdv": 110.4088363647461,
  "summary_fg_k": 2.510810861050188,
  "summary_fg_mad": 232.70303292414184,
  "summary_fg_mean": 800.261474609375,
  "summary_fg_median": 745.3867797851562,
  "summary_fg_n": 44559.0,
  "summary_fg_p05": 466.48565368652345,
  "summary_fg_p95": 1321.7414672851562,
  "summary_fg_stdv": 271.0614929199219,
  "tsnr": 44.690467566484585
}