{
  "aor": 0.006956353591160222,
  "aqi": 0.010283255138121547,
  "bids_meta": {
    "BandwidthPerPixelPhaseEncode": 31.25,
    "EchoTime": 0.025,
    "EffectiveEchoSpacing": 0.0005,
    "FlipAngle": 75,
    "ImageType": [
      "ORIGINAL",
      "PRIMARY",
      "M",
      "ND",
      "MOSAIC"
    ],
    "MagneticFieldStrength": 3,
    "Manufacturer": "Siemens",
    "ManufacturersModelName": "TrioTim",
    "Modality": "MR",
    "PhaseEncodingDirection": "j-",
    "PixelBandwidth": 3005,
    "RepetitionTime": 3,
    "ScanningSequence": "EP",
    "SequenceVariant": "SK",
    "SliceThickness": 3,
    "SliceTiming": [
      0,
      1.5225,
      0.055,
      1.58,
      0.1125,
      1.635,
      0.1675,
      1.6925,
      0.225,
      1.75,
      0.28,
      1.805,
      0.3375,
      1.8625,
      0.395,
      1.9175,
      0.45,
      1.975,
      0.5075,
      2.03,
      0.5625,
      2.0875,
      0.62,
      2.145,
      0.6775,
      2.2,
      0.7325,
      2.2575,
      0.79,
      2.3125,
      0.845,
      2.37,
      0.9025,
      2.425,
      0.9575,
      2.4825,
      1.015,
      2.54,
      1.0725,
      2.595,
      1.1275,
      2.6525,
      1.185,
      2.7075,
      1.24,
      2.765,
      1.2975,
      2.82,
      1.3525,
      2.8775,
      1.41,
      2.935,
      1.4675
    ],
    "SpacingBetweenSlices": 3,
    "TaskName": "Prospection",
    "TotalReadoutTime": 0.0315,
    "dataset": "ds002835",
    "modality": "bold",
    "run_id": 4,
    "subject_id": "1069",
    "task_id": "prospection"
  },
  "dummy_trs": 0,
  "dvars_nstd": 32.72598880116667,
  "dvars_std": 1.0741185656111116,
  "dvars_vstd": 0.9263728042222223,
  "efc": 0.5800365004274958,
  "fber": 372.5182189941406,
  "fd_mean": 0.2780763081032086,
  "fd_num": 78,
  "fd_perc": 43.0939226519337,
  "fwhm_avg": 2.6116333333333333,
  "fwhm_x": 2.51827,
  "fwhm_y": 2.54218,
  "fwhm_z": 2.77445,
  "gcor": 0.0485423,
  "gsr_x": -0.0003933439729735255,
  "gsr_y": 0.06557706743478775,
  "provenance": {
    "md5sum": "3074ca2d532eccf96844f7e599986a53",
    "settings": {
      "fd_thres": 0.2,
      "testing": false
    },
    "software": "mriqc",
    "version": "22.0.6",
    "webapi_port": null,
    "webapi_url": "https://mriqc.nimh.nih.gov/api/v1"
  },
  "size_t": 181,
  "size_x": 64,
  "size_y": 64,
  "size_z": 53,
  "snr": 2.856412077153651,
  "spacing_tr": 3.0,
  "spacing_x": 3.0,
  "spacing_y": 3.0,
  "spacing_z": 3.0,
  "summary_bg_k": 31.4506697464169,
  "summary_bg_mad": 14.850596108698776,
  "summary_bg_mean": 81.66119384765625,
  "summary_bg_median": 37.436466217041016,
  "summary_bg_n": 129217.0,
  "summary_bg_p05": 26.049724578857422,
  "summary_bg_p95": 304.2287414550781,
  "summary_bg_stdv": 106.77440643310547,
  "summary_fg_k": 2.366576831878434,
  "summary_fg_mad": 223.67629835977482,
  "summary_fg_mean": 784.1305541992188,
  "summary_fg_median": 733.5137939453125,
  "summary_fg_n": 44642.0,
  "summary_fg_p05": 462.88897399902345,
  "summary_fg_p95": 1275.9483520507808,
  "summary_fg_stdv": 256.7926330566406,
  "tsnr": 39.2702092747204
}