{
  "aor": 0.0009332222222222222,
  "aqi": 0.002472525388888889,
  "bids_meta": {
    "BandwidthPerPixelPhaseEncode": 31.25,
    "EchoTime": 0.025,
    "EffectiveEchoSpacing": 0.0005,
    "FlipAngle": 75,
    "ImageType": [
      "ORIGINAL",
      "PRIMARY",
      "M",
      "ND",
      "MOSAIC"
    ],
    "MagneticFieldStrength": 3,
    "Manufacturer": "Siemens",
    "ManufacturersModelName": "TrioTim",
    "Modality": "MR",
    "PhaseEncodingDirection": "j-",
    "PixelBandwidth": 3005,
    "RepetitionTime": 3,
    "ScanningSequence": "EP",
    "SequenceVariant": "SK",
    "SliceThickness": 3,
    "SliceTiming": [
      0,
      1.5225,
      0.055,
      1.58,
      0.1125,
      1.635,
      0.1675,
      1.6925,
      0.225,
      1.75,
      0.28,
      1.805,
      0.3375,
      1.8625,
      0.395,
      1.9175,
      0.45,
      1.975,
      0.5075,
      2.03,
      0.5625,
      2.0875,
      0.62,
      2.145,
      0.6775,
      2.2,
      0.7325,
      2.2575,
      0.79,
      2.3125,
      0.845,
      2.37,
      0.9025,
      2.425,
      0.9575,
      2.4825,
      1.015,
      2.54,
      1.0725,
      2.595,
      1.1275,
      2.6525,
      1.185,
      2.7075,
      1.24,
      2.765,
      1.2975,
      2.82,
      1.3525,
      2.8775,
      1.41,
      2.935,
      1.4675
    ],
    "SpacingBetweenSlices": 3,
    "TaskName": "Prospection",
    "TotalReadoutTime": 0.0315,
    "dataset": "ds002835",
    "modality": "bold",
    "run_id": 4,
    "subject_id": "0484",
    "task_id": "prospection"
  },
  "dummy_trs": 1,
  "dvars_nstd": 20.46491026178771,
  "dvars_std": 1.1501812131843578,
  "dvars_vstd": 0.9829020550837988,
  "efc": 0.5491112765560273,
  "fber": 421.0649719238281,
  "fd_mean": 0.09580211897141878,
  "fd_num": 10,
  "fd_perc": 5.555555555555555,
  "fwhm_avg": 2.3946477777777777,
  "fwhm_x": 2.3135733333333333,
  "fwhm_y": 2.315653333333333,
  "fwhm_z": 2.5547166666666667,
  "gcor": 0.0696159,
  "gsr_x": -0.014787822961807251,
  "gsr_y": 0.05067535489797592,
  "provenance": {
    "md5sum": "9fe8acd22cf51ea155f5661546240392",
    "settings": {
      "fd_thres": 0.2,
      "testing": false
    },
    "software": "mriqc",
    "version": "22.0.6",
    "webapi_port": null,
    "webapi_url": "https://mriqc.nimh.nih.gov/api/v1"
  },
  "size_t": 180,
  "size_x": 64,
  "size_y": 64,
  "size_z": 53,
  "snr": 3.123236381057018,
  "spacing_tr": 3.0,
  "spacing_x": 3.0,
  "spacing_y": 3.0,
  "spacing_z": 3.0,
  "summary_bg_k": 42.80629930807655,
  "summary_bg_mad": 9.282738857506123,
  "summary_bg_mean": 63.597328186035156,
  "summary_bg_median": 31.838890075683594,
  "summary_bg_n": 137830.0,
  "summary_bg_p05": 24.933334350585938,
  "summary_bg_p95": 216.0758384704588,
  "summary_bg_stdv": 83.42203521728516,
  "summary_fg_k": 1.5763019612179923,
  "summary_fg_mad": 191.725243249712,
  "summary_fg_mean": 700.1177368164062,
  "summary_fg_median": 659.6000366210938,
  "summary_fg_n": 38355.0,
  "summary_fg_p05": 433.9394592285156,
  "summary_fg_p95": 1100.1472656249998,
  "summary_fg_stdv": 211.18844604492188,
  "tsnr": 78.70472700148821
}