{
  "aor": 0.000921049723756906,
  "aqi": 0.0023645834806629833,
  "bids_meta": {
    "BandwidthPerPixelPhaseEncode": 31.25,
    "EchoTime": 0.025,
    "EffectiveEchoSpacing": 0.0005,
    "FlipAngle": 75,
    "ImageType": [
      "ORIGINAL",
      "PRIMARY",
      "M",
      "ND",
      "MOSAIC"
    ],
    "MagneticFieldStrength": 3,
    "Manufacturer": "Siemens",
    "ManufacturersModelName": "TrioTim",
    "Modality": "MR",
    "PhaseEncodingDirection": "j-",
    "PixelBandwidth": 3005,
    "RepetitionTime": 3,
    "ScanningSequence": "EP",
    "SequenceVariant": "SK",
    "SliceThickness": 3,
    "SliceTiming": [
      0,
      1.5225,
      0.055,
      1.58,
      0.1125,
      1.635,
      0.1675,
      1.6925,
      0.225,
      1.75,
      0.28,
      1.805,
      0.3375,
      1.8625,
      0.395,
      1.9175,
      0.45,
      1.975,
      0.5075,
      2.03,
      0.5625,
      2.0875,
      0.62,
      2.145,
      0.6775,
      2.2,
      0.7325,
      2.2575,
      0.79,
      2.3125,
      0.845,
      2.37,
      0.9025,
      2.425,
      0.9575,
      2.4825,
      1.015,
      2.54,
      1.0725,
      2.595,
      1.1275,
      2.6525,
      1.185,
      2.7075,
      1.24,
      2.765,
      1.2975,
      2.82,
      1.3525,
      2.8775,
      1.41,
      2.935,
      1.4675
    ],
    "SpacingBetweenSlices": 3,
    "TaskName": "Prospection",
    "TotalReadoutTime": 0.0315,
    "dataset": "ds002835",
    "modality": "bold",
    "run_id": 1,
    "subject_id": "0484",
    "task_id": "prospection"
  },
  "dummy_trs": 0,
  "dvars_nstd": 23.155814446666678,
  "dvars_std": 1.236603155444445,
  "dvars_vstd": 0.9988117659444441,
  "efc": 0.5468050622498298,
  "fber": 434.5284423828125,
  "fd_mean": 0.09361738595732548,
  "fd_num": 5,
  "fd_perc": 2.7624309392265194,
  "fwhm_avg": 2.359931111111111,
  "fwhm_x": 2.28991,
  "fwhm_y": 2.2687066666666666,
  "fwhm_z": 2.521176666666667,
  "gcor": 0.0243898,
  "gsr_x": -0.013829139992594719,
  "gsr_y": 0.049540091305971146,
  "provenance": {
    "md5sum": "450461aec33ff07879d6f8f9dd3abaec",
    "settings": {
      "fd_thres": 0.2,
      "testing": false
    },
    "software": "mriqc",
    "version": "22.0.6",
    "webapi_port": null,
    "webapi_url": "https://mriqc.nimh.nih.gov/api/v1"
  },
  "size_t": 181,
  "size_x": 64,
  "size_y": 64,
  "size_z": 53,
  "snr": 3.142760564313813,
  "spacing_tr": 3.0,
  "spacing_x": 3.0,
  "spacing_y": 3.0,
  "spacing_z": 3.0,
  "summary_bg_k": 46.67036760809505,
  "summary_bg_mad": 8.494243937934108,
  "summary_bg_mean": 60.90319061279297,
  "summary_bg_median": 31.01657485961914,
  "summary_bg_n": 137511.0,
  "summary_bg_p05": 24.850830078125,
  "summary_bg_p95": 203.0801239013672,
  "summary_bg_stdv": 79.7704849243164,
  "summary_fg_k": 1.6118920669668908,
  "summary_fg_mad": 189.3307646545047,
  "summary_fg_mean": 693.608154296875,
  "summary_fg_median": 653.6077880859375,
  "summary_fg_n": 38479.0,
  "summary_fg_p05": 431.9779052734375,
  "summary_fg_p95": 1089.211682128906,
  "summary_fg_stdv": 207.9698028564453,
  "tsnr": 85.57971890852787
}