{
  "aor": 0.00054292817679558,
  "aqi": 0.0021983800552486184,
  "bids_meta": {
    "BandwidthPerPixelPhaseEncode": 31.25,
    "EchoTime": 0.025,
    "EffectiveEchoSpacing": 0.0005,
    "FlipAngle": 75,
    "ImageType": [
      "ORIGINAL",
      "PRIMARY",
      "M",
      "ND",
      "MOSAIC"
    ],
    "MagneticFieldStrength": 3,
    "Manufacturer": "Siemens",
    "ManufacturersModelName": "TrioTim",
    "Modality": "MR",
    "PhaseEncodingDirection": "j-",
    "PixelBandwidth": 3005,
    "RepetitionTime": 3,
    "ScanningSequence": "EP",
    "SequenceVariant": "SK",
    "SliceThickness": 3,
    "SliceTiming": [
      0,
      1.5225,
      0.055,
      1.58,
      0.1125,
      1.635,
      0.1675,
      1.6925,
      0.225,
      1.75,
      0.28,
      1.805,
      0.3375,
      1.8625,
      0.395,
      1.9175,
      0.45,
      1.975,
      0.5075,
      2.03,
      0.5625,
      2.0875,
      0.62,
      2.145,
      0.6775,
      2.2,
      0.7325,
      2.2575,
      0.79,
      2.3125,
      0.845,
      2.37,
      0.9025,
      2.425,
      0.9575,
      2.4825,
      1.015,
      2.54,
      1.0725,
      2.595,
      1.1275,
      2.6525,
      1.185,
      2.7075,
      1.24,
      2.765,
      1.2975,
      2.82,
      1.3525,
      2.8775,
      1.41,
      2.935,
      1.4675
    ],
    "SpacingBetweenSlices": 3,
    "TaskName": "Prospection",
    "TotalReadoutTime": 0.0315,
    "dataset": "ds002835",
    "modality": "bold",
    "run_id": 3,
    "subject_id": "0484",
    "task_id": "prospection"
  },
  "dummy_trs": 0,
  "dvars_nstd": 22.750215180611107,
  "dvars_std": 1.2175935771666664,
  "dvars_vstd": 0.9968138002222223,
  "efc": 0.5482661095433092,
  "fber": 429.9736022949219,
  "fd_mean": 0.10338333176825297,
  "fd_num": 14,
  "fd_perc": 7.734806629834254,
  "fwhm_avg": 2.3614833333333327,
  "fwhm_x": 2.289423333333333,
  "fwhm_y": 2.27175,
  "fwhm_z": 2.5232766666666664,
  "gcor": 0.0591531,
  "gsr_x": -0.014542886056005955,
  "gsr_y": 0.04960111528635025,
  "provenance": {
    "md5sum": "bcd8c7cf3377268da8bc1b93b580d12f",
    "settings": {
      "fd_thres": 0.2,
      "testing": false
    },
    "software": "mriqc",
    "version": "22.0.6",
    "webapi_port": null,
    "webapi_url": "https://mriqc.nimh.nih.gov/api/v1"
  },
  "size_t": 181,
  "size_x": 64,
  "size_y": 64,
  "size_z": 53,
  "snr": 3.140034308831505,
  "spacing_tr": 3.0,
  "spacing_x": 3.0,
  "spacing_y": 3.0,
  "spacing_z": 3.0,
  "summary_bg_k": 43.68881649763181,
  "summary_bg_mad": 8.731790923867653,
  "summary_bg_mean": 62.97364807128906,
  "summary_bg_median": 31.480663299560547,
  "summary_bg_n": 137911.0,
  "summary_bg_p05": 25.226520538330078,
  "summary_bg_p95": 213.6022186279297,
  "summary_bg_stdv": 83.12205505371094,
  "summary_fg_k": 1.6371514112979444,
  "summary_fg_mad": 191.01814768480705,
  "summary_fg_mean": 699.5213623046875,
  "summary_fg_median": 660.0718383789062,
  "summary_fg_n": 38345.0,
  "summary_fg_p05": 434.5679626464844,
  "summary_fg_p95": 1097.1260498046875,
  "summary_fg_stdv": 210.20892333984375,
  "tsnr": 85.33185919630341
}