{
  "aor": 0.0009947513812154697,
  "aqi": 0.002474597679558011,
  "bids_meta": {
    "BandwidthPerPixelPhaseEncode": 31.25,
    "EchoTime": 0.025,
    "EffectiveEchoSpacing": 0.0005,
    "FlipAngle": 75,
    "ImageType": [
      "ORIGINAL",
      "PRIMARY",
      "M",
      "ND",
      "MOSAIC"
    ],
    "MagneticFieldStrength": 3,
    "Manufacturer": "Siemens",
    "ManufacturersModelName": "TrioTim",
    "Modality": "MR",
    "PhaseEncodingDirection": "j-",
    "PixelBandwidth": 3005,
    "RepetitionTime": 3,
    "ScanningSequence": "EP",
    "SequenceVariant": "SK",
    "SliceThickness": 3,
    "SliceTiming": [
      0,
      1.5225,
      0.055,
      1.58,
      0.1125,
      1.635,
      0.1675,
      1.6925,
      0.225,
      1.75,
      0.28,
      1.805,
      0.3375,
      1.8625,
      0.395,
      1.9175,
      0.45,
      1.975,
      0.5075,
      2.03,
      0.5625,
      2.0875,
      0.62,
      2.145,
      0.6775,
      2.2,
      0.7325,
      2.2575,
      0.79,
      2.3125,
      0.845,
      2.37,
      0.9025,
      2.425,
      0.9575,
      2.4825,
      1.015,
      2.54,
      1.0725,
      2.595,
      1.1275,
      2.6525,
      1.185,
      2.7075,
      1.24,
      2.765,
      1.2975,
      2.82,
      1.3525,
      2.8775,
      1.41,
      2.935,
      1.4675
    ],
    "SpacingBetweenSlices": 3,
    "TaskName": "Prospection",
    "TotalReadoutTime": 0.0315,
    "dataset": "ds002835",
    "modality": "bold",
    "run_id": 2,
    "subject_id": "0484",
    "task_id": "prospection"
  },
  "dummy_trs": 0,
  "dvars_nstd": 22.81916475305555,
  "dvars_std": 1.2270829123333333,
  "dvars_vstd": 0.9988786245555553,
  "efc": 0.5476927008238329,
  "fber": 429.6171875,
  "fd_mean": 0.09323969360274798,
  "fd_num": 8,
  "fd_perc": 4.419889502762431,
  "fwhm_avg": 2.3656011111111113,
  "fwhm_x": 2.29028,
  "fwhm_y": 2.2860766666666668,
  "fwhm_z": 2.520446666666667,
  "gcor": 0.0682928,
  "gsr_x": -0.013983521610498428,
  "gsr_y": 0.049502719193696976,
  "provenance": {
    "md5sum": "d4d155d90319ed65759b879d1436f99e",
    "settings": {
      "fd_thres": 0.2,
      "testing": false
    },
    "software": "mriqc",
    "version": "22.0.6",
    "webapi_port": null,
    "webapi_url": "https://mriqc.nimh.nih.gov/api/v1"
  },
  "size_t": 181,
  "size_x": 64,
  "size_y": 64,
  "size_z": 53,
  "snr": 3.1395097789429416,
  "spacing_tr": 3.0,
  "spacing_x": 3.0,
  "spacing_y": 3.0,
  "spacing_z": 3.0,
  "summary_bg_k": 45.01486768229523,
  "summary_bg_mad": 9.247834836847602,
  "summary_bg_mean": 61.966102600097656,
  "summary_bg_median": 31.45856475830078,
  "summary_bg_n": 137646.0,
  "summary_bg_p05": 24.303869247436523,
  "summary_bg_p95": 208.50830078125,
  "summary_bg_stdv": 81.36531829833984,
  "summary_fg_k": 1.5941459740509574,
  "summary_fg_mad": 190.46108596257068,
  "summary_fg_mean": 697.8770141601562,
  "summary_fg_median": 657.8618774414062,
  "summary_fg_n": 38515.0,
  "summary_fg_p05": 433.8237640380859,
  "summary_fg_p95": 1095.406652832031,
  "summary_fg_stdv": 209.54014587402344,
  "tsnr": 81.25422982801683
}