{
  "bids_meta": {
    "EchoTime": 0.00311,
    "FlipAngle": 15,
    "ImageType": [
      "ORIGINAL",
      "PRIMARY",
      "M",
      "ND",
      "NORM"
    ],
    "InversionTime": 1.1,
    "MagneticFieldStrength": 3,
    "Manufacturer": "Siemens",
    "ManufacturersModelName": "TrioTim",
    "Modality": "MR",
    "RepetitionTime": 1.63,
    "ScanningSequence": "GR_IR",
    "SequenceVariant": "SP_MP",
    "SliceThickness": 1,
    "dataset": "ds002835",
    "modality": "T1w",
    "subject_id": "2503"
  },
  "cjv": 0.38731901417190634,
  "cnr": 3.524033814391684,
  "efc": 0.6333665402167328,
  "fber": -1.0,
  "fwhm_avg": 3.840426888888889,
  "fwhm_x": 3.6230506666666664,
  "fwhm_y": 4.31552,
  "fwhm_z": 3.58271,
  "icvs_csf": 0.17448310827124933,
  "icvs_gm": 0.4295166091954156,
  "icvs_wm": 0.3960002825333351,
  "inu_med": 0.2711852192878723,
  "inu_range": 0.07164174541831014,
  "provenance": {
    "md5sum": "72730a6d9ddffc0707b7d7a2d1d44508",
    "settings": {
      "testing": false
    },
    "software": "mriqc",
    "version": "22.0.6",
    "warnings": {
      "large_rot_frame": true,
      "small_air_mask": false
    },
    "webapi_port": null,
    "webapi_url": "https://mriqc.nimh.nih.gov/api/v1"
  },
  "qi_1": 0.0005964189135295495,
  "qi_2": 0.006385604322376452,
  "rpve_csf": 16.19934212717071,
  "rpve_gm": 6.953212607456087,
  "rpve_wm": 8.605217748334082,
  "size_x": 192,
  "size_y": 256,
  "size_z": 160,
  "snr_csf": 2.4751760152928974,
  "snr_gm": 15.648251391573934,
  "snr_total": 14.721949916861979,
  "snr_wm": 26.0424223437191,
  "snrd_csf": 31.907989517670465,
  "snrd_gm": 75.20086794141422,
  "snrd_total": 67.94597281464026,
  "snrd_wm": 96.72906098483611,
  "spacing_x": 0.9375,
  "spacing_y": 0.9375,
  "spacing_z": 1.0,
  "summary_bg_k": 123.03808515227777,
  "summary_bg_mad": 0.0,
  "summary_bg_mean": 3.209881790845458,
  "summary_bg_median": 0.0,
  "summary_bg_n": 1743362.0,
  "summary_bg_p05": 0.0,
  "summary_bg_p95": 16.007029332220554,
  "summary_bg_stdv": 6.773160218343716,
  "summary_csf_k": 3.361918022111726,
  "summary_csf_mad": 120.81259667498868,
  "summary_csf_mean": 329.3698510680761,
  "summary_csf_median": 329.882334806025,
  "summary_csf_n": 38973.0,
  "summary_csf_p05": 106.99113686829806,
  "summary_csf_p95": 542.0232271254063,
  "summary_csf_stdv": 133.27460372516575,
  "summary_gm_k": 0.11477728611242188,
  "summary_gm_mad": 49.84298409469763,
  "summary_gm_mean": 778.1694437977634,
  "summary_gm_median": 777.4679091647267,
  "summary_gm_n": 51303.0,
  "summary_gm_p05": 698.2770473442972,
  "summary_gm_p95": 860.1390582695603,
  "summary_gm_stdv": 49.68352772819191,
  "summary_wm_k": 0.7962082429864417,
  "summary_wm_mad": 36.362722487268044,
  "summary_wm_mean": 1003.1401489364985,
  "summary_wm_median": 1000.03820245713,
  "summary_wm_n": 268780.0,
  "summary_wm_p05": 946.1338626295328,
  "summary_wm_p95": 1070.2551950886846,
  "summary_wm_stdv": 38.40028123835654,
  "tpm_overlap_csf": 0.14818206582327506,
  "tpm_overlap_gm": 0.4595833330764817,
  "tpm_overlap_wm": 0.5026912769182591,
  "wm2max": 0.5439941812136326
}