{
  "aor": 0.0042225414364640895,
  "aqi": 0.004659179337016575,
  "bids_meta": {
    "BandwidthPerPixelPhaseEncode": 31.25,
    "EchoTime": 0.025,
    "EffectiveEchoSpacing": 0.0005,
    "FlipAngle": 75,
    "ImageType": [
      "ORIGINAL",
      "PRIMARY",
      "M",
      "ND",
      "MOSAIC"
    ],
    "MagneticFieldStrength": 3,
    "Manufacturer": "Siemens",
    "ManufacturersModelName": "TrioTim",
    "Modality": "MR",
    "PhaseEncodingDirection": "j-",
    "PixelBandwidth": 3005,
    "RepetitionTime": 3,
    "ScanningSequence": "EP",
    "SequenceVariant": "SK",
    "SliceThickness": 3,
    "SliceTiming": [
      0,
      1.5225,
      0.055,
      1.58,
      0.1125,
      1.635,
      0.1675,
      1.6925,
      0.225,
      1.75,
      0.28,
      1.805,
      0.3375,
      1.8625,
      0.395,
      1.9175,
      0.45,
      1.975,
      0.5075,
      2.03,
      0.5625,
      2.0875,
      0.62,
      2.145,
      0.6775,
      2.2,
      0.7325,
      2.2575,
      0.79,
      2.3125,
      0.845,
      2.37,
      0.9025,
      2.425,
      0.9575,
      2.4825,
      1.015,
      2.54,
      1.0725,
      2.595,
      1.1275,
      2.6525,
      1.185,
      2.7075,
      1.24,
      2.765,
      1.2975,
      2.82,
      1.3525,
      2.8775,
      1.41,
      2.935,
      1.4675
    ],
    "SpacingBetweenSlices": 3,
    "TaskName": "Prospection",
    "TotalReadoutTime": 0.0315,
    "dataset": "ds002835",
    "modality": "bold",
    "run_id": 4,
    "subject_id": "2031",
    "task_id": "prospection"
  },
  "dummy_trs": 0,
  "dvars_nstd": 24.778546693500004,
  "dvars_std": 1.2142197249444435,
  "dvars_vstd": 1.001098867611111,
  "efc": 0.5875821105805983,
  "fber": 354.24365234375,
  "fd_mean": 0.17629272430381374,
  "fd_num": 41,
  "fd_perc": 22.65193370165746,
  "fwhm_avg": 2.684768888888889,
  "fwhm_x": 2.5683333333333334,
  "fwhm_y": 2.5574866666666667,
  "fwhm_z": 2.9284866666666667,
  "gcor": 0.016146,
  "gsr_x": -0.01967146061360836,
  "gsr_y": 0.05415519326925278,
  "provenance": {
    "md5sum": "657298ca22439c631035c7c0858e211f",
    "settings": {
      "fd_thres": 0.2,
      "testing": false
    },
    "software": "mriqc",
    "version": "22.0.6",
    "webapi_port": null,
    "webapi_url": "https://mriqc.nimh.nih.gov/api/v1"
  },
  "size_t": 181,
  "size_x": 64,
  "size_y": 64,
  "size_z": 53,
  "snr": 2.7257893599149425,
  "spacing_tr": 3.0,
  "spacing_x": 3.0,
  "spacing_y": 3.0,
  "spacing_z": 3.0,
  "summary_bg_k": 36.703695376527385,
  "summary_bg_mad": 14.178919231207576,
  "summary_bg_mean": 76.46394348144531,
  "summary_bg_median": 37.464088439941406,
  "summary_bg_n": 123025.0,
  "summary_bg_p05": 27.248619079589844,
  "summary_bg_p95": 258.3160400390622,
  "summary_bg_stdv": 96.00411224365234,
  "summary_fg_k": 3.326200745499208,
  "summary_fg_mad": 220.71928334541832,
  "summary_fg_mean": 781.5165405273438,
  "summary_fg_median": 727.2320556640625,
  "summary_fg_n": 48748.0,
  "summary_fg_p05": 455.2748748779297,
  "summary_fg_p95": 1292.5749328613283,
  "summary_fg_stdv": 266.79412841796875,
  "tsnr": 64.1809528421145
}