{
  "aor": 0.0021119553072625695,
  "aqi": 0.0035860559217877094,
  "bids_meta": {
    "BandwidthPerPixelPhaseEncode": 31.25,
    "EchoTime": 0.025,
    "EffectiveEchoSpacing": 0.0005,
    "FlipAngle": 75,
    "ImageType": [
      "ORIGINAL",
      "PRIMARY",
      "M",
      "ND",
      "MOSAIC"
    ],
    "MagneticFieldStrength": 3,
    "Manufacturer": "Siemens",
    "ManufacturersModelName": "TrioTim",
    "Modality": "MR",
    "PhaseEncodingDirection": "j-",
    "PixelBandwidth": 3005,
    "RepetitionTime": 3,
    "ScanningSequence": "EP",
    "SequenceVariant": "SK",
    "SliceThickness": 3,
    "SliceTiming": [
      0,
      1.5225,
      0.055,
      1.58,
      0.1125,
      1.635,
      0.1675,
      1.6925,
      0.225,
      1.75,
      0.28,
      1.805,
      0.3375,
      1.8625,
      0.395,
      1.9175,
      0.45,
      1.975,
      0.5075,
      2.03,
      0.5625,
      2.0875,
      0.62,
      2.145,
      0.6775,
      2.2,
      0.7325,
      2.2575,
      0.79,
      2.3125,
      0.845,
      2.37,
      0.9025,
      2.425,
      0.9575,
      2.4825,
      1.015,
      2.54,
      1.0725,
      2.595,
      1.1275,
      2.6525,
      1.185,
      2.7075,
      1.24,
      2.765,
      1.2975,
      2.82,
      1.3525,
      2.8775,
      1.41,
      2.935,
      1.4675
    ],
    "SpacingBetweenSlices": 3,
    "TaskName": "Prospection",
    "TotalReadoutTime": 0.0315,
    "dataset": "ds002835",
    "modality": "bold",
    "run_id": 3,
    "subject_id": "2031",
    "task_id": "prospection"
  },
  "dummy_trs": 2,
  "dvars_nstd": 24.34138362348314,
  "dvars_std": 1.2466089982022468,
  "dvars_vstd": 1.0102164662359556,
  "efc": 0.5870392762681915,
  "fber": 350.62762451171875,
  "fd_mean": 0.152780109805737,
  "fd_num": 29,
  "fd_perc": 16.201117318435752,
  "fwhm_avg": 2.6967077777777777,
  "fwhm_x": 2.58464,
  "fwhm_y": 2.5326299999999997,
  "fwhm_z": 2.972853333333333,
  "gcor": 0.0427731,
  "gsr_x": -0.021621130406856537,
  "gsr_y": 0.05220833793282509,
  "provenance": {
    "md5sum": "ea19e6495b39243672d25b71c34e8d1f",
    "settings": {
      "fd_thres": 0.2,
      "testing": false
    },
    "software": "mriqc",
    "version": "22.0.6",
    "webapi_port": null,
    "webapi_url": "https://mriqc.nimh.nih.gov/api/v1"
  },
  "size_t": 179,
  "size_x": 64,
  "size_y": 64,
  "size_z": 53,
  "snr": 2.653034268007295,
  "spacing_tr": 3.0,
  "spacing_x": 3.0,
  "spacing_y": 3.0,
  "spacing_z": 3.0,
  "summary_bg_k": 34.60873261330371,
  "summary_bg_mad": 15.074504425618624,
  "summary_bg_mean": 78.4303970336914,
  "summary_bg_median": 38.10055923461914,
  "summary_bg_n": 123360.0,
  "summary_bg_p05": 26.882680892944336,
  "summary_bg_p95": 264.87204895019516,
  "summary_bg_stdv": 98.64286804199219,
  "summary_fg_k": 3.6147525840366876,
  "summary_fg_mad": 226.17140278914826,
  "summary_fg_mean": 791.3444213867188,
  "summary_fg_median": 733.215087890625,
  "summary_fg_n": 48770.0,
  "summary_fg_p05": 457.17008514404296,
  "summary_fg_p95": 1318.2021728515604,
  "summary_fg_stdv": 276.36566162109375,
  "tsnr": 74.83777798712254
}