{
  "aor": 0.0007782320441988951,
  "aqi": 0.004129022099447513,
  "bids_meta": {
    "BandwidthPerPixelPhaseEncode": 31.25,
    "EchoTime": 0.025,
    "EffectiveEchoSpacing": 0.0005,
    "FlipAngle": 75,
    "ImageType": [
      "ORIGINAL",
      "PRIMARY",
      "M",
      "ND",
      "MOSAIC"
    ],
    "MagneticFieldStrength": 3,
    "Manufacturer": "Siemens",
    "ManufacturersModelName": "TrioTim",
    "Modality": "MR",
    "PhaseEncodingDirection": "j-",
    "PixelBandwidth": 3005,
    "RepetitionTime": 3,
    "ScanningSequence": "EP",
    "SequenceVariant": "SK",
    "SliceThickness": 3,
    "SliceTiming": [
      0,
      1.5225,
      0.055,
      1.58,
      0.1125,
      1.635,
      0.1675,
      1.6925,
      0.225,
      1.75,
      0.28,
      1.805,
      0.3375,
      1.8625,
      0.395,
      1.9175,
      0.45,
      1.975,
      0.5075,
      2.03,
      0.5625,
      2.0875,
      0.62,
      2.145,
      0.6775,
      2.2,
      0.7325,
      2.2575,
      0.79,
      2.3125,
      0.845,
      2.37,
      0.9025,
      2.425,
      0.9575,
      2.4825,
      1.015,
      2.54,
      1.0725,
      2.595,
      1.1275,
      2.6525,
      1.185,
      2.7075,
      1.24,
      2.765,
      1.2975,
      2.82,
      1.3525,
      2.8775,
      1.41,
      2.935,
      1.4675
    ],
    "SpacingBetweenSlices": 3,
    "TaskName": "Prospection",
    "TotalReadoutTime": 0.0315,
    "dataset": "ds002835",
    "modality": "bold",
    "run_id": 3,
    "subject_id": "1433",
    "task_id": "prospection"
  },
  "dummy_trs": 0,
  "dvars_nstd": 18.897971381,
  "dvars_std": 1.161600922611111,
  "dvars_vstd": 0.9893982556666661,
  "efc": 0.5497669419438957,
  "fber": 428.1058349609375,
  "fd_mean": 0.06709130894973092,
  "fd_num": 2,
  "fd_perc": 1.1049723756906078,
  "fwhm_avg": 2.26177,
  "fwhm_x": 2.144956666666667,
  "fwhm_y": 2.2016266666666664,
  "fwhm_z": 2.4387266666666667,
  "gcor": 0.0727119,
  "gsr_x": -0.010923285037279129,
  "gsr_y": 0.03340432792901993,
  "provenance": {
    "md5sum": "eacca16bae3066e5570cfd76b8a0ca3c",
    "settings": {
      "fd_thres": 0.2,
      "testing": false
    },
    "software": "mriqc",
    "version": "22.0.6",
    "webapi_port": null,
    "webapi_url": "https://mriqc.nimh.nih.gov/api/v1"
  },
  "size_t": 181,
  "size_x": 64,
  "size_y": 64,
  "size_z": 53,
  "snr": 4.1163959670934,
  "spacing_tr": 3.0,
  "spacing_x": 3.0,
  "spacing_y": 3.0,
  "spacing_z": 3.0,
  "summary_bg_k": 24.52577836197587,
  "summary_bg_mad": 8.895613311033612,
  "summary_bg_mean": 60.4982795715332,
  "summary_bg_median": 30.773481369018555,
  "summary_bg_n": 142111.0,
  "summary_bg_p05": 24.287294387817383,
  "summary_bg_p95": 203.3038787841797,
  "summary_bg_stdv": 74.52688598632812,
  "summary_fg_k": 0.38327710858139064,
  "summary_fg_mad": 151.66367351317092,
  "summary_fg_mean": 663.8861083984375,
  "summary_fg_median": 643.342529296875,
  "summary_fg_n": 34554.0,
  "summary_fg_p05": 443.7218521118164,
  "summary_fg_p95": 946.4726928710936,
  "summary_fg_stdv": 156.28555297851562,
  "tsnr": 84.00831717113033
}