{
  "aor": 0.0007898863636363637,
  "aqi": 0.0038192295454545456,
  "bids_meta": {
    "BandwidthPerPixelPhaseEncode": 31.25,
    "EchoTime": 0.025,
    "EffectiveEchoSpacing": 0.0005,
    "FlipAngle": 75,
    "ImageType": [
      "ORIGINAL",
      "PRIMARY",
      "M",
      "ND",
      "MOSAIC"
    ],
    "MagneticFieldStrength": 3,
    "Manufacturer": "Siemens",
    "ManufacturersModelName": "TrioTim",
    "Modality": "MR",
    "PhaseEncodingDirection": "j-",
    "PixelBandwidth": 3005,
    "RepetitionTime": 3,
    "ScanningSequence": "EP",
    "SequenceVariant": "SK",
    "SliceThickness": 3,
    "SliceTiming": [
      0,
      1.5225,
      0.055,
      1.58,
      0.1125,
      1.635,
      0.1675,
      1.6925,
      0.225,
      1.75,
      0.28,
      1.805,
      0.3375,
      1.8625,
      0.395,
      1.9175,
      0.45,
      1.975,
      0.5075,
      2.03,
      0.5625,
      2.0875,
      0.62,
      2.145,
      0.6775,
      2.2,
      0.7325,
      2.2575,
      0.79,
      2.3125,
      0.845,
      2.37,
      0.9025,
      2.425,
      0.9575,
      2.4825,
      1.015,
      2.54,
      1.0725,
      2.595,
      1.1275,
      2.6525,
      1.185,
      2.7075,
      1.24,
      2.765,
      1.2975,
      2.82,
      1.3525,
      2.8775,
      1.41,
      2.935,
      1.4675
    ],
    "SpacingBetweenSlices": 3,
    "TaskName": "Prospection",
    "TotalReadoutTime": 0.0315,
    "dataset": "ds002835",
    "modality": "bold",
    "run_id": 2,
    "subject_id": "1433",
    "task_id": "prospection"
  },
  "dummy_trs": 5,
  "dvars_nstd": 18.109033246971432,
  "dvars_std": 1.161853188857143,
  "dvars_vstd": 0.9857298699428567,
  "efc": 0.5494832438543088,
  "fber": 430.9484558105469,
  "fd_mean": 0.055643920266958816,
  "fd_num": 1,
  "fd_perc": 0.5681818181818182,
  "fwhm_avg": 2.2338444444444447,
  "fwhm_x": 2.1146833333333332,
  "fwhm_y": 2.1698233333333334,
  "fwhm_z": 2.4170266666666667,
  "gcor": 0.0817572,
  "gsr_x": -0.01170603558421135,
  "gsr_y": 0.03347942233085632,
  "provenance": {
    "md5sum": "bf0730a5ae9e00bb203f7329f174f9b0",
    "settings": {
      "fd_thres": 0.2,
      "testing": false
    },
    "software": "mriqc",
    "version": "22.0.6",
    "webapi_port": null,
    "webapi_url": "https://mriqc.nimh.nih.gov/api/v1"
  },
  "size_t": 176,
  "size_x": 64,
  "size_y": 64,
  "size_z": 53,
  "snr": 4.1362124715262345,
  "spacing_tr": 3.0,
  "spacing_x": 3.0,
  "spacing_y": 3.0,
  "spacing_z": 3.0,
  "summary_bg_k": 26.37284259922852,
  "summary_bg_mad": 8.752405872470149,
  "summary_bg_mean": 60.19050216674805,
  "summary_bg_median": 30.69318199157715,
  "summary_bg_n": 142160.0,
  "summary_bg_p05": 24.43181800842285,
  "summary_bg_p95": 202.56904373168925,
  "summary_bg_stdv": 73.78723907470703,
  "summary_fg_k": 0.43063561584083176,
  "summary_fg_mad": 151.29704980172835,
  "summary_fg_mean": 663.8623657226562,
  "summary_fg_median": 644.0028076171875,
  "summary_fg_n": 34598.0,
  "summary_fg_p05": 443.8985992431641,
  "summary_fg_p95": 945.0301452636719,
  "summary_fg_stdv": 155.69642639160156,
  "tsnr": 89.85369279584847
}