{
  "aor": 0.001459889502762431,
  "aqi": 0.0034304877900552485,
  "bids_meta": {
    "BandwidthPerPixelPhaseEncode": 31.25,
    "EchoTime": 0.025,
    "EffectiveEchoSpacing": 0.0005,
    "FlipAngle": 75,
    "ImageType": [
      "ORIGINAL",
      "PRIMARY",
      "M",
      "ND",
      "MOSAIC"
    ],
    "MagneticFieldStrength": 3,
    "Manufacturer": "Siemens",
    "ManufacturersModelName": "TrioTim",
    "Modality": "MR",
    "PhaseEncodingDirection": "j-",
    "PixelBandwidth": 3005,
    "RepetitionTime": 3,
    "ScanningSequence": "EP",
    "SequenceVariant": "SK",
    "SliceThickness": 3,
    "SliceTiming": [
      0,
      1.5225,
      0.055,
      1.58,
      0.1125,
      1.635,
      0.1675,
      1.6925,
      0.225,
      1.75,
      0.28,
      1.805,
      0.3375,
      1.8625,
      0.395,
      1.9175,
      0.45,
      1.975,
      0.5075,
      2.03,
      0.5625,
      2.0875,
      0.62,
      2.145,
      0.6775,
      2.2,
      0.7325,
      2.2575,
      0.79,
      2.3125,
      0.845,
      2.37,
      0.9025,
      2.425,
      0.9575,
      2.4825,
      1.015,
      2.54,
      1.0725,
      2.595,
      1.1275,
      2.6525,
      1.185,
      2.7075,
      1.24,
      2.765,
      1.2975,
      2.82,
      1.3525,
      2.8775,
      1.41,
      2.935,
      1.4675
    ],
    "SpacingBetweenSlices": 3,
    "TaskName": "Prospection",
    "TotalReadoutTime": 0.0315,
    "dataset": "ds002835",
    "modality": "bold",
    "run_id": 1,
    "subject_id": "1433",
    "task_id": "prospection"
  },
  "dummy_trs": 0,
  "dvars_nstd": 18.829527452111098,
  "dvars_std": 1.1840302897222221,
  "dvars_vstd": 0.9908640856111114,
  "efc": 0.5485606387338664,
  "fber": 429.07843017578125,
  "fd_mean": 0.054576478505621265,
  "fd_num": 1,
  "fd_perc": 0.5524861878453039,
  "fwhm_avg": 2.23439,
  "fwhm_x": 2.1079766666666666,
  "fwhm_y": 2.17273,
  "fwhm_z": 2.4224633333333334,
  "gcor": 0.0499378,
  "gsr_x": -0.01152066607028246,
  "gsr_y": 0.0323094017803669,
  "provenance": {
    "md5sum": "fa28c71e37fa774ea4579f7b5b828769",
    "settings": {
      "fd_thres": 0.2,
      "testing": false
    },
    "software": "mriqc",
    "version": "22.0.6",
    "webapi_port": null,
    "webapi_url": "https://mriqc.nimh.nih.gov/api/v1"
  },
  "size_t": 181,
  "size_x": 64,
  "size_y": 64,
  "size_z": 53,
  "snr": 4.12416596394635,
  "spacing_tr": 3.0,
  "spacing_x": 3.0,
  "spacing_y": 3.0,
  "spacing_z": 3.0,
  "summary_bg_k": 28.247849092595033,
  "summary_bg_mad": 8.83008661843868,
  "summary_bg_mean": 58.874691009521484,
  "summary_bg_median": 30.569061279296875,
  "summary_bg_n": 141974.0,
  "summary_bg_p05": 23.972375869750977,
  "summary_bg_p95": 196.93204879760748,
  "summary_bg_stdv": 71.6415023803711,
  "summary_fg_k": 0.45042039344258056,
  "summary_fg_mad": 150.01316550752927,
  "summary_fg_mean": 660.049560546875,
  "summary_fg_median": 639.972412109375,
  "summary_fg_n": 34686.0,
  "summary_fg_p05": 440.5842819213867,
  "summary_fg_p95": 940.9779357910156,
  "summary_fg_stdv": 155.17396545410156,
  "tsnr": 87.15796523843892
}