{
  "aor": 0.004621988950276243,
  "aqi": 0.00458930497237569,
  "bids_meta": {
    "BandwidthPerPixelPhaseEncode": 31.25,
    "EchoTime": 0.025,
    "EffectiveEchoSpacing": 0.0005,
    "FlipAngle": 75,
    "ImageType": [
      "ORIGINAL",
      "PRIMARY",
      "M",
      "ND",
      "MOSAIC"
    ],
    "MagneticFieldStrength": 3,
    "Manufacturer": "Siemens",
    "ManufacturersModelName": "TrioTim",
    "Modality": "MR",
    "PhaseEncodingDirection": "j-",
    "PixelBandwidth": 3005,
    "RepetitionTime": 3,
    "ScanningSequence": "EP",
    "SequenceVariant": "SK",
    "SliceThickness": 3,
    "SliceTiming": [
      0,
      1.5225,
      0.055,
      1.58,
      0.1125,
      1.635,
      0.1675,
      1.6925,
      0.225,
      1.75,
      0.28,
      1.805,
      0.3375,
      1.8625,
      0.395,
      1.9175,
      0.45,
      1.975,
      0.5075,
      2.03,
      0.5625,
      2.0875,
      0.62,
      2.145,
      0.6775,
      2.2,
      0.7325,
      2.2575,
      0.79,
      2.3125,
      0.845,
      2.37,
      0.9025,
      2.425,
      0.9575,
      2.4825,
      1.015,
      2.54,
      1.0725,
      2.595,
      1.1275,
      2.6525,
      1.185,
      2.7075,
      1.24,
      2.765,
      1.2975,
      2.82,
      1.3525,
      2.8775,
      1.41,
      2.935,
      1.4675
    ],
    "SpacingBetweenSlices": 3,
    "TaskName": "Prospection",
    "TotalReadoutTime": 0.0315,
    "dataset": "ds002835",
    "modality": "bold",
    "run_id": 4,
    "subject_id": "1433",
    "task_id": "prospection"
  },
  "dummy_trs": 0,
  "dvars_nstd": 19.55015269427778,
  "dvars_std": 1.2275966671666667,
  "dvars_vstd": 1.0348934903333338,
  "efc": 0.5502302060420879,
  "fber": 424.3717956542969,
  "fd_mean": 0.06823388135029612,
  "fd_num": 5,
  "fd_perc": 2.7624309392265194,
  "fwhm_avg": 2.253786666666667,
  "fwhm_x": 2.12615,
  "fwhm_y": 2.204946666666667,
  "fwhm_z": 2.4302633333333334,
  "gcor": 0.0772161,
  "gsr_x": -0.011045675724744797,
  "gsr_y": 0.033470720052719116,
  "provenance": {
    "md5sum": "c886aaf761e1fef7dbdd50e0927f7c97",
    "settings": {
      "fd_thres": 0.2,
      "testing": false
    },
    "software": "mriqc",
    "version": "22.0.6",
    "webapi_port": null,
    "webapi_url": "https://mriqc.nimh.nih.gov/api/v1"
  },
  "size_t": 181,
  "size_x": 64,
  "size_y": 64,
  "size_z": 53,
  "snr": 4.14875798850141,
  "spacing_tr": 3.0,
  "spacing_x": 3.0,
  "spacing_y": 3.0,
  "spacing_z": 3.0,
  "summary_bg_k": 24.905576278973708,
  "summary_bg_mad": 8.993909005604639,
  "summary_bg_mean": 60.29747009277344,
  "summary_bg_median": 30.823205947875977,
  "summary_bg_n": 142082.0,
  "summary_bg_p05": 24.182321548461914,
  "summary_bg_p95": 201.90028228759755,
  "summary_bg_stdv": 73.57826232910156,
  "summary_fg_k": 0.39189472460601404,
  "summary_fg_mad": 150.77084546209147,
  "summary_fg_mean": 662.7835083007812,
  "summary_fg_median": 642.6629638671875,
  "summary_fg_n": 34558.0,
  "summary_fg_p05": 443.09199981689454,
  "summary_fg_p95": 943.5685485839846,
  "summary_fg_stdv": 154.9026641845703,
  "tsnr": 80.89110819250345
}