{
  "bids_meta": {
    "EchoTime": 0.00311,
    "FlipAngle": 15,
    "ImageType": [
      "ORIGINAL",
      "PRIMARY",
      "M",
      "ND",
      "NORM"
    ],
    "InversionTime": 1.1,
    "MagneticFieldStrength": 3,
    "Manufacturer": "Siemens",
    "ManufacturersModelName": "TrioTim",
    "Modality": "MR",
    "RepetitionTime": 1.63,
    "ScanningSequence": "GR_IR",
    "SequenceVariant": "SP_MP",
    "SliceThickness": 1,
    "dataset": "ds002835",
    "modality": "T1w",
    "subject_id": "3593"
  },
  "cjv": 0.3731488120411618,
  "cnr": 3.560778699673892,
  "efc": 0.5696019538916627,
  "fber": 58284.68938271604,
  "fwhm_avg": 3.7685706666666667,
  "fwhm_x": 3.5613866666666665,
  "fwhm_y": 4.198325333333333,
  "fwhm_z": 3.546,
  "icvs_csf": 0.1705383384976889,
  "icvs_gm": 0.4208898556914942,
  "icvs_wm": 0.408571805810817,
  "inu_med": 0.2755052447319031,
  "inu_range": 0.08822469413280487,
  "provenance": {
    "md5sum": "f72f3555edfaafd489bc9e1df273e086",
    "settings": {
      "testing": false
    },
    "software": "mriqc",
    "version": "22.0.6",
    "warnings": {
      "large_rot_frame": true,
      "small_air_mask": false
    },
    "webapi_port": null,
    "webapi_url": "https://mriqc.nimh.nih.gov/api/v1"
  },
  "qi_1": 8.293889691267106e-05,
  "qi_2": 0.01000376570033647,
  "rpve_csf": 18.748365737979334,
  "rpve_gm": 7.954867669974745,
  "rpve_wm": 9.429728206952744,
  "size_x": 192,
  "size_y": 256,
  "size_z": 160,
  "snr_csf": 2.7919893200224237,
  "snr_gm": 15.532982980230196,
  "snr_total": 14.600784562135741,
  "snr_wm": 25.477381386154605,
  "snrd_csf": 41.917248163159776,
  "snrd_gm": 90.14757869111287,
  "snrd_total": 82.87674237781458,
  "snrd_wm": 116.56540027917109,
  "spacing_x": 0.9375,
  "spacing_y": 0.9375,
  "spacing_z": 1.0,
  "summary_bg_k": 28.017721938077486,
  "summary_bg_mad": 0.0,
  "summary_bg_mean": 3.1072852201203003,
  "summary_bg_median": 0.0,
  "summary_bg_n": 2242613.0,
  "summary_bg_p05": 0.0,
  "summary_bg_p95": 12.741728629916906,
  "summary_bg_stdv": 5.620528572102394,
  "summary_csf_k": 2.5694604929648426,
  "summary_csf_mad": 102.17565815151943,
  "summary_csf_mean": 358.3054671302582,
  "summary_csf_median": 359.6153273805976,
  "summary_csf_n": 32845.0,
  "summary_csf_p05": 118.75152208656073,
  "summary_csf_p95": 565.9410628080368,
  "summary_csf_stdv": 128.80058327219004,
  "summary_gm_k": 0.1478646772681591,
  "summary_gm_mad": 49.26050622216831,
  "summary_gm_mean": 774.5485034876817,
  "summary_gm_median": 773.3916810899973,
  "summary_gm_n": 40562.0,
  "summary_gm_p05": 695.0682404832914,
  "summary_gm_p95": 858.1745184585452,
  "summary_gm_stdv": 49.7896732755417,
  "summary_wm_k": 1.1333770578422024,
  "summary_wm_mad": 35.31108387503392,
  "summary_wm_mean": 1004.9558998154489,
  "summary_wm_median": 1000.0347451120615,
  "summary_wm_n": 247417.0,
  "summary_wm_p05": 949.5886096917093,
  "summary_wm_p95": 1076.623991318047,
  "summary_wm_stdv": 39.25178608440233,
  "tpm_overlap_csf": 0.15064766409040703,
  "tpm_overlap_gm": 0.46116097618261476,
  "tpm_overlap_wm": 0.5031475894505971,
  "wm2max": 0.5786278081786843
}