{
  "aor": 0.0018632596685082873,
  "aqi": 0.005683817458563535,
  "bids_meta": {
    "BandwidthPerPixelPhaseEncode": 31.25,
    "EchoTime": 0.025,
    "EffectiveEchoSpacing": 0.0005,
    "FlipAngle": 75,
    "ImageType": [
      "ORIGINAL",
      "PRIMARY",
      "M",
      "ND",
      "MOSAIC"
    ],
    "MagneticFieldStrength": 3,
    "Manufacturer": "Siemens",
    "ManufacturersModelName": "TrioTim",
    "Modality": "MR",
    "PhaseEncodingDirection": "j-",
    "PixelBandwidth": 3005,
    "RepetitionTime": 3,
    "ScanningSequence": "EP",
    "SequenceVariant": "SK",
    "SliceThickness": 3,
    "SliceTiming": [
      0,
      1.5225,
      0.055,
      1.58,
      0.1125,
      1.635,
      0.1675,
      1.6925,
      0.225,
      1.75,
      0.28,
      1.805,
      0.3375,
      1.8625,
      0.395,
      1.9175,
      0.45,
      1.975,
      0.5075,
      2.03,
      0.5625,
      2.0875,
      0.62,
      2.145,
      0.6775,
      2.2,
      0.7325,
      2.2575,
      0.79,
      2.3125,
      0.845,
      2.37,
      0.9025,
      2.425,
      0.9575,
      2.4825,
      1.015,
      2.54,
      1.0725,
      2.595,
      1.1275,
      2.6525,
      1.185,
      2.7075,
      1.24,
      2.765,
      1.2975,
      2.82,
      1.3525,
      2.8775,
      1.41,
      2.935,
      1.4675
    ],
    "SpacingBetweenSlices": 3,
    "TaskName": "Prospection",
    "TotalReadoutTime": 0.0315,
    "dataset": "ds002835",
    "modality": "bold",
    "run_id": 4,
    "subject_id": "1052",
    "task_id": "prospection"
  },
  "dummy_trs": 0,
  "dvars_nstd": 23.537930181277773,
  "dvars_std": 1.1410275305000008,
  "dvars_vstd": 0.9773596182777782,
  "efc": 0.5894528634572358,
  "fber": 376.59307861328125,
  "fd_mean": 0.16113019066083595,
  "fd_num": 43,
  "fd_perc": 23.756906077348066,
  "fwhm_avg": 2.334351111111111,
  "fwhm_x": 2.1553,
  "fwhm_y": 2.30445,
  "fwhm_z": 2.5433033333333332,
  "gcor": 0.0176019,
  "gsr_x": 9.531609248369932e-05,
  "gsr_y": 0.05454837158322334,
  "provenance": {
    "md5sum": "6c5e7092280bd6ffe88ae41609929896",
    "settings": {
      "fd_thres": 0.2,
      "testing": false
    },
    "software": "mriqc",
    "version": "22.0.6",
    "webapi_port": null,
    "webapi_url": "https://mriqc.nimh.nih.gov/api/v1"
  },
  "size_t": 181,
  "size_x": 64,
  "size_y": 64,
  "size_z": 53,
  "snr": 3.4198438822317168,
  "spacing_tr": 3.0,
  "spacing_x": 3.0,
  "spacing_y": 3.0,
  "spacing_z": 3.0,
  "summary_bg_k": 38.52682512237875,
  "summary_bg_mad": 10.894256614679849,
  "summary_bg_mean": 67.30570220947266,
  "summary_bg_median": 32.91160202026367,
  "summary_bg_n": 125119.0,
  "summary_bg_p05": 23.850830078125,
  "summary_bg_p95": 238.34254455566406,
  "summary_bg_stdv": 90.68810272216797,
  "summary_fg_k": 0.4867054500307333,
  "summary_fg_mad": 189.1382905994045,
  "summary_fg_mean": 687.04833984375,
  "summary_fg_median": 657.3232421875,
  "summary_fg_n": 45412.0,
  "summary_fg_p05": 423.9306777954102,
  "summary_fg_p95": 1039.1652221679688,
  "summary_fg_stdv": 192.20643615722656,
  "tsnr": 56.37466433132067
}