{
  "bids_meta": {
    "EchoTime": 0.00311,
    "FlipAngle": 15,
    "ImageType": [
      "ORIGINAL",
      "PRIMARY",
      "M",
      "ND",
      "NORM"
    ],
    "InversionTime": 1.1,
    "MagneticFieldStrength": 3,
    "Manufacturer": "Siemens",
    "ManufacturersModelName": "TrioTim",
    "Modality": "MR",
    "RepetitionTime": 1.63,
    "ScanningSequence": "GR_IR",
    "SequenceVariant": "SP_MP",
    "SliceThickness": 1,
    "dataset": "ds002835",
    "modality": "T1w",
    "subject_id": "2515"
  },
  "cjv": 0.3938554116842293,
  "cnr": 3.354806141845477,
  "efc": 0.6108825820880616,
  "fber": -1.0,
  "fwhm_avg": 3.7762159999999994,
  "fwhm_x": 3.5498559999999997,
  "fwhm_y": 4.287871999999999,
  "fwhm_z": 3.49092,
  "icvs_csf": 0.19025953045887847,
  "icvs_gm": 0.4255018054733367,
  "icvs_wm": 0.3842386640677848,
  "inu_med": 0.2596275210380554,
  "inu_range": 0.04722464978694918,
  "provenance": {
    "md5sum": "b7acc94975a99a95eb7dd0c4ad331113",
    "settings": {
      "testing": false
    },
    "software": "mriqc",
    "version": "22.0.6",
    "warnings": {
      "large_rot_frame": true,
      "small_air_mask": false
    },
    "webapi_port": null,
    "webapi_url": "https://mriqc.nimh.nih.gov/api/v1"
  },
  "qi_1": 0.0005479797157531957,
  "qi_2": 0.006574060226931859,
  "rpve_csf": 14.953158710441608,
  "rpve_gm": 7.0903488721110115,
  "rpve_wm": 9.063614777666098,
  "size_x": 192,
  "size_y": 256,
  "size_z": 160,
  "snr_csf": 2.4708412852601143,
  "snr_gm": 16.400897843834873,
  "snr_total": 14.940509060674756,
  "snr_wm": 25.949788052929282,
  "snrd_csf": 33.65476449312663,
  "snrd_gm": 77.94907580434514,
  "snrd_total": 70.02463408034524,
  "snrd_wm": 98.47006194356395,
  "spacing_x": 0.9375,
  "spacing_y": 0.9375,
  "spacing_z": 1.0,
  "summary_bg_k": 567.4225639485951,
  "summary_bg_mad": 0.0,
  "summary_bg_mean": 2.9833587420275793,
  "summary_bg_median": 0.0,
  "summary_bg_n": 2115184.0,
  "summary_bg_p05": 0.0,
  "summary_bg_p95": 15.6626510117203,
  "summary_bg_stdv": 6.653348803897767,
  "summary_csf_k": 6.47659645475599,
  "summary_csf_mad": 107.08893177552962,
  "summary_csf_mean": 337.8216031905588,
  "summary_csf_median": 341.7866677623242,
  "summary_csf_n": 39096.0,
  "summary_csf_p05": 97.61974983289838,
  "summary_csf_p95": 557.7725682053715,
  "summary_csf_stdv": 138.32628532338848,
  "summary_gm_k": 0.1288796597043329,
  "summary_gm_mad": 47.74998748005714,
  "summary_gm_mean": 792.2797033507875,
  "summary_gm_median": 791.625057419762,
  "summary_gm_n": 42608.0,
  "summary_gm_p05": 713.5468890555203,
  "summary_gm_p95": 872.4948802795261,
  "summary_gm_stdv": 48.26661169854447,
  "summary_wm_k": 1.4199020304230014,
  "summary_wm_mad": 34.33119537799729,
  "summary_wm_mean": 1004.8028988906203,
  "summary_wm_median": 1000.0294119697064,
  "summary_wm_n": 273855.0,
  "summary_wm_p05": 950.8669070117176,
  "summary_wm_p95": 1074.9339099600911,
  "summary_wm_stdv": 38.53702327321075,
  "tpm_overlap_csf": 0.1541514971670303,
  "tpm_overlap_gm": 0.45933124623628957,
  "tpm_overlap_wm": 0.5105507999309793,
  "wm2max": 0.6240784889051898
}