{
  "bids_meta": {
    "EchoTime": 0.00311,
    "FlipAngle": 15,
    "ImageType": [
      "ORIGINAL",
      "PRIMARY",
      "M",
      "ND",
      "NORM"
    ],
    "InversionTime": 1.1,
    "MagneticFieldStrength": 3,
    "Manufacturer": "Siemens",
    "ManufacturersModelName": "TrioTim",
    "Modality": "MR",
    "RepetitionTime": 1.63,
    "ScanningSequence": "GR_IR",
    "SequenceVariant": "SP_MP",
    "SliceThickness": 1,
    "dataset": "ds002835",
    "modality": "T1w",
    "subject_id": "0484"
  },
  "cjv": 0.3478687193607478,
  "cnr": 3.8881557394170914,
  "efc": 0.5357476978508219,
  "fber": 81699.85128044483,
  "fwhm_avg": 4.040336444444445,
  "fwhm_x": 3.762208,
  "fwhm_y": 4.571381333333333,
  "fwhm_z": 3.78742,
  "icvs_csf": 0.21516706456229495,
  "icvs_gm": 0.43689069238810574,
  "icvs_wm": 0.3479422430495993,
  "inu_med": 0.3271564692258835,
  "inu_range": 0.07099248468875885,
  "provenance": {
    "md5sum": "354cbc94f76e2aa400771e5e3ed6e6f3",
    "settings": {
      "testing": false
    },
    "software": "mriqc",
    "version": "22.0.6",
    "warnings": {
      "large_rot_frame": true,
      "small_air_mask": false
    },
    "webapi_port": null,
    "webapi_url": "https://mriqc.nimh.nih.gov/api/v1"
  },
  "qi_1": 0.002064746735104889,
  "qi_2": 0.007304721619840778,
  "rpve_csf": 16.529831705532402,
  "rpve_gm": 8.403994581328032,
  "rpve_wm": 11.730393420626125,
  "size_x": 192,
  "size_y": 256,
  "size_z": 160,
  "snr_csf": 3.117318140193686,
  "snr_gm": 18.70922335614894,
  "snr_total": 16.9238650996018,
  "snr_wm": 28.94505380246278,
  "snrd_csf": 69.10579409220355,
  "snrd_gm": 146.2886956619981,
  "snrd_total": 133.81046395389436,
  "snrd_wm": 186.03690210748147,
  "spacing_x": 0.9375,
  "spacing_y": 0.9375,
  "spacing_z": 1.0,
  "summary_bg_k": 135.47422357174952,
  "summary_bg_mad": 3.5217009006795923,
  "summary_bg_mean": 3.9357152065433074,
  "summary_bg_median": 2.375351160764694,
  "summary_bg_n": 2811299.0,
  "summary_bg_p05": 0.0,
  "summary_bg_p95": 16.07930016517639,
  "summary_bg_stdv": 7.718778827113317,
  "summary_csf_k": 2.760023702786593,
  "summary_csf_mad": 83.1493900155648,
  "summary_csf_mean": 364.12231580343905,
  "summary_csf_median": 371.4797976370901,
  "summary_csf_n": 59128.0,
  "summary_csf_p05": 118.11319447327406,
  "summary_csf_p95": 538.9763143435121,
  "summary_csf_stdv": 119.16546197684966,
  "summary_gm_k": 0.12499494418408474,
  "summary_gm_mad": 41.752473178249396,
  "summary_gm_mean": 785.8221550133557,
  "summary_gm_median": 786.3782737031579,
  "summary_gm_n": 45624.0,
  "summary_gm_p05": 716.1718009578065,
  "summary_gm_p95": 853.0479856096208,
  "summary_gm_stdv": 42.031122332210735,
  "summary_wm_k": 0.8152904057904604,
  "summary_wm_mad": 32.57573333128623,
  "summary_wm_mean": 1002.3938750560785,
  "summary_wm_median": 1000.0456785969436,
  "summary_wm_n": 192807.0,
  "summary_wm_p05": 950.163304220885,
  "summary_wm_p95": 1062.147407501936,
  "summary_wm_stdv": 34.549705522509484,
  "tpm_overlap_csf": 0.15470542765548292,
  "tpm_overlap_gm": 0.4642812362161694,
  "tpm_overlap_wm": 0.5021051904734416,
  "wm2max": 0.7684814658803707
}