{
  "bids_meta": {
    "EchoTime": 0.00311,
    "FlipAngle": 15,
    "ImageType": [
      "ORIGINAL",
      "PRIMARY",
      "M",
      "ND",
      "NORM"
    ],
    "InversionTime": 1.1,
    "MagneticFieldStrength": 3,
    "Manufacturer": "Siemens",
    "ManufacturersModelName": "TrioTim",
    "Modality": "MR",
    "RepetitionTime": 1.63,
    "ScanningSequence": "GR_IR",
    "SequenceVariant": "SP_MP",
    "SliceThickness": 1,
    "dataset": "ds002835",
    "modality": "T1w",
    "subject_id": "1069"
  },
  "cjv": 0.4491263980258278,
  "cnr": 3.0548205454796835,
  "efc": 0.6047351412804535,
  "fber": 58267.18405663282,
  "fwhm_avg": 3.703877777777778,
  "fwhm_x": 3.4689813333333333,
  "fwhm_y": 4.218752,
  "fwhm_z": 3.4239,
  "icvs_csf": 0.18417949604508604,
  "icvs_gm": 0.4114443412741336,
  "icvs_wm": 0.40437616268078036,
  "inu_med": 0.346404492855072,
  "inu_range": 0.08517990708351136,
  "provenance": {
    "md5sum": "2d73bab27479d463d84f4c9781f593cf",
    "settings": {
      "testing": false
    },
    "software": "mriqc",
    "version": "22.0.6",
    "warnings": {
      "large_rot_frame": true,
      "small_air_mask": false
    },
    "webapi_port": null,
    "webapi_url": "https://mriqc.nimh.nih.gov/api/v1"
  },
  "qi_1": 0.00015510886539179449,
  "qi_2": 0.010202160646014865,
  "rpve_csf": 16.38686395562682,
  "rpve_gm": 7.341166526429249,
  "rpve_wm": 8.522837652487688,
  "size_x": 192,
  "size_y": 256,
  "size_z": 160,
  "snr_csf": 2.9296969680425016,
  "snr_gm": 16.486415282756475,
  "snr_total": 13.386815648226053,
  "snr_wm": 20.744334693879182,
  "snrd_csf": 31.249415678291854,
  "snrd_gm": 67.67129980153899,
  "snrd_total": 61.49327682783788,
  "snrd_wm": 85.5591150036828,
  "spacing_x": 0.9375,
  "spacing_y": 0.9375,
  "spacing_z": 1.0,
  "summary_bg_k": 278.6141792270875,
  "summary_bg_mad": 0.0,
  "summary_bg_mean": 4.177090363911255,
  "summary_bg_median": 0.0,
  "summary_bg_n": 2072390.0,
  "summary_bg_p05": 0.0,
  "summary_bg_p95": 18.870075289160013,
  "summary_bg_stdv": 7.65755618582146,
  "summary_csf_k": 6.863584524033934,
  "summary_csf_mad": 92.63622288167888,
  "summary_csf_mean": 366.09205473097046,
  "summary_csf_median": 365.25852682068944,
  "summary_csf_n": 46525.0,
  "summary_csf_p05": 151.36536827869713,
  "summary_csf_p95": 561.9690850842744,
  "summary_csf_stdv": 124.67316769728343,
  "summary_gm_k": 0.04632901913065979,
  "summary_gm_mad": 47.92403136305832,
  "summary_gm_mean": 791.0282215767392,
  "summary_gm_median": 790.9754066448659,
  "summary_gm_n": 32872.0,
  "summary_gm_p05": 711.9918845621869,
  "summary_gm_p95": 869.4486955739558,
  "summary_gm_stdv": 47.97667424030894,
  "summary_wm_k": 0.5751699050987527,
  "summary_wm_mad": 45.980023036161775,
  "summary_wm_mean": 1006.2434374228568,
  "summary_wm_median": 1000.0569810345769,
  "summary_wm_n": 234211.0,
  "summary_wm_p05": 937.8313400130719,
  "summary_wm_p95": 1094.407357480377,
  "summary_wm_stdv": 48.20857650250823,
  "tpm_overlap_csf": 0.1605523662741234,
  "tpm_overlap_gm": 0.4450745404682409,
  "tpm_overlap_wm": 0.48099202105057887,
  "wm2max": 0.63298994987725
}