{
  "aor": 0.00213187134502924,
  "aqi": 0.0030540874853801168,
  "bids_meta": {
    "BandwidthPerPixelPhaseEncode": 31.25,
    "EchoTime": 0.025,
    "EffectiveEchoSpacing": 0.0005,
    "FlipAngle": 75,
    "ImageType": [
      "ORIGINAL",
      "PRIMARY",
      "M",
      "ND",
      "MOSAIC"
    ],
    "MagneticFieldStrength": 3,
    "Manufacturer": "Siemens",
    "ManufacturersModelName": "TrioTim",
    "Modality": "MR",
    "PhaseEncodingDirection": "j-",
    "PixelBandwidth": 3005,
    "RepetitionTime": 3,
    "ScanningSequence": "EP",
    "SequenceVariant": "SK",
    "SliceThickness": 3,
    "SliceTiming": [
      0,
      1.5225,
      0.055,
      1.58,
      0.1125,
      1.635,
      0.1675,
      1.6925,
      0.225,
      1.75,
      0.28,
      1.805,
      0.3375,
      1.8625,
      0.395,
      1.9175,
      0.45,
      1.975,
      0.5075,
      2.03,
      0.5625,
      2.0875,
      0.62,
      2.145,
      0.6775,
      2.2,
      0.7325,
      2.2575,
      0.79,
      2.3125,
      0.845,
      2.37,
      0.9025,
      2.425,
      0.9575,
      2.4825,
      1.015,
      2.54,
      1.0725,
      2.595,
      1.1275,
      2.6525,
      1.185,
      2.7075,
      1.24,
      2.765,
      1.2975,
      2.82,
      1.3525,
      2.8775,
      1.41,
      2.935,
      1.4675
    ],
    "SpacingBetweenSlices": 3,
    "TaskName": "Prospection",
    "TotalReadoutTime": 0.0315,
    "dataset": "ds002835",
    "modality": "bold",
    "run_id": 1,
    "subject_id": "2031",
    "task_id": "prospection"
  },
  "dummy_trs": 10,
  "dvars_nstd": 23.44977792829412,
  "dvars_std": 1.229229219529412,
  "dvars_vstd": 0.9985159983529411,
  "efc": 0.5844103463236364,
  "fber": 339.988037109375,
  "fd_mean": 0.14406165558825748,
  "fd_num": 28,
  "fd_perc": 16.374269005847953,
  "fwhm_avg": 2.7869566666666667,
  "fwhm_x": 2.683246666666667,
  "fwhm_y": 2.62759,
  "fwhm_z": 3.0500333333333334,
  "gcor": 0.0134235,
  "gsr_x": -0.02429412491619587,
  "gsr_y": 0.050718892365694046,
  "provenance": {
    "md5sum": "6f50439e52f10cb7709ded5307d921e6",
    "settings": {
      "fd_thres": 0.2,
      "testing": false
    },
    "software": "mriqc",
    "version": "22.0.6",
    "webapi_port": null,
    "webapi_url": "https://mriqc.nimh.nih.gov/api/v1"
  },
  "size_t": 171,
  "size_x": 64,
  "size_y": 64,
  "size_z": 53,
  "snr": 2.516244080418787,
  "spacing_tr": 3.0,
  "spacing_x": 3.0,
  "spacing_y": 3.0,
  "spacing_z": 3.0,
  "summary_bg_k": 31.87321530035873,
  "summary_bg_mad": 16.51670813167769,
  "summary_bg_mean": 79.35040283203125,
  "summary_bg_median": 39.327484130859375,
  "summary_bg_n": 123050.0,
  "summary_bg_p05": 27.01754379272461,
  "summary_bg_p95": 262.5561416625975,
  "summary_bg_stdv": 97.66490936279297,
  "summary_fg_k": 3.7975743405415017,
  "summary_fg_mad": 238.31744772180795,
  "summary_fg_mean": 811.175048828125,
  "summary_fg_median": 745.4795532226562,
  "summary_fg_n": 48966.0,
  "summary_fg_p05": 458.20613861083984,
  "summary_fg_p95": 1377.0672912597656,
  "summary_fg_stdv": 296.2637634277344,
  "tsnr": 72.80084270238876
}