{
  "aor": 0.0025063888888888887,
  "aqi": 0.004125477444444445,
  "bids_meta": {
    "BandwidthPerPixelPhaseEncode": 31.25,
    "EchoTime": 0.025,
    "EffectiveEchoSpacing": 0.0005,
    "FlipAngle": 75,
    "ImageType": [
      "ORIGINAL",
      "PRIMARY",
      "M",
      "ND",
      "MOSAIC"
    ],
    "MagneticFieldStrength": 3,
    "Manufacturer": "Siemens",
    "ManufacturersModelName": "TrioTim",
    "Modality": "MR",
    "PhaseEncodingDirection": "j-",
    "PixelBandwidth": 3005,
    "RepetitionTime": 3,
    "ScanningSequence": "EP",
    "SequenceVariant": "SK",
    "SliceThickness": 3,
    "SliceTiming": [
      0,
      1.5225,
      0.055,
      1.58,
      0.1125,
      1.635,
      0.1675,
      1.6925,
      0.225,
      1.75,
      0.28,
      1.805,
      0.3375,
      1.8625,
      0.395,
      1.9175,
      0.45,
      1.975,
      0.5075,
      2.03,
      0.5625,
      2.0875,
      0.62,
      2.145,
      0.6775,
      2.2,
      0.7325,
      2.2575,
      0.79,
      2.3125,
      0.845,
      2.37,
      0.9025,
      2.425,
      0.9575,
      2.4825,
      1.015,
      2.54,
      1.0725,
      2.595,
      1.1275,
      2.6525,
      1.185,
      2.7075,
      1.24,
      2.765,
      1.2975,
      2.82,
      1.3525,
      2.8775,
      1.41,
      2.935,
      1.4675
    ],
    "SpacingBetweenSlices": 3,
    "TaskName": "Prospection",
    "TotalReadoutTime": 0.0315,
    "dataset": "ds002835",
    "modality": "bold",
    "run_id": 2,
    "subject_id": "2031",
    "task_id": "prospection"
  },
  "dummy_trs": 1,
  "dvars_nstd": 23.40688610625698,
  "dvars_std": 1.2160725030726258,
  "dvars_vstd": 0.9986776182681558,
  "efc": 0.5856903777760971,
  "fber": 348.40289306640625,
  "fd_mean": 0.14673730211939884,
  "fd_num": 28,
  "fd_perc": 15.555555555555555,
  "fwhm_avg": 2.72021,
  "fwhm_x": 2.60634,
  "fwhm_y": 2.5578133333333333,
  "fwhm_z": 2.9964766666666667,
  "gcor": 0.0578885,
  "gsr_x": -0.0207770187407732,
  "gsr_y": 0.05000705271959305,
  "provenance": {
    "md5sum": "4835f3d6930747930863a57b49147a3f",
    "settings": {
      "fd_thres": 0.2,
      "testing": false
    },
    "software": "mriqc",
    "version": "22.0.6",
    "webapi_port": null,
    "webapi_url": "https://mriqc.nimh.nih.gov/api/v1"
  },
  "size_t": 180,
  "size_x": 64,
  "size_y": 64,
  "size_z": 53,
  "snr": 2.6492092693084524,
  "spacing_tr": 3.0,
  "spacing_x": 3.0,
  "spacing_y": 3.0,
  "spacing_z": 3.0,
  "summary_bg_k": 32.40555265304834,
  "summary_bg_mad": 15.130778427976606,
  "summary_bg_mean": 77.22814178466797,
  "summary_bg_median": 38.18888854980469,
  "summary_bg_n": 123367.0,
  "summary_bg_p05": 27.0222225189209,
  "summary_bg_p95": 259.15943603515626,
  "summary_bg_stdv": 95.58001708984375,
  "summary_fg_k": 3.52906181477087,
  "summary_fg_mad": 226.68168073776602,
  "summary_fg_mean": 792.3053588867188,
  "summary_fg_median": 733.6083984375,
  "summary_fg_n": 48760.0,
  "summary_fg_p05": 457.4275177001953,
  "summary_fg_p95": 1318.341094970703,
  "summary_fg_stdv": 276.91314697265625,
  "tsnr": 68.17230667406693
}