{
  "aor": 0.0020770165745856353,
  "aqi": 0.0037301014917127074,
  "bids_meta": {
    "BandwidthPerPixelPhaseEncode": 31.25,
    "EchoTime": 0.025,
    "EffectiveEchoSpacing": 0.0005,
    "FlipAngle": 75,
    "ImageType": [
      "ORIGINAL",
      "PRIMARY",
      "M",
      "ND",
      "MOSAIC"
    ],
    "MagneticFieldStrength": 3,
    "Manufacturer": "Siemens",
    "ManufacturersModelName": "TrioTim",
    "Modality": "MR",
    "PhaseEncodingDirection": "j-",
    "PixelBandwidth": 3005,
    "RepetitionTime": 3,
    "ScanningSequence": "EP",
    "SequenceVariant": "SK",
    "SliceThickness": 3,
    "SliceTiming": [
      0,
      1.5225,
      0.055,
      1.58,
      0.1125,
      1.635,
      0.1675,
      1.6925,
      0.225,
      1.75,
      0.28,
      1.805,
      0.3375,
      1.8625,
      0.395,
      1.9175,
      0.45,
      1.975,
      0.5075,
      2.03,
      0.5625,
      2.0875,
      0.62,
      2.145,
      0.6775,
      2.2,
      0.7325,
      2.2575,
      0.79,
      2.3125,
      0.845,
      2.37,
      0.9025,
      2.425,
      0.9575,
      2.4825,
      1.015,
      2.54,
      1.0725,
      2.595,
      1.1275,
      2.6525,
      1.185,
      2.7075,
      1.24,
      2.765,
      1.2975,
      2.82,
      1.3525,
      2.8775,
      1.41,
      2.935,
      1.4675
    ],
    "SpacingBetweenSlices": 3,
    "TaskName": "Prospection",
    "TotalReadoutTime": 0.0315,
    "dataset": "ds002835",
    "modality": "bold",
    "run_id": 4,
    "subject_id": "1093",
    "task_id": "prospection"
  },
  "dummy_trs": 0,
  "dvars_nstd": 19.61239300288889,
  "dvars_std": 1.1346411282777773,
  "dvars_vstd": 1.0024060836111113,
  "efc": 0.5478270661748458,
  "fber": 380.5179748535156,
  "fd_mean": 0.09867431203488203,
  "fd_num": 23,
  "fd_perc": 12.707182320441989,
  "fwhm_avg": 2.559083400508833,
  "fwhm_x": 2.2548233333333334,
  "fwhm_y": 2.535790201526499,
  "fwhm_z": 2.8866366666666665,
  "gcor": 0.0650346,
  "gsr_x": 0.0051421658135950565,
  "gsr_y": 0.03844498097896576,
  "provenance": {
    "md5sum": "a1c4091f8a1c243731bd6a9c94e75ced",
    "settings": {
      "fd_thres": 0.2,
      "testing": false
    },
    "software": "mriqc",
    "version": "22.0.6",
    "webapi_port": null,
    "webapi_url": "https://mriqc.nimh.nih.gov/api/v1"
  },
  "size_t": 181,
  "size_x": 64,
  "size_y": 64,
  "size_z": 53,
  "snr": 3.190777628498484,
  "spacing_tr": 3.0,
  "spacing_x": 3.0,
  "spacing_y": 2.999999761581421,
  "spacing_z": 3.0,
  "summary_bg_k": 26.93647552353002,
  "summary_bg_mad": 12.704506435356684,
  "summary_bg_mean": 65.84986877441406,
  "summary_bg_median": 34.872928619384766,
  "summary_bg_n": 138960.0,
  "summary_bg_p05": 25.83425521850586,
  "summary_bg_p95": 223.59752349853497,
  "summary_bg_stdv": 82.58747100830078,
  "summary_fg_k": 1.6063626071040549,
  "summary_fg_mad": 174.1730029837894,
  "summary_fg_mean": 737.4102172851562,
  "summary_fg_median": 690.7845458984375,
  "summary_fg_n": 36076.0,
  "summary_fg_p05": 465.2513885498047,
  "summary_fg_p95": 1167.8122253417969,
  "summary_fg_stdv": 216.49110412597656,
  "tsnr": 77.60576799383853
}