{
  "aor": 0.0010854143646408842,
  "aqi": 0.0036407196132596676,
  "bids_meta": {
    "BandwidthPerPixelPhaseEncode": 31.25,
    "EchoTime": 0.025,
    "EffectiveEchoSpacing": 0.0005,
    "FlipAngle": 75,
    "ImageType": [
      "ORIGINAL",
      "PRIMARY",
      "M",
      "ND",
      "MOSAIC"
    ],
    "MagneticFieldStrength": 3,
    "Manufacturer": "Siemens",
    "ManufacturersModelName": "TrioTim",
    "Modality": "MR",
    "PhaseEncodingDirection": "j-",
    "PixelBandwidth": 3005,
    "RepetitionTime": 3,
    "ScanningSequence": "EP",
    "SequenceVariant": "SK",
    "SliceThickness": 3,
    "SliceTiming": [
      0,
      1.5225,
      0.055,
      1.58,
      0.1125,
      1.635,
      0.1675,
      1.6925,
      0.225,
      1.75,
      0.28,
      1.805,
      0.3375,
      1.8625,
      0.395,
      1.9175,
      0.45,
      1.975,
      0.5075,
      2.03,
      0.5625,
      2.0875,
      0.62,
      2.145,
      0.6775,
      2.2,
      0.7325,
      2.2575,
      0.79,
      2.3125,
      0.845,
      2.37,
      0.9025,
      2.425,
      0.9575,
      2.4825,
      1.015,
      2.54,
      1.0725,
      2.595,
      1.1275,
      2.6525,
      1.185,
      2.7075,
      1.24,
      2.765,
      1.2975,
      2.82,
      1.3525,
      2.8775,
      1.41,
      2.935,
      1.4675
    ],
    "SpacingBetweenSlices": 3,
    "TaskName": "Prospection",
    "TotalReadoutTime": 0.0315,
    "dataset": "ds002835",
    "modality": "bold",
    "run_id": 2,
    "subject_id": "1093",
    "task_id": "prospection"
  },
  "dummy_trs": 0,
  "dvars_nstd": 19.10657710522222,
  "dvars_std": 1.1637049516111104,
  "dvars_vstd": 0.9979721076666672,
  "efc": 0.5453444413776486,
  "fber": 391.0545654296875,
  "fd_mean": 0.050639906564732405,
  "fd_num": 1,
  "fd_perc": 0.5524861878453039,
  "fwhm_avg": 2.5688811778327327,
  "fwhm_x": 2.2848200000000003,
  "fwhm_y": 2.5186568668315306,
  "fwhm_z": 2.903166666666667,
  "gcor": 0.0827089,
  "gsr_x": 0.005348707549273968,
  "gsr_y": 0.037426795810461044,
  "provenance": {
    "md5sum": "d067516509102c62a75df39badc4bc41",
    "settings": {
      "fd_thres": 0.2,
      "testing": false
    },
    "software": "mriqc",
    "version": "22.0.6",
    "webapi_port": null,
    "webapi_url": "https://mriqc.nimh.nih.gov/api/v1"
  },
  "size_t": 181,
  "size_x": 64,
  "size_y": 64,
  "size_z": 53,
  "snr": 3.157671462182631,
  "spacing_tr": 3.0,
  "spacing_x": 3.0,
  "spacing_y": 2.999999761581421,
  "spacing_z": 3.0,
  "summary_bg_k": 26.813112572031493,
  "summary_bg_mad": 12.49153620090521,
  "summary_bg_mean": 65.13714599609375,
  "summary_bg_median": 34.569061279296875,
  "summary_bg_n": 139177.0,
  "summary_bg_p05": 25.657459259033203,
  "summary_bg_p95": 220.55470275878838,
  "summary_bg_stdv": 81.60882568359375,
  "summary_fg_k": 1.734640063780403,
  "summary_fg_mad": 175.2788012693203,
  "summary_fg_mean": 740.500732421875,
  "summary_fg_median": 693.2514038085938,
  "summary_fg_n": 35990.0,
  "summary_fg_p05": 467.4022155761719,
  "summary_fg_p95": 1175.1373718261716,
  "summary_fg_stdv": 219.54208374023438,
  "tsnr": 82.25352151691914
}