{
  "aor": 0.007976833333333332,
  "aqi": 0.010168055888888888,
  "bids_meta": {
    "BandwidthPerPixelPhaseEncode": 31.25,
    "EchoTime": 0.025,
    "EffectiveEchoSpacing": 0.0005,
    "FlipAngle": 75,
    "ImageType": [
      "ORIGINAL",
      "PRIMARY",
      "M",
      "ND",
      "MOSAIC"
    ],
    "MagneticFieldStrength": 3,
    "Manufacturer": "Siemens",
    "ManufacturersModelName": "TrioTim",
    "Modality": "MR",
    "PhaseEncodingDirection": "j-",
    "PixelBandwidth": 3005,
    "RepetitionTime": 3,
    "ScanningSequence": "EP",
    "SequenceVariant": "SK",
    "SliceThickness": 3,
    "SliceTiming": [
      0,
      1.5225,
      0.055,
      1.58,
      0.1125,
      1.635,
      0.1675,
      1.6925,
      0.225,
      1.75,
      0.28,
      1.805,
      0.3375,
      1.8625,
      0.395,
      1.9175,
      0.45,
      1.975,
      0.5075,
      2.03,
      0.5625,
      2.0875,
      0.62,
      2.145,
      0.6775,
      2.2,
      0.7325,
      2.2575,
      0.79,
      2.3125,
      0.845,
      2.37,
      0.9025,
      2.425,
      0.9575,
      2.4825,
      1.015,
      2.54,
      1.0725,
      2.595,
      1.1275,
      2.6525,
      1.185,
      2.7075,
      1.24,
      2.765,
      1.2975,
      2.82,
      1.3525,
      2.8775,
      1.41,
      2.935,
      1.4675
    ],
    "SpacingBetweenSlices": 3,
    "TaskName": "Prospection",
    "TotalReadoutTime": 0.0315,
    "dataset": "ds002835",
    "modality": "bold",
    "run_id": 1,
    "subject_id": "1093",
    "task_id": "prospection"
  },
  "dummy_trs": 1,
  "dvars_nstd": 27.677367658044677,
  "dvars_std": 1.0629673508379884,
  "dvars_vstd": 0.9544387697206705,
  "efc": 0.5434325814878799,
  "fber": 374.14910888671875,
  "fd_mean": 0.19393550323546993,
  "fd_num": 55,
  "fd_perc": 30.555555555555557,
  "fwhm_avg": 2.689400069815853,
  "fwhm_x": 2.4026633333333334,
  "fwhm_y": 2.6354602094475594,
  "fwhm_z": 3.0300766666666665,
  "gcor": 0.0302643,
  "gsr_x": 0.006107944529503584,
  "gsr_y": 0.03873034194111824,
  "provenance": {
    "md5sum": "322235860ea8a1071e6d18af79080a8a",
    "settings": {
      "fd_thres": 0.2,
      "testing": false
    },
    "software": "mriqc",
    "version": "22.0.6",
    "webapi_port": null,
    "webapi_url": "https://mriqc.nimh.nih.gov/api/v1"
  },
  "size_t": 180,
  "size_x": 64,
  "size_y": 64,
  "size_z": 53,
  "snr": 2.991433554587045,
  "spacing_tr": 3.0,
  "spacing_x": 3.0,
  "spacing_y": 2.999999761581421,
  "spacing_z": 3.0,
  "summary_bg_k": 26.15482208432291,
  "summary_bg_mad": 13.862331308595241,
  "summary_bg_mean": 66.05418395996094,
  "summary_bg_median": 35.838890075683594,
  "summary_bg_n": 139012.0,
  "summary_bg_p05": 25.761112213134766,
  "summary_bg_p95": 218.58834228515605,
  "summary_bg_stdv": 80.93531799316406,
  "summary_fg_k": 1.995350970246168,
  "summary_fg_mad": 186.28077028348838,
  "summary_fg_mean": 752.6378173828125,
  "summary_fg_median": 700.4389038085938,
  "summary_fg_n": 36005.0,
  "summary_fg_p05": 464.97222900390625,
  "summary_fg_p95": 1220.112255859375,
  "summary_fg_stdv": 234.14498901367188,
  "tsnr": 41.11552287917584
}