{
  "aor": 0.003271436464088398,
  "aqi": 0.005752419116022099,
  "bids_meta": {
    "BandwidthPerPixelPhaseEncode": 31.25,
    "EchoTime": 0.025,
    "EffectiveEchoSpacing": 0.0005,
    "FlipAngle": 75,
    "ImageType": [
      "ORIGINAL",
      "PRIMARY",
      "M",
      "ND",
      "MOSAIC"
    ],
    "MagneticFieldStrength": 3,
    "Manufacturer": "Siemens",
    "ManufacturersModelName": "TrioTim",
    "Modality": "MR",
    "PhaseEncodingDirection": "j-",
    "PixelBandwidth": 3005,
    "RepetitionTime": 3,
    "ScanningSequence": "EP",
    "SequenceVariant": "SK",
    "SliceThickness": 3,
    "SliceTiming": [
      0,
      1.5225,
      0.055,
      1.58,
      0.1125,
      1.635,
      0.1675,
      1.6925,
      0.225,
      1.75,
      0.28,
      1.805,
      0.3375,
      1.8625,
      0.395,
      1.9175,
      0.45,
      1.975,
      0.5075,
      2.03,
      0.5625,
      2.0875,
      0.62,
      2.145,
      0.6775,
      2.2,
      0.7325,
      2.2575,
      0.79,
      2.3125,
      0.845,
      2.37,
      0.9025,
      2.425,
      0.9575,
      2.4825,
      1.015,
      2.54,
      1.0725,
      2.595,
      1.1275,
      2.6525,
      1.185,
      2.7075,
      1.24,
      2.765,
      1.2975,
      2.82,
      1.3525,
      2.8775,
      1.41,
      2.935,
      1.4675
    ],
    "SpacingBetweenSlices": 3,
    "TaskName": "Prospection",
    "TotalReadoutTime": 0.0315,
    "dataset": "ds002835",
    "modality": "bold",
    "run_id": 1,
    "subject_id": "1054",
    "task_id": "prospection"
  },
  "dummy_trs": 0,
  "dvars_nstd": 22.477129332111108,
  "dvars_std": 1.1187971169444444,
  "dvars_vstd": 0.9951157952222226,
  "efc": 0.6211292710873341,
  "fber": 260.32861328125,
  "fd_mean": 0.11000905928462683,
  "fd_num": 12,
  "fd_perc": 6.629834254143646,
  "fwhm_avg": 2.595161111111111,
  "fwhm_x": 2.3702533333333333,
  "fwhm_y": 2.578246666666667,
  "fwhm_z": 2.836983333333333,
  "gcor": 0.0226499,
  "gsr_x": -0.0026369306724518538,
  "gsr_y": 0.1129978597164154,
  "provenance": {
    "md5sum": "22eb0433ba00869b09e55e7a586d922b",
    "settings": {
      "fd_thres": 0.2,
      "testing": false
    },
    "software": "mriqc",
    "version": "22.0.6",
    "webapi_port": null,
    "webapi_url": "https://mriqc.nimh.nih.gov/api/v1"
  },
  "size_t": 181,
  "size_x": 64,
  "size_y": 64,
  "size_z": 53,
  "snr": 3.131553173834958,
  "spacing_tr": 3.0,
  "spacing_x": 3.0,
  "spacing_y": 3.0,
  "spacing_z": 3.0,
  "summary_bg_k": 12.257437777998502,
  "summary_bg_mad": 14.228064250653775,
  "summary_bg_mean": 91.3741226196289,
  "summary_bg_median": 37.558013916015625,
  "summary_bg_n": 123749.0,
  "summary_bg_p05": 26.76795768737793,
  "summary_bg_p95": 368.6353759765625,
  "summary_bg_stdv": 124.03655242919922,
  "summary_fg_k": 2.3031083886964483,
  "summary_fg_mad": 171.52315918712804,
  "summary_fg_mean": 661.0116577148438,
  "summary_fg_median": 627.12158203125,
  "summary_fg_n": 47139.0,
  "summary_fg_p05": 395.57737426757814,
  "summary_fg_p95": 1029.8303955078125,
  "summary_fg_stdv": 200.2568359375,
  "tsnr": 56.46715915959794
}