{
  "aor": 0.0017681215469613262,
  "aqi": 0.004406921160220995,
  "bids_meta": {
    "BandwidthPerPixelPhaseEncode": 31.25,
    "EchoTime": 0.025,
    "EffectiveEchoSpacing": 0.0005,
    "FlipAngle": 75,
    "ImageType": [
      "ORIGINAL",
      "PRIMARY",
      "M",
      "ND",
      "MOSAIC"
    ],
    "MagneticFieldStrength": 3,
    "Manufacturer": "Siemens",
    "ManufacturersModelName": "TrioTim",
    "Modality": "MR",
    "PhaseEncodingDirection": "j-",
    "PixelBandwidth": 3005,
    "RepetitionTime": 3,
    "ScanningSequence": "EP",
    "SequenceVariant": "SK",
    "SliceThickness": 3,
    "SliceTiming": [
      0,
      1.5225,
      0.055,
      1.58,
      0.1125,
      1.635,
      0.1675,
      1.6925,
      0.225,
      1.75,
      0.28,
      1.805,
      0.3375,
      1.8625,
      0.395,
      1.9175,
      0.45,
      1.975,
      0.5075,
      2.03,
      0.5625,
      2.0875,
      0.62,
      2.145,
      0.6775,
      2.2,
      0.7325,
      2.2575,
      0.79,
      2.3125,
      0.845,
      2.37,
      0.9025,
      2.425,
      0.9575,
      2.4825,
      1.015,
      2.54,
      1.0725,
      2.595,
      1.1275,
      2.6525,
      1.185,
      2.7075,
      1.24,
      2.765,
      1.2975,
      2.82,
      1.3525,
      2.8775,
      1.41,
      2.935,
      1.4675
    ],
    "SpacingBetweenSlices": 3,
    "TaskName": "Prospection",
    "TotalReadoutTime": 0.0315,
    "dataset": "ds002835",
    "modality": "bold",
    "run_id": 3,
    "subject_id": "1054",
    "task_id": "prospection"
  },
  "dummy_trs": 0,
  "dvars_nstd": 20.467033195611123,
  "dvars_std": 1.1133364912777781,
  "dvars_vstd": 0.9953802637222219,
  "efc": 0.6237274986984302,
  "fber": 253.24456787109375,
  "fd_mean": 0.08251287979344982,
  "fd_num": 7,
  "fd_perc": 3.867403314917127,
  "fwhm_avg": 2.5683511111111113,
  "fwhm_x": 2.3563433333333332,
  "fwhm_y": 2.5577099999999997,
  "fwhm_z": 2.791,
  "gcor": 0.0445424,
  "gsr_x": -0.003767390036955476,
  "gsr_y": 0.11363701522350311,
  "provenance": {
    "md5sum": "9fb1560b682cccfbc1f405ba4b16e85d",
    "settings": {
      "fd_thres": 0.2,
      "testing": false
    },
    "software": "mriqc",
    "version": "22.0.6",
    "webapi_port": null,
    "webapi_url": "https://mriqc.nimh.nih.gov/api/v1"
  },
  "size_t": 181,
  "size_x": 64,
  "size_y": 64,
  "size_z": 53,
  "snr": 3.1403982950819747,
  "spacing_tr": 3.0,
  "spacing_x": 3.0,
  "spacing_y": 3.0,
  "spacing_z": 3.0,
  "summary_bg_k": 11.621181954054583,
  "summary_bg_mad": 15.2191993076615,
  "summary_bg_mean": 94.4837875366211,
  "summary_bg_median": 38.35359191894531,
  "summary_bg_n": 123369.0,
  "summary_bg_p05": 26.773481369018555,
  "summary_bg_p95": 380.73262329101556,
  "summary_bg_stdv": 127.82018280029297,
  "summary_fg_k": 2.229051574037112,
  "summary_fg_mad": 172.29305540752878,
  "summary_fg_mean": 664.5301513671875,
  "summary_fg_median": 631.0,
  "summary_fg_n": 47133.0,
  "summary_fg_p05": 398.2585693359375,
  "summary_fg_p95": 1038.6541992187501,
  "summary_fg_stdv": 200.92779541015625,
  "tsnr": 67.63877073023468
}