{
  "aor": 0.0016949171270718231,
  "aqi": 0.005252013425414364,
  "bids_meta": {
    "BandwidthPerPixelPhaseEncode": 31.25,
    "EchoTime": 0.025,
    "EffectiveEchoSpacing": 0.0005,
    "FlipAngle": 75,
    "ImageType": [
      "ORIGINAL",
      "PRIMARY",
      "M",
      "ND",
      "MOSAIC"
    ],
    "MagneticFieldStrength": 3,
    "Manufacturer": "Siemens",
    "ManufacturersModelName": "TrioTim",
    "Modality": "MR",
    "PhaseEncodingDirection": "j-",
    "PixelBandwidth": 3005,
    "RepetitionTime": 3,
    "ScanningSequence": "EP",
    "SequenceVariant": "SK",
    "SliceThickness": 3,
    "SliceTiming": [
      0,
      1.5225,
      0.055,
      1.58,
      0.1125,
      1.635,
      0.1675,
      1.6925,
      0.225,
      1.75,
      0.28,
      1.805,
      0.3375,
      1.8625,
      0.395,
      1.9175,
      0.45,
      1.975,
      0.5075,
      2.03,
      0.5625,
      2.0875,
      0.62,
      2.145,
      0.6775,
      2.2,
      0.7325,
      2.2575,
      0.79,
      2.3125,
      0.845,
      2.37,
      0.9025,
      2.425,
      0.9575,
      2.4825,
      1.015,
      2.54,
      1.0725,
      2.595,
      1.1275,
      2.6525,
      1.185,
      2.7075,
      1.24,
      2.765,
      1.2975,
      2.82,
      1.3525,
      2.8775,
      1.41,
      2.935,
      1.4675
    ],
    "SpacingBetweenSlices": 3,
    "TaskName": "Prospection",
    "TotalReadoutTime": 0.0315,
    "dataset": "ds002835",
    "modality": "bold",
    "run_id": 4,
    "subject_id": "1054",
    "task_id": "prospection"
  },
  "dummy_trs": 0,
  "dvars_nstd": 22.63969534772223,
  "dvars_std": 1.1480025418888882,
  "dvars_vstd": 0.9893398720555555,
  "efc": 0.6264438450090839,
  "fber": 244.5018310546875,
  "fd_mean": 0.11068063793538915,
  "fd_num": 18,
  "fd_perc": 9.94475138121547,
  "fwhm_avg": 2.5920655555555556,
  "fwhm_x": 2.3442233333333333,
  "fwhm_y": 2.59483,
  "fwhm_z": 2.8371433333333336,
  "gcor": 0.0423528,
  "gsr_x": -0.0054277097806334496,
  "gsr_y": 0.11718805879354477,
  "provenance": {
    "md5sum": "fef9e9c3218a78c326943f3ca4eb2fbf",
    "settings": {
      "fd_thres": 0.2,
      "testing": false
    },
    "software": "mriqc",
    "version": "22.0.6",
    "webapi_port": null,
    "webapi_url": "https://mriqc.nimh.nih.gov/api/v1"
  },
  "size_t": 181,
  "size_x": 64,
  "size_y": 64,
  "size_z": 53,
  "snr": 3.105415828207537,
  "spacing_tr": 3.0,
  "spacing_x": 3.0,
  "spacing_y": 3.0,
  "spacing_z": 3.0,
  "summary_bg_k": 10.419096577350869,
  "summary_bg_mad": 15.833538915212475,
  "summary_bg_mean": 95.96571350097656,
  "summary_bg_median": 38.9337043762207,
  "summary_bg_n": 122900.0,
  "summary_bg_p05": 27.060773849487305,
  "summary_bg_p95": 388.8903549194334,
  "summary_bg_stdv": 128.92556762695312,
  "summary_fg_k": 2.2659794540657376,
  "summary_fg_mad": 174.54573482815124,
  "summary_fg_mean": 665.759521484375,
  "summary_fg_median": 631.5856323242188,
  "summary_fg_n": 47365.0,
  "summary_fg_p05": 395.7900695800781,
  "summary_fg_p95": 1043.1591796875,
  "summary_fg_stdv": 203.3798370361328,
  "tsnr": 64.22888866160065
}