{
  "aor": 0.008929613259668508,
  "aqi": 0.011159830607734806,
  "bids_meta": {
    "BandwidthPerPixelPhaseEncode": 31.25,
    "EchoTime": 0.025,
    "EffectiveEchoSpacing": 0.0005,
    "FlipAngle": 75,
    "ImageType": [
      "ORIGINAL",
      "PRIMARY",
      "M",
      "ND",
      "MOSAIC"
    ],
    "MagneticFieldStrength": 3,
    "Manufacturer": "Siemens",
    "ManufacturersModelName": "TrioTim",
    "Modality": "MR",
    "PhaseEncodingDirection": "j-",
    "PixelBandwidth": 3005,
    "RepetitionTime": 3,
    "ScanningSequence": "EP",
    "SequenceVariant": "SK",
    "SliceThickness": 3,
    "SliceTiming": [
      0,
      1.5225,
      0.055,
      1.58,
      0.1125,
      1.635,
      0.1675,
      1.6925,
      0.225,
      1.75,
      0.28,
      1.805,
      0.3375,
      1.8625,
      0.395,
      1.9175,
      0.45,
      1.975,
      0.5075,
      2.03,
      0.5625,
      2.0875,
      0.62,
      2.145,
      0.6775,
      2.2,
      0.7325,
      2.2575,
      0.79,
      2.3125,
      0.845,
      2.37,
      0.9025,
      2.425,
      0.9575,
      2.4825,
      1.015,
      2.54,
      1.0725,
      2.595,
      1.1275,
      2.6525,
      1.185,
      2.7075,
      1.24,
      2.765,
      1.2975,
      2.82,
      1.3525,
      2.8775,
      1.41,
      2.935,
      1.4675
    ],
    "SpacingBetweenSlices": 3,
    "TaskName": "Prospection",
    "TotalReadoutTime": 0.0315,
    "dataset": "ds002835",
    "modality": "bold",
    "run_id": 3,
    "subject_id": "1060",
    "task_id": "prospection"
  },
  "dummy_trs": 0,
  "dvars_nstd": 37.374743376888894,
  "dvars_std": 1.1981093170555557,
  "dvars_vstd": 1.0163870497222223,
  "efc": 0.5623747272524374,
  "fber": 327.845703125,
  "fd_mean": 0.4320641077974035,
  "fd_num": 111,
  "fd_perc": 61.32596685082873,
  "fwhm_avg": 2.6588644444444447,
  "fwhm_x": 2.4836733333333334,
  "fwhm_y": 2.5778666666666665,
  "fwhm_z": 2.9150533333333333,
  "gcor": 0.0432164,
  "gsr_x": 0.008322256617248058,
  "gsr_y": 0.040801141411066055,
  "provenance": {
    "md5sum": "ce474642d859a85eff4f6ff84c8f331a",
    "settings": {
      "fd_thres": 0.2,
      "testing": false
    },
    "software": "mriqc",
    "version": "22.0.6",
    "webapi_port": null,
    "webapi_url": "https://mriqc.nimh.nih.gov/api/v1"
  },
  "size_t": 181,
  "size_x": 64,
  "size_y": 64,
  "size_z": 53,
  "snr": 2.912723935983026,
  "spacing_tr": 3.0,
  "spacing_x": 3.0,
  "spacing_y": 3.0,
  "spacing_z": 3.0,
  "summary_bg_k": 27.60611171035306,
  "summary_bg_mad": 14.924317879627047,
  "summary_bg_mean": 70.12676239013672,
  "summary_bg_median": 36.07735061645508,
  "summary_bg_n": 134911.0,
  "summary_bg_p05": 24.790056228637695,
  "summary_bg_p95": 225.9364776611328,
  "summary_bg_stdv": 89.24552154541016,
  "summary_fg_k": 3.1136031356562777,
  "summary_fg_mad": 185.7266947595681,
  "summary_fg_mean": 708.5167236328125,
  "summary_fg_median": 661.8950805664062,
  "summary_fg_n": 39245.0,
  "summary_fg_p05": 440.7635559082031,
  "summary_fg_p95": 1160.0862792968735,
  "summary_fg_stdv": 227.23974609375,
  "tsnr": 40.22870815626811
}