{
  "aor": 0.008309779005524862,
  "aqi": 0.009735264198895024,
  "bids_meta": {
    "BandwidthPerPixelPhaseEncode": 31.25,
    "EchoTime": 0.025,
    "EffectiveEchoSpacing": 0.0005,
    "FlipAngle": 75,
    "ImageType": [
      "ORIGINAL",
      "PRIMARY",
      "M",
      "ND",
      "MOSAIC"
    ],
    "MagneticFieldStrength": 3,
    "Manufacturer": "Siemens",
    "ManufacturersModelName": "TrioTim",
    "Modality": "MR",
    "PhaseEncodingDirection": "j-",
    "PixelBandwidth": 3005,
    "RepetitionTime": 3,
    "ScanningSequence": "EP",
    "SequenceVariant": "SK",
    "SliceThickness": 3,
    "SliceTiming": [
      0,
      1.5225,
      0.055,
      1.58,
      0.1125,
      1.635,
      0.1675,
      1.6925,
      0.225,
      1.75,
      0.28,
      1.805,
      0.3375,
      1.8625,
      0.395,
      1.9175,
      0.45,
      1.975,
      0.5075,
      2.03,
      0.5625,
      2.0875,
      0.62,
      2.145,
      0.6775,
      2.2,
      0.7325,
      2.2575,
      0.79,
      2.3125,
      0.845,
      2.37,
      0.9025,
      2.425,
      0.9575,
      2.4825,
      1.015,
      2.54,
      1.0725,
      2.595,
      1.1275,
      2.6525,
      1.185,
      2.7075,
      1.24,
      2.765,
      1.2975,
      2.82,
      1.3525,
      2.8775,
      1.41,
      2.935,
      1.4675
    ],
    "SpacingBetweenSlices": 3,
    "TaskName": "Prospection",
    "TotalReadoutTime": 0.0315,
    "dataset": "ds002835",
    "modality": "bold",
    "run_id": 2,
    "subject_id": "1060",
    "task_id": "prospection"
  },
  "dummy_trs": 0,
  "dvars_nstd": 28.161958259888884,
  "dvars_std": 1.0247420802222227,
  "dvars_vstd": 0.9138702667222224,
  "efc": 0.5580454423819421,
  "fber": 324.5812683105469,
  "fd_mean": 0.19142665872359035,
  "fd_num": 44,
  "fd_perc": 24.30939226519337,
  "fwhm_avg": 2.8251833333333334,
  "fwhm_x": 2.68094,
  "fwhm_y": 2.689496666666667,
  "fwhm_z": 3.1051133333333336,
  "gcor": 0.0201418,
  "gsr_x": 0.00633197370916605,
  "gsr_y": 0.042424097657203674,
  "provenance": {
    "md5sum": "98c9462bf05fa538684440c829d20302",
    "settings": {
      "fd_thres": 0.2,
      "testing": false
    },
    "software": "mriqc",
    "version": "22.0.6",
    "webapi_port": null,
    "webapi_url": "https://mriqc.nimh.nih.gov/api/v1"
  },
  "size_t": 181,
  "size_x": 64,
  "size_y": 64,
  "size_z": 53,
  "snr": 2.6446005292816466,
  "spacing_tr": 3.0,
  "spacing_x": 3.0,
  "spacing_y": 3.0,
  "spacing_z": 3.0,
  "summary_bg_k": 27.800125835620445,
  "summary_bg_mad": 15.628758103415713,
  "summary_bg_mean": 72.69464111328125,
  "summary_bg_median": 37.06077575683594,
  "summary_bg_n": 135144.0,
  "summary_bg_p05": 25.756906509399414,
  "summary_bg_p95": 238.3569190978996,
  "summary_bg_stdv": 93.42179870605469,
  "summary_fg_k": 3.7373542538108087,
  "summary_fg_mad": 198.0871125349792,
  "summary_fg_mean": 728.51220703125,
  "summary_fg_median": 672.21826171875,
  "summary_fg_n": 39296.0,
  "summary_fg_p05": 439.3494644165039,
  "summary_fg_p95": 1246.9254760742188,
  "summary_fg_stdv": 254.18194580078125,
  "tsnr": 43.852484822273254
}