{
  "bids_meta": {
    "EchoTime": 0.00311,
    "FlipAngle": 15,
    "ImageType": [
      "ORIGINAL",
      "PRIMARY",
      "M",
      "ND",
      "NORM"
    ],
    "InversionTime": 1.1,
    "MagneticFieldStrength": 3,
    "Manufacturer": "Siemens",
    "ManufacturersModelName": "TrioTim",
    "Modality": "MR",
    "RepetitionTime": 1.63,
    "ScanningSequence": "GR_IR",
    "SequenceVariant": "SP_MP",
    "SliceThickness": 1,
    "dataset": "ds002835",
    "modality": "T1w",
    "subject_id": "3557"
  },
  "cjv": 0.39115900046976954,
  "cnr": 3.393577932131798,
  "efc": 0.5971854337592367,
  "fber": -1.0,
  "fwhm_avg": 3.946918,
  "fwhm_x": 3.690464,
  "fwhm_y": 4.42864,
  "fwhm_z": 3.72165,
  "icvs_csf": 0.21242615617823918,
  "icvs_gm": 0.414328613980498,
  "icvs_wm": 0.37324522984126285,
  "inu_med": 0.3128526210784912,
  "inu_range": 0.0935230553150177,
  "provenance": {
    "md5sum": "ec9e07f62dc0b5742b4fc47755e86c6a",
    "settings": {
      "testing": false
    },
    "software": "mriqc",
    "version": "22.0.6",
    "warnings": {
      "large_rot_frame": true,
      "small_air_mask": false
    },
    "webapi_port": null,
    "webapi_url": "https://mriqc.nimh.nih.gov/api/v1"
  },
  "qi_1": 6.150912641663207e-05,
  "qi_2": 0.006041052815919494,
  "rpve_csf": 13.74516980371638,
  "rpve_gm": 7.168380407526145,
  "rpve_wm": 9.217624351430562,
  "size_x": 192,
  "size_y": 256,
  "size_z": 160,
  "snr_csf": 3.0309695438852375,
  "snr_gm": 16.643192027176973,
  "snr_total": 15.499843495351007,
  "snr_wm": 26.825368914990808,
  "snrd_csf": 43.057432764975665,
  "snrd_gm": 98.11582942150228,
  "snrd_total": 88.25929684357898,
  "snrd_wm": 123.604628344259,
  "spacing_x": 0.9375,
  "spacing_y": 0.9375,
  "spacing_z": 1.0,
  "summary_bg_k": 19.22437842345304,
  "summary_bg_mad": 0.0,
  "summary_bg_mean": 2.6142331808264268,
  "summary_bg_median": 0.0,
  "summary_bg_n": 2252600.0,
  "summary_bg_p05": 0.0,
  "summary_bg_p95": 13.149431571364403,
  "summary_bg_stdv": 5.300510240055276,
  "summary_csf_k": 1.1849763937835727,
  "summary_csf_mad": 76.71006808657471,
  "summary_csf_mean": 341.99766632365953,
  "summary_csf_median": 348.3646509051323,
  "summary_csf_n": 62914.0,
  "summary_csf_p05": 110.36470375023782,
  "summary_csf_p95": 533.3142645284534,
  "summary_csf_stdv": 114.93414145938225,
  "summary_gm_k": 0.17754850790329302,
  "summary_gm_mad": 46.76064923877758,
  "summary_gm_mean": 794.3653474225338,
  "summary_gm_median": 793.8254668191075,
  "summary_gm_n": 34898.0,
  "summary_gm_p05": 717.0215903683566,
  "summary_gm_p95": 873.1544152745046,
  "summary_gm_stdv": 47.69602441238004,
  "summary_wm_k": 1.4839563166368857,
  "summary_wm_mad": 33.90500246920429,
  "summary_wm_mean": 1003.9436832248309,
  "summary_wm_median": 1000.0476210098714,
  "summary_wm_n": 254814.0,
  "summary_wm_p05": 950.260823937133,
  "summary_wm_p95": 1069.5823868736625,
  "summary_wm_stdv": 37.279847366426026,
  "tpm_overlap_csf": 0.15498165229368346,
  "tpm_overlap_gm": 0.4603301601755452,
  "tpm_overlap_wm": 0.5030345168700571,
  "wm2max": 0.8009397214493897
}