{
  "aor": 0.0007698895027624309,
  "aqi": 0.0032938629281767957,
  "bids_meta": {
    "BandwidthPerPixelPhaseEncode": 31.25,
    "EchoTime": 0.025,
    "EffectiveEchoSpacing": 0.0005,
    "FlipAngle": 75,
    "ImageType": [
      "ORIGINAL",
      "PRIMARY",
      "M",
      "ND",
      "MOSAIC"
    ],
    "MagneticFieldStrength": 3,
    "Manufacturer": "Siemens",
    "ManufacturersModelName": "TrioTim",
    "Modality": "MR",
    "PhaseEncodingDirection": "j-",
    "PixelBandwidth": 3005,
    "RepetitionTime": 3,
    "ScanningSequence": "EP",
    "SequenceVariant": "SK",
    "SliceThickness": 3,
    "SliceTiming": [
      0,
      1.5225,
      0.055,
      1.58,
      0.1125,
      1.635,
      0.1675,
      1.6925,
      0.225,
      1.75,
      0.28,
      1.805,
      0.3375,
      1.8625,
      0.395,
      1.9175,
      0.45,
      1.975,
      0.5075,
      2.03,
      0.5625,
      2.0875,
      0.62,
      2.145,
      0.6775,
      2.2,
      0.7325,
      2.2575,
      0.79,
      2.3125,
      0.845,
      2.37,
      0.9025,
      2.425,
      0.9575,
      2.4825,
      1.015,
      2.54,
      1.0725,
      2.595,
      1.1275,
      2.6525,
      1.185,
      2.7075,
      1.24,
      2.765,
      1.2975,
      2.82,
      1.3525,
      2.8775,
      1.41,
      2.935,
      1.4675
    ],
    "SpacingBetweenSlices": 3,
    "TaskName": "Prospection",
    "TotalReadoutTime": 0.0315,
    "dataset": "ds002835",
    "modality": "bold",
    "run_id": 2,
    "subject_id": "2044",
    "task_id": "prospection"
  },
  "dummy_trs": 0,
  "dvars_nstd": 25.648447693944433,
  "dvars_std": 1.199040616333334,
  "dvars_vstd": 0.9931319390000001,
  "efc": 0.610951106408643,
  "fber": 278.3814392089844,
  "fd_mean": 0.10327944891073915,
  "fd_num": 18,
  "fd_perc": 9.94475138121547,
  "fwhm_avg": 2.415451111111111,
  "fwhm_x": 2.2140766666666667,
  "fwhm_y": 2.3666533333333333,
  "fwhm_z": 2.6656233333333335,
  "gcor": 0.0939964,
  "gsr_x": -0.022010957822203636,
  "gsr_y": 0.06603043526411057,
  "provenance": {
    "md5sum": "e5d54548ede868c90a6e510f5172f8a2",
    "settings": {
      "fd_thres": 0.2,
      "testing": false
    },
    "software": "mriqc",
    "version": "22.0.6",
    "webapi_port": null,
    "webapi_url": "https://mriqc.nimh.nih.gov/api/v1"
  },
  "size_t": 181,
  "size_x": 64,
  "size_y": 64,
  "size_z": 53,
  "snr": 3.2702534434015096,
  "spacing_tr": 3.0,
  "spacing_x": 3.0,
  "spacing_y": 3.0,
  "spacing_z": 3.0,
  "summary_bg_k": 22.170899792796675,
  "summary_bg_mad": 15.01032378453738,
  "summary_bg_mean": 86.06011199951172,
  "summary_bg_median": 37.511051177978516,
  "summary_bg_n": 126054.0,
  "summary_bg_p05": 26.690608978271484,
  "summary_bg_p95": 314.2671310424804,
  "summary_bg_stdv": 114.11316680908203,
  "summary_fg_k": 1.263892843658164,
  "summary_fg_mad": 177.83037199412513,
  "summary_fg_mean": 679.3470458984375,
  "summary_fg_median": 644.2099609375,
  "summary_fg_n": 45959.0,
  "summary_fg_p05": 420.7403564453125,
  "summary_fg_p95": 1053.2243774414062,
  "summary_fg_stdv": 196.9886932373047,
  "tsnr": 71.3623933789786
}