{
  "aor": 0.0015682320441988953,
  "aqi": 0.0035110160220994473,
  "bids_meta": {
    "BandwidthPerPixelPhaseEncode": 31.25,
    "EchoTime": 0.025,
    "EffectiveEchoSpacing": 0.0005,
    "FlipAngle": 75,
    "ImageType": [
      "ORIGINAL",
      "PRIMARY",
      "M",
      "ND",
      "MOSAIC"
    ],
    "MagneticFieldStrength": 3,
    "Manufacturer": "Siemens",
    "ManufacturersModelName": "TrioTim",
    "Modality": "MR",
    "PhaseEncodingDirection": "j-",
    "PixelBandwidth": 3005,
    "RepetitionTime": 3,
    "ScanningSequence": "EP",
    "SequenceVariant": "SK",
    "SliceThickness": 3,
    "SliceTiming": [
      0,
      1.5225,
      0.055,
      1.58,
      0.1125,
      1.635,
      0.1675,
      1.6925,
      0.225,
      1.75,
      0.28,
      1.805,
      0.3375,
      1.8625,
      0.395,
      1.9175,
      0.45,
      1.975,
      0.5075,
      2.03,
      0.5625,
      2.0875,
      0.62,
      2.145,
      0.6775,
      2.2,
      0.7325,
      2.2575,
      0.79,
      2.3125,
      0.845,
      2.37,
      0.9025,
      2.425,
      0.9575,
      2.4825,
      1.015,
      2.54,
      1.0725,
      2.595,
      1.1275,
      2.6525,
      1.185,
      2.7075,
      1.24,
      2.765,
      1.2975,
      2.82,
      1.3525,
      2.8775,
      1.41,
      2.935,
      1.4675
    ],
    "SpacingBetweenSlices": 3,
    "TaskName": "Prospection",
    "TotalReadoutTime": 0.0315,
    "dataset": "ds002835",
    "modality": "bold",
    "run_id": 4,
    "subject_id": "2044",
    "task_id": "prospection"
  },
  "dummy_trs": 0,
  "dvars_nstd": 23.929814317833326,
  "dvars_std": 1.2064136492777782,
  "dvars_vstd": 1.0063898939444447,
  "efc": 0.613096517243349,
  "fber": 269.417236328125,
  "fd_mean": 0.07478260123187964,
  "fd_num": 7,
  "fd_perc": 3.867403314917127,
  "fwhm_avg": 2.4244422222222224,
  "fwhm_x": 2.22639,
  "fwhm_y": 2.3700733333333335,
  "fwhm_z": 2.6768633333333334,
  "gcor": 0.0895113,
  "gsr_x": -0.020792806521058083,
  "gsr_y": 0.06684786081314087,
  "provenance": {
    "md5sum": "8029556e05b6ef7d7976153718bf11b9",
    "settings": {
      "fd_thres": 0.2,
      "testing": false
    },
    "software": "mriqc",
    "version": "22.0.6",
    "webapi_port": null,
    "webapi_url": "https://mriqc.nimh.nih.gov/api/v1"
  },
  "size_t": 181,
  "size_x": 64,
  "size_y": 64,
  "size_z": 53,
  "snr": 3.2679912509869036,
  "spacing_tr": 3.0,
  "spacing_x": 3.0,
  "spacing_y": 3.0,
  "spacing_z": 3.0,
  "summary_bg_k": 19.99491787148329,
  "summary_bg_mad": 15.579610256130199,
  "summary_bg_mean": 87.62012481689453,
  "summary_bg_median": 38.06629943847656,
  "summary_bg_n": 125828.0,
  "summary_bg_p05": 26.801105499267578,
  "summary_bg_p95": 322.4729492187499,
  "summary_bg_stdv": 115.38514709472656,
  "summary_fg_k": 1.1631358462886743,
  "summary_fg_mad": 178.51846447883685,
  "summary_fg_mean": 680.2138061523438,
  "summary_fg_median": 645.0442504882812,
  "summary_fg_n": 45915.0,
  "summary_fg_p05": 421.2889709472656,
  "summary_fg_p95": 1054.7227294921863,
  "summary_fg_stdv": 197.38034057617188,
  "tsnr": 71.73469868302345
}