{
  "aor": 0.0008929281767955802,
  "aqi": 0.0031848853591160227,
  "bids_meta": {
    "BandwidthPerPixelPhaseEncode": 31.25,
    "EchoTime": 0.025,
    "EffectiveEchoSpacing": 0.0005,
    "FlipAngle": 75,
    "ImageType": [
      "ORIGINAL",
      "PRIMARY",
      "M",
      "ND",
      "MOSAIC"
    ],
    "MagneticFieldStrength": 3,
    "Manufacturer": "Siemens",
    "ManufacturersModelName": "TrioTim",
    "Modality": "MR",
    "PhaseEncodingDirection": "j-",
    "PixelBandwidth": 3005,
    "RepetitionTime": 3,
    "ScanningSequence": "EP",
    "SequenceVariant": "SK",
    "SliceThickness": 3,
    "SliceTiming": [
      0,
      1.5225,
      0.055,
      1.58,
      0.1125,
      1.635,
      0.1675,
      1.6925,
      0.225,
      1.75,
      0.28,
      1.805,
      0.3375,
      1.8625,
      0.395,
      1.9175,
      0.45,
      1.975,
      0.5075,
      2.03,
      0.5625,
      2.0875,
      0.62,
      2.145,
      0.6775,
      2.2,
      0.7325,
      2.2575,
      0.79,
      2.3125,
      0.845,
      2.37,
      0.9025,
      2.425,
      0.9575,
      2.4825,
      1.015,
      2.54,
      1.0725,
      2.595,
      1.1275,
      2.6525,
      1.185,
      2.7075,
      1.24,
      2.765,
      1.2975,
      2.82,
      1.3525,
      2.8775,
      1.41,
      2.935,
      1.4675
    ],
    "SpacingBetweenSlices": 3,
    "TaskName": "Prospection",
    "TotalReadoutTime": 0.0315,
    "dataset": "ds002835",
    "modality": "bold",
    "run_id": 3,
    "subject_id": "2044",
    "task_id": "prospection"
  },
  "dummy_trs": 0,
  "dvars_nstd": 25.231344445388892,
  "dvars_std": 1.2018772800000004,
  "dvars_vstd": 0.9974250850555562,
  "efc": 0.6126524421035687,
  "fber": 273.10394287109375,
  "fd_mean": 0.08969576297382746,
  "fd_num": 11,
  "fd_perc": 6.077348066298343,
  "fwhm_avg": 2.4320066666666666,
  "fwhm_x": 2.22765,
  "fwhm_y": 2.3735566666666665,
  "fwhm_z": 2.6948133333333337,
  "gcor": 0.0889988,
  "gsr_x": -0.02188306301832199,
  "gsr_y": 0.0659707710146904,
  "provenance": {
    "md5sum": "bd0bf39ca2ae566fc708e99248d391a5",
    "settings": {
      "fd_thres": 0.2,
      "testing": false
    },
    "software": "mriqc",
    "version": "22.0.6",
    "webapi_port": null,
    "webapi_url": "https://mriqc.nimh.nih.gov/api/v1"
  },
  "size_t": 181,
  "size_x": 64,
  "size_y": 64,
  "size_z": 53,
  "snr": 3.2659123798045533,
  "spacing_tr": 3.0,
  "spacing_x": 3.0,
  "spacing_y": 3.0,
  "spacing_z": 3.0,
  "summary_bg_k": 21.342439548932443,
  "summary_bg_mad": 15.301110501244478,
  "summary_bg_mean": 87.48542022705078,
  "summary_bg_median": 37.850830078125,
  "summary_bg_n": 125526.0,
  "summary_bg_p05": 26.93370246887207,
  "summary_bg_p95": 321.7679748535156,
  "summary_bg_stdv": 116.32915496826172,
  "summary_fg_k": 1.2473906454650168,
  "summary_fg_mad": 179.38672426195217,
  "summary_fg_mean": 682.2998657226562,
  "summary_fg_median": 647.1713256835938,
  "summary_fg_n": 45985.0,
  "summary_fg_p05": 422.9105163574219,
  "summary_fg_p95": 1057.4221191406245,
  "summary_fg_stdv": 198.1572723388672,
  "tsnr": 74.20335390837863
}