{
  "aor": 0.00077,
  "aqi": 0.0030271741988950277,
  "bids_meta": {
    "BandwidthPerPixelPhaseEncode": 31.25,
    "EchoTime": 0.025,
    "EffectiveEchoSpacing": 0.0005,
    "FlipAngle": 75,
    "ImageType": [
      "ORIGINAL",
      "PRIMARY",
      "M",
      "ND",
      "MOSAIC"
    ],
    "MagneticFieldStrength": 3,
    "Manufacturer": "Siemens",
    "ManufacturersModelName": "TrioTim",
    "Modality": "MR",
    "PhaseEncodingDirection": "j-",
    "PixelBandwidth": 3005,
    "RepetitionTime": 3,
    "ScanningSequence": "EP",
    "SequenceVariant": "SK",
    "SliceThickness": 3,
    "SliceTiming": [
      0,
      1.5225,
      0.055,
      1.58,
      0.1125,
      1.635,
      0.1675,
      1.6925,
      0.225,
      1.75,
      0.28,
      1.805,
      0.3375,
      1.8625,
      0.395,
      1.9175,
      0.45,
      1.975,
      0.5075,
      2.03,
      0.5625,
      2.0875,
      0.62,
      2.145,
      0.6775,
      2.2,
      0.7325,
      2.2575,
      0.79,
      2.3125,
      0.845,
      2.37,
      0.9025,
      2.425,
      0.9575,
      2.4825,
      1.015,
      2.54,
      1.0725,
      2.595,
      1.1275,
      2.6525,
      1.185,
      2.7075,
      1.24,
      2.765,
      1.2975,
      2.82,
      1.3525,
      2.8775,
      1.41,
      2.935,
      1.4675
    ],
    "SpacingBetweenSlices": 3,
    "TaskName": "Prospection",
    "TotalReadoutTime": 0.0315,
    "dataset": "ds002835",
    "modality": "bold",
    "run_id": 1,
    "subject_id": "2044",
    "task_id": "prospection"
  },
  "dummy_trs": 0,
  "dvars_nstd": 22.522626272777774,
  "dvars_std": 1.1818896920555555,
  "dvars_vstd": 0.9907323989444443,
  "efc": 0.6091747205652621,
  "fber": 284.47021484375,
  "fd_mean": 0.05405327677900271,
  "fd_num": 0,
  "fd_perc": 0.0,
  "fwhm_avg": 2.4031411111111107,
  "fwhm_x": 2.21053,
  "fwhm_y": 2.3541133333333333,
  "fwhm_z": 2.64478,
  "gcor": 0.076013,
  "gsr_x": -0.021097049117088318,
  "gsr_y": 0.06351694464683533,
  "provenance": {
    "md5sum": "de0c735c6222c40307d61d79ec06258f",
    "settings": {
      "fd_thres": 0.2,
      "testing": false
    },
    "software": "mriqc",
    "version": "22.0.6",
    "webapi_port": null,
    "webapi_url": "https://mriqc.nimh.nih.gov/api/v1"
  },
  "size_t": 181,
  "size_x": 64,
  "size_y": 64,
  "size_z": 53,
  "snr": 3.2716550205493897,
  "spacing_tr": 3.0,
  "spacing_x": 3.0,
  "spacing_y": 3.0,
  "spacing_z": 3.0,
  "summary_bg_k": 21.998304080209408,
  "summary_bg_mad": 14.350936696706874,
  "summary_bg_mean": 84.13139343261719,
  "summary_bg_median": 36.9337043762207,
  "summary_bg_n": 126303.0,
  "summary_bg_p05": 26.64640998840332,
  "summary_bg_p95": 306.10332336425773,
  "summary_bg_stdv": 111.03264617919922,
  "summary_fg_k": 1.2214905724201115,
  "summary_fg_mad": 177.39628734799652,
  "summary_fg_mean": 675.816162109375,
  "summary_fg_median": 640.92822265625,
  "summary_fg_n": 45909.0,
  "summary_fg_p05": 418.8608032226563,
  "summary_fg_p95": 1048.4431396484374,
  "summary_fg_stdv": 195.90122985839844,
  "tsnr": 77.76462765131146
}