{
  "bids_meta": {
    "EchoTime": 0.00311,
    "FlipAngle": 15,
    "ImageType": [
      "ORIGINAL",
      "PRIMARY",
      "M",
      "ND",
      "NORM"
    ],
    "InversionTime": 1.1,
    "MagneticFieldStrength": 3,
    "Manufacturer": "Siemens",
    "ManufacturersModelName": "TrioTim",
    "Modality": "MR",
    "RepetitionTime": 1.63,
    "ScanningSequence": "GR_IR",
    "SequenceVariant": "SP_MP",
    "SliceThickness": 1,
    "dataset": "ds002835",
    "modality": "T1w",
    "subject_id": "1059"
  },
  "cjv": 0.4068574111065517,
  "cnr": 3.3485146506773007,
  "efc": 0.5981089251192353,
  "fber": -1.0,
  "fwhm_avg": 4.115402666666667,
  "fwhm_x": 3.821930666666667,
  "fwhm_y": 4.7050773333333336,
  "fwhm_z": 3.8192,
  "icvs_csf": 0.21080681008158067,
  "icvs_gm": 0.3951301123446095,
  "icvs_wm": 0.3940630775738099,
  "inu_med": 0.31405580043792725,
  "inu_range": 0.07986109703779215,
  "provenance": {
    "md5sum": "494228414023d9389d4f745684ef0a8e",
    "settings": {
      "testing": false
    },
    "software": "mriqc",
    "version": "22.0.6",
    "warnings": {
      "large_rot_frame": true,
      "small_air_mask": false
    },
    "webapi_port": null,
    "webapi_url": "https://mriqc.nimh.nih.gov/api/v1"
  },
  "qi_1": 0.00011940656321171383,
  "qi_2": 0.010686986590029026,
  "rpve_csf": 14.58765923298171,
  "rpve_gm": 7.791631311364892,
  "rpve_wm": 9.25834492309049,
  "size_x": 192,
  "size_y": 256,
  "size_z": 160,
  "snr_csf": 3.243431206030926,
  "snr_gm": 15.900751744415642,
  "snr_total": 15.098407928235245,
  "snr_wm": 26.151040834259163,
  "snrd_csf": 36.428094717858784,
  "snrd_gm": 82.01950807734825,
  "snrd_total": 74.1272045815095,
  "snrd_wm": 103.93401094932148,
  "spacing_x": 0.9375,
  "spacing_y": 0.9375,
  "spacing_z": 1.0,
  "summary_bg_k": 20.9126088078121,
  "summary_bg_mad": 0.0,
  "summary_bg_mean": 3.3488615559778214,
  "summary_bg_median": 0.0,
  "summary_bg_n": 1953146.0,
  "summary_bg_p05": 0.0,
  "summary_bg_p95": 15.051277905702591,
  "summary_bg_stdv": 6.30375203967213,
  "summary_csf_k": 2.3845798525872377,
  "summary_csf_mad": 72.72738677226035,
  "summary_csf_mean": 357.69963799703885,
  "summary_csf_median": 350.5127731859684,
  "summary_csf_n": 67191.0,
  "summary_csf_p05": 154.45615608990192,
  "summary_csf_p95": 545.8327154517174,
  "summary_csf_stdv": 108.06770440921998,
  "summary_gm_k": 0.022035822193615662,
  "summary_gm_mad": 50.198172730912326,
  "summary_gm_mean": 789.6614355783637,
  "summary_gm_median": 789.19541233778,
  "summary_gm_n": 28890.0,
  "summary_gm_p05": 709.791976852715,
  "summary_gm_p95": 871.8633284434676,
  "summary_gm_stdv": 49.631725988723055,
  "summary_wm_k": 1.0040635632538164,
  "summary_wm_mad": 35.592731688897736,
  "summary_wm_mean": 1003.7557183016479,
  "summary_wm_median": 1000.0577490627766,
  "summary_wm_n": 273759.0,
  "summary_wm_p05": 948.143840432167,
  "summary_wm_p95": 1071.6740982532501,
  "summary_wm_stdv": 38.241534203928886,
  "tpm_overlap_csf": 0.17020152608344138,
  "tpm_overlap_gm": 0.45240126920911683,
  "tpm_overlap_wm": 0.5123978635507851,
  "wm2max": 0.6598113027732774
}