{
  "aor": 0.0013813259668508289,
  "aqi": 0.0017795801767955801,
  "bids_meta": {
    "BandwidthPerPixelPhaseEncode": 31.25,
    "EchoTime": 0.025,
    "EffectiveEchoSpacing": 0.0005,
    "FlipAngle": 75,
    "ImageType": [
      "ORIGINAL",
      "PRIMARY",
      "M",
      "ND",
      "MOSAIC"
    ],
    "MagneticFieldStrength": 3,
    "Manufacturer": "Siemens",
    "ManufacturersModelName": "TrioTim",
    "Modality": "MR",
    "PhaseEncodingDirection": "j-",
    "PixelBandwidth": 3005,
    "RepetitionTime": 3,
    "ScanningSequence": "EP",
    "SequenceVariant": "SK",
    "SliceThickness": 3,
    "SliceTiming": [
      0,
      1.5225,
      0.055,
      1.58,
      0.1125,
      1.635,
      0.1675,
      1.6925,
      0.225,
      1.75,
      0.28,
      1.805,
      0.3375,
      1.8625,
      0.395,
      1.9175,
      0.45,
      1.975,
      0.5075,
      2.03,
      0.5625,
      2.0875,
      0.62,
      2.145,
      0.6775,
      2.2,
      0.7325,
      2.2575,
      0.79,
      2.3125,
      0.845,
      2.37,
      0.9025,
      2.425,
      0.9575,
      2.4825,
      1.015,
      2.54,
      1.0725,
      2.595,
      1.1275,
      2.6525,
      1.185,
      2.7075,
      1.24,
      2.765,
      1.2975,
      2.82,
      1.3525,
      2.8775,
      1.41,
      2.935,
      1.4675
    ],
    "SpacingBetweenSlices": 3,
    "TaskName": "Prospection",
    "TotalReadoutTime": 0.0315,
    "dataset": "ds002835",
    "modality": "bold",
    "run_id": 1,
    "subject_id": "3593",
    "task_id": "prospection"
  },
  "dummy_trs": 0,
  "dvars_nstd": 19.053189547777784,
  "dvars_std": 1.211535436555556,
  "dvars_vstd": 0.9956299313333337,
  "efc": 0.5370720387641642,
  "fber": 425.483642578125,
  "fd_mean": 0.07034283592556481,
  "fd_num": 7,
  "fd_perc": 3.867403314917127,
  "fwhm_avg": 2.948734287722918,
  "fwhm_x": 2.9301633333333332,
  "fwhm_y": 2.836833107882094,
  "fwhm_z": 3.0792064219533266,
  "gcor": 0.0348281,
  "gsr_x": -0.008757674135267735,
  "gsr_y": 0.06701845675706863,
  "provenance": {
    "md5sum": "96fe98f718f8cbd22e0a3aa1759e6c62",
    "settings": {
      "fd_thres": 0.2,
      "testing": false
    },
    "software": "mriqc",
    "version": "22.0.6",
    "webapi_port": null,
    "webapi_url": "https://mriqc.nimh.nih.gov/api/v1"
  },
  "size_t": 181,
  "size_x": 64,
  "size_y": 64,
  "size_z": 53,
  "snr": 2.361922760055237,
  "spacing_tr": 3.0,
  "spacing_x": 3.0,
  "spacing_y": 3.000000238418579,
  "spacing_z": 3.000000238418579,
  "summary_bg_k": 15.207683253279285,
  "summary_bg_mad": 12.401435584667523,
  "summary_bg_mean": 68.64063262939453,
  "summary_bg_median": 35.06077575683594,
  "summary_bg_n": 135087.0,
  "summary_bg_p05": 26.13425464630127,
  "summary_bg_p95": 243.09614257812495,
  "summary_bg_stdv": 83.3639144897461,
  "summary_fg_k": 2.6153510115069114,
  "summary_fg_mad": 238.7562831379849,
  "summary_fg_mean": 806.2958374023438,
  "summary_fg_median": 732.1104736328125,
  "summary_fg_n": 40088.0,
  "summary_fg_p05": 447.1234848022461,
  "summary_fg_p95": 1436.4088439941409,
  "summary_fg_stdv": 309.95989990234375,
  "tsnr": 88.00467946473509
}