{
  "aor": 0.007726850828729281,
  "aqi": 0.003758566464088398,
  "bids_meta": {
    "BandwidthPerPixelPhaseEncode": 31.25,
    "EchoTime": 0.025,
    "EffectiveEchoSpacing": 0.0005,
    "FlipAngle": 75,
    "ImageType": [
      "ORIGINAL",
      "PRIMARY",
      "M",
      "ND",
      "MOSAIC"
    ],
    "MagneticFieldStrength": 3,
    "Manufacturer": "Siemens",
    "ManufacturersModelName": "TrioTim",
    "Modality": "MR",
    "PhaseEncodingDirection": "j-",
    "PixelBandwidth": 3005,
    "RepetitionTime": 3,
    "ScanningSequence": "EP",
    "SequenceVariant": "SK",
    "SliceThickness": 3,
    "SliceTiming": [
      0,
      1.5225,
      0.055,
      1.58,
      0.1125,
      1.635,
      0.1675,
      1.6925,
      0.225,
      1.75,
      0.28,
      1.805,
      0.3375,
      1.8625,
      0.395,
      1.9175,
      0.45,
      1.975,
      0.5075,
      2.03,
      0.5625,
      2.0875,
      0.62,
      2.145,
      0.6775,
      2.2,
      0.7325,
      2.2575,
      0.79,
      2.3125,
      0.845,
      2.37,
      0.9025,
      2.425,
      0.9575,
      2.4825,
      1.015,
      2.54,
      1.0725,
      2.595,
      1.1275,
      2.6525,
      1.185,
      2.7075,
      1.24,
      2.765,
      1.2975,
      2.82,
      1.3525,
      2.8775,
      1.41,
      2.935,
      1.4675
    ],
    "SpacingBetweenSlices": 3,
    "TaskName": "Prospection",
    "TotalReadoutTime": 0.0315,
    "dataset": "ds002835",
    "modality": "bold",
    "run_id": 4,
    "subject_id": "3593",
    "task_id": "prospection"
  },
  "dummy_trs": 0,
  "dvars_nstd": 26.09448140450003,
  "dvars_std": 1.3294554776666663,
  "dvars_vstd": 1.0255940883333332,
  "efc": 0.5429665882933802,
  "fber": 414.2470703125,
  "fd_mean": 0.11941233104874982,
  "fd_num": 25,
  "fd_perc": 13.812154696132596,
  "fwhm_avg": 2.8854842904469824,
  "fwhm_x": 2.8432433333333336,
  "fwhm_y": 2.785146445323114,
  "fwhm_z": 3.0280630926845,
  "gcor": 0.0708269,
  "gsr_x": -0.006784829311072826,
  "gsr_y": 0.06722959131002426,
  "provenance": {
    "md5sum": "66db7605cedfe45ca72455e3d49f2293",
    "settings": {
      "fd_thres": 0.2,
      "testing": false
    },
    "software": "mriqc",
    "version": "22.0.6",
    "webapi_port": null,
    "webapi_url": "https://mriqc.nimh.nih.gov/api/v1"
  },
  "size_t": 181,
  "size_x": 64,
  "size_y": 64,
  "size_z": 53,
  "snr": 2.4867343168669027,
  "spacing_tr": 3.0,
  "spacing_x": 3.0,
  "spacing_y": 3.000000238418579,
  "spacing_z": 3.000000238418579,
  "summary_bg_k": 14.648130574568878,
  "summary_bg_mad": 12.786420456778979,
  "summary_bg_mean": 69.69541931152344,
  "summary_bg_median": 35.34254455566406,
  "summary_bg_n": 134877.0,
  "summary_bg_p05": 26.187847137451172,
  "summary_bg_p95": 247.70276794433593,
  "summary_bg_stdv": 85.42565155029297,
  "summary_fg_k": 2.5309253604517403,
  "summary_fg_mad": 230.62246711555537,
  "summary_fg_mean": 793.88720703125,
  "summary_fg_median": 727.6961669921875,
  "summary_fg_n": 40041.0,
  "summary_fg_p05": 448.61328125,
  "summary_fg_p95": 1383.7845458984375,
  "summary_fg_stdv": 292.6275939941406,
  "tsnr": 66.48474512365647
}