{
  "bids_meta": {
    "EchoTime": 0.00311,
    "FlipAngle": 15,
    "ImageType": [
      "ORIGINAL",
      "PRIMARY",
      "M",
      "ND",
      "NORM"
    ],
    "InversionTime": 1.1,
    "MagneticFieldStrength": 3,
    "Manufacturer": "Siemens",
    "ManufacturersModelName": "TrioTim",
    "Modality": "MR",
    "RepetitionTime": 1.63,
    "ScanningSequence": "GR_IR",
    "SequenceVariant": "SP_MP",
    "SliceThickness": 1,
    "dataset": "ds002835",
    "modality": "T1w",
    "subject_id": "1054"
  },
  "cjv": 0.3609994575903981,
  "cnr": 3.720927479819527,
  "efc": 0.6172476725600726,
  "fber": 61438.84937929564,
  "fwhm_avg": 3.8617124444444446,
  "fwhm_x": 3.5854933333333334,
  "fwhm_y": 4.316704,
  "fwhm_z": 3.68294,
  "icvs_csf": 0.1610385103410787,
  "icvs_gm": 0.44209632860399795,
  "icvs_wm": 0.39686516105492337,
  "inu_med": 0.2879140377044678,
  "inu_range": 0.0566455721855163,
  "provenance": {
    "md5sum": "2e0b7f1048168c39504fa8beb2b19d6c",
    "settings": {
      "testing": false
    },
    "software": "mriqc",
    "version": "22.0.6",
    "warnings": {
      "large_rot_frame": true,
      "small_air_mask": false
    },
    "webapi_port": null,
    "webapi_url": "https://mriqc.nimh.nih.gov/api/v1"
  },
  "qi_1": 0.006180220816345284,
  "qi_2": 0.007494048940353432,
  "rpve_csf": 17.671391062416035,
  "rpve_gm": 6.906769291991497,
  "rpve_wm": 8.62435238351809,
  "size_x": 192,
  "size_y": 256,
  "size_z": 160,
  "snr_csf": 2.8783034403477985,
  "snr_gm": 16.275358048064163,
  "snr_total": 14.589641025656052,
  "snr_wm": 24.615261588556194,
  "snrd_csf": 58.51324934784196,
  "snrd_gm": 127.03043522918684,
  "snrd_total": 117.12791441724006,
  "snrd_wm": 165.84005867469142,
  "spacing_x": 0.9375,
  "spacing_y": 0.9375,
  "spacing_z": 1.0,
  "summary_bg_k": 32.7218401139833,
  "summary_bg_mad": 3.950583719819875,
  "summary_bg_mean": 5.611451560904738,
  "summary_bg_median": 2.6646282263100147,
  "summary_bg_n": 2255195.0,
  "summary_bg_p05": 0.0,
  "summary_bg_p95": 24.396637121215463,
  "summary_bg_stdv": 9.492488705678833,
  "summary_csf_k": 4.281374899419667,
  "summary_csf_mad": 94.1663726002967,
  "summary_csf_mean": 355.42339986229695,
  "summary_csf_median": 352.8448278363794,
  "summary_csf_n": 37819.0,
  "summary_csf_p05": 131.02108036056163,
  "summary_csf_p95": 548.1052896659821,
  "summary_csf_stdv": 122.58615889646353,
  "summary_gm_k": 0.15444159571242055,
  "summary_gm_mad": 46.370785957230005,
  "summary_gm_mean": 767.6660976277277,
  "summary_gm_median": 766.01509141922,
  "summary_gm_n": 50122.0,
  "summary_gm_p05": 692.8699545462616,
  "summary_gm_p95": 847.0459989570081,
  "summary_gm_stdv": 47.065474542145374,
  "summary_wm_k": 0.7091299021758233,
  "summary_wm_mad": 38.11341834613109,
  "summary_wm_mean": 1003.0523046591369,
  "summary_wm_median": 1000.0437098201364,
  "summary_wm_n": 245959.0,
  "summary_wm_p05": 942.0116016454995,
  "summary_wm_p95": 1074.194634642452,
  "summary_wm_stdv": 40.62689617464823,
  "tpm_overlap_csf": 0.14286780210151354,
  "tpm_overlap_gm": 0.4499402059532094,
  "tpm_overlap_wm": 0.4788130904473567,
  "wm2max": 0.7599375943967736
}