{
  "aor": 0.0032633701657458565,
  "aqi": 0.008040481325966851,
  "bids_meta": {
    "BandwidthPerPixelPhaseEncode": 31.25,
    "EchoTime": 0.025,
    "EffectiveEchoSpacing": 0.0005,
    "FlipAngle": 75,
    "ImageType": [
      "ORIGINAL",
      "PRIMARY",
      "M",
      "ND",
      "MOSAIC"
    ],
    "MagneticFieldStrength": 3,
    "Manufacturer": "Siemens",
    "ManufacturersModelName": "TrioTim",
    "Modality": "MR",
    "PhaseEncodingDirection": "j-",
    "PixelBandwidth": 3005,
    "RepetitionTime": 3,
    "ScanningSequence": "EP",
    "SequenceVariant": "SK",
    "SliceThickness": 3,
    "SliceTiming": [
      0,
      1.5225,
      0.055,
      1.58,
      0.1125,
      1.635,
      0.1675,
      1.6925,
      0.225,
      1.75,
      0.28,
      1.805,
      0.3375,
      1.8625,
      0.395,
      1.9175,
      0.45,
      1.975,
      0.5075,
      2.03,
      0.5625,
      2.0875,
      0.62,
      2.145,
      0.6775,
      2.2,
      0.7325,
      2.2575,
      0.79,
      2.3125,
      0.845,
      2.37,
      0.9025,
      2.425,
      0.9575,
      2.4825,
      1.015,
      2.54,
      1.0725,
      2.595,
      1.1275,
      2.6525,
      1.185,
      2.7075,
      1.24,
      2.765,
      1.2975,
      2.82,
      1.3525,
      2.8775,
      1.41,
      2.935,
      1.4675
    ],
    "SpacingBetweenSlices": 3,
    "TaskName": "Prospection",
    "TotalReadoutTime": 0.0315,
    "dataset": "ds002835",
    "modality": "bold",
    "run_id": 4,
    "subject_id": "1066",
    "task_id": "prospection"
  },
  "dummy_trs": 0,
  "dvars_nstd": 30.858281962166664,
  "dvars_std": 1.0816898946111109,
  "dvars_vstd": 0.9443262508333329,
  "efc": 0.6169071032469068,
  "fber": 202.65585327148438,
  "fd_mean": 0.2388826548148943,
  "fd_num": 76,
  "fd_perc": 41.988950276243095,
  "fwhm_avg": 2.2534833333333335,
  "fwhm_x": 1.93794,
  "fwhm_y": 2.2689233333333334,
  "fwhm_z": 2.5535866666666664,
  "gcor": 0.0487179,
  "gsr_x": 0.018388405442237854,
  "gsr_y": 0.04688713327050209,
  "provenance": {
    "md5sum": "c9943dd01de48fc927a347ccc976f1cb",
    "settings": {
      "fd_thres": 0.2,
      "testing": false
    },
    "software": "mriqc",
    "version": "22.0.6",
    "webapi_port": null,
    "webapi_url": "https://mriqc.nimh.nih.gov/api/v1"
  },
  "size_t": 181,
  "size_x": 64,
  "size_y": 64,
  "size_z": 53,
  "snr": 3.3358186428327,
  "spacing_tr": 3.0,
  "spacing_x": 3.0,
  "spacing_y": 3.0,
  "spacing_z": 3.0,
  "summary_bg_k": 37.25714575818627,
  "summary_bg_mad": 21.755752710901547,
  "summary_bg_mean": 79.65696716308594,
  "summary_bg_median": 41.4254150390625,
  "summary_bg_n": 124180.0,
  "summary_bg_p05": 25.535913467407227,
  "summary_bg_p95": 250.3433738708494,
  "summary_bg_stdv": 100.5829086303711,
  "summary_fg_k": 1.2603124376024022,
  "summary_fg_mad": 163.88898843749385,
  "summary_fg_mean": 642.787353515625,
  "summary_fg_median": 610.674072265625,
  "summary_fg_n": 47373.0,
  "summary_fg_p05": 400.02764892578125,
  "summary_fg_p95": 985.1989257812501,
  "summary_fg_stdv": 183.0637969970703,
  "tsnr": 46.07824729452841
}