{
  "aor": 0.005927071823204421,
  "aqi": 0.010486833867403315,
  "bids_meta": {
    "BandwidthPerPixelPhaseEncode": 31.25,
    "EchoTime": 0.025,
    "EffectiveEchoSpacing": 0.0005,
    "FlipAngle": 75,
    "ImageType": [
      "ORIGINAL",
      "PRIMARY",
      "M",
      "ND",
      "MOSAIC"
    ],
    "MagneticFieldStrength": 3,
    "Manufacturer": "Siemens",
    "ManufacturersModelName": "TrioTim",
    "Modality": "MR",
    "PhaseEncodingDirection": "j-",
    "PixelBandwidth": 3005,
    "RepetitionTime": 3,
    "ScanningSequence": "EP",
    "SequenceVariant": "SK",
    "SliceThickness": 3,
    "SliceTiming": [
      0,
      1.5225,
      0.055,
      1.58,
      0.1125,
      1.635,
      0.1675,
      1.6925,
      0.225,
      1.75,
      0.28,
      1.805,
      0.3375,
      1.8625,
      0.395,
      1.9175,
      0.45,
      1.975,
      0.5075,
      2.03,
      0.5625,
      2.0875,
      0.62,
      2.145,
      0.6775,
      2.2,
      0.7325,
      2.2575,
      0.79,
      2.3125,
      0.845,
      2.37,
      0.9025,
      2.425,
      0.9575,
      2.4825,
      1.015,
      2.54,
      1.0725,
      2.595,
      1.1275,
      2.6525,
      1.185,
      2.7075,
      1.24,
      2.765,
      1.2975,
      2.82,
      1.3525,
      2.8775,
      1.41,
      2.935,
      1.4675
    ],
    "SpacingBetweenSlices": 3,
    "TaskName": "Prospection",
    "TotalReadoutTime": 0.0315,
    "dataset": "ds002835",
    "modality": "bold",
    "run_id": 2,
    "subject_id": "1066",
    "task_id": "prospection"
  },
  "dummy_trs": 0,
  "dvars_nstd": 37.022348266499975,
  "dvars_std": 1.1037956857777775,
  "dvars_vstd": 0.9695899646666667,
  "efc": 0.6149483796564833,
  "fber": 199.6912841796875,
  "fd_mean": 0.3311399609530991,
  "fd_num": 83,
  "fd_perc": 45.85635359116022,
  "fwhm_avg": 2.2599944444444446,
  "fwhm_x": 1.9627800000000002,
  "fwhm_y": 2.242646666666667,
  "fwhm_z": 2.5745566666666666,
  "gcor": 0.0376291,
  "gsr_x": 0.01683218963444233,
  "gsr_y": 0.04492930322885513,
  "provenance": {
    "md5sum": "36934c95a5a1f203fc289f4c62425a6e",
    "settings": {
      "fd_thres": 0.2,
      "testing": false
    },
    "software": "mriqc",
    "version": "22.0.6",
    "webapi_port": null,
    "webapi_url": "https://mriqc.nimh.nih.gov/api/v1"
  },
  "size_t": 181,
  "size_x": 64,
  "size_y": 64,
  "size_z": 53,
  "snr": 3.2856198842133386,
  "spacing_tr": 3.0,
  "spacing_x": 3.0,
  "spacing_y": 3.0,
  "spacing_z": 3.0,
  "summary_bg_k": 38.47468666253481,
  "summary_bg_mad": 22.894328481926497,
  "summary_bg_mean": 78.91602325439453,
  "summary_bg_median": 42.027626037597656,
  "summary_bg_n": 124201.0,
  "summary_bg_p05": 24.81215476989746,
  "summary_bg_p95": 241.657470703125,
  "summary_bg_stdv": 100.3582534790039,
  "summary_fg_k": 1.2900078929294168,
  "summary_fg_mad": 164.3968231329439,
  "summary_fg_mean": 640.2802124023438,
  "summary_fg_median": 607.7127075195312,
  "summary_fg_n": 47575.0,
  "summary_fg_p05": 396.6966888427734,
  "summary_fg_p95": 984.6287780761718,
  "summary_fg_stdv": 184.95941162109375,
  "tsnr": 38.55917141656391
}