{
  "aor": 0.003965524861878453,
  "aqi": 0.007456891270718232,
  "bids_meta": {
    "BandwidthPerPixelPhaseEncode": 31.25,
    "EchoTime": 0.025,
    "EffectiveEchoSpacing": 0.0005,
    "FlipAngle": 75,
    "ImageType": [
      "ORIGINAL",
      "PRIMARY",
      "M",
      "ND",
      "MOSAIC"
    ],
    "MagneticFieldStrength": 3,
    "Manufacturer": "Siemens",
    "ManufacturersModelName": "TrioTim",
    "Modality": "MR",
    "PhaseEncodingDirection": "j-",
    "PixelBandwidth": 3005,
    "RepetitionTime": 3,
    "ScanningSequence": "EP",
    "SequenceVariant": "SK",
    "SliceThickness": 3,
    "SliceTiming": [
      0,
      1.5225,
      0.055,
      1.58,
      0.1125,
      1.635,
      0.1675,
      1.6925,
      0.225,
      1.75,
      0.28,
      1.805,
      0.3375,
      1.8625,
      0.395,
      1.9175,
      0.45,
      1.975,
      0.5075,
      2.03,
      0.5625,
      2.0875,
      0.62,
      2.145,
      0.6775,
      2.2,
      0.7325,
      2.2575,
      0.79,
      2.3125,
      0.845,
      2.37,
      0.9025,
      2.425,
      0.9575,
      2.4825,
      1.015,
      2.54,
      1.0725,
      2.595,
      1.1275,
      2.6525,
      1.185,
      2.7075,
      1.24,
      2.765,
      1.2975,
      2.82,
      1.3525,
      2.8775,
      1.41,
      2.935,
      1.4675
    ],
    "SpacingBetweenSlices": 3,
    "TaskName": "Prospection",
    "TotalReadoutTime": 0.0315,
    "dataset": "ds002835",
    "modality": "bold",
    "run_id": 1,
    "subject_id": "1066",
    "task_id": "prospection"
  },
  "dummy_trs": 0,
  "dvars_nstd": 27.43747619016668,
  "dvars_std": 1.111760701277778,
  "dvars_vstd": 0.9556643810555557,
  "efc": 0.6136758105767383,
  "fber": 201.33184814453125,
  "fd_mean": 0.16434493868449704,
  "fd_num": 42,
  "fd_perc": 23.204419889502763,
  "fwhm_avg": 2.2612855555555558,
  "fwhm_x": 1.9776533333333333,
  "fwhm_y": 2.239133333333333,
  "fwhm_z": 2.5670699999999997,
  "gcor": 0.0160617,
  "gsr_x": 0.01705571822822094,
  "gsr_y": 0.04193559288978577,
  "provenance": {
    "md5sum": "5286090d0b18be3924e67a3495ac521e",
    "settings": {
      "fd_thres": 0.2,
      "testing": false
    },
    "software": "mriqc",
    "version": "22.0.6",
    "webapi_port": null,
    "webapi_url": "https://mriqc.nimh.nih.gov/api/v1"
  },
  "size_t": 181,
  "size_x": 64,
  "size_y": 64,
  "size_z": 53,
  "snr": 3.2982532455643363,
  "spacing_tr": 3.0,
  "spacing_x": 3.0,
  "spacing_y": 3.0,
  "spacing_z": 3.0,
  "summary_bg_k": 39.02797327313741,
  "summary_bg_mad": 22.198080508631854,
  "summary_bg_mean": 77.63147735595703,
  "summary_bg_median": 41.51934051513672,
  "summary_bg_n": 124237.0,
  "summary_bg_p05": 25.060773849487305,
  "summary_bg_p95": 236.96243896484364,
  "summary_bg_stdv": 98.81639099121094,
  "summary_fg_k": 1.2542262962235613,
  "summary_fg_mad": 163.9299355507674,
  "summary_fg_mean": 638.6583251953125,
  "summary_fg_median": 606.6961669921875,
  "summary_fg_n": 47413.0,
  "summary_fg_p05": 395.15361938476565,
  "summary_fg_p95": 979.8553100585938,
  "summary_fg_stdv": 183.9427490234375,
  "tsnr": 50.72281221393496
}