{
  "aor": 0.0038981767955801106,
  "aqi": 0.007275524751381214,
  "bids_meta": {
    "BandwidthPerPixelPhaseEncode": 31.25,
    "EchoTime": 0.025,
    "EffectiveEchoSpacing": 0.0005,
    "FlipAngle": 75,
    "ImageType": [
      "ORIGINAL",
      "PRIMARY",
      "M",
      "ND",
      "MOSAIC"
    ],
    "MagneticFieldStrength": 3,
    "Manufacturer": "Siemens",
    "ManufacturersModelName": "TrioTim",
    "Modality": "MR",
    "PhaseEncodingDirection": "j-",
    "PixelBandwidth": 3005,
    "RepetitionTime": 3,
    "ScanningSequence": "EP",
    "SequenceVariant": "SK",
    "SliceThickness": 3,
    "SliceTiming": [
      0,
      1.5225,
      0.055,
      1.58,
      0.1125,
      1.635,
      0.1675,
      1.6925,
      0.225,
      1.75,
      0.28,
      1.805,
      0.3375,
      1.8625,
      0.395,
      1.9175,
      0.45,
      1.975,
      0.5075,
      2.03,
      0.5625,
      2.0875,
      0.62,
      2.145,
      0.6775,
      2.2,
      0.7325,
      2.2575,
      0.79,
      2.3125,
      0.845,
      2.37,
      0.9025,
      2.425,
      0.9575,
      2.4825,
      1.015,
      2.54,
      1.0725,
      2.595,
      1.1275,
      2.6525,
      1.185,
      2.7075,
      1.24,
      2.765,
      1.2975,
      2.82,
      1.3525,
      2.8775,
      1.41,
      2.935,
      1.4675
    ],
    "SpacingBetweenSlices": 3,
    "TaskName": "Prospection",
    "TotalReadoutTime": 0.0315,
    "dataset": "ds002835",
    "modality": "bold",
    "run_id": 3,
    "subject_id": "1066",
    "task_id": "prospection"
  },
  "dummy_trs": 0,
  "dvars_nstd": 26.974932405611103,
  "dvars_std": 1.1221973396111111,
  "dvars_vstd": 0.9754318236666661,
  "efc": 0.6160759228527645,
  "fber": 201.3780517578125,
  "fd_mean": 0.17410685940055298,
  "fd_num": 45,
  "fd_perc": 24.861878453038674,
  "fwhm_avg": 2.2539944444444444,
  "fwhm_x": 1.9490533333333333,
  "fwhm_y": 2.2490033333333335,
  "fwhm_z": 2.5639266666666667,
  "gcor": 0.0420488,
  "gsr_x": 0.01765984110534191,
  "gsr_y": 0.04755555838346481,
  "provenance": {
    "md5sum": "5c30f6711a9f356a44814c9ede2f6b93",
    "settings": {
      "fd_thres": 0.2,
      "testing": false
    },
    "software": "mriqc",
    "version": "22.0.6",
    "webapi_port": null,
    "webapi_url": "https://mriqc.nimh.nih.gov/api/v1"
  },
  "size_t": 181,
  "size_x": 64,
  "size_y": 64,
  "size_z": 53,
  "snr": 3.3226070311843894,
  "spacing_tr": 3.0,
  "spacing_x": 3.0,
  "spacing_y": 3.0,
  "spacing_z": 3.0,
  "summary_bg_k": 37.98409077461625,
  "summary_bg_mad": 22.206272759125877,
  "summary_bg_mean": 79.44917297363281,
  "summary_bg_median": 41.71823501586914,
  "summary_bg_n": 124257.0,
  "summary_bg_p05": 25.232046127319336,
  "summary_bg_p95": 247.48950805664057,
  "summary_bg_stdv": 100.59963989257812,
  "summary_fg_k": 1.2993459099793236,
  "summary_fg_mad": 164.1756634758377,
  "summary_fg_mean": 642.9365844726562,
  "summary_fg_median": 610.8287353515625,
  "summary_fg_n": 47347.0,
  "summary_fg_p05": 399.73149719238285,
  "summary_fg_p95": 985.2995056152342,
  "summary_fg_stdv": 183.8382568359375,
  "tsnr": 51.65938993636519
}