{
  "aor": 0.0016255248618784533,
  "aqi": 0.0028098439779005524,
  "bids_meta": {
    "BandwidthPerPixelPhaseEncode": 31.25,
    "EchoTime": 0.025,
    "EffectiveEchoSpacing": 0.0005,
    "FlipAngle": 75,
    "ImageType": [
      "ORIGINAL",
      "PRIMARY",
      "M",
      "ND",
      "MOSAIC"
    ],
    "MagneticFieldStrength": 3,
    "Manufacturer": "Siemens",
    "ManufacturersModelName": "TrioTim",
    "Modality": "MR",
    "PhaseEncodingDirection": "j-",
    "PixelBandwidth": 3005,
    "RepetitionTime": 3,
    "ScanningSequence": "EP",
    "SequenceVariant": "SK",
    "SliceThickness": 3,
    "SliceTiming": [
      0,
      1.5225,
      0.055,
      1.58,
      0.1125,
      1.635,
      0.1675,
      1.6925,
      0.225,
      1.75,
      0.28,
      1.805,
      0.3375,
      1.8625,
      0.395,
      1.9175,
      0.45,
      1.975,
      0.5075,
      2.03,
      0.5625,
      2.0875,
      0.62,
      2.145,
      0.6775,
      2.2,
      0.7325,
      2.2575,
      0.79,
      2.3125,
      0.845,
      2.37,
      0.9025,
      2.425,
      0.9575,
      2.4825,
      1.015,
      2.54,
      1.0725,
      2.595,
      1.1275,
      2.6525,
      1.185,
      2.7075,
      1.24,
      2.765,
      1.2975,
      2.82,
      1.3525,
      2.8775,
      1.41,
      2.935,
      1.4675
    ],
    "SpacingBetweenSlices": 3,
    "TaskName": "Prospection",
    "TotalReadoutTime": 0.0315,
    "dataset": "ds002835",
    "modality": "bold",
    "run_id": 3,
    "subject_id": "1093",
    "task_id": "prospection"
  },
  "dummy_trs": 0,
  "dvars_nstd": 18.379501882944467,
  "dvars_std": 1.1664333767222221,
  "dvars_vstd": 1.0124885238333337,
  "efc": 0.5463926275703642,
  "fber": 386.7819519042969,
  "fd_mean": 0.05032938559479183,
  "fd_num": 6,
  "fd_perc": 3.314917127071823,
  "fwhm_avg": 2.569313400679523,
  "fwhm_x": 2.266576666666667,
  "fwhm_y": 2.5422335353719023,
  "fwhm_z": 2.89913,
  "gcor": 0.0681817,
  "gsr_x": 0.005143011454492807,
  "gsr_y": 0.038297027349472046,
  "provenance": {
    "md5sum": "a8a2e7293e351f63e8a8af5e33bf93bf",
    "settings": {
      "fd_thres": 0.2,
      "testing": false
    },
    "software": "mriqc",
    "version": "22.0.6",
    "webapi_port": null,
    "webapi_url": "https://mriqc.nimh.nih.gov/api/v1"
  },
  "size_t": 181,
  "size_x": 64,
  "size_y": 64,
  "size_z": 53,
  "snr": 3.1744924736080034,
  "spacing_tr": 3.0,
  "spacing_x": 3.0,
  "spacing_y": 2.999999761581421,
  "spacing_z": 3.0,
  "summary_bg_k": 26.565120444157266,
  "summary_bg_mad": 12.507920701893259,
  "summary_bg_mean": 65.3069839477539,
  "summary_bg_median": 34.66851043701172,
  "summary_bg_n": 139053.0,
  "summary_bg_p05": 25.779006958007812,
  "summary_bg_p95": 221.27625122070296,
  "summary_bg_stdv": 81.59412384033203,
  "summary_fg_k": 1.6195099725286815,
  "summary_fg_mad": 174.56211367346066,
  "summary_fg_mean": 739.313720703125,
  "summary_fg_median": 692.20166015625,
  "summary_fg_n": 35972.0,
  "summary_fg_p05": 467.12571105957034,
  "summary_fg_p95": 1174.3058410644528,
  "summary_fg_stdv": 218.048095703125,
  "tsnr": 89.45177388656884
}