{
  "aor": 0.0008559668508287293,
  "aqi": 0.005467039668508287,
  "bids_meta": {
    "BandwidthPerPixelPhaseEncode": 31.25,
    "EchoTime": 0.025,
    "EffectiveEchoSpacing": 0.0005,
    "FlipAngle": 75,
    "ImageType": [
      "ORIGINAL",
      "PRIMARY",
      "M",
      "ND",
      "MOSAIC"
    ],
    "MagneticFieldStrength": 3,
    "Manufacturer": "Siemens",
    "ManufacturersModelName": "TrioTim",
    "Modality": "MR",
    "PhaseEncodingDirection": "j-",
    "PixelBandwidth": 3005,
    "RepetitionTime": 3,
    "ScanningSequence": "EP",
    "SequenceVariant": "SK",
    "SliceThickness": 3,
    "SliceTiming": [
      0,
      1.5225,
      0.055,
      1.58,
      0.1125,
      1.635,
      0.1675,
      1.6925,
      0.225,
      1.75,
      0.28,
      1.805,
      0.3375,
      1.8625,
      0.395,
      1.9175,
      0.45,
      1.975,
      0.5075,
      2.03,
      0.5625,
      2.0875,
      0.62,
      2.145,
      0.6775,
      2.2,
      0.7325,
      2.2575,
      0.79,
      2.3125,
      0.845,
      2.37,
      0.9025,
      2.425,
      0.9575,
      2.4825,
      1.015,
      2.54,
      1.0725,
      2.595,
      1.1275,
      2.6525,
      1.185,
      2.7075,
      1.24,
      2.765,
      1.2975,
      2.82,
      1.3525,
      2.8775,
      1.41,
      2.935,
      1.4675
    ],
    "SpacingBetweenSlices": 3,
    "TaskName": "Prospection",
    "TotalReadoutTime": 0.0315,
    "dataset": "ds002835",
    "modality": "bold",
    "run_id": 1,
    "subject_id": "0914",
    "task_id": "prospection"
  },
  "dummy_trs": 0,
  "dvars_nstd": 26.406810188777783,
  "dvars_std": 1.2097496050555558,
  "dvars_vstd": 0.991396927555556,
  "efc": 0.5576662685637237,
  "fber": 278.2641906738281,
  "fd_mean": 0.11673397589692171,
  "fd_num": 22,
  "fd_perc": 12.154696132596685,
  "fwhm_avg": 2.558492222222222,
  "fwhm_x": 2.4331033333333334,
  "fwhm_y": 2.4473133333333332,
  "fwhm_z": 2.79506,
  "gcor": 0.053488,
  "gsr_x": -0.022475622594356537,
  "gsr_y": 0.056244052946567535,
  "provenance": {
    "md5sum": "3df403f7e92527226699c7ea6b59d226",
    "settings": {
      "fd_thres": 0.2,
      "testing": false
    },
    "software": "mriqc",
    "version": "22.0.6",
    "webapi_port": null,
    "webapi_url": "https://mriqc.nimh.nih.gov/api/v1"
  },
  "size_t": 181,
  "size_x": 64,
  "size_y": 64,
  "size_z": 53,
  "snr": 3.0550014117734867,
  "spacing_tr": 3.0,
  "spacing_x": 3.0,
  "spacing_y": 3.0,
  "spacing_z": 3.0,
  "summary_bg_k": 29.580451133302617,
  "summary_bg_mad": 16.513405215358386,
  "summary_bg_mean": 70.57201385498047,
  "summary_bg_median": 36.97237777709961,
  "summary_bg_n": 142685.0,
  "summary_bg_p05": 25.060773849487305,
  "summary_bg_p95": 235.7105102539061,
  "summary_bg_stdv": 87.08145141601562,
  "summary_fg_k": 3.157698379932559,
  "summary_fg_mad": 158.46641425892147,
  "summary_fg_mean": 661.5248413085938,
  "summary_fg_median": 617.4917602539062,
  "summary_fg_n": 34783.0,
  "summary_fg_p05": 418.85748901367185,
  "summary_fg_p95": 1060.799548339844,
  "summary_fg_stdv": 202.12196350097656,
  "tsnr": 68.92925293929875
}