{
  "aor": 0.001520939226519337,
  "aqi": 0.005947558066298342,
  "bids_meta": {
    "BandwidthPerPixelPhaseEncode": 31.25,
    "EchoTime": 0.025,
    "EffectiveEchoSpacing": 0.0005,
    "FlipAngle": 75,
    "ImageType": [
      "ORIGINAL",
      "PRIMARY",
      "M",
      "ND",
      "MOSAIC"
    ],
    "MagneticFieldStrength": 3,
    "Manufacturer": "Siemens",
    "ManufacturersModelName": "TrioTim",
    "Modality": "MR",
    "PhaseEncodingDirection": "j-",
    "PixelBandwidth": 3005,
    "RepetitionTime": 3,
    "ScanningSequence": "EP",
    "SequenceVariant": "SK",
    "SliceThickness": 3,
    "SliceTiming": [
      0,
      1.5225,
      0.055,
      1.58,
      0.1125,
      1.635,
      0.1675,
      1.6925,
      0.225,
      1.75,
      0.28,
      1.805,
      0.3375,
      1.8625,
      0.395,
      1.9175,
      0.45,
      1.975,
      0.5075,
      2.03,
      0.5625,
      2.0875,
      0.62,
      2.145,
      0.6775,
      2.2,
      0.7325,
      2.2575,
      0.79,
      2.3125,
      0.845,
      2.37,
      0.9025,
      2.425,
      0.9575,
      2.4825,
      1.015,
      2.54,
      1.0725,
      2.595,
      1.1275,
      2.6525,
      1.185,
      2.7075,
      1.24,
      2.765,
      1.2975,
      2.82,
      1.3525,
      2.8775,
      1.41,
      2.935,
      1.4675
    ],
    "SpacingBetweenSlices": 3,
    "TaskName": "Prospection",
    "TotalReadoutTime": 0.0315,
    "dataset": "ds002835",
    "modality": "bold",
    "run_id": 2,
    "subject_id": "0914",
    "task_id": "prospection"
  },
  "dummy_trs": 0,
  "dvars_nstd": 27.5011869218889,
  "dvars_std": 1.2166815162777773,
  "dvars_vstd": 1.0011892394444448,
  "efc": 0.559499837503172,
  "fber": 273.0949401855469,
  "fd_mean": 0.14701788250438366,
  "fd_num": 36,
  "fd_perc": 19.88950276243094,
  "fwhm_avg": 2.5492266666666663,
  "fwhm_x": 2.436053333333333,
  "fwhm_y": 2.44719,
  "fwhm_z": 2.7644366666666667,
  "gcor": 0.0811281,
  "gsr_x": -0.022859277203679085,
  "gsr_y": 0.056561730802059174,
  "provenance": {
    "md5sum": "4e06b71ff4a59e96b555a08177a1daaf",
    "settings": {
      "fd_thres": 0.2,
      "testing": false
    },
    "software": "mriqc",
    "version": "22.0.6",
    "webapi_port": null,
    "webapi_url": "https://mriqc.nimh.nih.gov/api/v1"
  },
  "size_t": 181,
  "size_x": 64,
  "size_y": 64,
  "size_z": 53,
  "snr": 3.0592002693115847,
  "spacing_tr": 3.0,
  "spacing_x": 3.0,
  "spacing_y": 3.0,
  "spacing_z": 3.0,
  "summary_bg_k": 30.32564872396206,
  "summary_bg_mad": 16.775523297095372,
  "summary_bg_mean": 72.4300308227539,
  "summary_bg_median": 37.436466217041016,
  "summary_bg_n": 142600.0,
  "summary_bg_p05": 25.62983512878418,
  "summary_bg_p95": 244.2873077392578,
  "summary_bg_stdv": 90.78082275390625,
  "summary_fg_k": 3.1351221427191023,
  "summary_fg_mad": 158.76132396534908,
  "summary_fg_mean": 664.4945678710938,
  "summary_fg_median": 620.1795654296875,
  "summary_fg_n": 34788.0,
  "summary_fg_p05": 422.0773620605469,
  "summary_fg_p95": 1064.1835083007813,
  "summary_fg_stdv": 202.72312927246094,
  "tsnr": 66.82882300531492
}