{
  "bids_meta": {
    "EchoTime": 0.00311,
    "FlipAngle": 15,
    "ImageType": [
      "ORIGINAL",
      "PRIMARY",
      "M",
      "ND",
      "NORM"
    ],
    "InversionTime": 1.1,
    "MagneticFieldStrength": 3,
    "Manufacturer": "Siemens",
    "ManufacturersModelName": "TrioTim",
    "Modality": "MR",
    "RepetitionTime": 1.63,
    "ScanningSequence": "GR_IR",
    "SequenceVariant": "SP_MP",
    "SliceThickness": 1,
    "dataset": "ds002835",
    "modality": "T1w",
    "subject_id": "1061"
  },
  "cjv": 0.3573495685748647,
  "cnr": 3.7564197178198513,
  "efc": 0.5564429678904171,
  "fber": 40829.4814544274,
  "fwhm_avg": 3.571502,
  "fwhm_x": 3.3624426666666665,
  "fwhm_y": 4.010773333333334,
  "fwhm_z": 3.34129,
  "icvs_csf": 0.19153604655739945,
  "icvs_gm": 0.4437621850576942,
  "icvs_wm": 0.3647017683849063,
  "inu_med": 0.35037586092948914,
  "inu_range": 0.06982308626174927,
  "provenance": {
    "md5sum": "3d4260ed21a6616bedb31c860655f756",
    "settings": {
      "testing": false
    },
    "software": "mriqc",
    "version": "22.0.6",
    "warnings": {
      "large_rot_frame": true,
      "small_air_mask": false
    },
    "webapi_port": null,
    "webapi_url": "https://mriqc.nimh.nih.gov/api/v1"
  },
  "qi_1": 0.0028881488327675694,
  "qi_2": 0.005602367446343228,
  "rpve_csf": 19.289056955561655,
  "rpve_gm": 8.569409248935242,
  "rpve_wm": 11.378466756189603,
  "size_x": 192,
  "size_y": 256,
  "size_z": 160,
  "snr_csf": 3.3737241497497155,
  "snr_gm": 16.953619557604373,
  "snr_total": 15.206362234897137,
  "snr_wm": 25.291742997337327,
  "snrd_csf": 25.117567340810346,
  "snrd_gm": 53.805439037749935,
  "snrd_total": 49.5723325716995,
  "snrd_wm": 69.79399133653821,
  "spacing_x": 0.9375,
  "spacing_y": 0.9375,
  "spacing_z": 1.0,
  "summary_bg_k": 424.7403940869911,
  "summary_bg_mad": 0.0,
  "summary_bg_mean": 4.67023567062477,
  "summary_bg_median": 0.0,
  "summary_bg_n": 2566688.0,
  "summary_bg_p05": 0.0,
  "summary_bg_p95": 22.500332236289978,
  "summary_bg_stdv": 9.387340966177577,
  "summary_csf_k": 12.806691532734275,
  "summary_csf_mad": 65.04026331754302,
  "summary_csf_mean": 358.1829708183694,
  "summary_csf_median": 359.9054622352123,
  "summary_csf_n": 53418.0,
  "summary_csf_p05": 157.63047103732825,
  "summary_csf_p95": 512.5815331935883,
  "summary_csf_stdv": 106.67798476658302,
  "summary_gm_k": 0.055623557644565835,
  "summary_gm_mad": 46.09074805658967,
  "summary_gm_mean": 770.3710127059489,
  "summary_gm_median": 770.9692242443562,
  "summary_gm_n": 39075.0,
  "summary_gm_p05": 695.459973192215,
  "summary_gm_p95": 842.9303459823132,
  "summary_gm_stdv": 45.47461716434716,
  "summary_wm_k": 1.0218637140267495,
  "summary_wm_mad": 35.777079594247866,
  "summary_wm_mean": 1003.1221097089327,
  "summary_wm_median": 1000.0665419697762,
  "summary_wm_n": 160850.0,
  "summary_wm_p05": 943.9821339547634,
  "summary_wm_p95": 1072.7266385257244,
  "summary_wm_stdv": 39.541103726113995,
  "tpm_overlap_csf": 0.15346491051807018,
  "tpm_overlap_gm": 0.467206596756027,
  "tpm_overlap_wm": 0.476127159153507,
  "wm2max": 0.5698084581831975
}