{
  "bids_meta": {
    "EchoTime": 0.00311,
    "FlipAngle": 15,
    "ImageType": [
      "ORIGINAL",
      "PRIMARY",
      "M",
      "ND",
      "NORM"
    ],
    "InversionTime": 1.1,
    "MagneticFieldStrength": 3,
    "Manufacturer": "Siemens",
    "ManufacturersModelName": "TrioTim",
    "Modality": "MR",
    "RepetitionTime": 1.63,
    "ScanningSequence": "GR_IR",
    "SequenceVariant": "SP_MP",
    "SliceThickness": 1,
    "dataset": "ds002835",
    "modality": "T1w",
    "subject_id": "2123"
  },
  "cjv": 0.3742432902124399,
  "cnr": 3.573851325495906,
  "efc": 0.6606206359805225,
  "fber": 51116.007831466835,
  "fwhm_avg": 4.164952666666666,
  "fwhm_x": 4.138218666666666,
  "fwhm_y": 4.540469333333333,
  "fwhm_z": 3.81617,
  "icvs_csf": 0.20944704308526432,
  "icvs_gm": 0.423545007423384,
  "icvs_wm": 0.3670079494913517,
  "inu_med": 0.38267871737480164,
  "inu_range": 0.1150516554713249,
  "provenance": {
    "md5sum": "ac8d8c3ccf11456d92bfe68806b3e37d",
    "settings": {
      "testing": false
    },
    "software": "mriqc",
    "version": "22.0.6",
    "warnings": {
      "large_rot_frame": true,
      "small_air_mask": false
    },
    "webapi_port": null,
    "webapi_url": "https://mriqc.nimh.nih.gov/api/v1"
  },
  "qi_1": 0.006987484840528612,
  "qi_2": 0.004547338676666145,
  "rpve_csf": 12.339470196991893,
  "rpve_gm": 6.229289950463932,
  "rpve_wm": 8.182429699258046,
  "size_x": 192,
  "size_y": 256,
  "size_z": 160,
  "snr_csf": 2.8352344571716643,
  "snr_gm": 17.81856914275368,
  "snr_total": 15.315557225248362,
  "snr_wm": 25.29286807581974,
  "snrd_csf": 25.839423141661715,
  "snrd_gm": 56.47582018652687,
  "snrd_total": 51.394274181362334,
  "snrd_wm": 71.86757921589842,
  "spacing_x": 0.9375,
  "spacing_y": 0.9375,
  "spacing_z": 1.0,
  "summary_bg_k": 30.258734622035213,
  "summary_bg_mad": 0.0,
  "summary_bg_mean": 4.076331247302447,
  "summary_bg_median": 0.0,
  "summary_bg_n": 1755094.0,
  "summary_bg_p05": 0.0,
  "summary_bg_p95": 18.88642143458128,
  "summary_bg_stdv": 9.116407838220722,
  "summary_csf_k": 30.351879296198653,
  "summary_csf_mad": 78.53118997734592,
  "summary_csf_mean": 363.11564711501114,
  "summary_csf_median": 359.56286303699017,
  "summary_csf_n": 96484.0,
  "summary_csf_p05": 163.0907367896289,
  "summary_csf_p95": 540.4399953410029,
  "summary_csf_stdv": 126.8187887579099,
  "summary_gm_k": 0.16320476430090203,
  "summary_gm_mad": 43.262691484525895,
  "summary_gm_mean": 785.6070590101224,
  "summary_gm_median": 785.8769712969661,
  "summary_gm_n": 43705.0,
  "summary_gm_p05": 712.753360979259,
  "summary_gm_p95": 857.1263565868139,
  "summary_gm_stdv": 44.103876930345535,
  "summary_wm_k": 1.0504617790865627,
  "summary_wm_mad": 36.89298690824688,
  "summary_wm_mean": 1002.6355128468111,
  "summary_wm_median": 1000.0576406344771,
  "summary_wm_n": 274157.0,
  "summary_wm_p05": 943.283039405942,
  "summary_wm_p95": 1070.8168439939618,
  "summary_wm_stdv": 39.539043723999214,
  "tpm_overlap_csf": 0.1618268386766947,
  "tpm_overlap_gm": 0.441902170503308,
  "tpm_overlap_wm": 0.4721879057231934,
  "wm2max": 0.6066571080375788
}