{
  "aor": 0.009025745856353592,
  "aqi": 0.005167576961325966,
  "bids_meta": {
    "BandwidthPerPixelPhaseEncode": 31.25,
    "EchoTime": 0.025,
    "EffectiveEchoSpacing": 0.0005,
    "FlipAngle": 75,
    "ImageType": [
      "ORIGINAL",
      "PRIMARY",
      "M",
      "ND",
      "MOSAIC"
    ],
    "MagneticFieldStrength": 3,
    "Manufacturer": "Siemens",
    "ManufacturersModelName": "TrioTim",
    "Modality": "MR",
    "PhaseEncodingDirection": "j-",
    "PixelBandwidth": 3005,
    "RepetitionTime": 3,
    "ScanningSequence": "EP",
    "SequenceVariant": "SK",
    "SliceThickness": 3,
    "SliceTiming": [
      0,
      1.5225,
      0.055,
      1.58,
      0.1125,
      1.635,
      0.1675,
      1.6925,
      0.225,
      1.75,
      0.28,
      1.805,
      0.3375,
      1.8625,
      0.395,
      1.9175,
      0.45,
      1.975,
      0.5075,
      2.03,
      0.5625,
      2.0875,
      0.62,
      2.145,
      0.6775,
      2.2,
      0.7325,
      2.2575,
      0.79,
      2.3125,
      0.845,
      2.37,
      0.9025,
      2.425,
      0.9575,
      2.4825,
      1.015,
      2.54,
      1.0725,
      2.595,
      1.1275,
      2.6525,
      1.185,
      2.7075,
      1.24,
      2.765,
      1.2975,
      2.82,
      1.3525,
      2.8775,
      1.41,
      2.935,
      1.4675
    ],
    "SpacingBetweenSlices": 3,
    "TaskName": "Prospection",
    "TotalReadoutTime": 0.0315,
    "dataset": "ds002835",
    "modality": "bold",
    "run_id": 1,
    "subject_id": "1069",
    "task_id": "prospection"
  },
  "dummy_trs": 0,
  "dvars_nstd": 24.857530795499986,
  "dvars_std": 1.143617013944444,
  "dvars_vstd": 0.9808426913333327,
  "efc": 0.5744584834278159,
  "fber": 370.56524658203125,
  "fd_mean": 0.13038467153305025,
  "fd_num": 16,
  "fd_perc": 8.839779005524862,
  "fwhm_avg": 2.697703333333333,
  "fwhm_x": 2.6140233333333334,
  "fwhm_y": 2.6086533333333333,
  "fwhm_z": 2.870433333333333,
  "gcor": 0.0486791,
  "gsr_x": -0.003587883897125721,
  "gsr_y": 0.06484462320804596,
  "provenance": {
    "md5sum": "de7bfe5b316058bb273383271d72889d",
    "settings": {
      "fd_thres": 0.2,
      "testing": false
    },
    "software": "mriqc",
    "version": "22.0.6",
    "webapi_port": null,
    "webapi_url": "https://mriqc.nimh.nih.gov/api/v1"
  },
  "size_t": 181,
  "size_x": 64,
  "size_y": 64,
  "size_z": 53,
  "snr": 2.6789158741018526,
  "spacing_tr": 3.0,
  "spacing_x": 3.0,
  "spacing_y": 3.0,
  "spacing_z": 3.0,
  "summary_bg_k": 31.476798254774508,
  "summary_bg_mad": 14.580285776467766,
  "summary_bg_mean": 82.36235809326172,
  "summary_bg_median": 37.92817687988281,
  "summary_bg_n": 129601.0,
  "summary_bg_p05": 27.30939292907715,
  "summary_bg_p95": 301.17681884765625,
  "summary_bg_stdv": 109.61199951171875,
  "summary_fg_k": 2.694380074799599,
  "summary_fg_mad": 235.81157488032497,
  "summary_fg_mean": 803.5652465820312,
  "summary_fg_median": 745.7514038085938,
  "summary_fg_n": 44598.0,
  "summary_fg_p05": 464.9762481689453,
  "summary_fg_p95": 1345.543933105469,
  "summary_fg_stdv": 278.37493896484375,
  "tsnr": 60.172348419902846
}