{
  "bids_meta": {
    "EchoTime": 0.00311,
    "FlipAngle": 15,
    "ImageType": [
      "ORIGINAL",
      "PRIMARY",
      "M",
      "ND",
      "NORM"
    ],
    "InversionTime": 1.1,
    "MagneticFieldStrength": 3,
    "Manufacturer": "Siemens",
    "ManufacturersModelName": "TrioTim",
    "Modality": "MR",
    "RepetitionTime": 1.63,
    "ScanningSequence": "GR_IR",
    "SequenceVariant": "SP_MP",
    "SliceThickness": 1,
    "dataset": "ds002835",
    "modality": "T1w",
    "subject_id": "0217"
  },
  "cjv": 0.44465576224767844,
  "cnr": 3.0437722870209174,
  "efc": 0.5712116287965562,
  "fber": 36825.95576657738,
  "fwhm_avg": 3.582577555555556,
  "fwhm_x": 3.2582826666666667,
  "fwhm_y": 4.168,
  "fwhm_z": 3.32145,
  "icvs_csf": 0.17217710595031374,
  "icvs_gm": 0.4116596770725935,
  "icvs_wm": 0.41616321697709274,
  "inu_med": 0.3334234803915024,
  "inu_range": 0.07970636039972306,
  "provenance": {
    "md5sum": "acb7a9177f6832890a96c59a83d225b5",
    "settings": {
      "testing": false
    },
    "software": "mriqc",
    "version": "22.0.6",
    "warnings": {
      "large_rot_frame": true,
      "small_air_mask": false
    },
    "webapi_port": null,
    "webapi_url": "https://mriqc.nimh.nih.gov/api/v1"
  },
  "qi_1": 0.0071811571401236615,
  "qi_2": 0.004467606014505192,
  "rpve_csf": 19.63814881767644,
  "rpve_gm": 8.252365492149012,
  "rpve_wm": 9.29065034072316,
  "size_x": 192,
  "size_y": 256,
  "size_z": 160,
  "snr_csf": 1.7307911693165927,
  "snr_gm": 15.611807931479792,
  "snr_total": 12.713482131903197,
  "snr_wm": 20.797847294913204,
  "snrd_csf": 18.576447721450066,
  "snrd_gm": 40.70944729480477,
  "snrd_total": 37.05258726445755,
  "snrd_wm": 51.87186677711783,
  "spacing_x": 0.9375,
  "spacing_y": 0.9375,
  "spacing_z": 1.0,
  "summary_bg_k": 92.3356545293517,
  "summary_bg_mad": 0.0,
  "summary_bg_mean": 6.019997686489726,
  "summary_bg_median": 0.0,
  "summary_bg_n": 2268548.0,
  "summary_bg_p05": 0.0,
  "summary_bg_p95": 25.962723776698112,
  "summary_bg_stdv": 12.63081413602762,
  "summary_csf_k": 40.60332400838612,
  "summary_csf_mad": 98.38139262807094,
  "summary_csf_mean": 368.5996261626484,
  "summary_csf_median": 358.147797126323,
  "summary_csf_n": 32065.0,
  "summary_csf_p05": 115.92573731020093,
  "summary_csf_p95": 576.0316164411604,
  "summary_csf_stdv": 206.92398870327986,
  "summary_gm_k": 0.0954931470288658,
  "summary_gm_mad": 49.94334084780213,
  "summary_gm_mean": 785.0796492652692,
  "summary_gm_median": 784.8647432215512,
  "summary_gm_n": 28873.0,
  "summary_gm_p05": 702.8645986005664,
  "summary_gm_p95": 868.1195110864937,
  "summary_gm_stdv": 50.27291873405541,
  "summary_wm_k": 0.49068534703934885,
  "summary_wm_mad": 45.75003558824501,
  "summary_wm_mean": 1005.8434032374018,
  "summary_wm_median": 1000.072516426444,
  "summary_wm_n": 212758.0,
  "summary_wm_p05": 937.1963110789657,
  "summary_wm_p95": 1093.7341302745044,
  "summary_wm_stdv": 48.08527305659991,
  "tpm_overlap_csf": 0.1465553187270486,
  "tpm_overlap_gm": 0.45123630083465527,
  "tpm_overlap_wm": 0.4787638357093309,
  "wm2max": 0.4793937181693348
}